RESTRICTION: || (== net45) (== net46) (== netstandard2.0)
NUGET
  remote: https://www.nuget.org/api/v2
    FSharp.Core (4.5.2)

GROUP build
NUGET
  remote: ../../../../submodules/mason/dist
    Mason.Targets.Packager (0.2.0.41)
    Mason.Targets.Preprocessor (0.2.0.78)
    Mason.Targets.Verman (0.2.0.51)
