STORAGE: NONE
RESTRICTION: || (== net45) (== net46) (== netstandard1.6) (== netstandard2.0)
NUGET
  remote: https://api.nuget.org/v3/index.json
    Axle.Application (1.5.2396.27060)
      Axle.Configuration (>= 1.5.2396.13956)
      Axle.Resources (>= 1.5.2396.13956)
    Axle.Configuration (1.5.2396.13956)
      Axle.Core (>= 1.5.2396.13956)
      Microsoft.Extensions.Configuration.Binder (>= 2.2.4) - restriction: || (&& (== net45) (< net35) (>= netstandard2.0)) (&& (== net45) (>= net461)) (&& (== net46) (< net35) (>= netstandard2.0)) (&& (== net46) (>= net461)) (&& (== netstandard1.6) (>= net461)) (&& (== netstandard1.6) (>= netstandard2.0)) (== netstandard2.0)
      Microsoft.Extensions.Configuration.FileExtensions (>= 2.2) - restriction: || (&& (== net45) (< net35) (>= netstandard2.0)) (&& (== net45) (>= net461)) (&& (== net46) (< net35) (>= netstandard2.0)) (&& (== net46) (>= net461)) (&& (== netstandard1.6) (>= net461)) (&& (== netstandard1.6) (>= netstandard2.0)) (== netstandard2.0)
      System.Configuration.ConfigurationManager (>= 4.5) - restriction: || (&& (== net45) (< net35) (>= netstandard2.0)) (&& (== net46) (< net35) (>= netstandard2.0)) (&& (== netstandard1.6) (>= netstandard2.0)) (== netstandard2.0)
    Axle.Core (1.5.2396.13956)
      NETStandard.Library (>= 1.6.1) - restriction: || (&& (== net45) (< net20)) (&& (== net46) (< net20)) (== netstandard1.6) (&& (== netstandard2.0) (< netstandard1.3)) (&& (== netstandard2.0) (< netstandard1.5)) (&& (== netstandard2.0) (< netstandard1.6))
      System.Diagnostics.TraceSource (>= 4.3) - restriction: || (&& (== net45) (< net20) (>= netstandard1.6)) (&& (== net46) (< net20) (>= netstandard1.6)) (== netstandard1.6)
      System.Threading.Thread (>= 4.3) - restriction: || (&& (== net45) (< net20) (>= netstandard1.6)) (&& (== net46) (< net20) (>= netstandard1.6)) (== netstandard1.6)
      System.Xml.XmlSerializer (>= 4.3) - restriction: || (&& (== net45) (< net20) (>= netstandard1.6)) (&& (== net46) (< net20) (>= netstandard1.6)) (== netstandard1.6)
    Axle.FSharp (1.5.2396.13956)
      Axle.Core (>= 1.5.2396.13956)
      FSharp.Core (>= 4.6.2)
    Axle.Resources (1.5.2396.13956)
      Axle.Core (>= 1.5.2396.13956)
      System.Resources.ResourceManager (>= 4.3) - restriction: || (&& (== net45) (< net35) (>= netstandard1.3)) (&& (== net45) (< net35) (>= netstandard1.6)) (&& (== net46) (< net35)) (== netstandard1.6) (&& (== netstandard2.0) (< netstandard1.6))
    FSharp.Core (4.6.2)
      System.Collections (>= 4.0.11) - restriction: || (&& (== net46) (< net45) (>= netstandard1.6)) (== netstandard1.6)
      System.Console (>= 4.0) - restriction: || (&& (== net46) (< net45) (>= netstandard1.6)) (== netstandard1.6)
      System.Diagnostics.Debug (>= 4.0.11) - restriction: || (&& (== net46) (< net45) (>= netstandard1.6)) (== netstandard1.6)
      System.Diagnostics.Tools (>= 4.0.1) - restriction: || (&& (== net46) (< net45) (>= netstandard1.6)) (== netstandard1.6)
      System.Globalization (>= 4.0.11) - restriction: || (&& (== net46) (< net45) (>= netstandard1.6)) (== netstandard1.6)
      System.IO (>= 4.1) - restriction: || (&& (== net46) (< net45) (>= netstandard1.6)) (== netstandard1.6)
      System.Linq (>= 4.1) - restriction: || (&& (== net46) (< net45) (>= netstandard1.6)) (== netstandard1.6)
      System.Linq.Expressions (>= 4.1) - restriction: || (&& (== net46) (< net45) (>= netstandard1.6)) (== netstandard1.6)
      System.Linq.Queryable (>= 4.0.1) - restriction: || (&& (== net46) (< net45) (>= netstandard1.6)) (== netstandard1.6)
      System.Net.Requests (>= 4.0.11) - restriction: || (&& (== net46) (< net45) (>= netstandard1.6)) (== netstandard1.6)
      System.Reflection (>= 4.1) - restriction: || (&& (== net46) (< net45) (>= netstandard1.6)) (== netstandard1.6)
      System.Reflection.Extensions (>= 4.0.1) - restriction: || (&& (== net46) (< net45) (>= netstandard1.6)) (== netstandard1.6)
      System.Resources.ResourceManager (>= 4.0.1) - restriction: || (&& (== net46) (< net45) (>= netstandard1.6)) (== netstandard1.6)
      System.Runtime (>= 4.1) - restriction: || (&& (== net46) (< net45) (>= netstandard1.6)) (== netstandard1.6)
      System.Runtime.Extensions (>= 4.1) - restriction: || (&& (== net46) (< net45) (>= netstandard1.6)) (== netstandard1.6)
      System.Runtime.Numerics (>= 4.0.1) - restriction: || (&& (== net46) (< net45) (>= netstandard1.6)) (== netstandard1.6)
      System.Text.RegularExpressions (>= 4.1) - restriction: || (&& (== net46) (< net45) (>= netstandard1.6)) (== netstandard1.6)
      System.Threading (>= 4.0.11) - restriction: || (&& (== net46) (< net45) (>= netstandard1.6)) (== netstandard1.6)
      System.Threading.Tasks (>= 4.0.11) - restriction: || (&& (== net46) (< net45) (>= netstandard1.6)) (== netstandard1.6)
      System.Threading.Tasks.Parallel (>= 4.0.1) - restriction: || (&& (== net46) (< net45) (>= netstandard1.6)) (== netstandard1.6)
      System.Threading.Thread (>= 4.0) - restriction: || (&& (== net46) (< net45) (>= netstandard1.6)) (== netstandard1.6)
      System.Threading.ThreadPool (>= 4.0.10) - restriction: || (&& (== net46) (< net45) (>= netstandard1.6)) (== netstandard1.6)
      System.Threading.Timer (>= 4.0.1) - restriction: || (&& (== net46) (< net45) (>= netstandard1.6)) (== netstandard1.6)
    Microsoft.Extensions.Configuration (2.2) - restriction: || (&& (== net45) (< net35) (>= netstandard2.0)) (&& (== net45) (>= net461) (>= netstandard2.0)) (&& (== net46) (< net35) (>= netstandard2.0)) (&& (== net46) (>= net461) (>= netstandard2.0)) (&& (== netstandard1.6) (>= netstandard2.0)) (== netstandard2.0)
      Microsoft.Extensions.Configuration.Abstractions (>= 2.2) - restriction: || (&& (== net45) (>= netstandard2.0)) (&& (== net46) (>= netstandard2.0)) (&& (== netstandard1.6) (>= netstandard2.0)) (== netstandard2.0)
    Microsoft.Extensions.Configuration.Abstractions (2.2) - restriction: || (&& (== net45) (< net35) (>= netstandard2.0)) (&& (== net45) (>= net461) (>= netstandard2.0)) (&& (== net46) (< net35) (>= netstandard2.0)) (&& (== net46) (>= net461) (>= netstandard2.0)) (&& (== netstandard1.6) (>= netstandard2.0)) (== netstandard2.0)
      Microsoft.Extensions.Primitives (>= 2.2) - restriction: || (&& (== net45) (>= netstandard2.0)) (&& (== net46) (>= netstandard2.0)) (&& (== netstandard1.6) (>= netstandard2.0)) (== netstandard2.0)
    Microsoft.Extensions.Configuration.Binder (2.2.4) - restriction: || (&& (== net45) (< net35) (>= netstandard2.0)) (&& (== net45) (>= net461)) (&& (== net46) (< net35) (>= netstandard2.0)) (&& (== net46) (>= net461)) (&& (== netstandard1.6) (>= net461)) (&& (== netstandard1.6) (>= netstandard2.0)) (== netstandard2.0)
      Microsoft.Extensions.Configuration (>= 2.2) - restriction: || (&& (== net45) (>= netstandard2.0)) (&& (== net46) (>= netstandard2.0)) (&& (== netstandard1.6) (>= netstandard2.0)) (== netstandard2.0)
    Microsoft.Extensions.Configuration.FileExtensions (2.2) - restriction: || (&& (== net45) (< net35) (>= netstandard2.0)) (&& (== net45) (>= net461)) (&& (== net46) (< net35) (>= netstandard2.0)) (&& (== net46) (>= net461)) (&& (== netstandard1.6) (>= net461)) (&& (== netstandard1.6) (>= netstandard2.0)) (== netstandard2.0)
      Microsoft.Extensions.Configuration (>= 2.2) - restriction: || (&& (== net45) (>= netstandard2.0)) (&& (== net46) (>= netstandard2.0)) (&& (== netstandard1.6) (>= netstandard2.0)) (== netstandard2.0)
      Microsoft.Extensions.FileProviders.Physical (>= 2.2) - restriction: || (&& (== net45) (>= netstandard2.0)) (&& (== net46) (>= netstandard2.0)) (&& (== netstandard1.6) (>= netstandard2.0)) (== netstandard2.0)
    Microsoft.Extensions.FileProviders.Abstractions (2.2) - restriction: || (&& (== net45) (< net35) (>= netstandard2.0)) (&& (== net45) (>= net461) (>= netstandard2.0)) (&& (== net46) (< net35) (>= netstandard2.0)) (&& (== net46) (>= net461) (>= netstandard2.0)) (&& (== netstandard1.6) (>= netstandard2.0)) (== netstandard2.0)
      Microsoft.Extensions.Primitives (>= 2.2) - restriction: || (&& (== net45) (>= netstandard2.0)) (&& (== net46) (>= netstandard2.0)) (&& (== netstandard1.6) (>= netstandard2.0)) (== netstandard2.0)
    Microsoft.Extensions.FileProviders.Physical (2.2) - restriction: || (&& (== net45) (< net35) (>= netstandard2.0)) (&& (== net45) (>= net461) (>= netstandard2.0)) (&& (== net46) (< net35) (>= netstandard2.0)) (&& (== net46) (>= net461) (>= netstandard2.0)) (&& (== netstandard1.6) (>= netstandard2.0)) (== netstandard2.0)
      Microsoft.Extensions.FileProviders.Abstractions (>= 2.2) - restriction: || (&& (== net45) (>= netstandard2.0)) (&& (== net46) (>= netstandard2.0)) (&& (== netstandard1.6) (>= netstandard2.0)) (== netstandard2.0)
      Microsoft.Extensions.FileSystemGlobbing (>= 2.2) - restriction: || (&& (== net45) (>= netstandard2.0)) (&& (== net46) (>= netstandard2.0)) (&& (== netstandard1.6) (>= netstandard2.0)) (== netstandard2.0)
    Microsoft.Extensions.FileSystemGlobbing (2.2) - restriction: || (&& (== net45) (< net35) (>= netstandard2.0)) (&& (== net45) (>= net461) (>= netstandard2.0)) (&& (== net46) (< net35) (>= netstandard2.0)) (&& (== net46) (>= net461) (>= netstandard2.0)) (&& (== netstandard1.6) (>= netstandard2.0)) (== netstandard2.0)
    Microsoft.Extensions.Primitives (2.2) - restriction: || (&& (== net45) (< net35) (>= netstandard2.0)) (&& (== net45) (>= net461) (>= netstandard2.0)) (&& (== net46) (< net35) (>= netstandard2.0)) (&& (== net46) (>= net461) (>= netstandard2.0)) (&& (== netstandard1.6) (>= netstandard2.0)) (== netstandard2.0)
      System.Memory (>= 4.5.1) - restriction: || (&& (== net45) (>= netstandard2.0)) (&& (== net46) (>= netstandard2.0)) (&& (== netstandard1.6) (>= netstandard2.0)) (== netstandard2.0)
      System.Runtime.CompilerServices.Unsafe (>= 4.5.1) - restriction: || (&& (== net45) (>= netstandard2.0)) (&& (== net46) (>= netstandard2.0)) (&& (== netstandard1.6) (>= netstandard2.0)) (== netstandard2.0)
    Microsoft.NETCore.Platforms (2.2.2) - restriction: || (&& (== net46) (== netstandard2.0)) (&& (== net46) (< net45) (>= netstandard1.6)) (&& (== net46) (>= netcoreapp1.1)) (== netstandard1.6)
    Microsoft.NETCore.Targets (2.1) - restriction: || (&& (== net46) (== netstandard2.0)) (&& (== net46) (< net45) (>= netstandard1.6)) (&& (== net46) (>= netcoreapp1.1)) (== netstandard1.6)
    Microsoft.Win32.Primitives (4.3) - restriction: || (&& (== net45) (== netstandard2.0)) (&& (== net45) (< net20) (>= net46)) (&& (== net45) (< net20) (>= netstandard1.3)) (&& (== net45) (< net20) (>= netstandard1.4)) (&& (== net45) (< net20) (>= netstandard1.5)) (&& (== net45) (< net20) (>= netstandard1.6)) (&& (== net45) (>= uap10.0)) (&& (== net46) (== netstandard2.0)) (&& (== net46) (< net20)) (&& (== net46) (>= uap10.0)) (== netstandard1.6) (&& (== netstandard2.0) (< netstandard1.3)) (&& (== netstandard2.0) (< netstandard1.4)) (&& (== netstandard2.0) (< netstandard1.5)) (&& (== netstandard2.0) (< netstandard1.6))
      Microsoft.NETCore.Platforms (>= 1.1) - restriction: || (&& (== net45) (>= netstandard1.3)) (== netstandard1.6) (== netstandard2.0)
      Microsoft.NETCore.Targets (>= 1.1) - restriction: || (&& (== net45) (>= netstandard1.3)) (== netstandard1.6) (== netstandard2.0)
      System.Runtime (>= 4.3) - restriction: || (&& (== net45) (>= netstandard1.3)) (== netstandard1.6) (== netstandard2.0)
    NETStandard.Library (2.0.3) - restriction: || (&& (== net45) (== netstandard2.0)) (&& (== net45) (< net20)) (&& (== net46) (== netstandard2.0)) (&& (== net46) (< net20)) (== netstandard1.6) (&& (== netstandard2.0) (< netstandard1.3)) (&& (== netstandard2.0) (< netstandard1.5)) (&& (== netstandard2.0) (< netstandard1.6))
      Microsoft.NETCore.Platforms (>= 1.1)
      Microsoft.Win32.Primitives (>= 4.3) - restriction: || (&& (== net45) (>= net46)) (&& (== net45) (>= uap10.0)) (== net46) (== netstandard1.6) (&& (== netstandard2.0) (< netstandard1.4)) (&& (== netstandard2.0) (< netstandard1.5)) (&& (== netstandard2.0) (< netstandard1.6)) (&& (== netstandard2.0) (>= uap10.0))
      System.AppContext (>= 4.3) - restriction: || (&& (== net45) (>= net46)) (&& (== net45) (>= uap10.0)) (== net46) (== netstandard1.6) (&& (== netstandard2.0) (< netstandard1.4)) (&& (== netstandard2.0) (< netstandard1.5)) (&& (== netstandard2.0) (< netstandard1.6)) (&& (== netstandard2.0) (>= uap10.0))
      System.Collections (>= 4.3) - restriction: || (&& (== net45) (< portable-net45+win8+wpa81)) (&& (== net45) (>= uap10.0)) (&& (== net46) (< net45)) (&& (== net46) (< portable-net45+win8+wpa81)) (&& (== net46) (>= uap10.0)) (== netstandard1.6) (&& (== netstandard2.0) (< netstandard1.2)) (&& (== netstandard2.0) (< netstandard1.3)) (&& (== netstandard2.0) (< netstandard1.4)) (&& (== netstandard2.0) (< netstandard1.5)) (&& (== netstandard2.0) (< netstandard1.6)) (&& (== netstandard2.0) (< portable-net45+win8+wpa81)) (&& (== netstandard2.0) (>= uap10.0))
      System.Collections.Concurrent (>= 4.3) - restriction: || (&& (== net45) (>= uap10.0)) (&& (== net46) (< net45)) (&& (== net46) (>= uap10.0)) (== netstandard1.6) (&& (== netstandard2.0) (< netstandard1.2)) (&& (== netstandard2.0) (< netstandard1.3)) (&& (== netstandard2.0) (< netstandard1.4)) (&& (== netstandard2.0) (< netstandard1.5)) (&& (== netstandard2.0) (< netstandard1.6)) (&& (== netstandard2.0) (>= uap10.0))
      System.Console (>= 4.3) - restriction: || (&& (== net45) (>= net46)) (&& (== net45) (>= uap10.0)) (== net46) (== netstandard1.6) (&& (== netstandard2.0) (< netstandard1.4)) (&& (== netstandard2.0) (< netstandard1.5)) (&& (== netstandard2.0) (< netstandard1.6)) (&& (== netstandard2.0) (>= uap10.0))
      System.Diagnostics.Debug (>= 4.3) - restriction: || (&& (== net45) (< portable-net45+win8+wpa81)) (&& (== net45) (>= uap10.0)) (&& (== net46) (< net45)) (&& (== net46) (< portable-net45+win8+wpa81)) (&& (== net46) (>= uap10.0)) (== netstandard1.6) (&& (== netstandard2.0) (< netstandard1.2)) (&& (== netstandard2.0) (< netstandard1.3)) (&& (== netstandard2.0) (< netstandard1.4)) (&& (== netstandard2.0) (< netstandard1.5)) (&& (== netstandard2.0) (< netstandard1.6)) (&& (== netstandard2.0) (< portable-net45+win8+wpa81)) (&& (== netstandard2.0) (>= uap10.0))
      System.Diagnostics.Tools (>= 4.3) - restriction: || (&& (== net45) (< portable-net45+win8+wpa81)) (&& (== net45) (>= uap10.0)) (&& (== net46) (< net45)) (&& (== net46) (< portable-net45+win8+wpa81)) (&& (== net46) (>= uap10.0)) (== netstandard1.6) (&& (== netstandard2.0) (< netstandard1.2)) (&& (== netstandard2.0) (< netstandard1.3)) (&& (== netstandard2.0) (< netstandard1.4)) (&& (== netstandard2.0) (< netstandard1.5)) (&& (== netstandard2.0) (< netstandard1.6)) (&& (== netstandard2.0) (< portable-net45+win8+wpa81)) (&& (== netstandard2.0) (>= uap10.0))
      System.Diagnostics.Tracing (>= 4.3) - restriction: || (&& (== net45) (>= uap10.0)) (&& (== net46) (< net45)) (&& (== net46) (>= uap10.0)) (== netstandard1.6) (&& (== netstandard2.0) (< netstandard1.2)) (&& (== netstandard2.0) (< netstandard1.3)) (&& (== netstandard2.0) (< netstandard1.4)) (&& (== netstandard2.0) (< netstandard1.5)) (&& (== netstandard2.0) (< netstandard1.6)) (&& (== netstandard2.0) (>= uap10.0))
      System.Globalization (>= 4.3) - restriction: || (&& (== net45) (< portable-net45+win8+wpa81)) (&& (== net45) (>= uap10.0)) (&& (== net46) (< net45)) (&& (== net46) (< portable-net45+win8+wpa81)) (&& (== net46) (>= uap10.0)) (== netstandard1.6) (&& (== netstandard2.0) (< netstandard1.2)) (&& (== netstandard2.0) (< netstandard1.3)) (&& (== netstandard2.0) (< netstandard1.4)) (&& (== netstandard2.0) (< netstandard1.5)) (&& (== netstandard2.0) (< netstandard1.6)) (&& (== netstandard2.0) (< portable-net45+win8+wpa81)) (&& (== netstandard2.0) (>= uap10.0))
      System.Globalization.Calendars (>= 4.3) - restriction: || (&& (== net45) (>= net46)) (&& (== net45) (>= uap10.0)) (== net46) (== netstandard1.6) (&& (== netstandard2.0) (< netstandard1.4)) (&& (== netstandard2.0) (< netstandard1.5)) (&& (== netstandard2.0) (< netstandard1.6)) (&& (== netstandard2.0) (>= uap10.0))
      System.IO (>= 4.3) - restriction: || (&& (== net45) (< portable-net45+win8+wpa81)) (&& (== net45) (>= uap10.0)) (&& (== net46) (< net45)) (&& (== net46) (< portable-net45+win8+wpa81)) (&& (== net46) (>= uap10.0)) (== netstandard1.6) (&& (== netstandard2.0) (< netstandard1.2)) (&& (== netstandard2.0) (< netstandard1.3)) (&& (== netstandard2.0) (< netstandard1.4)) (&& (== netstandard2.0) (< netstandard1.5)) (&& (== netstandard2.0) (< netstandard1.6)) (&& (== netstandard2.0) (< portable-net45+win8+wpa81)) (&& (== netstandard2.0) (>= uap10.0))
      System.IO.Compression (>= 4.3) - restriction: || (&& (== net45) (>= net46)) (&& (== net45) (>= uap10.0)) (== net46) (== netstandard1.6) (&& (== netstandard2.0) (< netstandard1.2)) (&& (== netstandard2.0) (< netstandard1.3)) (&& (== netstandard2.0) (< netstandard1.4)) (&& (== netstandard2.0) (< netstandard1.5)) (&& (== netstandard2.0) (< netstandard1.6)) (&& (== netstandard2.0) (>= uap10.0))
      System.IO.Compression.ZipFile (>= 4.3) - restriction: || (&& (== net45) (>= net46)) (&& (== net45) (>= uap10.0)) (== net46) (== netstandard1.6) (&& (== netstandard2.0) (< netstandard1.4)) (&& (== netstandard2.0) (< netstandard1.5)) (&& (== netstandard2.0) (< netstandard1.6)) (&& (== netstandard2.0) (>= uap10.0))
      System.IO.FileSystem (>= 4.3) - restriction: || (&& (== net45) (>= net46)) (&& (== net45) (>= uap10.0)) (== net46) (== netstandard1.6) (&& (== netstandard2.0) (< netstandard1.4)) (&& (== netstandard2.0) (< netstandard1.5)) (&& (== netstandard2.0) (< netstandard1.6)) (&& (== netstandard2.0) (>= uap10.0))
      System.IO.FileSystem.Primitives (>= 4.3) - restriction: || (&& (== net45) (>= net46)) (&& (== net45) (>= uap10.0)) (== net46) (== netstandard1.6) (&& (== netstandard2.0) (< netstandard1.4)) (&& (== netstandard2.0) (< netstandard1.5)) (&& (== netstandard2.0) (< netstandard1.6)) (&& (== netstandard2.0) (>= uap10.0))
      System.Linq (>= 4.3) - restriction: || (&& (== net45) (< portable-net45+win8+wpa81)) (&& (== net45) (>= uap10.0)) (&& (== net46) (< net45)) (&& (== net46) (< portable-net45+win8+wpa81)) (&& (== net46) (>= uap10.0)) (== netstandard1.6) (&& (== netstandard2.0) (< netstandard1.2)) (&& (== netstandard2.0) (< netstandard1.3)) (&& (== netstandard2.0) (< netstandard1.4)) (&& (== netstandard2.0) (< netstandard1.5)) (&& (== netstandard2.0) (< netstandard1.6)) (&& (== netstandard2.0) (< portable-net45+win8+wpa81)) (&& (== netstandard2.0) (>= uap10.0))
      System.Linq.Expressions (>= 4.3) - restriction: || (&& (== net45) (< portable-net45+win8+wpa81)) (&& (== net45) (>= uap10.0)) (&& (== net46) (< net45)) (&& (== net46) (< portable-net45+win8+wpa81)) (&& (== net46) (>= uap10.0)) (== netstandard1.6) (&& (== netstandard2.0) (< netstandard1.2)) (&& (== netstandard2.0) (< netstandard1.3)) (&& (== netstandard2.0) (< netstandard1.4)) (&& (== netstandard2.0) (< netstandard1.5)) (&& (== netstandard2.0) (< netstandard1.6)) (&& (== netstandard2.0) (< portable-net45+win8+wpa81)) (&& (== netstandard2.0) (>= uap10.0))
      System.Net.Http (>= 4.3.2) - restriction: || (&& (== net45) (>= net46)) (&& (== net45) (>= uap10.0)) (== net46) (== netstandard1.6) (&& (== netstandard2.0) (< netstandard1.2)) (&& (== netstandard2.0) (< netstandard1.3)) (&& (== netstandard2.0) (< netstandard1.4)) (&& (== netstandard2.0) (< netstandard1.5)) (&& (== netstandard2.0) (< netstandard1.6)) (&& (== netstandard2.0) (>= uap10.0))
      System.Net.Primitives (>= 4.3) - restriction: || (&& (== net45) (< portable-net45+win8+wpa81)) (&& (== net45) (>= uap10.0)) (&& (== net46) (< net45)) (&& (== net46) (< portable-net45+win8+wpa81)) (&& (== net46) (>= uap10.0)) (== netstandard1.6) (&& (== netstandard2.0) (< netstandard1.2)) (&& (== netstandard2.0) (< netstandard1.3)) (&& (== netstandard2.0) (< netstandard1.4)) (&& (== netstandard2.0) (< netstandard1.5)) (&& (== netstandard2.0) (< netstandard1.6)) (&& (== netstandard2.0) (< portable-net45+win8+wpa81)) (&& (== netstandard2.0) (>= uap10.0))
      System.Net.Sockets (>= 4.3) - restriction: || (&& (== net45) (>= net46)) (&& (== net45) (>= uap10.0)) (== net46) (== netstandard1.6) (&& (== netstandard2.0) (< netstandard1.4)) (&& (== netstandard2.0) (< netstandard1.5)) (&& (== netstandard2.0) (< netstandard1.6)) (&& (== netstandard2.0) (>= uap10.0))
      System.ObjectModel (>= 4.3) - restriction: || (&& (== net45) (< portable-net45+win8+wpa81)) (&& (== net45) (>= uap10.0)) (&& (== net46) (< net45)) (&& (== net46) (< portable-net45+win8+wpa81)) (&& (== net46) (>= uap10.0)) (== netstandard1.6) (&& (== netstandard2.0) (< netstandard1.2)) (&& (== netstandard2.0) (< netstandard1.3)) (&& (== netstandard2.0) (< netstandard1.4)) (&& (== netstandard2.0) (< netstandard1.5)) (&& (== netstandard2.0) (< netstandard1.6)) (&& (== netstandard2.0) (< portable-net45+win8+wpa81)) (&& (== netstandard2.0) (>= uap10.0))
      System.Reflection (>= 4.3) - restriction: || (&& (== net45) (< portable-net45+win8+wpa81)) (&& (== net45) (>= uap10.0)) (&& (== net46) (< net45)) (&& (== net46) (< portable-net45+win8+wpa81)) (&& (== net46) (>= uap10.0)) (== netstandard1.6) (&& (== netstandard2.0) (< netstandard1.2)) (&& (== netstandard2.0) (< netstandard1.3)) (&& (== netstandard2.0) (< netstandard1.4)) (&& (== netstandard2.0) (< netstandard1.5)) (&& (== netstandard2.0) (< netstandard1.6)) (&& (== netstandard2.0) (< portable-net45+win8+wpa81)) (&& (== netstandard2.0) (>= uap10.0))
      System.Reflection.Extensions (>= 4.3) - restriction: || (&& (== net45) (< portable-net45+win8+wpa81)) (&& (== net45) (>= uap10.0)) (&& (== net46) (< net45)) (&& (== net46) (< portable-net45+win8+wpa81)) (&& (== net46) (>= uap10.0)) (== netstandard1.6) (&& (== netstandard2.0) (< netstandard1.2)) (&& (== netstandard2.0) (< netstandard1.3)) (&& (== netstandard2.0) (< netstandard1.4)) (&& (== netstandard2.0) (< netstandard1.5)) (&& (== netstandard2.0) (< netstandard1.6)) (&& (== netstandard2.0) (< portable-net45+win8+wpa81)) (&& (== netstandard2.0) (>= uap10.0))
      System.Reflection.Primitives (>= 4.3) - restriction: || (&& (== net45) (< portable-net45+win8+wpa81)) (&& (== net45) (>= uap10.0)) (&& (== net46) (< net45)) (&& (== net46) (< portable-net45+win8+wpa81)) (&& (== net46) (>= uap10.0)) (== netstandard1.6) (&& (== netstandard2.0) (< netstandard1.2)) (&& (== netstandard2.0) (< netstandard1.3)) (&& (== netstandard2.0) (< netstandard1.4)) (&& (== netstandard2.0) (< netstandard1.5)) (&& (== netstandard2.0) (< netstandard1.6)) (&& (== netstandard2.0) (< portable-net45+win8+wpa81)) (&& (== netstandard2.0) (>= uap10.0))
      System.Resources.ResourceManager (>= 4.3) - restriction: || (&& (== net45) (< portable-net45+win8+wpa81)) (&& (== net45) (>= uap10.0)) (&& (== net46) (< net45)) (&& (== net46) (< portable-net45+win8+wpa81)) (&& (== net46) (>= uap10.0)) (== netstandard1.6) (&& (== netstandard2.0) (< netstandard1.2)) (&& (== netstandard2.0) (< netstandard1.3)) (&& (== netstandard2.0) (< netstandard1.4)) (&& (== netstandard2.0) (< netstandard1.5)) (&& (== netstandard2.0) (< netstandard1.6)) (&& (== netstandard2.0) (< portable-net45+win8+wpa81)) (&& (== netstandard2.0) (>= uap10.0))
      System.Runtime (>= 4.3) - restriction: || (&& (== net45) (< portable-net45+win8+wpa81)) (&& (== net45) (>= uap10.0)) (&& (== net46) (< net45)) (&& (== net46) (< portable-net45+win8+wpa81)) (&& (== net46) (>= uap10.0)) (== netstandard1.6) (&& (== netstandard2.0) (< netstandard1.2)) (&& (== netstandard2.0) (< netstandard1.3)) (&& (== netstandard2.0) (< netstandard1.4)) (&& (== netstandard2.0) (< netstandard1.5)) (&& (== netstandard2.0) (< netstandard1.6)) (&& (== netstandard2.0) (< portable-net45+win8+wpa81)) (&& (== netstandard2.0) (>= uap10.0))
      System.Runtime.Extensions (>= 4.3) - restriction: || (&& (== net45) (< portable-net45+win8+wpa81)) (&& (== net45) (>= uap10.0)) (&& (== net46) (< net45)) (&& (== net46) (< portable-net45+win8+wpa81)) (&& (== net46) (>= uap10.0)) (== netstandard1.6) (&& (== netstandard2.0) (< netstandard1.2)) (&& (== netstandard2.0) (< netstandard1.3)) (&& (== netstandard2.0) (< netstandard1.4)) (&& (== netstandard2.0) (< netstandard1.5)) (&& (== netstandard2.0) (< netstandard1.6)) (&& (== netstandard2.0) (< portable-net45+win8+wpa81)) (&& (== netstandard2.0) (>= uap10.0))
      System.Runtime.Handles (>= 4.3) - restriction: || (&& (== net45) (>= uap10.0)) (&& (== net46) (< net45)) (&& (== net46) (>= uap10.0)) (== netstandard1.6) (&& (== netstandard2.0) (< netstandard1.4)) (&& (== netstandard2.0) (< netstandard1.5)) (&& (== netstandard2.0) (< netstandard1.6)) (&& (== netstandard2.0) (>= uap10.0))
      System.Runtime.InteropServices (>= 4.3) - restriction: || (&& (== net45) (>= uap10.0)) (&& (== net46) (< net45)) (&& (== net46) (>= uap10.0)) (== netstandard1.6) (&& (== netstandard2.0) (< netstandard1.2)) (&& (== netstandard2.0) (< netstandard1.3)) (&& (== netstandard2.0) (< netstandard1.4)) (&& (== netstandard2.0) (< netstandard1.5)) (&& (== netstandard2.0) (< netstandard1.6)) (&& (== netstandard2.0) (>= uap10.0))
      System.Runtime.InteropServices.RuntimeInformation (>= 4.3) - restriction: || (== net45) (== net46) (== netstandard1.6) (&& (== netstandard2.0) (< netstandard1.0)) (&& (== netstandard2.0) (< netstandard1.2)) (&& (== netstandard2.0) (< netstandard1.3)) (&& (== netstandard2.0) (< netstandard1.4)) (&& (== netstandard2.0) (< netstandard1.5)) (&& (== netstandard2.0) (< netstandard1.6)) (&& (== netstandard2.0) (>= uap10.0))
      System.Runtime.Numerics (>= 4.3) - restriction: || (&& (== net45) (>= uap10.0)) (&& (== net46) (< net45)) (&& (== net46) (>= uap10.0)) (== netstandard1.6) (&& (== netstandard2.0) (< netstandard1.2)) (&& (== netstandard2.0) (< netstandard1.3)) (&& (== netstandard2.0) (< netstandard1.4)) (&& (== netstandard2.0) (< netstandard1.5)) (&& (== netstandard2.0) (< netstandard1.6)) (&& (== netstandard2.0) (>= uap10.0))
      System.Security.Cryptography.Algorithms (>= 4.3) - restriction: || (&& (== net45) (>= net46)) (&& (== net45) (>= uap10.0)) (== net46) (== netstandard1.6) (&& (== netstandard2.0) (< netstandard1.4)) (&& (== netstandard2.0) (< netstandard1.5)) (&& (== netstandard2.0) (< netstandard1.6)) (&& (== netstandard2.0) (>= uap10.0))
      System.Security.Cryptography.Encoding (>= 4.3) - restriction: || (&& (== net45) (>= net46)) (&& (== net45) (>= uap10.0)) (== net46) (== netstandard1.6) (&& (== netstandard2.0) (< netstandard1.4)) (&& (== netstandard2.0) (< netstandard1.5)) (&& (== netstandard2.0) (< netstandard1.6)) (&& (== netstandard2.0) (>= uap10.0))
      System.Security.Cryptography.Primitives (>= 4.3) - restriction: || (&& (== net45) (>= net46)) (&& (== net45) (>= uap10.0)) (== net46) (== netstandard1.6) (&& (== netstandard2.0) (< netstandard1.4)) (&& (== netstandard2.0) (< netstandard1.5)) (&& (== netstandard2.0) (< netstandard1.6)) (&& (== netstandard2.0) (>= uap10.0))
      System.Security.Cryptography.X509Certificates (>= 4.3) - restriction: || (&& (== net45) (>= net46)) (&& (== net45) (>= uap10.0)) (== net46) (== netstandard1.6) (&& (== netstandard2.0) (< netstandard1.4)) (&& (== netstandard2.0) (< netstandard1.5)) (&& (== netstandard2.0) (< netstandard1.6)) (&& (== netstandard2.0) (>= uap10.0))
      System.Text.Encoding (>= 4.3) - restriction: || (&& (== net45) (< portable-net45+win8+wpa81)) (&& (== net45) (>= uap10.0)) (&& (== net46) (< net45)) (&& (== net46) (< portable-net45+win8+wpa81)) (&& (== net46) (>= uap10.0)) (== netstandard1.6) (&& (== netstandard2.0) (< netstandard1.2)) (&& (== netstandard2.0) (< netstandard1.3)) (&& (== netstandard2.0) (< netstandard1.4)) (&& (== netstandard2.0) (< netstandard1.5)) (&& (== netstandard2.0) (< netstandard1.6)) (&& (== netstandard2.0) (< portable-net45+win8+wpa81)) (&& (== netstandard2.0) (>= uap10.0))
      System.Text.Encoding.Extensions (>= 4.3) - restriction: || (&& (== net45) (< portable-net45+win8+wpa81)) (&& (== net45) (>= uap10.0)) (&& (== net46) (< net45)) (&& (== net46) (< portable-net45+win8+wpa81)) (&& (== net46) (>= uap10.0)) (== netstandard1.6) (&& (== netstandard2.0) (< netstandard1.2)) (&& (== netstandard2.0) (< netstandard1.3)) (&& (== netstandard2.0) (< netstandard1.4)) (&& (== netstandard2.0) (< netstandard1.5)) (&& (== netstandard2.0) (< netstandard1.6)) (&& (== netstandard2.0) (< portable-net45+win8+wpa81)) (&& (== netstandard2.0) (>= uap10.0))
      System.Text.RegularExpressions (>= 4.3) - restriction: || (&& (== net45) (< portable-net45+win8+wpa81)) (&& (== net45) (>= uap10.0)) (&& (== net46) (< net45)) (&& (== net46) (< portable-net45+win8+wpa81)) (&& (== net46) (>= uap10.0)) (== netstandard1.6) (&& (== netstandard2.0) (< netstandard1.2)) (&& (== netstandard2.0) (< netstandard1.3)) (&& (== netstandard2.0) (< netstandard1.4)) (&& (== netstandard2.0) (< netstandard1.5)) (&& (== netstandard2.0) (< netstandard1.6)) (&& (== netstandard2.0) (< portable-net45+win8+wpa81)) (&& (== netstandard2.0) (>= uap10.0))
      System.Threading (>= 4.3) - restriction: || (&& (== net45) (< portable-net45+win8+wpa81)) (&& (== net45) (>= uap10.0)) (&& (== net46) (< net45)) (&& (== net46) (< portable-net45+win8+wpa81)) (&& (== net46) (>= uap10.0)) (== netstandard1.6) (&& (== netstandard2.0) (< netstandard1.2)) (&& (== netstandard2.0) (< netstandard1.3)) (&& (== netstandard2.0) (< netstandard1.4)) (&& (== netstandard2.0) (< netstandard1.5)) (&& (== netstandard2.0) (< netstandard1.6)) (&& (== netstandard2.0) (< portable-net45+win8+wpa81)) (&& (== netstandard2.0) (>= uap10.0))
      System.Threading.Tasks (>= 4.3) - restriction: || (&& (== net45) (< portable-net45+win8+wpa81)) (&& (== net45) (>= uap10.0)) (&& (== net46) (< net45)) (&& (== net46) (< portable-net45+win8+wpa81)) (&& (== net46) (>= uap10.0)) (== netstandard1.6) (&& (== netstandard2.0) (< netstandard1.2)) (&& (== netstandard2.0) (< netstandard1.3)) (&& (== netstandard2.0) (< netstandard1.4)) (&& (== netstandard2.0) (< netstandard1.5)) (&& (== netstandard2.0) (< netstandard1.6)) (&& (== netstandard2.0) (< portable-net45+win8+wpa81)) (&& (== netstandard2.0) (>= uap10.0))
      System.Threading.Timer (>= 4.3) - restriction: || (&& (== net45) (>= uap10.0)) (&& (== net46) (< net45)) (&& (== net46) (>= uap10.0)) (== netstandard1.6) (&& (== netstandard2.0) (< netstandard1.3)) (&& (== netstandard2.0) (< netstandard1.4)) (&& (== netstandard2.0) (< netstandard1.5)) (&& (== netstandard2.0) (< netstandard1.6)) (&& (== netstandard2.0) (>= uap10.0))
      System.Xml.ReaderWriter (>= 4.3) - restriction: || (&& (== net45) (>= net46)) (&& (== net45) (< portable-net45+win8+wpa81)) (&& (== net45) (>= uap10.0)) (== net46) (== netstandard1.6) (&& (== netstandard2.0) (< netstandard1.2)) (&& (== netstandard2.0) (< netstandard1.3)) (&& (== netstandard2.0) (< netstandard1.4)) (&& (== netstandard2.0) (< netstandard1.5)) (&& (== netstandard2.0) (< netstandard1.6)) (&& (== netstandard2.0) (< portable-net45+win8+wpa81)) (&& (== netstandard2.0) (>= uap10.0))
      System.Xml.XDocument (>= 4.3) - restriction: || (&& (== net45) (< portable-net45+win8+wpa81)) (&& (== net45) (>= uap10.0)) (&& (== net46) (< net45)) (&& (== net46) (< portable-net45+win8+wpa81)) (&& (== net46) (>= uap10.0)) (== netstandard1.6) (&& (== netstandard2.0) (< netstandard1.2)) (&& (== netstandard2.0) (< netstandard1.3)) (&& (== netstandard2.0) (< netstandard1.4)) (&& (== netstandard2.0) (< netstandard1.5)) (&& (== netstandard2.0) (< netstandard1.6)) (&& (== netstandard2.0) (< portable-net45+win8+wpa81)) (&& (== netstandard2.0) (>= uap10.0))
    runtime.debian.8-x64.runtime.native.System.Security.Cryptography.OpenSsl (4.3.3) - restriction: || (&& (== net46) (== netstandard2.0)) (&& (== net46) (< net45) (>= netstandard1.6)) (== netstandard1.6)
    runtime.debian.9-x64.runtime.native.System.Security.Cryptography.OpenSsl (4.3.3) - restriction: || (&& (== net46) (== netstandard2.0)) (&& (== net46) (< net45) (>= netstandard1.6)) (== netstandard1.6)
    runtime.fedora.23-x64.runtime.native.System.Security.Cryptography.OpenSsl (4.3.3) - restriction: || (&& (== net46) (== netstandard2.0)) (&& (== net46) (< net45) (>= netstandard1.6)) (== netstandard1.6)
    runtime.fedora.24-x64.runtime.native.System.Security.Cryptography.OpenSsl (4.3.3) - restriction: || (&& (== net46) (== netstandard2.0)) (&& (== net46) (< net45) (>= netstandard1.6)) (== netstandard1.6)
    runtime.fedora.27-x64.runtime.native.System.Security.Cryptography.OpenSsl (4.3.3) - restriction: || (&& (== net46) (== netstandard2.0)) (&& (== net46) (< net45) (>= netstandard1.6)) (== netstandard1.6)
    runtime.fedora.28-x64.runtime.native.System.Security.Cryptography.OpenSsl (4.3.3) - restriction: || (&& (== net46) (== netstandard2.0)) (&& (== net46) (< net45) (>= netstandard1.6)) (== netstandard1.6)
    runtime.native.System (4.3.1) - restriction: || (&& (== net45) (== netstandard2.0)) (&& (== net45) (< net20) (>= netstandard1.6)) (&& (== net46) (== netstandard2.0)) (&& (== net46) (< net20) (>= netstandard1.6)) (== netstandard1.6)
      Microsoft.NETCore.Platforms (>= 1.1.1)
      Microsoft.NETCore.Targets (>= 1.1.3)
    runtime.native.System.IO.Compression (4.3.2) - restriction: || (&& (== net45) (== netstandard2.0)) (&& (== net45) (< net20) (>= netstandard1.3)) (&& (== net45) (>= uap10.0)) (&& (== net46) (== netstandard2.0)) (&& (== net46) (< net20)) (&& (== net46) (>= uap10.0)) (== netstandard1.6) (&& (== netstandard2.0) (< netstandard1.2)) (&& (== netstandard2.0) (< netstandard1.3)) (&& (== netstandard2.0) (< netstandard1.4)) (&& (== netstandard2.0) (< netstandard1.5)) (&& (== netstandard2.0) (< netstandard1.6))
      Microsoft.NETCore.Platforms (>= 1.1.1)
      Microsoft.NETCore.Targets (>= 1.1.3)
    runtime.native.System.Net.Http (4.3.1) - restriction: || (&& (== net46) (== netstandard2.0)) (&& (== net46) (< net45) (>= netstandard1.6)) (== netstandard1.6)
      Microsoft.NETCore.Platforms (>= 1.1.1)
      Microsoft.NETCore.Targets (>= 1.1.3)
    runtime.native.System.Security.Cryptography.Apple (4.3.1) - restriction: || (&& (== net46) (== netstandard2.0)) (&& (== net46) (< net45) (>= netstandard1.6)) (== netstandard1.6)
      runtime.osx.10.10-x64.runtime.native.System.Security.Cryptography.Apple (>= 4.3.1)
    runtime.native.System.Security.Cryptography.OpenSsl (4.3.3) - restriction: || (&& (== net46) (== netstandard2.0)) (&& (== net46) (< net45) (>= netstandard1.6)) (== netstandard1.6)
      runtime.debian.8-x64.runtime.native.System.Security.Cryptography.OpenSsl (>= 4.3.3)
      runtime.debian.9-x64.runtime.native.System.Security.Cryptography.OpenSsl (>= 4.3.3)
      runtime.fedora.23-x64.runtime.native.System.Security.Cryptography.OpenSsl (>= 4.3.3)
      runtime.fedora.24-x64.runtime.native.System.Security.Cryptography.OpenSsl (>= 4.3.3)
      runtime.fedora.27-x64.runtime.native.System.Security.Cryptography.OpenSsl (>= 4.3.3)
      runtime.fedora.28-x64.runtime.native.System.Security.Cryptography.OpenSsl (>= 4.3.3)
      runtime.opensuse.13.2-x64.runtime.native.System.Security.Cryptography.OpenSsl (>= 4.3.3)
      runtime.opensuse.42.1-x64.runtime.native.System.Security.Cryptography.OpenSsl (>= 4.3.3)
      runtime.opensuse.42.3-x64.runtime.native.System.Security.Cryptography.OpenSsl (>= 4.3.3)
      runtime.osx.10.10-x64.runtime.native.System.Security.Cryptography.OpenSsl (>= 4.3.3)
      runtime.rhel.7-x64.runtime.native.System.Security.Cryptography.OpenSsl (>= 4.3.3)
      runtime.ubuntu.14.04-x64.runtime.native.System.Security.Cryptography.OpenSsl (>= 4.3.3)
      runtime.ubuntu.16.04-x64.runtime.native.System.Security.Cryptography.OpenSsl (>= 4.3.3)
      runtime.ubuntu.16.10-x64.runtime.native.System.Security.Cryptography.OpenSsl (>= 4.3.3)
      runtime.ubuntu.18.04-x64.runtime.native.System.Security.Cryptography.OpenSsl (>= 4.3.3)
    runtime.opensuse.13.2-x64.runtime.native.System.Security.Cryptography.OpenSsl (4.3.3) - restriction: || (&& (== net46) (== netstandard2.0)) (&& (== net46) (< net45) (>= netstandard1.6)) (== netstandard1.6)
    runtime.opensuse.42.1-x64.runtime.native.System.Security.Cryptography.OpenSsl (4.3.3) - restriction: || (&& (== net46) (== netstandard2.0)) (&& (== net46) (< net45) (>= netstandard1.6)) (== netstandard1.6)
    runtime.opensuse.42.3-x64.runtime.native.System.Security.Cryptography.OpenSsl (4.3.3) - restriction: || (&& (== net46) (== netstandard2.0)) (&& (== net46) (< net45) (>= netstandard1.6)) (== netstandard1.6)
    runtime.osx.10.10-x64.runtime.native.System.Security.Cryptography.Apple (4.3.1) - restriction: || (&& (== net46) (== netstandard2.0)) (&& (== net46) (< net45) (>= netstandard1.6)) (== netstandard1.6)
    runtime.osx.10.10-x64.runtime.native.System.Security.Cryptography.OpenSsl (4.3.3) - restriction: || (&& (== net46) (== netstandard2.0)) (&& (== net46) (< net45) (>= netstandard1.6)) (== netstandard1.6)
    runtime.rhel.7-x64.runtime.native.System.Security.Cryptography.OpenSsl (4.3.3) - restriction: || (&& (== net46) (== netstandard2.0)) (&& (== net46) (< net45) (>= netstandard1.6)) (== netstandard1.6)
    runtime.ubuntu.14.04-x64.runtime.native.System.Security.Cryptography.OpenSsl (4.3.3) - restriction: || (&& (== net46) (== netstandard2.0)) (&& (== net46) (< net45) (>= netstandard1.6)) (== netstandard1.6)
    runtime.ubuntu.16.04-x64.runtime.native.System.Security.Cryptography.OpenSsl (4.3.3) - restriction: || (&& (== net46) (== netstandard2.0)) (&& (== net46) (< net45) (>= netstandard1.6)) (== netstandard1.6)
    runtime.ubuntu.16.10-x64.runtime.native.System.Security.Cryptography.OpenSsl (4.3.3) - restriction: || (&& (== net46) (== netstandard2.0)) (&& (== net46) (< net45) (>= netstandard1.6)) (== netstandard1.6)
    runtime.ubuntu.18.04-x64.runtime.native.System.Security.Cryptography.OpenSsl (4.3.3) - restriction: || (&& (== net46) (== netstandard2.0)) (&& (== net46) (< net45) (>= netstandard1.6)) (== netstandard1.6)
    System.AppContext (4.3) - restriction: || (&& (== net45) (== netstandard2.0)) (&& (== net45) (< net20) (>= net46)) (&& (== net45) (< net20) (>= netstandard1.3)) (&& (== net45) (< net20) (>= netstandard1.4)) (&& (== net45) (< net20) (>= netstandard1.5)) (&& (== net45) (< net20) (>= netstandard1.6)) (&& (== net45) (>= uap10.0)) (&& (== net46) (== netstandard2.0)) (&& (== net46) (< net20)) (&& (== net46) (>= uap10.0)) (== netstandard1.6) (&& (== netstandard2.0) (< netstandard1.3)) (&& (== netstandard2.0) (< netstandard1.4)) (&& (== netstandard2.0) (< netstandard1.5)) (&& (== netstandard2.0) (< netstandard1.6))
      System.Runtime (>= 4.3) - restriction: || (&& (== net45) (>= netstandard1.3)) (&& (== net45) (>= netstandard1.6)) (== netstandard1.6) (== netstandard2.0)
    System.Buffers (4.5) - restriction: || (&& (== net45) (>= monoandroid) (>= netstandard2.0)) (&& (== net45) (>= monotouch) (>= netstandard2.0)) (&& (== net45) (< net20) (>= netstandard1.3)) (&& (== net45) (< net35) (>= netstandard2.0)) (&& (== net45) (< netstandard1.1) (>= netstandard2.0) (>= win8)) (&& (== net45) (>= netstandard2.0) (>= wpa81)) (&& (== net45) (>= netstandard2.0) (>= xamarintvos)) (&& (== net45) (>= netstandard2.0) (>= xamarinwatchos)) (&& (== net45) (>= uap10.0)) (&& (== net45) (>= xamarinios)) (&& (== net45) (>= xamarinmac)) (&& (== net46) (>= monoandroid) (>= netstandard2.0)) (&& (== net46) (>= monotouch) (>= netstandard2.0)) (&& (== net46) (< net20)) (&& (== net46) (< net35) (>= netstandard2.0)) (&& (== net46) (< netstandard1.1) (>= netstandard2.0) (>= win8)) (&& (== net46) (>= netstandard2.0) (>= wpa81)) (&& (== net46) (>= netstandard2.0) (>= xamarintvos)) (&& (== net46) (>= netstandard2.0) (>= xamarinwatchos)) (&& (== net46) (>= uap10.0)) (&& (== net46) (>= xamarinios)) (&& (== net46) (>= xamarinmac)) (== netstandard1.6) (== netstandard2.0)
      System.Diagnostics.Debug (>= 4.3) - restriction: || (&& (== net46) (< net45)) (== netstandard1.6)
      System.Diagnostics.Tracing (>= 4.3) - restriction: || (&& (== net46) (< net45)) (== netstandard1.6)
      System.Resources.ResourceManager (>= 4.3) - restriction: || (&& (== net46) (< net45)) (== netstandard1.6)
      System.Runtime (>= 4.3) - restriction: || (&& (== net46) (< net45)) (== netstandard1.6)
      System.Threading (>= 4.3) - restriction: || (&& (== net46) (< net45)) (== netstandard1.6)
    System.Collections (4.3) - restriction: || (&& (== net46) (== netstandard2.0)) (&& (== net46) (< net45) (>= netstandard1.6)) (== netstandard1.6)
      Microsoft.NETCore.Platforms (>= 1.1) - restriction: || (&& (== net46) (< net45)) (== netstandard1.6) (== netstandard2.0)
      Microsoft.NETCore.Targets (>= 1.1) - restriction: || (&& (== net46) (< net45)) (== netstandard1.6) (== netstandard2.0)
      System.Runtime (>= 4.3) - restriction: || (&& (== net46) (< net45)) (== netstandard1.6) (== netstandard2.0)
    System.Collections.Concurrent (4.3) - restriction: || (&& (== net46) (== netstandard2.0)) (&& (== net46) (< net45) (>= netstandard1.6)) (== netstandard1.6)
      System.Collections (>= 4.3) - restriction: || (&& (== net46) (< net45)) (== netstandard1.6) (== netstandard2.0)
      System.Diagnostics.Debug (>= 4.3) - restriction: || (&& (== net46) (< net45)) (== netstandard1.6) (== netstandard2.0)
      System.Diagnostics.Tracing (>= 4.3) - restriction: || (&& (== net46) (< net45)) (== netstandard1.6) (== netstandard2.0)
      System.Globalization (>= 4.3) - restriction: || (&& (== net46) (< net45)) (== netstandard1.6) (== netstandard2.0)
      System.Reflection (>= 4.3) - restriction: || (&& (== net46) (< net45)) (== netstandard1.6) (== netstandard2.0)
      System.Resources.ResourceManager (>= 4.3) - restriction: || (&& (== net46) (< net45)) (== netstandard1.6) (== netstandard2.0)
      System.Runtime (>= 4.3) - restriction: || (&& (== net46) (< net45)) (== netstandard1.6) (== netstandard2.0)
      System.Runtime.Extensions (>= 4.3) - restriction: || (&& (== net46) (< net45)) (== netstandard1.6) (== netstandard2.0)
      System.Threading (>= 4.3) - restriction: || (&& (== net46) (< net45)) (== netstandard1.6) (== netstandard2.0)
      System.Threading.Tasks (>= 4.3) - restriction: || (&& (== net46) (< net45)) (== netstandard1.6) (== netstandard2.0)
    System.Configuration.ConfigurationManager (4.5) - restriction: || (&& (== net45) (< net35) (>= netstandard2.0)) (&& (== net46) (< net35) (>= netstandard2.0)) (&& (== netstandard1.6) (>= netstandard2.0)) (== netstandard2.0)
      System.Security.Cryptography.ProtectedData (>= 4.5) - restriction: || (&& (== net45) (>= netstandard2.0)) (&& (== net46) (>= netstandard2.0)) (&& (== netstandard1.6) (>= netstandard2.0)) (== netstandard2.0)
      System.Security.Permissions (>= 4.5) - restriction: || (&& (== net45) (>= monoandroid)) (&& (== net45) (>= monotouch)) (&& (== net45) (>= net461)) (&& (== net45) (>= netstandard2.0)) (&& (== net45) (>= xamarintvos)) (&& (== net45) (>= xamarinwatchos)) (&& (== net46) (>= monoandroid)) (&& (== net46) (>= monotouch)) (&& (== net46) (>= net461)) (&& (== net46) (>= netstandard2.0)) (&& (== net46) (>= xamarintvos)) (&& (== net46) (>= xamarinwatchos)) (&& (== netstandard1.6) (>= monoandroid)) (&& (== netstandard1.6) (>= monotouch)) (&& (== netstandard1.6) (>= net461)) (&& (== netstandard1.6) (>= netstandard2.0)) (&& (== netstandard1.6) (>= xamarintvos)) (&& (== netstandard1.6) (>= xamarinwatchos)) (== netstandard2.0)
    System.Console (4.3.1) - restriction: || (&& (== net45) (== netstandard2.0)) (&& (== net45) (< net20) (>= net46)) (&& (== net45) (< net20) (>= netstandard1.3)) (&& (== net45) (< net20) (>= netstandard1.4)) (&& (== net45) (< net20) (>= netstandard1.5)) (&& (== net45) (< net20) (>= netstandard1.6)) (&& (== net45) (>= uap10.0)) (&& (== net46) (== netstandard2.0)) (&& (== net46) (< net20)) (&& (== net46) (< net45) (>= netstandard1.6)) (&& (== net46) (>= uap10.0)) (== netstandard1.6) (&& (== netstandard2.0) (< netstandard1.3)) (&& (== netstandard2.0) (< netstandard1.4)) (&& (== netstandard2.0) (< netstandard1.5)) (&& (== netstandard2.0) (< netstandard1.6))
      Microsoft.NETCore.Platforms (>= 1.1) - restriction: || (&& (== net45) (>= netstandard1.3)) (== netstandard1.6) (== netstandard2.0)
      Microsoft.NETCore.Targets (>= 1.1.2) - restriction: || (&& (== net45) (>= netstandard1.3)) (== netstandard1.6) (== netstandard2.0)
      System.IO (>= 4.3) - restriction: || (&& (== net45) (>= netstandard1.3)) (== netstandard1.6) (== netstandard2.0)
      System.Runtime (>= 4.3) - restriction: || (&& (== net45) (>= netstandard1.3)) (== netstandard1.6) (== netstandard2.0)
      System.Text.Encoding (>= 4.3) - restriction: || (&& (== net45) (>= netstandard1.3)) (== netstandard1.6) (== netstandard2.0)
    System.Diagnostics.Debug (4.3) - restriction: || (&& (== net46) (== netstandard2.0)) (&& (== net46) (< net45) (>= netstandard1.6)) (== netstandard1.6)
      Microsoft.NETCore.Platforms (>= 1.1) - restriction: || (&& (== net46) (< net45)) (== netstandard1.6) (== netstandard2.0)
      Microsoft.NETCore.Targets (>= 1.1) - restriction: || (&& (== net46) (< net45)) (== netstandard1.6) (== netstandard2.0)
      System.Runtime (>= 4.3) - restriction: || (&& (== net46) (< net45)) (== netstandard1.6) (== netstandard2.0)
    System.Diagnostics.DiagnosticSource (4.5.1) - restriction: || (&& (== net46) (== netstandard2.0)) (&& (== net46) (< net45) (>= netstandard1.6)) (== netstandard1.6)
      System.Collections (>= 4.3) - restriction: || (&& (== net46) (< net45)) (== netstandard1.6) (&& (== netstandard2.0) (< netstandard1.3))
      System.Diagnostics.Debug (>= 4.3) - restriction: || (&& (== net46) (< net45)) (== netstandard1.6)
      System.Diagnostics.Tracing (>= 4.3) - restriction: || (&& (== net46) (< net45)) (== netstandard1.6) (&& (== netstandard2.0) (< netstandard1.3))
      System.Reflection (>= 4.3) - restriction: || (&& (== net46) (< net45)) (== netstandard1.6) (&& (== netstandard2.0) (< netstandard1.3))
      System.Runtime (>= 4.3) - restriction: || (&& (== net46) (< net45)) (== netstandard1.6) (&& (== netstandard2.0) (< netstandard1.3))
      System.Runtime.Extensions (>= 4.3) - restriction: || (&& (== net46) (< net45)) (== netstandard1.6)
      System.Threading (>= 4.3) - restriction: || (&& (== net46) (< net45)) (== netstandard1.6) (&& (== netstandard2.0) (< netstandard1.3))
    System.Diagnostics.Tools (4.3) - restriction: || (&& (== net45) (== netstandard2.0)) (&& (== net45) (< net20)) (&& (== net45) (>= uap10.0)) (&& (== net46) (== netstandard2.0)) (&& (== net46) (< net20)) (&& (== net46) (< net45) (>= netstandard1.6)) (&& (== net46) (>= uap10.0)) (== netstandard1.6) (&& (== netstandard2.0) (< netstandard1.2)) (&& (== netstandard2.0) (< netstandard1.3)) (&& (== netstandard2.0) (< netstandard1.4)) (&& (== netstandard2.0) (< netstandard1.5)) (&& (== netstandard2.0) (< netstandard1.6)) (&& (== netstandard2.0) (< portable-net45+win8+wpa81))
      Microsoft.NETCore.Platforms (>= 1.1) - restriction: || (&& (== net46) (< net45)) (== netstandard1.6) (== netstandard2.0)
      Microsoft.NETCore.Targets (>= 1.1) - restriction: || (&& (== net46) (< net45)) (== netstandard1.6) (== netstandard2.0)
      System.Runtime (>= 4.3) - restriction: || (&& (== net46) (< net45)) (== netstandard1.6) (== netstandard2.0)
    System.Diagnostics.TraceSource (4.3) - restriction: || (&& (== net45) (== netstandard2.0)) (&& (== net45) (< net20) (>= netstandard1.6)) (&& (== net46) (== netstandard2.0)) (&& (== net46) (< net20) (>= netstandard1.6)) (== netstandard1.6)
      Microsoft.NETCore.Platforms (>= 1.1) - restriction: || (&& (== net45) (>= netstandard1.3)) (== netstandard1.6) (== netstandard2.0)
      runtime.native.System (>= 4.3) - restriction: || (&& (== net45) (>= netstandard1.3)) (== netstandard1.6) (== netstandard2.0)
      System.Collections (>= 4.3) - restriction: || (&& (== net45) (>= netstandard1.3)) (== netstandard1.6) (== netstandard2.0)
      System.Diagnostics.Debug (>= 4.3) - restriction: || (&& (== net45) (>= netstandard1.3)) (== netstandard1.6) (== netstandard2.0)
      System.Globalization (>= 4.3) - restriction: || (&& (== net45) (>= netstandard1.3)) (== netstandard1.6) (== netstandard2.0)
      System.Resources.ResourceManager (>= 4.3) - restriction: || (&& (== net45) (>= netstandard1.3)) (== netstandard1.6) (== netstandard2.0)
      System.Runtime (>= 4.3) - restriction: || (&& (== net45) (>= netstandard1.3)) (== netstandard1.6) (== netstandard2.0)
      System.Runtime.Extensions (>= 4.3) - restriction: || (&& (== net45) (>= netstandard1.3)) (== netstandard1.6) (== netstandard2.0)
      System.Threading (>= 4.3) - restriction: || (&& (== net45) (>= netstandard1.3)) (== netstandard1.6) (== netstandard2.0)
    System.Diagnostics.Tracing (4.3) - restriction: || (&& (== net46) (== netstandard2.0)) (&& (== net46) (< net45) (>= netstandard1.6)) (== netstandard1.6)
      Microsoft.NETCore.Platforms (>= 1.1) - restriction: || (&& (== net46) (< net45)) (== netstandard1.6) (== netstandard2.0)
      Microsoft.NETCore.Targets (>= 1.1) - restriction: || (&& (== net46) (< net45)) (== netstandard1.6) (== netstandard2.0)
      System.Runtime (>= 4.3) - restriction: || (&& (== net46) (< net45)) (== netstandard1.6) (== netstandard2.0)
    System.Globalization (4.3) - restriction: || (&& (== net46) (== netstandard2.0)) (&& (== net46) (< net45) (>= netstandard1.6)) (== netstandard1.6)
      Microsoft.NETCore.Platforms (>= 1.1) - restriction: || (&& (== net46) (< net45)) (== netstandard1.6) (== netstandard2.0)
      Microsoft.NETCore.Targets (>= 1.1) - restriction: || (&& (== net46) (< net45)) (== netstandard1.6) (== netstandard2.0)
      System.Runtime (>= 4.3) - restriction: || (&& (== net46) (< net45)) (== netstandard1.6) (== netstandard2.0)
    System.Globalization.Calendars (4.3) - restriction: || (&& (== net45) (== netstandard2.0)) (&& (== net45) (< net20) (>= net46)) (&& (== net45) (< net20) (>= netstandard1.3)) (&& (== net45) (< net20) (>= netstandard1.4)) (&& (== net45) (< net20) (>= netstandard1.5)) (&& (== net45) (< net20) (>= netstandard1.6)) (&& (== net45) (>= uap10.0)) (&& (== net46) (== netstandard2.0)) (&& (== net46) (< net20)) (&& (== net46) (>= uap10.0)) (== netstandard1.6) (&& (== netstandard2.0) (< netstandard1.3)) (&& (== netstandard2.0) (< netstandard1.4)) (&& (== netstandard2.0) (< netstandard1.5)) (&& (== netstandard2.0) (< netstandard1.6))
      Microsoft.NETCore.Platforms (>= 1.1) - restriction: || (&& (== net45) (>= netstandard1.3)) (== netstandard1.6) (== netstandard2.0)
      Microsoft.NETCore.Targets (>= 1.1) - restriction: || (&& (== net45) (>= netstandard1.3)) (== netstandard1.6) (== netstandard2.0)
      System.Globalization (>= 4.3) - restriction: || (&& (== net45) (>= netstandard1.3)) (== netstandard1.6) (== netstandard2.0)
      System.Runtime (>= 4.3) - restriction: || (&& (== net45) (>= netstandard1.3)) (== netstandard1.6) (== netstandard2.0)
    System.Globalization.Extensions (4.3) - restriction: || (&& (== net46) (== netstandard2.0)) (&& (== net46) (< net45) (>= netstandard1.6)) (== netstandard1.6)
      Microsoft.NETCore.Platforms (>= 1.1) - restriction: || (&& (== net45) (>= netstandard1.3)) (== netstandard1.6) (== netstandard2.0)
      System.Globalization (>= 4.3) - restriction: || (&& (== net45) (>= netstandard1.3)) (== netstandard1.6) (== netstandard2.0)
      System.Resources.ResourceManager (>= 4.3) - restriction: || (&& (== net45) (>= netstandard1.3)) (== netstandard1.6) (== netstandard2.0)
      System.Runtime (>= 4.3) - restriction: || (&& (== net45) (>= netstandard1.3)) (== netstandard1.6) (== netstandard2.0)
      System.Runtime.Extensions (>= 4.3) - restriction: || (&& (== net45) (>= netstandard1.3)) (== netstandard1.6) (== netstandard2.0)
      System.Runtime.InteropServices (>= 4.3) - restriction: || (&& (== net45) (>= netstandard1.3)) (== netstandard1.6) (== netstandard2.0)
    System.IO (4.3) - restriction: || (&& (== net46) (== netstandard2.0)) (&& (== net46) (< net45) (>= netstandard1.6)) (== netstandard1.6)
      Microsoft.NETCore.Platforms (>= 1.1) - restriction: || (&& (== net46) (< net45)) (== netstandard1.6) (== netstandard2.0)
      Microsoft.NETCore.Targets (>= 1.1) - restriction: || (&& (== net46) (< net45)) (== netstandard1.6) (== netstandard2.0)
      System.Runtime (>= 4.3) - restriction: || (&& (== net46) (< net45)) (== netstandard1.6) (== netstandard2.0)
      System.Text.Encoding (>= 4.3) - restriction: || (&& (== net46) (< net45)) (== netstandard1.6) (== netstandard2.0)
      System.Threading.Tasks (>= 4.3) - restriction: || (&& (== net46) (< net45)) (== netstandard1.6) (== netstandard2.0)
    System.IO.Compression (4.3) - restriction: || (&& (== net45) (== netstandard2.0)) (&& (== net45) (< net20)) (&& (== net45) (>= uap10.0)) (&& (== net46) (== netstandard2.0)) (&& (== net46) (< net20)) (&& (== net46) (>= uap10.0)) (== netstandard1.6) (&& (== netstandard2.0) (< netstandard1.2)) (&& (== netstandard2.0) (< netstandard1.3)) (&& (== netstandard2.0) (< netstandard1.4)) (&& (== netstandard2.0) (< netstandard1.5)) (&& (== netstandard2.0) (< netstandard1.6))
      Microsoft.NETCore.Platforms (>= 1.1) - restriction: || (&& (== net46) (< net45)) (== netstandard1.6) (== netstandard2.0)
      runtime.native.System (>= 4.3) - restriction: || (&& (== net46) (< net45)) (== netstandard1.6) (== netstandard2.0)
      runtime.native.System.IO.Compression (>= 4.3) - restriction: || (&& (== net46) (< net45)) (== netstandard1.6) (== netstandard2.0)
      System.Buffers (>= 4.3) - restriction: || (&& (== net46) (< net45)) (== netstandard1.6) (== netstandard2.0)
      System.Collections (>= 4.3) - restriction: || (&& (== net46) (< net45)) (== netstandard1.6) (== netstandard2.0)
      System.Diagnostics.Debug (>= 4.3) - restriction: || (&& (== net46) (< net45)) (== netstandard1.6) (== netstandard2.0)
      System.IO (>= 4.3) - restriction: || (&& (== net46) (< net45)) (== netstandard1.6) (== netstandard2.0)
      System.Resources.ResourceManager (>= 4.3) - restriction: || (&& (== net46) (< net45)) (== netstandard1.6) (== netstandard2.0)
      System.Runtime (>= 4.3) - restriction: || (&& (== net46) (< net45)) (== netstandard1.6) (== netstandard2.0)
      System.Runtime.Extensions (>= 4.3) - restriction: || (&& (== net46) (< net45)) (== netstandard1.6) (== netstandard2.0)
      System.Runtime.Handles (>= 4.3) - restriction: || (&& (== net46) (< net45)) (== netstandard1.6) (== netstandard2.0)
      System.Runtime.InteropServices (>= 4.3) - restriction: || (&& (== net46) (< net45)) (== netstandard1.6) (== netstandard2.0)
      System.Text.Encoding (>= 4.3) - restriction: || (&& (== net46) (< net45)) (== netstandard1.6) (== netstandard2.0)
      System.Threading (>= 4.3) - restriction: || (&& (== net46) (< net45)) (== netstandard1.6) (== netstandard2.0)
      System.Threading.Tasks (>= 4.3) - restriction: || (&& (== net46) (< net45)) (== netstandard1.6) (== netstandard2.0)
    System.IO.Compression.ZipFile (4.3) - restriction: || (&& (== net45) (== netstandard2.0)) (&& (== net45) (< net20) (>= net46)) (&& (== net45) (< net20) (>= netstandard1.3)) (&& (== net45) (< net20) (>= netstandard1.4)) (&& (== net45) (< net20) (>= netstandard1.5)) (&& (== net45) (< net20) (>= netstandard1.6)) (&& (== net45) (>= uap10.0)) (&& (== net46) (== netstandard2.0)) (&& (== net46) (< net20)) (&& (== net46) (>= uap10.0)) (== netstandard1.6) (&& (== netstandard2.0) (< netstandard1.3)) (&& (== netstandard2.0) (< netstandard1.4)) (&& (== netstandard2.0) (< netstandard1.5)) (&& (== netstandard2.0) (< netstandard1.6))
      System.Buffers (>= 4.3) - restriction: || (&& (== net45) (>= netstandard1.3)) (== netstandard1.6) (== netstandard2.0)
      System.IO (>= 4.3) - restriction: || (&& (== net45) (>= netstandard1.3)) (== netstandard1.6) (== netstandard2.0)
      System.IO.Compression (>= 4.3) - restriction: || (&& (== net45) (>= netstandard1.3)) (== netstandard1.6) (== netstandard2.0)
      System.IO.FileSystem (>= 4.3) - restriction: || (&& (== net45) (>= netstandard1.3)) (== netstandard1.6) (== netstandard2.0)
      System.IO.FileSystem.Primitives (>= 4.3) - restriction: || (&& (== net45) (>= netstandard1.3)) (== netstandard1.6) (== netstandard2.0)
      System.Resources.ResourceManager (>= 4.3) - restriction: || (&& (== net45) (>= netstandard1.3)) (== netstandard1.6) (== netstandard2.0)
      System.Runtime (>= 4.3) - restriction: || (&& (== net45) (>= netstandard1.3)) (== netstandard1.6) (== netstandard2.0)
      System.Runtime.Extensions (>= 4.3) - restriction: || (&& (== net45) (>= netstandard1.3)) (== netstandard1.6) (== netstandard2.0)
      System.Text.Encoding (>= 4.3) - restriction: || (&& (== net45) (>= netstandard1.3)) (== netstandard1.6) (== netstandard2.0)
    System.IO.FileSystem (4.3) - restriction: || (&& (== net46) (== netstandard2.0)) (&& (== net46) (< net45) (>= netstandard1.6)) (== netstandard1.6)
      Microsoft.NETCore.Platforms (>= 1.1) - restriction: || (&& (== net45) (>= netstandard1.3)) (== netstandard1.6) (== netstandard2.0)
      Microsoft.NETCore.Targets (>= 1.1) - restriction: || (&& (== net45) (>= netstandard1.3)) (== netstandard1.6) (== netstandard2.0)
      System.IO (>= 4.3) - restriction: || (&& (== net45) (>= netstandard1.3)) (== netstandard1.6) (== netstandard2.0)
      System.IO.FileSystem.Primitives (>= 4.3) - restriction: || (&& (== net45) (>= net46)) (&& (== net45) (>= netstandard1.3)) (== net46) (== netstandard1.6) (== netstandard2.0)
      System.Runtime (>= 4.3) - restriction: || (&& (== net45) (>= netstandard1.3)) (== netstandard1.6) (== netstandard2.0)
      System.Runtime.Handles (>= 4.3) - restriction: || (&& (== net45) (>= netstandard1.3)) (== netstandard1.6) (== netstandard2.0)
      System.Text.Encoding (>= 4.3) - restriction: || (&& (== net45) (>= netstandard1.3)) (== netstandard1.6) (== netstandard2.0)
      System.Threading.Tasks (>= 4.3) - restriction: || (&& (== net45) (>= netstandard1.3)) (== netstandard1.6) (== netstandard2.0)
    System.IO.FileSystem.Primitives (4.3) - restriction: || (&& (== net45) (== netstandard2.0)) (&& (== net45) (< net20) (>= net46)) (&& (== net45) (< net20) (>= netstandard1.3)) (&& (== net45) (< net20) (>= netstandard1.4)) (&& (== net45) (< net20) (>= netstandard1.5)) (&& (== net45) (< net20) (>= netstandard1.6)) (&& (== net45) (>= uap10.0)) (&& (== net46) (== netstandard2.0)) (&& (== net46) (< net20)) (&& (== net46) (>= uap10.0)) (== netstandard1.6) (&& (== netstandard2.0) (< netstandard1.3)) (&& (== netstandard2.0) (< netstandard1.4)) (&& (== netstandard2.0) (< netstandard1.5)) (&& (== netstandard2.0) (< netstandard1.6))
      System.Runtime (>= 4.3) - restriction: || (&& (== net45) (>= netstandard1.3)) (== netstandard1.6) (== netstandard2.0)
    System.Linq (4.3) - restriction: || (&& (== net46) (== netstandard2.0)) (&& (== net46) (< net45) (>= netstandard1.6)) (== netstandard1.6)
      System.Collections (>= 4.3) - restriction: || (&& (== net46) (< net45)) (== netstandard1.6) (== netstandard2.0)
      System.Diagnostics.Debug (>= 4.3) - restriction: || (&& (== net46) (< net45) (>= netstandard1.6)) (== netstandard1.6) (== netstandard2.0)
      System.Resources.ResourceManager (>= 4.3) - restriction: || (&& (== net46) (< net45) (>= netstandard1.6)) (== netstandard1.6) (== netstandard2.0)
      System.Runtime (>= 4.3) - restriction: || (&& (== net46) (< net45)) (== netstandard1.6) (== netstandard2.0)
      System.Runtime.Extensions (>= 4.3) - restriction: || (&& (== net46) (< net45) (>= netstandard1.6)) (== netstandard1.6) (== netstandard2.0)
    System.Linq.Expressions (4.3) - restriction: || (&& (== net46) (== netstandard2.0)) (&& (== net46) (< net45) (>= netstandard1.6)) (== netstandard1.6)
      System.Collections (>= 4.3) - restriction: || (&& (== net46) (< net45) (>= netstandard1.6)) (== netstandard1.6) (== netstandard2.0)
      System.Diagnostics.Debug (>= 4.3) - restriction: || (&& (== net46) (< net45) (>= netstandard1.6)) (== netstandard1.6) (== netstandard2.0)
      System.Globalization (>= 4.3) - restriction: || (&& (== net46) (< net45) (>= netstandard1.6)) (== netstandard1.6) (== netstandard2.0)
      System.IO (>= 4.3) - restriction: || (&& (== net46) (< net45) (>= netstandard1.6)) (== netstandard1.6) (== netstandard2.0)
      System.Linq (>= 4.3) - restriction: || (&& (== net46) (< net45) (>= netstandard1.6)) (== netstandard1.6) (== netstandard2.0)
      System.ObjectModel (>= 4.3) - restriction: || (&& (== net46) (< net45) (>= netstandard1.6)) (== netstandard1.6) (== netstandard2.0)
      System.Reflection (>= 4.3) - restriction: || (&& (== net46) (< net45)) (== netstandard1.6) (== netstandard2.0)
      System.Reflection.Emit (>= 4.3) - restriction: || (&& (== net46) (< net45) (>= netstandard1.6)) (== netstandard1.6) (== netstandard2.0)
      System.Reflection.Emit.ILGeneration (>= 4.3) - restriction: || (&& (== net46) (< net45) (>= netstandard1.6)) (== netstandard1.6) (== netstandard2.0)
      System.Reflection.Emit.Lightweight (>= 4.3) - restriction: || (&& (== net46) (< net45) (>= netstandard1.6)) (== netstandard1.6) (== netstandard2.0)
      System.Reflection.Extensions (>= 4.3) - restriction: || (&& (== net46) (< net45) (>= netstandard1.6)) (== netstandard1.6) (== netstandard2.0)
      System.Reflection.Primitives (>= 4.3) - restriction: || (&& (== net46) (< net45) (>= netstandard1.6)) (== netstandard1.6) (== netstandard2.0)
      System.Reflection.TypeExtensions (>= 4.3) - restriction: || (&& (== net46) (< net45) (>= netstandard1.6)) (== netstandard1.6) (== netstandard2.0)
      System.Resources.ResourceManager (>= 4.3) - restriction: || (&& (== net46) (< net45) (>= netstandard1.6)) (== netstandard1.6) (== netstandard2.0)
      System.Runtime (>= 4.3) - restriction: || (&& (== net46) (< net45)) (== netstandard1.6) (== netstandard2.0)
      System.Runtime.Extensions (>= 4.3) - restriction: || (&& (== net46) (< net45) (>= netstandard1.6)) (== netstandard1.6) (== netstandard2.0)
      System.Threading (>= 4.3) - restriction: || (&& (== net46) (< net45) (>= netstandard1.6)) (== netstandard1.6) (== netstandard2.0)
    System.Linq.Queryable (4.3) - restriction: || (&& (== net46) (== netstandard2.0)) (&& (== net46) (< net45) (>= netstandard1.6)) (== netstandard1.6)
      System.Collections (>= 4.3) - restriction: || (&& (== net46) (< net45)) (== netstandard1.6) (== netstandard2.0)
      System.Diagnostics.Debug (>= 4.3) - restriction: || (&& (== net46) (< net45)) (== netstandard1.6) (== netstandard2.0)
      System.Linq (>= 4.3) - restriction: || (&& (== net46) (< net45)) (== netstandard1.6) (== netstandard2.0)
      System.Linq.Expressions (>= 4.3) - restriction: || (&& (== net46) (< net45)) (== netstandard1.6) (== netstandard2.0)
      System.Reflection (>= 4.3) - restriction: || (&& (== net46) (< net45)) (== netstandard1.6) (== netstandard2.0)
      System.Reflection.Extensions (>= 4.3) - restriction: || (&& (== net46) (< net45)) (== netstandard1.6) (== netstandard2.0)
      System.Resources.ResourceManager (>= 4.3) - restriction: || (&& (== net46) (< net45)) (== netstandard1.6) (== netstandard2.0)
      System.Runtime (>= 4.3) - restriction: || (&& (== net46) (< net45)) (== netstandard1.6) (== netstandard2.0)
    System.Memory (4.5.3) - restriction: || (&& (== net45) (< net35) (>= netstandard2.0)) (&& (== net45) (>= net461) (>= netstandard2.0)) (&& (== net46) (< net35) (>= netstandard2.0)) (&& (== net46) (>= net461) (>= netstandard2.0)) (&& (== netstandard1.6) (>= netstandard2.0)) (== netstandard2.0)
      System.Buffers (>= 4.4)
      System.Numerics.Vectors (>= 4.4) - restriction: || (&& (== net45) (>= net461)) (&& (== net46) (< net45) (>= netstandard2.0)) (&& (== net46) (>= net461)) (&& (== netstandard1.6) (>= net461)) (&& (== netstandard1.6) (>= netstandard2.0)) (== netstandard2.0)
      System.Runtime.CompilerServices.Unsafe (>= 4.5.2)
    System.Net.Http (4.3.4) - restriction: || (&& (== net45) (== netstandard2.0)) (&& (== net45) (< net20)) (&& (== net45) (>= uap10.0)) (&& (== net46) (== netstandard2.0)) (&& (== net46) (< net20)) (&& (== net46) (< net45) (>= netstandard1.6)) (&& (== net46) (>= uap10.0)) (== netstandard1.6) (&& (== netstandard2.0) (< netstandard1.2)) (&& (== netstandard2.0) (< netstandard1.3)) (&& (== netstandard2.0) (< netstandard1.4)) (&& (== netstandard2.0) (< netstandard1.5)) (&& (== netstandard2.0) (< netstandard1.6))
      Microsoft.NETCore.Platforms (>= 1.1.1) - restriction: || (&& (== net46) (< net45)) (== netstandard1.6) (== netstandard2.0)
      runtime.native.System (>= 4.3) - restriction: || (&& (== net46) (< net45) (>= netstandard1.6)) (== netstandard1.6) (== netstandard2.0)
      runtime.native.System.Net.Http (>= 4.3) - restriction: || (&& (== net46) (< net45) (>= netstandard1.6)) (== netstandard1.6) (== netstandard2.0)
      runtime.native.System.Security.Cryptography.OpenSsl (>= 4.3.2) - restriction: || (&& (== net46) (< net45) (>= netstandard1.6)) (== netstandard1.6) (== netstandard2.0)
      System.Collections (>= 4.3) - restriction: || (&& (== net46) (< net45)) (== netstandard1.6) (== netstandard2.0)
      System.Diagnostics.Debug (>= 4.3) - restriction: || (&& (== net46) (< net45)) (== netstandard1.6) (== netstandard2.0)
      System.Diagnostics.DiagnosticSource (>= 4.3) - restriction: || (&& (== net46) (< net45)) (== netstandard1.6) (== netstandard2.0)
      System.Diagnostics.Tracing (>= 4.3) - restriction: || (&& (== net46) (< net45)) (== netstandard1.6) (== netstandard2.0)
      System.Globalization (>= 4.3) - restriction: || (&& (== net46) (< net45)) (== netstandard1.6) (== netstandard2.0)
      System.Globalization.Extensions (>= 4.3) - restriction: || (&& (== net46) (< net45) (>= netstandard1.6)) (== netstandard1.6) (== netstandard2.0)
      System.IO (>= 4.3) - restriction: || (&& (== net46) (< net45)) (== netstandard1.6) (== netstandard2.0)
      System.IO.FileSystem (>= 4.3) - restriction: || (&& (== net46) (< net45) (>= netstandard1.6)) (== netstandard1.6) (== netstandard2.0)
      System.Net.Primitives (>= 4.3) - restriction: || (&& (== net46) (< net45)) (== netstandard1.6) (== netstandard2.0)
      System.Resources.ResourceManager (>= 4.3) - restriction: || (&& (== net46) (< net45)) (== netstandard1.6) (== netstandard2.0)
      System.Runtime (>= 4.3) - restriction: || (&& (== net46) (< net45)) (== netstandard1.6) (== netstandard2.0)
      System.Runtime.Extensions (>= 4.3) - restriction: || (&& (== net46) (< net45)) (== netstandard1.6) (== netstandard2.0)
      System.Runtime.Handles (>= 4.3) - restriction: || (&& (== net46) (< net45)) (== netstandard1.6) (== netstandard2.0)
      System.Runtime.InteropServices (>= 4.3) - restriction: || (&& (== net46) (< net45)) (== netstandard1.6) (== netstandard2.0)
      System.Security.Cryptography.Algorithms (>= 4.3) - restriction: || (&& (== net46) (< net45) (>= netstandard1.6)) (== netstandard1.6) (== netstandard2.0)
      System.Security.Cryptography.Encoding (>= 4.3) - restriction: || (&& (== net46) (< net45)) (== netstandard1.6) (== netstandard2.0)
      System.Security.Cryptography.OpenSsl (>= 4.3) - restriction: || (&& (== net46) (< net45) (>= netstandard1.6)) (== netstandard1.6) (== netstandard2.0)
      System.Security.Cryptography.Primitives (>= 4.3) - restriction: || (&& (== net46) (< net45) (>= netstandard1.6)) (== netstandard1.6) (== netstandard2.0)
      System.Security.Cryptography.X509Certificates (>= 4.3) - restriction: || (&& (== net45) (>= net46)) (== net46) (== netstandard1.6) (== netstandard2.0)
      System.Text.Encoding (>= 4.3) - restriction: || (&& (== net46) (< net45)) (== netstandard1.6) (== netstandard2.0)
      System.Threading (>= 4.3) - restriction: || (&& (== net46) (< net45)) (== netstandard1.6) (== netstandard2.0)
      System.Threading.Tasks (>= 4.3) - restriction: || (&& (== net46) (< net45)) (== netstandard1.6) (== netstandard2.0)
    System.Net.Primitives (4.3.1) - restriction: || (&& (== net46) (== netstandard2.0)) (&& (== net46) (< net45) (>= netstandard1.6)) (&& (== net46) (< netstandard1.1) (>= netstandard1.6)) (== netstandard1.6)
      Microsoft.NETCore.Platforms (>= 1.1.1) - restriction: || (&& (== net45) (< netstandard1.1)) (&& (== net46) (< net45)) (&& (== net46) (< netstandard1.1)) (== netstandard1.6) (== netstandard2.0)
      Microsoft.NETCore.Targets (>= 1.1.3) - restriction: || (&& (== net45) (< netstandard1.1)) (&& (== net46) (< net45)) (&& (== net46) (< netstandard1.1)) (== netstandard1.6) (== netstandard2.0)
      System.Runtime (>= 4.3.1) - restriction: || (&& (== net45) (< netstandard1.1)) (&& (== net46) (< net45)) (&& (== net46) (< netstandard1.1)) (== netstandard1.6) (== netstandard2.0)
      System.Runtime.Handles (>= 4.3) - restriction: || (&& (== net46) (< net45)) (== netstandard1.6) (== netstandard2.0)
    System.Net.Requests (4.3) - restriction: || (&& (== net46) (== netstandard2.0)) (&& (== net46) (< net45) (>= netstandard1.6)) (== netstandard1.6)
      Microsoft.NETCore.Platforms (>= 1.1) - restriction: || (&& (== net46) (< net45)) (== netstandard1.6) (== netstandard2.0)
      System.Collections (>= 4.3) - restriction: || (&& (== net46) (< net45)) (== netstandard1.6) (== netstandard2.0)
      System.Diagnostics.Debug (>= 4.3) - restriction: || (&& (== net46) (< net45)) (== netstandard1.6) (== netstandard2.0)
      System.Diagnostics.Tracing (>= 4.3) - restriction: || (&& (== net46) (< net45)) (== netstandard1.6) (== netstandard2.0)
      System.Globalization (>= 4.3) - restriction: || (&& (== net46) (< net45)) (== netstandard1.6) (== netstandard2.0)
      System.IO (>= 4.3) - restriction: || (&& (== net45) (< netstandard1.1)) (&& (== net46) (< net45)) (&& (== net46) (< netstandard1.1)) (== netstandard1.6) (== netstandard2.0)
      System.Net.Http (>= 4.3) - restriction: || (&& (== net46) (< net45)) (== netstandard1.6) (== netstandard2.0)
      System.Net.Primitives (>= 4.3) - restriction: || (&& (== net45) (< netstandard1.1)) (&& (== net46) (< net45)) (&& (== net46) (< netstandard1.1)) (== netstandard1.6) (== netstandard2.0)
      System.Net.WebHeaderCollection (>= 4.3) - restriction: || (&& (== net46) (< net45)) (== netstandard1.6) (== netstandard2.0)
      System.Resources.ResourceManager (>= 4.3) - restriction: || (&& (== net46) (< net45)) (== netstandard1.6) (== netstandard2.0)
      System.Runtime (>= 4.3) - restriction: || (&& (== net45) (< netstandard1.1)) (&& (== net46) (< net45)) (&& (== net46) (< netstandard1.1)) (== netstandard1.6) (== netstandard2.0)
      System.Threading (>= 4.3) - restriction: || (&& (== net46) (< net45)) (== netstandard1.6) (== netstandard2.0)
      System.Threading.Tasks (>= 4.3) - restriction: || (&& (== net46) (< net45)) (== netstandard1.6) (== netstandard2.0)
    System.Net.Sockets (4.3) - restriction: || (&& (== net45) (== netstandard2.0)) (&& (== net45) (< net20) (>= net46)) (&& (== net45) (< net20) (>= netstandard1.3)) (&& (== net45) (< net20) (>= netstandard1.4)) (&& (== net45) (< net20) (>= netstandard1.5)) (&& (== net45) (< net20) (>= netstandard1.6)) (&& (== net45) (>= uap10.0)) (&& (== net46) (== netstandard2.0)) (&& (== net46) (< net20)) (&& (== net46) (>= uap10.0)) (== netstandard1.6) (&& (== netstandard2.0) (< netstandard1.3)) (&& (== netstandard2.0) (< netstandard1.4)) (&& (== netstandard2.0) (< netstandard1.5)) (&& (== netstandard2.0) (< netstandard1.6))
      Microsoft.NETCore.Platforms (>= 1.1) - restriction: || (&& (== net45) (>= netstandard1.3)) (== netstandard1.6) (== netstandard2.0)
      Microsoft.NETCore.Targets (>= 1.1) - restriction: || (&& (== net45) (>= netstandard1.3)) (== netstandard1.6) (== netstandard2.0)
      System.IO (>= 4.3) - restriction: || (&& (== net45) (>= netstandard1.3)) (== netstandard1.6) (== netstandard2.0)
      System.Net.Primitives (>= 4.3) - restriction: || (&& (== net45) (>= netstandard1.3)) (== netstandard1.6) (== netstandard2.0)
      System.Runtime (>= 4.3) - restriction: || (&& (== net45) (>= netstandard1.3)) (== netstandard1.6) (== netstandard2.0)
      System.Threading.Tasks (>= 4.3) - restriction: || (&& (== net45) (>= netstandard1.3)) (== netstandard1.6) (== netstandard2.0)
    System.Net.WebHeaderCollection (4.3) - restriction: || (&& (== net46) (== netstandard2.0)) (&& (== net46) (< net45) (>= netstandard1.6)) (== netstandard1.6)
      System.Collections (>= 4.3) - restriction: || (&& (== net45) (>= netstandard1.3)) (== netstandard1.6) (== netstandard2.0)
      System.Resources.ResourceManager (>= 4.3) - restriction: || (&& (== net45) (>= netstandard1.3)) (== netstandard1.6) (== netstandard2.0)
      System.Runtime (>= 4.3) - restriction: || (&& (== net45) (>= netstandard1.3)) (== netstandard1.6) (== netstandard2.0)
      System.Runtime.Extensions (>= 4.3) - restriction: || (&& (== net45) (>= netstandard1.3)) (== netstandard1.6) (== netstandard2.0)
    System.Numerics.Vectors (4.5) - restriction: || (&& (== net45) (< net35) (>= netstandard2.0)) (&& (== net46) (< net35) (>= netstandard2.0)) (&& (== netstandard1.6) (>= netstandard2.0)) (== netstandard2.0)
    System.ObjectModel (4.3) - restriction: || (&& (== net46) (== netstandard2.0)) (&& (== net46) (< net45) (>= netstandard1.6)) (== netstandard1.6)
      System.Collections (>= 4.3) - restriction: || (&& (== net46) (< net45)) (== netstandard1.6) (== netstandard2.0)
      System.Diagnostics.Debug (>= 4.3) - restriction: || (&& (== net46) (< net45)) (== netstandard1.6) (== netstandard2.0)
      System.Resources.ResourceManager (>= 4.3) - restriction: || (&& (== net46) (< net45)) (== netstandard1.6) (== netstandard2.0)
      System.Runtime (>= 4.3) - restriction: || (&& (== net46) (< net45)) (== netstandard1.6) (== netstandard2.0)
      System.Threading (>= 4.3) - restriction: || (&& (== net46) (< net45)) (== netstandard1.6) (== netstandard2.0)
    System.Reflection (4.3) - restriction: || (&& (== net46) (== netstandard2.0)) (&& (== net46) (< net45) (>= netstandard1.6)) (== netstandard1.6)
      Microsoft.NETCore.Platforms (>= 1.1) - restriction: || (&& (== net46) (< net45)) (== netstandard1.6) (== netstandard2.0)
      Microsoft.NETCore.Targets (>= 1.1) - restriction: || (&& (== net46) (< net45)) (== netstandard1.6) (== netstandard2.0)
      System.IO (>= 4.3) - restriction: || (&& (== net46) (< net45)) (== netstandard1.6) (== netstandard2.0)
      System.Reflection.Primitives (>= 4.3) - restriction: || (&& (== net46) (< net45)) (== netstandard1.6) (== netstandard2.0)
      System.Runtime (>= 4.3) - restriction: || (&& (== net46) (< net45)) (== netstandard1.6) (== netstandard2.0)
    System.Reflection.Emit (4.3) - restriction: || (&& (== net46) (== netstandard2.0)) (&& (== net46) (< net45) (>= netstandard1.6)) (== netstandard1.6)
      System.IO (>= 4.3) - restriction: || (&& (== net46) (< net45)) (== netstandard1.6) (== netstandard2.0)
      System.Reflection (>= 4.3) - restriction: || (&& (== net46) (< net45)) (== netstandard1.6) (== netstandard2.0)
      System.Reflection.Emit.ILGeneration (>= 4.3) - restriction: || (&& (== net46) (< net45)) (== netstandard1.6) (== netstandard2.0)
      System.Reflection.Primitives (>= 4.3) - restriction: || (&& (== net46) (< net45)) (== netstandard1.6) (== netstandard2.0)
      System.Runtime (>= 4.3) - restriction: || (&& (== net46) (< net45)) (== netstandard1.6) (== netstandard2.0)
    System.Reflection.Emit.ILGeneration (4.3) - restriction: || (&& (== net46) (== netstandard2.0)) (&& (== net46) (< net45) (>= netstandard1.6)) (== netstandard1.6)
      System.Reflection (>= 4.3) - restriction: || (&& (== net46) (< net45)) (== netstandard1.6) (== netstandard2.0)
      System.Reflection.Primitives (>= 4.3) - restriction: || (&& (== net46) (< net45)) (== netstandard1.6) (== netstandard2.0)
      System.Runtime (>= 4.3) - restriction: || (&& (== net46) (< net45)) (== netstandard1.6) (== netstandard2.0)
    System.Reflection.Emit.Lightweight (4.3) - restriction: || (&& (== net46) (== netstandard2.0)) (&& (== net46) (< net45) (>= netstandard1.6)) (== netstandard1.6)
      System.Reflection (>= 4.3) - restriction: || (&& (== net46) (< net45)) (== netstandard1.6) (== netstandard2.0)
      System.Reflection.Emit.ILGeneration (>= 4.3) - restriction: || (&& (== net46) (< net45)) (== netstandard1.6) (== netstandard2.0)
      System.Reflection.Primitives (>= 4.3) - restriction: || (&& (== net46) (< net45)) (== netstandard1.6) (== netstandard2.0)
      System.Runtime (>= 4.3) - restriction: || (&& (== net46) (< net45)) (== netstandard1.6) (== netstandard2.0)
    System.Reflection.Extensions (4.3) - restriction: || (&& (== net46) (== netstandard2.0)) (&& (== net46) (< net45) (>= netstandard1.6)) (== netstandard1.6)
      Microsoft.NETCore.Platforms (>= 1.1) - restriction: || (&& (== net46) (< net45)) (== netstandard1.6) (== netstandard2.0)
      Microsoft.NETCore.Targets (>= 1.1) - restriction: || (&& (== net46) (< net45)) (== netstandard1.6) (== netstandard2.0)
      System.Reflection (>= 4.3) - restriction: || (&& (== net46) (< net45)) (== netstandard1.6) (== netstandard2.0)
      System.Runtime (>= 4.3) - restriction: || (&& (== net46) (< net45)) (== netstandard1.6) (== netstandard2.0)
    System.Reflection.Primitives (4.3) - restriction: || (&& (== net46) (== netstandard2.0)) (&& (== net46) (< net45) (>= netstandard1.6)) (== netstandard1.6)
      Microsoft.NETCore.Platforms (>= 1.1) - restriction: || (&& (== net46) (< net45)) (== netstandard1.6) (== netstandard2.0)
      Microsoft.NETCore.Targets (>= 1.1) - restriction: || (&& (== net46) (< net45)) (== netstandard1.6) (== netstandard2.0)
      System.Runtime (>= 4.3) - restriction: || (&& (== net46) (< net45)) (== netstandard1.6) (== netstandard2.0)
    System.Reflection.TypeExtensions (4.5.1) - restriction: || (&& (== net46) (== netstandard2.0)) (&& (== net46) (< net45) (>= netstandard1.6)) (== netstandard1.6)
      System.Reflection (>= 4.3) - restriction: || (&& (== net45) (>= netstandard1.3)) (&& (== net45) (>= netstandard1.5)) (== netstandard1.6) (&& (== netstandard2.0) (< netstandard1.5))
      System.Resources.ResourceManager (>= 4.3) - restriction: || (&& (== net45) (>= netstandard1.3)) (&& (== net45) (>= netstandard1.5)) (== netstandard1.6) (&& (== netstandard2.0) (< netstandard1.5))
      System.Runtime (>= 4.3) - restriction: || (&& (== net45) (>= netstandard1.3)) (&& (== net45) (>= netstandard1.5)) (== netstandard1.6) (&& (== netstandard2.0) (< netstandard1.5))
    System.Resources.ResourceManager (4.3) - restriction: || (&& (== net46) (== netstandard2.0)) (&& (== net46) (< net45) (>= netstandard1.6)) (== netstandard1.6)
      Microsoft.NETCore.Platforms (>= 1.1) - restriction: || (&& (== net46) (< net45)) (== netstandard1.6) (== netstandard2.0)
      Microsoft.NETCore.Targets (>= 1.1) - restriction: || (&& (== net46) (< net45)) (== netstandard1.6) (== netstandard2.0)
      System.Globalization (>= 4.3) - restriction: || (&& (== net46) (< net45)) (== netstandard1.6) (== netstandard2.0)
      System.Reflection (>= 4.3) - restriction: || (&& (== net46) (< net45)) (== netstandard1.6) (== netstandard2.0)
      System.Runtime (>= 4.3) - restriction: || (&& (== net46) (< net45)) (== netstandard1.6) (== netstandard2.0)
    System.Runtime (4.3.1) - restriction: || (&& (== net46) (== netstandard2.0)) (&& (== net46) (< net45) (>= netstandard1.6)) (&& (== net46) (>= netcoreapp1.1)) (== netstandard1.6)
      Microsoft.NETCore.Platforms (>= 1.1.1) - restriction: || (&& (== net46) (< net45)) (== netstandard1.6) (== netstandard2.0)
      Microsoft.NETCore.Targets (>= 1.1.3) - restriction: || (&& (== net46) (< net45)) (== netstandard1.6) (== netstandard2.0)
    System.Runtime.CompilerServices.Unsafe (4.5.2) - restriction: || (&& (== net45) (>= monoandroid) (>= netstandard2.0)) (&& (== net45) (>= monotouch) (>= netstandard2.0)) (&& (== net45) (< net20) (>= netstandard1.6)) (&& (== net45) (< net20) (>= netstandard2.0)) (&& (== net45) (< net35) (>= netstandard2.0)) (&& (== net45) (>= netcoreapp2.0)) (&& (== net45) (< netstandard1.0) (>= netstandard1.6) (>= win8)) (&& (== net45) (< netstandard1.1) (>= netstandard2.0) (>= win8)) (&& (== net45) (>= netstandard1.6) (>= wp8)) (&& (== net45) (>= netstandard1.6) (>= wpa81)) (&& (== net45) (>= netstandard2.0) (>= uap10.1)) (&& (== net45) (>= netstandard2.0) (>= wpa81)) (&& (== net45) (>= netstandard2.0) (>= xamarintvos)) (&& (== net45) (>= netstandard2.0) (>= xamarinwatchos)) (&& (== net45) (>= xamarinios)) (&& (== net45) (>= xamarinmac)) (&& (== net46) (>= monoandroid) (>= netstandard2.0)) (&& (== net46) (>= monotouch) (>= netstandard2.0)) (&& (== net46) (< net20) (>= netstandard1.6)) (&& (== net46) (< net20) (>= netstandard2.0)) (&& (== net46) (< net35) (>= netstandard2.0)) (&& (== net46) (>= netcoreapp2.0)) (&& (== net46) (< netstandard1.0) (>= netstandard1.6) (>= win8)) (&& (== net46) (< netstandard1.1) (>= netstandard2.0) (>= win8)) (&& (== net46) (>= netstandard1.6) (>= wp8)) (&& (== net46) (>= netstandard1.6) (>= wpa81)) (&& (== net46) (>= netstandard2.0) (>= uap10.1)) (&& (== net46) (>= netstandard2.0) (>= wpa81)) (&& (== net46) (>= netstandard2.0) (>= xamarintvos)) (&& (== net46) (>= netstandard2.0) (>= xamarinwatchos)) (&& (== net46) (>= xamarinios)) (&& (== net46) (>= xamarinmac)) (== netstandard1.6) (== netstandard2.0)
      System.Runtime (>= 4.3) - restriction: || (&& (== net46) (< net45)) (== netstandard1.6)
    System.Runtime.Extensions (4.3.1) - restriction: || (&& (== net46) (== netstandard2.0)) (&& (== net46) (< net45) (>= netstandard1.6)) (== netstandard1.6)
      Microsoft.NETCore.Platforms (>= 1.1.1) - restriction: || (&& (== net46) (< net45)) (== netstandard1.6) (== netstandard2.0)
      Microsoft.NETCore.Targets (>= 1.1.3) - restriction: || (&& (== net46) (< net45)) (== netstandard1.6) (== netstandard2.0)
      System.Runtime (>= 4.3.1) - restriction: || (&& (== net46) (< net45)) (== netstandard1.6) (== netstandard2.0)
    System.Runtime.Handles (4.3) - restriction: || (&& (== net46) (== netstandard2.0)) (&& (== net46) (< net45) (>= netstandard1.6)) (== netstandard1.6)
      Microsoft.NETCore.Platforms (>= 1.1) - restriction: || (&& (== net45) (>= netstandard1.3)) (== netstandard1.6) (== netstandard2.0)
      Microsoft.NETCore.Targets (>= 1.1) - restriction: || (&& (== net45) (>= netstandard1.3)) (== netstandard1.6) (== netstandard2.0)
      System.Runtime (>= 4.3) - restriction: || (&& (== net45) (>= netstandard1.3)) (== netstandard1.6) (== netstandard2.0)
    System.Runtime.InteropServices (4.3) - restriction: || (&& (== net46) (== netstandard2.0)) (&& (== net46) (< net45) (>= netstandard1.6)) (== netstandard1.6)
      Microsoft.NETCore.Platforms (>= 1.1) - restriction: || (&& (== net45) (>= netcoreapp1.1)) (&& (== net46) (< net45)) (&& (== net46) (>= netcoreapp1.1)) (== netstandard1.6) (== netstandard2.0)
      Microsoft.NETCore.Targets (>= 1.1) - restriction: || (&& (== net45) (>= netcoreapp1.1)) (&& (== net46) (< net45)) (&& (== net46) (>= netcoreapp1.1)) (== netstandard1.6) (== netstandard2.0)
      System.Reflection (>= 4.3) - restriction: || (&& (== net45) (>= netcoreapp1.1)) (&& (== net46) (< net45)) (&& (== net46) (>= netcoreapp1.1)) (== netstandard1.6) (== netstandard2.0)
      System.Reflection.Primitives (>= 4.3) - restriction: || (&& (== net45) (>= netcoreapp1.1)) (&& (== net46) (< net45)) (&& (== net46) (>= netcoreapp1.1)) (== netstandard1.6) (== netstandard2.0)
      System.Runtime (>= 4.3) - restriction: || (&& (== net45) (>= net462)) (&& (== net45) (>= netcoreapp1.1)) (&& (== net46) (< net45)) (&& (== net46) (>= net462)) (&& (== net46) (>= netcoreapp1.1)) (== netstandard1.6) (== netstandard2.0)
      System.Runtime.Handles (>= 4.3) - restriction: || (&& (== net45) (>= netcoreapp1.1)) (&& (== net46) (< net45)) (&& (== net46) (>= netcoreapp1.1)) (== netstandard1.6) (== netstandard2.0)
    System.Runtime.InteropServices.RuntimeInformation (4.3) - restriction: || (&& (== net45) (== netstandard2.0)) (&& (== net45) (< net20)) (&& (== net45) (< netstandard1.0) (>= win8)) (&& (== net45) (>= uap10.0)) (&& (== net45) (>= wpa81)) (&& (== net46) (== netstandard2.0)) (&& (== net46) (< net20)) (&& (== net46) (< netstandard1.0) (>= win8)) (&& (== net46) (< netstandard1.3) (>= wpa81)) (&& (== net46) (>= uap10.0)) (== netstandard1.6) (&& (== netstandard2.0) (< netstandard1.0)) (&& (== netstandard2.0) (< netstandard1.2)) (&& (== netstandard2.0) (< netstandard1.3)) (&& (== netstandard2.0) (< netstandard1.4)) (&& (== netstandard2.0) (< netstandard1.5)) (&& (== netstandard2.0) (< netstandard1.6))
      runtime.native.System (>= 4.3) - restriction: || (&& (== net46) (< net45)) (== netstandard1.6) (== netstandard2.0)
      System.Reflection (>= 4.3) - restriction: || (&& (== net46) (< net45)) (== netstandard1.6) (== netstandard2.0)
      System.Reflection.Extensions (>= 4.3) - restriction: || (&& (== net46) (< net45)) (== netstandard1.6) (== netstandard2.0)
      System.Resources.ResourceManager (>= 4.3) - restriction: || (&& (== net46) (< net45)) (== netstandard1.6) (== netstandard2.0)
      System.Runtime (>= 4.3) - restriction: || (&& (== net46) (< net45)) (== netstandard1.6) (== netstandard2.0)
      System.Runtime.InteropServices (>= 4.3) - restriction: || (&& (== net46) (< net45)) (== netstandard1.6) (== netstandard2.0)
      System.Threading (>= 4.3) - restriction: || (&& (== net46) (< net45)) (== netstandard1.6) (== netstandard2.0)
    System.Runtime.Numerics (4.3) - restriction: || (&& (== net45) (== netstandard2.0)) (&& (== net45) (< net20)) (&& (== net45) (>= uap10.0)) (&& (== net46) (== netstandard2.0)) (&& (== net46) (< net20)) (&& (== net46) (< net45) (>= netstandard1.6)) (&& (== net46) (>= uap10.0)) (== netstandard1.6) (&& (== netstandard2.0) (< netstandard1.2)) (&& (== netstandard2.0) (< netstandard1.3)) (&& (== netstandard2.0) (< netstandard1.4)) (&& (== netstandard2.0) (< netstandard1.5)) (&& (== netstandard2.0) (< netstandard1.6))
      System.Globalization (>= 4.3) - restriction: || (&& (== net46) (< net45)) (== netstandard1.6) (== netstandard2.0)
      System.Resources.ResourceManager (>= 4.3) - restriction: || (&& (== net46) (< net45)) (== netstandard1.6) (== netstandard2.0)
      System.Runtime (>= 4.3) - restriction: || (&& (== net46) (< net45)) (== netstandard1.6) (== netstandard2.0)
      System.Runtime.Extensions (>= 4.3) - restriction: || (&& (== net46) (< net45)) (== netstandard1.6) (== netstandard2.0)
    System.Security.AccessControl (4.5) - restriction: || (&& (== net45) (>= monoandroid) (>= netstandard2.0)) (&& (== net45) (>= monotouch) (>= netstandard2.0)) (&& (== net45) (< net35) (>= netstandard2.0)) (&& (== net45) (>= netstandard2.0) (>= xamarintvos)) (&& (== net45) (>= netstandard2.0) (>= xamarinwatchos)) (&& (== net46) (>= monoandroid) (>= netstandard2.0)) (&& (== net46) (>= monotouch) (>= netstandard2.0)) (&& (== net46) (< net35) (>= netstandard2.0)) (&& (== net46) (>= netstandard2.0) (>= xamarintvos)) (&& (== net46) (>= netstandard2.0) (>= xamarinwatchos)) (&& (== netstandard1.6) (>= netstandard2.0)) (== netstandard2.0)
      System.Security.Principal.Windows (>= 4.5) - restriction: || (&& (== net45) (>= net461)) (&& (== net45) (>= netcoreapp2.0)) (&& (== net45) (>= netstandard2.0)) (&& (== net46) (>= net461)) (&& (== net46) (>= netcoreapp2.0)) (&& (== netstandard1.6) (>= net461)) (&& (== netstandard1.6) (>= netcoreapp2.0)) (&& (== netstandard1.6) (>= netstandard2.0)) (== netstandard2.0)
    System.Security.Cryptography.Algorithms (4.3.1) - restriction: || (&& (== net46) (== netstandard2.0)) (&& (== net46) (< net45) (>= netstandard1.6)) (== netstandard1.6)
      Microsoft.NETCore.Platforms (>= 1.1) - restriction: || (&& (== net45) (>= netstandard1.6)) (== netstandard1.6) (== netstandard2.0)
      runtime.native.System.Security.Cryptography.Apple (>= 4.3.1) - restriction: || (&& (== net45) (>= netstandard1.6)) (== netstandard1.6) (== netstandard2.0)
      runtime.native.System.Security.Cryptography.OpenSsl (>= 4.3.2) - restriction: || (&& (== net45) (>= netstandard1.6)) (== netstandard1.6) (== netstandard2.0)
      System.Collections (>= 4.3) - restriction: || (&& (== net45) (>= netstandard1.6)) (== netstandard1.6) (== netstandard2.0)
      System.IO (>= 4.3) - restriction: || (&& (== net45) (>= net463)) (&& (== net45) (>= netstandard1.3)) (&& (== net45) (>= netstandard1.4)) (&& (== net45) (>= netstandard1.6)) (&& (== net46) (>= net463)) (== netstandard1.6) (== netstandard2.0)
      System.Resources.ResourceManager (>= 4.3) - restriction: || (&& (== net45) (>= netstandard1.6)) (== netstandard1.6) (== netstandard2.0)
      System.Runtime (>= 4.3) - restriction: || (&& (== net45) (>= net463)) (&& (== net45) (>= netstandard1.3)) (&& (== net45) (>= netstandard1.4)) (&& (== net45) (>= netstandard1.6)) (&& (== net46) (>= net463)) (== netstandard1.6) (== netstandard2.0)
      System.Runtime.Extensions (>= 4.3) - restriction: || (&& (== net45) (>= netstandard1.6)) (== netstandard1.6) (== netstandard2.0)
      System.Runtime.Handles (>= 4.3) - restriction: || (&& (== net45) (>= netstandard1.6)) (== netstandard1.6) (== netstandard2.0)
      System.Runtime.InteropServices (>= 4.3) - restriction: || (&& (== net45) (>= netstandard1.6)) (== netstandard1.6) (== netstandard2.0)
      System.Runtime.Numerics (>= 4.3) - restriction: || (&& (== net45) (>= netstandard1.6)) (== netstandard1.6) (== netstandard2.0)
      System.Security.Cryptography.Encoding (>= 4.3) - restriction: || (&& (== net45) (>= net463)) (&& (== net45) (>= netstandard1.6)) (&& (== net46) (>= net463)) (== netstandard1.6) (== netstandard2.0)
      System.Security.Cryptography.Primitives (>= 4.3) - restriction: || (&& (== net45) (>= net46)) (&& (== net45) (>= net461)) (&& (== net45) (>= net463)) (&& (== net45) (>= netstandard1.3)) (&& (== net45) (>= netstandard1.4)) (&& (== net45) (>= netstandard1.6)) (== net46) (== netstandard1.6) (== netstandard2.0)
      System.Text.Encoding (>= 4.3) - restriction: || (&& (== net45) (>= netstandard1.6)) (== netstandard1.6) (== netstandard2.0)
    System.Security.Cryptography.Cng (4.5) - restriction: || (&& (== net46) (== netstandard2.0)) (&& (== net46) (< net45) (>= netstandard1.6)) (== netstandard1.6)
      System.IO (>= 4.3) - restriction: || (&& (== net45) (>= netstandard1.3)) (&& (== net45) (>= netstandard1.4)) (&& (== net45) (>= netstandard1.6)) (== netstandard1.6) (&& (== netstandard2.0) (< netstandard1.4)) (&& (== netstandard2.0) (< netstandard1.6))
      System.Resources.ResourceManager (>= 4.3) - restriction: || (&& (== net45) (>= netstandard1.3)) (&& (== net45) (>= netstandard1.4)) (&& (== net45) (>= netstandard1.6)) (== netstandard1.6) (&& (== netstandard2.0) (< netstandard1.4)) (&& (== netstandard2.0) (< netstandard1.6))
      System.Runtime (>= 4.3) - restriction: || (&& (== net45) (>= netstandard1.3)) (&& (== net45) (>= netstandard1.4)) (&& (== net45) (>= netstandard1.6)) (== netstandard1.6) (&& (== netstandard2.0) (< netstandard1.4)) (&& (== netstandard2.0) (< netstandard1.6))
      System.Runtime.Extensions (>= 4.3) - restriction: || (&& (== net45) (>= netstandard1.4)) (&& (== net45) (>= netstandard1.6)) (== netstandard1.6) (&& (== netstandard2.0) (< netstandard1.6))
      System.Runtime.Handles (>= 4.3) - restriction: || (&& (== net45) (>= netstandard1.3)) (&& (== net45) (>= netstandard1.4)) (&& (== net45) (>= netstandard1.6)) (== netstandard1.6) (&& (== netstandard2.0) (< netstandard1.4)) (&& (== netstandard2.0) (< netstandard1.6))
      System.Runtime.InteropServices (>= 4.3) - restriction: || (&& (== net45) (>= netstandard1.3)) (&& (== net45) (>= netstandard1.4)) (&& (== net45) (>= netstandard1.6)) (== netstandard1.6) (&& (== netstandard2.0) (< netstandard1.4)) (&& (== netstandard2.0) (< netstandard1.6))
      System.Security.Cryptography.Algorithms (>= 4.3) - restriction: || (&& (== net45) (>= net46)) (&& (== net45) (>= netstandard1.3)) (&& (== net45) (>= netstandard1.4)) (&& (== net45) (>= netstandard1.6)) (== net46) (== netstandard1.6) (&& (== netstandard2.0) (< netstandard1.4)) (&& (== netstandard2.0) (< netstandard1.6))
      System.Security.Cryptography.Encoding (>= 4.3) - restriction: || (&& (== net45) (>= netstandard1.4)) (&& (== net45) (>= netstandard1.6)) (== netstandard1.6) (&& (== netstandard2.0) (< netstandard1.6))
      System.Security.Cryptography.Primitives (>= 4.3) - restriction: || (&& (== net45) (>= net46)) (&& (== net45) (>= netstandard1.3)) (&& (== net45) (>= netstandard1.4)) (&& (== net45) (>= netstandard1.6)) (== net46) (== netstandard1.6) (&& (== netstandard2.0) (< netstandard1.4)) (&& (== netstandard2.0) (< netstandard1.6))
      System.Text.Encoding (>= 4.3) - restriction: || (&& (== net45) (>= netstandard1.4)) (&& (== net45) (>= netstandard1.6)) (== netstandard1.6) (&& (== netstandard2.0) (< netstandard1.6))
    System.Security.Cryptography.Csp (4.3) - restriction: || (&& (== net46) (== netstandard2.0)) (&& (== net46) (< net45) (>= netstandard1.6)) (== netstandard1.6)
      Microsoft.NETCore.Platforms (>= 1.1) - restriction: || (&& (== net45) (>= netstandard1.3)) (== netstandard1.6) (== netstandard2.0)
      System.IO (>= 4.3) - restriction: || (&& (== net45) (>= netstandard1.3)) (== netstandard1.6) (== netstandard2.0)
      System.Reflection (>= 4.3) - restriction: || (&& (== net45) (>= netstandard1.3)) (== netstandard1.6) (== netstandard2.0)
      System.Resources.ResourceManager (>= 4.3) - restriction: || (&& (== net45) (>= netstandard1.3)) (== netstandard1.6) (== netstandard2.0)
      System.Runtime (>= 4.3) - restriction: || (&& (== net45) (>= netstandard1.3)) (== netstandard1.6) (== netstandard2.0)
      System.Runtime.Extensions (>= 4.3) - restriction: || (&& (== net45) (>= netstandard1.3)) (== netstandard1.6) (== netstandard2.0)
      System.Runtime.Handles (>= 4.3) - restriction: || (&& (== net45) (>= netstandard1.3)) (== netstandard1.6) (== netstandard2.0)
      System.Runtime.InteropServices (>= 4.3) - restriction: || (&& (== net45) (>= netstandard1.3)) (== netstandard1.6) (== netstandard2.0)
      System.Security.Cryptography.Algorithms (>= 4.3) - restriction: || (&& (== net45) (>= net46)) (&& (== net45) (>= netstandard1.3)) (== net46) (== netstandard1.6) (== netstandard2.0)
      System.Security.Cryptography.Encoding (>= 4.3) - restriction: || (&& (== net45) (>= netstandard1.3)) (== netstandard1.6) (== netstandard2.0)
      System.Security.Cryptography.Primitives (>= 4.3) - restriction: || (&& (== net45) (>= net46)) (&& (== net45) (>= netstandard1.3)) (== net46) (== netstandard1.6) (== netstandard2.0)
      System.Text.Encoding (>= 4.3) - restriction: || (&& (== net45) (>= netstandard1.3)) (== netstandard1.6) (== netstandard2.0)
      System.Threading (>= 4.3) - restriction: || (&& (== net45) (>= netstandard1.3)) (== netstandard1.6) (== netstandard2.0)
    System.Security.Cryptography.Encoding (4.3) - restriction: || (&& (== net46) (== netstandard2.0)) (&& (== net46) (< net45) (>= netstandard1.6)) (== netstandard1.6)
      Microsoft.NETCore.Platforms (>= 1.1) - restriction: || (&& (== net45) (>= netstandard1.3)) (== netstandard1.6) (== netstandard2.0)
      runtime.native.System.Security.Cryptography.OpenSsl (>= 4.3) - restriction: || (&& (== net45) (>= netstandard1.3)) (== netstandard1.6) (== netstandard2.0)
      System.Collections (>= 4.3) - restriction: || (&& (== net45) (>= netstandard1.3)) (== netstandard1.6) (== netstandard2.0)
      System.Collections.Concurrent (>= 4.3) - restriction: || (&& (== net45) (>= netstandard1.3)) (== netstandard1.6) (== netstandard2.0)
      System.Linq (>= 4.3) - restriction: || (&& (== net45) (>= netstandard1.3)) (== netstandard1.6) (== netstandard2.0)
      System.Resources.ResourceManager (>= 4.3) - restriction: || (&& (== net45) (>= netstandard1.3)) (== netstandard1.6) (== netstandard2.0)
      System.Runtime (>= 4.3) - restriction: || (&& (== net45) (>= netstandard1.3)) (== netstandard1.6) (== netstandard2.0)
      System.Runtime.Extensions (>= 4.3) - restriction: || (&& (== net45) (>= netstandard1.3)) (== netstandard1.6) (== netstandard2.0)
      System.Runtime.Handles (>= 4.3) - restriction: || (&& (== net45) (>= netstandard1.3)) (== netstandard1.6) (== netstandard2.0)
      System.Runtime.InteropServices (>= 4.3) - restriction: || (&& (== net45) (>= netstandard1.3)) (== netstandard1.6) (== netstandard2.0)
      System.Security.Cryptography.Primitives (>= 4.3) - restriction: || (&& (== net45) (>= netstandard1.3)) (== netstandard1.6) (== netstandard2.0)
      System.Text.Encoding (>= 4.3) - restriction: || (&& (== net45) (>= netstandard1.3)) (== netstandard1.6) (== netstandard2.0)
    System.Security.Cryptography.OpenSsl (4.5.1) - restriction: || (&& (== net46) (== netstandard2.0)) (&& (== net46) (< net45) (>= netstandard1.6)) (== netstandard1.6)
      System.Collections (>= 4.3) - restriction: || (&& (== net45) (>= netstandard1.6)) (&& (== net46) (>= netstandard1.6)) (== netstandard1.6)
      System.IO (>= 4.3) - restriction: || (&& (== net45) (>= netstandard1.6)) (&& (== net46) (>= netstandard1.6)) (== netstandard1.6)
      System.Resources.ResourceManager (>= 4.3) - restriction: || (&& (== net45) (>= netstandard1.6)) (&& (== net46) (>= netstandard1.6)) (== netstandard1.6)
      System.Runtime (>= 4.3) - restriction: || (&& (== net45) (>= netstandard1.6)) (&& (== net46) (>= netstandard1.6)) (== netstandard1.6)
      System.Runtime.Extensions (>= 4.3) - restriction: || (&& (== net45) (>= netstandard1.6)) (&& (== net46) (>= netstandard1.6)) (== netstandard1.6)
      System.Runtime.Handles (>= 4.3) - restriction: || (&& (== net45) (>= netstandard1.6)) (&& (== net46) (>= netstandard1.6)) (== netstandard1.6)
      System.Runtime.InteropServices (>= 4.3) - restriction: || (&& (== net45) (>= netstandard1.6)) (&& (== net46) (>= netstandard1.6)) (== netstandard1.6)
      System.Runtime.Numerics (>= 4.3) - restriction: || (&& (== net45) (>= netstandard1.6)) (&& (== net46) (>= netstandard1.6)) (== netstandard1.6)
      System.Security.Cryptography.Algorithms (>= 4.3) - restriction: || (&& (== net45) (>= netstandard1.6)) (&& (== net46) (>= netstandard1.6)) (== netstandard1.6)
      System.Security.Cryptography.Encoding (>= 4.3) - restriction: || (&& (== net45) (>= netstandard1.6)) (&& (== net46) (>= netstandard1.6)) (== netstandard1.6)
      System.Security.Cryptography.Primitives (>= 4.3) - restriction: || (&& (== net45) (>= netstandard1.6)) (&& (== net46) (>= netstandard1.6)) (== netstandard1.6)
      System.Text.Encoding (>= 4.3) - restriction: || (&& (== net45) (>= netstandard1.6)) (&& (== net46) (>= netstandard1.6)) (== netstandard1.6)
    System.Security.Cryptography.Primitives (4.3) - restriction: || (&& (== net46) (== netstandard2.0)) (&& (== net46) (< net45) (>= netstandard1.6)) (== netstandard1.6)
      System.Diagnostics.Debug (>= 4.3) - restriction: || (&& (== net45) (>= netstandard1.3)) (== netstandard1.6) (== netstandard2.0)
      System.Globalization (>= 4.3) - restriction: || (&& (== net45) (>= netstandard1.3)) (== netstandard1.6) (== netstandard2.0)
      System.IO (>= 4.3) - restriction: || (&& (== net45) (>= netstandard1.3)) (== netstandard1.6) (== netstandard2.0)
      System.Resources.ResourceManager (>= 4.3) - restriction: || (&& (== net45) (>= netstandard1.3)) (== netstandard1.6) (== netstandard2.0)
      System.Runtime (>= 4.3) - restriction: || (&& (== net45) (>= netstandard1.3)) (== netstandard1.6) (== netstandard2.0)
      System.Threading (>= 4.3) - restriction: || (&& (== net45) (>= netstandard1.3)) (== netstandard1.6) (== netstandard2.0)
      System.Threading.Tasks (>= 4.3) - restriction: || (&& (== net45) (>= netstandard1.3)) (== netstandard1.6) (== netstandard2.0)
    System.Security.Cryptography.ProtectedData (4.5) - restriction: || (&& (== net45) (< net35) (>= netstandard2.0)) (&& (== net46) (< net35) (>= netstandard2.0)) (&& (== netstandard1.6) (>= netstandard2.0)) (== netstandard2.0)
      System.Memory (>= 4.5) - restriction: || (&& (== net45) (>= netstandard2.0)) (&& (== netstandard1.6) (>= netstandard2.0)) (== netstandard2.0)
    System.Security.Cryptography.X509Certificates (4.3.2) - restriction: || (&& (== net46) (== netstandard2.0)) (&& (== net46) (< net45) (>= netstandard1.6)) (== netstandard1.6)
      Microsoft.NETCore.Platforms (>= 1.1) - restriction: || (&& (== net45) (>= netstandard1.6)) (== netstandard1.6) (== netstandard2.0)
      runtime.native.System (>= 4.3) - restriction: || (&& (== net45) (>= netstandard1.6)) (== netstandard1.6) (== netstandard2.0)
      runtime.native.System.Net.Http (>= 4.3) - restriction: || (&& (== net45) (>= netstandard1.6)) (== netstandard1.6) (== netstandard2.0)
      runtime.native.System.Security.Cryptography.OpenSsl (>= 4.3.2) - restriction: || (&& (== net45) (>= netstandard1.6)) (== netstandard1.6) (== netstandard2.0)
      System.Collections (>= 4.3) - restriction: || (&& (== net45) (>= netstandard1.6)) (== netstandard1.6) (== netstandard2.0)
      System.Diagnostics.Debug (>= 4.3) - restriction: || (&& (== net45) (>= netstandard1.6)) (== netstandard1.6) (== netstandard2.0)
      System.Globalization (>= 4.3) - restriction: || (&& (== net45) (>= netstandard1.6)) (== netstandard1.6) (== netstandard2.0)
      System.Globalization.Calendars (>= 4.3) - restriction: || (&& (== net45) (>= netstandard1.6)) (== netstandard1.6) (== netstandard2.0)
      System.IO (>= 4.3) - restriction: || (&& (== net45) (>= netstandard1.6)) (== netstandard1.6) (== netstandard2.0)
      System.IO.FileSystem (>= 4.3) - restriction: || (&& (== net45) (>= netstandard1.6)) (== netstandard1.6) (== netstandard2.0)
      System.IO.FileSystem.Primitives (>= 4.3) - restriction: || (&& (== net45) (>= netstandard1.6)) (== netstandard1.6) (== netstandard2.0)
      System.Resources.ResourceManager (>= 4.3) - restriction: || (&& (== net45) (>= netstandard1.6)) (== netstandard1.6) (== netstandard2.0)
      System.Runtime (>= 4.3) - restriction: || (&& (== net45) (>= netstandard1.3)) (&& (== net45) (>= netstandard1.4)) (&& (== net45) (>= netstandard1.6)) (== netstandard1.6) (== netstandard2.0)
      System.Runtime.Extensions (>= 4.3) - restriction: || (&& (== net45) (>= netstandard1.6)) (== netstandard1.6) (== netstandard2.0)
      System.Runtime.Handles (>= 4.3) - restriction: || (&& (== net45) (>= netstandard1.3)) (&& (== net45) (>= netstandard1.4)) (&& (== net45) (>= netstandard1.6)) (== netstandard1.6) (== netstandard2.0)
      System.Runtime.InteropServices (>= 4.3) - restriction: || (&& (== net45) (>= netstandard1.6)) (== netstandard1.6) (== netstandard2.0)
      System.Runtime.Numerics (>= 4.3) - restriction: || (&& (== net45) (>= netstandard1.6)) (== netstandard1.6) (== netstandard2.0)
      System.Security.Cryptography.Algorithms (>= 4.3) - restriction: || (&& (== net45) (>= net46)) (&& (== net45) (>= net461)) (&& (== net45) (>= netstandard1.3)) (&& (== net45) (>= netstandard1.4)) (&& (== net45) (>= netstandard1.6)) (== net46) (== netstandard1.6) (== netstandard2.0)
      System.Security.Cryptography.Cng (>= 4.3) - restriction: || (&& (== net45) (>= netstandard1.6)) (== netstandard1.6) (== netstandard2.0)
      System.Security.Cryptography.Csp (>= 4.3) - restriction: || (&& (== net45) (>= netstandard1.6)) (== netstandard1.6) (== netstandard2.0)
      System.Security.Cryptography.Encoding (>= 4.3) - restriction: || (&& (== net45) (>= net46)) (&& (== net45) (>= net461)) (&& (== net45) (>= netstandard1.3)) (&& (== net45) (>= netstandard1.4)) (&& (== net45) (>= netstandard1.6)) (== net46) (== netstandard1.6) (== netstandard2.0)
      System.Security.Cryptography.OpenSsl (>= 4.3) - restriction: || (&& (== net45) (>= netstandard1.6)) (== netstandard1.6) (== netstandard2.0)
      System.Security.Cryptography.Primitives (>= 4.3) - restriction: || (&& (== net45) (>= netstandard1.6)) (== netstandard1.6) (== netstandard2.0)
      System.Text.Encoding (>= 4.3) - restriction: || (&& (== net45) (>= netstandard1.6)) (== netstandard1.6) (== netstandard2.0)
      System.Threading (>= 4.3) - restriction: || (&& (== net45) (>= netstandard1.6)) (== netstandard1.6) (== netstandard2.0)
    System.Security.Permissions (4.5) - restriction: || (&& (== net45) (>= monoandroid) (>= netstandard2.0)) (&& (== net45) (>= monotouch) (>= netstandard2.0)) (&& (== net45) (< net35) (>= netstandard2.0)) (&& (== net45) (>= netstandard2.0) (>= xamarintvos)) (&& (== net45) (>= netstandard2.0) (>= xamarinwatchos)) (&& (== net46) (>= monoandroid) (>= netstandard2.0)) (&& (== net46) (>= monotouch) (>= netstandard2.0)) (&& (== net46) (< net35) (>= netstandard2.0)) (&& (== net46) (>= netstandard2.0) (>= xamarintvos)) (&& (== net46) (>= netstandard2.0) (>= xamarinwatchos)) (&& (== netstandard1.6) (>= netstandard2.0)) (== netstandard2.0)
      System.Security.AccessControl (>= 4.5) - restriction: || (&& (== net45) (>= net461)) (&& (== net45) (>= netstandard2.0)) (&& (== net46) (>= net461)) (&& (== net46) (>= netstandard2.0)) (&& (== netstandard1.6) (>= net461)) (&& (== netstandard1.6) (>= netstandard2.0)) (== netstandard2.0)
    System.Security.Principal.Windows (4.5.1) - restriction: || (&& (== net45) (>= monoandroid) (>= netstandard2.0)) (&& (== net45) (>= monotouch) (>= netstandard2.0)) (&& (== net45) (< net35) (>= netstandard2.0)) (&& (== net45) (>= netcoreapp2.0)) (&& (== net45) (>= netstandard2.0) (>= xamarintvos)) (&& (== net45) (>= netstandard2.0) (>= xamarinwatchos)) (&& (== net46) (>= monoandroid) (>= netstandard2.0)) (&& (== net46) (>= monotouch) (>= netstandard2.0)) (&& (== net46) (< net35) (>= netstandard2.0)) (&& (== net46) (>= netcoreapp2.0)) (&& (== net46) (>= netstandard2.0) (>= xamarintvos)) (&& (== net46) (>= netstandard2.0) (>= xamarinwatchos)) (&& (== netstandard1.6) (>= netcoreapp2.0)) (&& (== netstandard1.6) (>= netstandard2.0)) (== netstandard2.0)
    System.Text.Encoding (4.3) - restriction: || (&& (== net46) (== netstandard2.0)) (&& (== net46) (< net45) (>= netstandard1.6)) (== netstandard1.6)
      Microsoft.NETCore.Platforms (>= 1.1) - restriction: || (&& (== net46) (< net45)) (== netstandard1.6) (== netstandard2.0)
      Microsoft.NETCore.Targets (>= 1.1) - restriction: || (&& (== net46) (< net45)) (== netstandard1.6) (== netstandard2.0)
      System.Runtime (>= 4.3) - restriction: || (&& (== net46) (< net45)) (== netstandard1.6) (== netstandard2.0)
    System.Text.Encoding.Extensions (4.3) - restriction: || (&& (== net45) (== netstandard2.0)) (&& (== net45) (< net20)) (&& (== net45) (>= uap10.0)) (&& (== net46) (== netstandard2.0)) (&& (== net46) (< net20)) (&& (== net46) (>= uap10.0)) (== netstandard1.6) (&& (== netstandard2.0) (< netstandard1.2)) (&& (== netstandard2.0) (< netstandard1.3)) (&& (== netstandard2.0) (< netstandard1.4)) (&& (== netstandard2.0) (< netstandard1.5)) (&& (== netstandard2.0) (< netstandard1.6)) (&& (== netstandard2.0) (< portable-net45+win8+wpa81))
      Microsoft.NETCore.Platforms (>= 1.1) - restriction: || (&& (== net46) (< net45)) (== netstandard1.6) (== netstandard2.0)
      Microsoft.NETCore.Targets (>= 1.1) - restriction: || (&& (== net46) (< net45)) (== netstandard1.6) (== netstandard2.0)
      System.Runtime (>= 4.3) - restriction: || (&& (== net46) (< net45)) (== netstandard1.6) (== netstandard2.0)
      System.Text.Encoding (>= 4.3) - restriction: || (&& (== net46) (< net45)) (== netstandard1.6) (== netstandard2.0)
    System.Text.RegularExpressions (4.3.1) - restriction: || (&& (== net45) (== netstandard2.0)) (&& (== net45) (< net20) (>= netstandard1.6)) (&& (== net46) (== netstandard2.0)) (&& (== net46) (< net20) (>= netstandard1.6)) (&& (== net46) (< net45) (>= netstandard1.6)) (== netstandard1.6)
      System.Collections (>= 4.3) - restriction: || (&& (== net46) (< net45) (>= netstandard1.6)) (== netstandard1.6) (== netstandard2.0)
      System.Globalization (>= 4.3) - restriction: || (&& (== net46) (< net45) (>= netstandard1.6)) (== netstandard1.6) (== netstandard2.0)
      System.Resources.ResourceManager (>= 4.3) - restriction: || (&& (== net46) (< net45) (>= netstandard1.6)) (== netstandard1.6) (== netstandard2.0)
      System.Runtime (>= 4.3.1) - restriction: || (&& (== net45) (>= netcoreapp1.1)) (&& (== net46) (< net45)) (&& (== net46) (>= netcoreapp1.1)) (== netstandard1.6) (== netstandard2.0)
      System.Runtime.Extensions (>= 4.3.1) - restriction: || (&& (== net46) (< net45) (>= netstandard1.6)) (== netstandard1.6) (== netstandard2.0)
      System.Threading (>= 4.3) - restriction: || (&& (== net46) (< net45) (>= netstandard1.6)) (== netstandard1.6) (== netstandard2.0)
    System.Threading (4.3) - restriction: || (&& (== net46) (== netstandard2.0)) (&& (== net46) (< net45) (>= netstandard1.6)) (== netstandard1.6)
      System.Runtime (>= 4.3) - restriction: || (&& (== net46) (< net45)) (== netstandard1.6) (== netstandard2.0)
      System.Threading.Tasks (>= 4.3) - restriction: || (&& (== net46) (< net45)) (== netstandard1.6) (== netstandard2.0)
    System.Threading.Tasks (4.3) - restriction: || (&& (== net46) (== netstandard2.0)) (&& (== net46) (< net45) (>= netstandard1.6)) (== netstandard1.6)
      Microsoft.NETCore.Platforms (>= 1.1) - restriction: || (&& (== net46) (< net45)) (== netstandard1.6) (== netstandard2.0)
      Microsoft.NETCore.Targets (>= 1.1) - restriction: || (&& (== net46) (< net45)) (== netstandard1.6) (== netstandard2.0)
      System.Runtime (>= 4.3) - restriction: || (&& (== net46) (< net45)) (== netstandard1.6) (== netstandard2.0)
    System.Threading.Tasks.Extensions (4.5.3) - restriction: || (&& (== net45) (== netstandard2.0)) (&& (== net45) (< net20) (>= netstandard1.6)) (&& (== net46) (== netstandard2.0)) (&& (== net46) (< net20) (>= netstandard1.6)) (== netstandard1.6)
      System.Collections (>= 4.3) - restriction: || (&& (== net46) (< net45)) (== netstandard1.6)
      System.Runtime (>= 4.3) - restriction: || (&& (== net46) (< net45)) (== netstandard1.6)
      System.Runtime.CompilerServices.Unsafe (>= 4.5.2)
      System.Threading.Tasks (>= 4.3) - restriction: || (&& (== net46) (< net45)) (== netstandard1.6)
    System.Threading.Tasks.Parallel (4.3) - restriction: || (&& (== net46) (== netstandard2.0)) (&& (== net46) (< net45) (>= netstandard1.6)) (== netstandard1.6)
      System.Collections.Concurrent (>= 4.3) - restriction: || (&& (== net46) (< net45)) (== netstandard1.6) (== netstandard2.0)
      System.Diagnostics.Debug (>= 4.3) - restriction: || (&& (== net46) (< net45)) (== netstandard1.6) (== netstandard2.0)
      System.Diagnostics.Tracing (>= 4.3) - restriction: || (&& (== net46) (< net45)) (== netstandard1.6) (== netstandard2.0)
      System.Resources.ResourceManager (>= 4.3) - restriction: || (&& (== net46) (< net45)) (== netstandard1.6) (== netstandard2.0)
      System.Runtime (>= 4.3) - restriction: || (&& (== net46) (< net45)) (== netstandard1.6) (== netstandard2.0)
      System.Runtime.Extensions (>= 4.3) - restriction: || (&& (== net46) (< net45)) (== netstandard1.6) (== netstandard2.0)
      System.Threading (>= 4.3) - restriction: || (&& (== net46) (< net45)) (== netstandard1.6) (== netstandard2.0)
      System.Threading.Tasks (>= 4.3) - restriction: || (&& (== net46) (< net45)) (== netstandard1.6) (== netstandard2.0)
    System.Threading.Thread (4.3) - restriction: || (&& (== net45) (== netstandard2.0)) (&& (== net45) (< net20) (>= netstandard1.6)) (&& (== net46) (== netstandard2.0)) (&& (== net46) (< net20) (>= netstandard1.6)) (&& (== net46) (< net45) (>= netstandard1.6)) (== netstandard1.6)
      System.Runtime (>= 4.3) - restriction: || (&& (== net45) (>= netstandard1.3)) (== netstandard1.6) (== netstandard2.0)
    System.Threading.ThreadPool (4.3) - restriction: || (&& (== net46) (== netstandard2.0)) (&& (== net46) (< net45) (>= netstandard1.6)) (== netstandard1.6)
      System.Runtime (>= 4.3) - restriction: || (&& (== net45) (>= netstandard1.3)) (== netstandard1.6) (== netstandard2.0)
      System.Runtime.Handles (>= 4.3) - restriction: || (&& (== net45) (>= netstandard1.3)) (== netstandard1.6) (== netstandard2.0)
    System.Threading.Timer (4.3) - restriction: || (&& (== net45) (== netstandard2.0)) (&& (== net45) (< net20) (>= netstandard1.2)) (&& (== net45) (< net20) (>= netstandard1.3)) (&& (== net45) (< net20) (>= netstandard1.4)) (&& (== net45) (< net20) (>= netstandard1.5)) (&& (== net45) (< net20) (>= netstandard1.6)) (&& (== net45) (>= uap10.0)) (&& (== net46) (== netstandard2.0)) (&& (== net46) (< net20)) (&& (== net46) (< net45) (>= netstandard1.6)) (&& (== net46) (>= uap10.0)) (== netstandard1.6) (&& (== netstandard2.0) (< netstandard1.3)) (&& (== netstandard2.0) (< netstandard1.4)) (&& (== netstandard2.0) (< netstandard1.5)) (&& (== netstandard2.0) (< netstandard1.6))
      Microsoft.NETCore.Platforms (>= 1.1) - restriction: || (&& (== net45) (>= netstandard1.2)) (&& (== net46) (< net451)) (== netstandard1.6) (== netstandard2.0)
      Microsoft.NETCore.Targets (>= 1.1) - restriction: || (&& (== net45) (>= netstandard1.2)) (&& (== net46) (< net451)) (== netstandard1.6) (== netstandard2.0)
      System.Runtime (>= 4.3) - restriction: || (&& (== net45) (>= netstandard1.2)) (&& (== net46) (< net451)) (== netstandard1.6) (== netstandard2.0)
    System.Xml.ReaderWriter (4.3.1) - restriction: || (&& (== net45) (== netstandard2.0)) (&& (== net45) (< net20) (>= netstandard1.6)) (&& (== net46) (== netstandard2.0)) (&& (== net46) (< net20) (>= netstandard1.6)) (== netstandard1.6)
      System.Collections (>= 4.3) - restriction: || (&& (== net46) (< net45)) (== netstandard1.6) (== netstandard2.0)
      System.Diagnostics.Debug (>= 4.3) - restriction: || (&& (== net46) (< net45)) (== netstandard1.6) (== netstandard2.0)
      System.Globalization (>= 4.3) - restriction: || (&& (== net46) (< net45)) (== netstandard1.6) (== netstandard2.0)
      System.IO (>= 4.3) - restriction: || (&& (== net46) (< net45)) (== netstandard1.6) (== netstandard2.0)
      System.IO.FileSystem (>= 4.3) - restriction: || (&& (== net46) (< net45)) (== netstandard1.6) (== netstandard2.0)
      System.IO.FileSystem.Primitives (>= 4.3) - restriction: || (&& (== net46) (< net45)) (== netstandard1.6) (== netstandard2.0)
      System.Resources.ResourceManager (>= 4.3) - restriction: || (&& (== net46) (< net45)) (== netstandard1.6) (== netstandard2.0)
      System.Runtime (>= 4.3) - restriction: || (&& (== net46) (< net45)) (== netstandard1.6) (== netstandard2.0)
      System.Runtime.Extensions (>= 4.3) - restriction: || (&& (== net46) (< net45)) (== netstandard1.6) (== netstandard2.0)
      System.Runtime.InteropServices (>= 4.3) - restriction: || (&& (== net46) (< net45)) (== netstandard1.6) (== netstandard2.0)
      System.Text.Encoding (>= 4.3) - restriction: || (&& (== net46) (< net45)) (== netstandard1.6) (== netstandard2.0)
      System.Text.Encoding.Extensions (>= 4.3) - restriction: || (&& (== net46) (< net45)) (== netstandard1.6) (== netstandard2.0)
      System.Text.RegularExpressions (>= 4.3) - restriction: || (&& (== net46) (< net45)) (== netstandard1.6) (== netstandard2.0)
      System.Threading.Tasks (>= 4.3) - restriction: || (&& (== net46) (< net45)) (== netstandard1.6) (== netstandard2.0)
      System.Threading.Tasks.Extensions (>= 4.3) - restriction: || (&& (== net46) (< net45)) (== netstandard1.6) (== netstandard2.0)
    System.Xml.XDocument (4.3) - restriction: || (&& (== net45) (== netstandard2.0)) (&& (== net45) (< net20)) (&& (== net45) (>= uap10.0)) (&& (== net46) (== netstandard2.0)) (&& (== net46) (< net20)) (&& (== net46) (>= uap10.0)) (== netstandard1.6) (&& (== netstandard2.0) (< netstandard1.2)) (&& (== netstandard2.0) (< netstandard1.3)) (&& (== netstandard2.0) (< netstandard1.4)) (&& (== netstandard2.0) (< netstandard1.5)) (&& (== netstandard2.0) (< netstandard1.6)) (&& (== netstandard2.0) (< portable-net45+win8+wpa81))
      System.Collections (>= 4.3) - restriction: || (&& (== net46) (< net45)) (== netstandard1.6) (== netstandard2.0)
      System.Diagnostics.Debug (>= 4.3) - restriction: || (&& (== net46) (< net45)) (== netstandard1.6) (== netstandard2.0)
      System.Diagnostics.Tools (>= 4.3) - restriction: || (&& (== net46) (< net45)) (== netstandard1.6) (== netstandard2.0)
      System.Globalization (>= 4.3) - restriction: || (&& (== net46) (< net45)) (== netstandard1.6) (== netstandard2.0)
      System.IO (>= 4.3) - restriction: || (&& (== net46) (< net45)) (== netstandard1.6) (== netstandard2.0)
      System.Reflection (>= 4.3) - restriction: || (&& (== net46) (< net45)) (== netstandard1.6) (== netstandard2.0)
      System.Resources.ResourceManager (>= 4.3) - restriction: || (&& (== net46) (< net45)) (== netstandard1.6) (== netstandard2.0)
      System.Runtime (>= 4.3) - restriction: || (&& (== net46) (< net45)) (== netstandard1.6) (== netstandard2.0)
      System.Runtime.Extensions (>= 4.3) - restriction: || (&& (== net46) (< net45)) (== netstandard1.6) (== netstandard2.0)
      System.Text.Encoding (>= 4.3) - restriction: || (&& (== net46) (< net45)) (== netstandard1.6) (== netstandard2.0)
      System.Threading (>= 4.3) - restriction: || (&& (== net46) (< net45)) (== netstandard1.6) (== netstandard2.0)
      System.Xml.ReaderWriter (>= 4.3) - restriction: || (&& (== net46) (< net45)) (== netstandard1.6) (== netstandard2.0)
    System.Xml.XmlDocument (4.3) - restriction: || (&& (== net45) (== netstandard2.0)) (&& (== net45) (< net20) (>= netstandard1.6)) (&& (== net46) (== netstandard2.0)) (&& (== net46) (< net20) (>= netstandard1.6)) (== netstandard1.6)
      System.Collections (>= 4.3) - restriction: || (&& (== net45) (>= netstandard1.3)) (== netstandard1.6) (== netstandard2.0)
      System.Diagnostics.Debug (>= 4.3) - restriction: || (&& (== net45) (>= netstandard1.3)) (== netstandard1.6) (== netstandard2.0)
      System.Globalization (>= 4.3) - restriction: || (&& (== net45) (>= netstandard1.3)) (== netstandard1.6) (== netstandard2.0)
      System.IO (>= 4.3) - restriction: || (&& (== net45) (>= netstandard1.3)) (== netstandard1.6) (== netstandard2.0)
      System.Resources.ResourceManager (>= 4.3) - restriction: || (&& (== net45) (>= netstandard1.3)) (== netstandard1.6) (== netstandard2.0)
      System.Runtime (>= 4.3) - restriction: || (&& (== net45) (>= netstandard1.3)) (== netstandard1.6) (== netstandard2.0)
      System.Runtime.Extensions (>= 4.3) - restriction: || (&& (== net45) (>= netstandard1.3)) (== netstandard1.6) (== netstandard2.0)
      System.Text.Encoding (>= 4.3) - restriction: || (&& (== net45) (>= netstandard1.3)) (== netstandard1.6) (== netstandard2.0)
      System.Threading (>= 4.3) - restriction: || (&& (== net45) (>= netstandard1.3)) (== netstandard1.6) (== netstandard2.0)
      System.Xml.ReaderWriter (>= 4.3) - restriction: || (&& (== net45) (>= netstandard1.3)) (== netstandard1.6) (== netstandard2.0)
    System.Xml.XmlSerializer (4.3) - restriction: || (&& (== net45) (== netstandard2.0)) (&& (== net45) (< net20) (>= netstandard1.6)) (&& (== net46) (== netstandard2.0)) (&& (== net46) (< net20) (>= netstandard1.6)) (== netstandard1.6)
      System.Collections (>= 4.3) - restriction: || (&& (== net46) (< net45)) (== netstandard1.6) (== netstandard2.0)
      System.Globalization (>= 4.3) - restriction: || (&& (== net46) (< net45)) (== netstandard1.6) (== netstandard2.0)
      System.IO (>= 4.3) - restriction: || (&& (== net46) (< net45)) (== netstandard1.6) (== netstandard2.0)
      System.Linq (>= 4.3) - restriction: || (&& (== net46) (< net45)) (== netstandard1.6) (== netstandard2.0)
      System.Reflection (>= 4.3) - restriction: || (&& (== net46) (< net45)) (== netstandard1.6) (== netstandard2.0)
      System.Reflection.Emit (>= 4.3) - restriction: || (&& (== net46) (< net45)) (== netstandard1.6) (== netstandard2.0)
      System.Reflection.Emit.ILGeneration (>= 4.3) - restriction: || (&& (== net46) (< net45)) (== netstandard1.6) (== netstandard2.0)
      System.Reflection.Extensions (>= 4.3) - restriction: || (&& (== net46) (< net45)) (== netstandard1.6) (== netstandard2.0)
      System.Reflection.Primitives (>= 4.3) - restriction: || (&& (== net46) (< net45)) (== netstandard1.6) (== netstandard2.0)
      System.Reflection.TypeExtensions (>= 4.3) - restriction: || (&& (== net46) (< net45)) (== netstandard1.6) (== netstandard2.0)
      System.Resources.ResourceManager (>= 4.3) - restriction: || (&& (== net46) (< net45)) (== netstandard1.6) (== netstandard2.0)
      System.Runtime (>= 4.3) - restriction: || (&& (== net46) (< net45)) (== netstandard1.6) (== netstandard2.0)
      System.Runtime.Extensions (>= 4.3) - restriction: || (&& (== net46) (< net45)) (== netstandard1.6) (== netstandard2.0)
      System.Text.RegularExpressions (>= 4.3) - restriction: || (&& (== net46) (< net45)) (== netstandard1.6) (== netstandard2.0)
      System.Threading (>= 4.3) - restriction: || (&& (== net46) (< net45)) (== netstandard1.6) (== netstandard2.0)
      System.Xml.ReaderWriter (>= 4.3) - restriction: || (&& (== net46) (< net45)) (== netstandard1.6) (== netstandard2.0)
      System.Xml.XmlDocument (>= 4.3) - restriction: || (&& (== net46) (< net45)) (== netstandard1.6) (== netstandard2.0)
  remote: ../../../../dist
    Forest.Engine (2.5.2413.25259)
      Axle.Application (>= 1.5.2396.27060)
