STORAGE: NONE
RESTRICTION: || (== net45) (== net46) (== net461) (== netstandard1.6) (== netstandard2.0)
NUGET
  remote: ../../axle/dist
    Axle.Application (1.6.2460.31935)
      Axle.Configuration (>= 1.6.2460.31935)
      Axle.Resources (>= 1.6.2460.31935)
    Axle.Configuration (1.6.2460.31935)
      Axle.Core (>= 1.6.2460.31935)
      Microsoft.Extensions.Configuration.Binder (>= 3.0) - restriction: || (&& (== net45) (< net35) (>= netstandard2.0)) (&& (== net45) (>= net461)) (&& (== net46) (< net35) (>= netstandard2.0)) (&& (== net46) (>= net461)) (== net461) (&& (== netstandard1.6) (>= net461)) (&& (== netstandard1.6) (>= netstandard2.0)) (== netstandard2.0)
      Microsoft.Extensions.Configuration.FileExtensions (>= 3.0) - restriction: || (&& (== net45) (< net35) (>= netstandard2.0)) (&& (== net45) (>= net461)) (&& (== net46) (< net35) (>= netstandard2.0)) (&& (== net46) (>= net461)) (== net461) (&& (== netstandard1.6) (>= net461)) (&& (== netstandard1.6) (>= netstandard2.0)) (== netstandard2.0)
      System.Configuration.ConfigurationManager (>= 4.6) - restriction: || (&& (== net45) (< net35) (>= netstandard2.0)) (&& (== net46) (< net35) (>= netstandard2.0)) (&& (== net461) (< net35) (>= netstandard2.0)) (&& (== netstandard1.6) (>= netstandard2.0)) (== netstandard2.0)
    Axle.Core (1.6.2460.31935)
      NETStandard.Library (>= 1.6.1) - restriction: || (&& (== net45) (< net20)) (&& (== net46) (< net20)) (&& (== net461) (< net20)) (== netstandard1.6) (&& (== netstandard2.0) (< netstandard1.3)) (&& (== netstandard2.0) (< netstandard1.5)) (&& (== netstandard2.0) (< netstandard1.6))
      System.Diagnostics.TraceSource (>= 4.3) - restriction: || (&& (== net45) (< net20) (>= netstandard1.6)) (&& (== net46) (< net20) (>= netstandard1.6)) (&& (== net461) (< net20) (>= netstandard1.6)) (== netstandard1.6)
      System.Threading.Thread (>= 4.3) - restriction: || (&& (== net45) (< net20) (>= netstandard1.6)) (&& (== net46) (< net20) (>= netstandard1.6)) (&& (== net461) (< net20) (>= netstandard1.6)) (== netstandard1.6)
      System.Xml.XmlSerializer (>= 4.3) - restriction: || (&& (== net45) (< net20) (>= netstandard1.6)) (&& (== net46) (< net20) (>= netstandard1.6)) (&& (== net461) (< net20) (>= netstandard1.6)) (== netstandard1.6)
    Axle.FSharp (1.6.2460.31935)
      Axle.Core (>= 1.6.2460.31935)
      FSharp.Core (>= 4.6.2)
    Axle.Resources (1.6.2460.31935)
      Axle.Core (>= 1.6.2460.31935)
    Axle.Web.AspNetCore (1.6.2460.31935)
      Axle.Application (>= 1.6.2460.31935) - restriction: || (&& (== net45) (>= netstandard2.0)) (&& (== net46) (>= netstandard2.0)) (&& (== net461) (>= netstandard2.0)) (&& (== netstandard1.6) (>= netstandard2.0)) (== netstandard2.0)
      Microsoft.AspNetCore (>= 2.2) - restriction: || (&& (== net45) (>= netstandard2.0)) (&& (== net46) (>= netstandard2.0)) (&& (== net461) (>= netstandard2.0)) (&& (== netstandard1.6) (>= netstandard2.0)) (== netstandard2.0)
      Microsoft.AspNetCore.Session (>= 2.2) - restriction: || (&& (== net45) (>= netstandard2.0)) (&& (== net46) (>= netstandard2.0)) (&& (== net461) (>= netstandard2.0)) (&& (== netstandard1.6) (>= netstandard2.0)) (== netstandard2.0)
      Microsoft.Extensions.Caching.Memory (>= 3.0) - restriction: || (&& (== net45) (>= netstandard2.0)) (&& (== net46) (>= netstandard2.0)) (&& (== net461) (>= netstandard2.0)) (&& (== netstandard1.6) (>= netstandard2.0)) (== netstandard2.0)
    Axle.Web.WebSharper (1.6.2460.31935)
      Axle.Web.AspNetCore (>= 1.6.2460.31935) - restriction: || (&& (== net45) (>= netstandard2.0)) (&& (== net46) (>= netstandard2.0)) (&& (== net461) (>= netstandard2.0)) (&& (== netstandard1.6) (>= netstandard2.0)) (== netstandard2.0)
      Microsoft.AspNetCore.Authentication.Cookies (>= 2.2) - restriction: || (&& (== net45) (>= netstandard2.0)) (&& (== net46) (>= netstandard2.0)) (&& (== net461) (>= netstandard2.0)) (&& (== netstandard1.6) (>= netstandard2.0)) (== netstandard2.0)
      WebSharper.AspNetCore (>= 4.5.4.109) - restriction: || (&& (== net45) (>= netstandard2.0)) (&& (== net46) (>= netstandard2.0)) (&& (== net461) (>= netstandard2.0)) (&& (== netstandard1.6) (>= netstandard2.0)) (== netstandard2.0)
      WebSharper.UI (>= 4.5.8.161) - restriction: || (&& (== net45) (>= netstandard2.0)) (&& (== net46) (>= netstandard2.0)) (&& (== net461) (>= netstandard2.0)) (&& (== netstandard1.6) (>= netstandard2.0)) (== netstandard2.0)
  remote: ../dist
    Forest.Core (2.5.2459.19726)
      Axle.FSharp (>= 1.5.2396.13956)
      Forest.Engine (>= 2.5.2459.19420)
    Forest.Engine (2.5.2459.19420)
      Axle.Application (>= 1.5.2396.27060)
      System.Collections.Immutable (>= 1.5)
    Forest.Forms (2.5.2458.20669)
      Forest.Core (>= 2.5.2458.19803)
    Forest.Web.AspNetCore (2.5.2460.25320)
      Axle.Web.AspNetCore (>= 1.5.2396.13956) - restriction: || (&& (== net45) (>= netstandard2.0)) (&& (== net46) (>= netstandard2.0)) (&& (== net461) (>= netstandard2.0)) (&& (== netstandard1.6) (>= netstandard2.0)) (== netstandard2.0)
      Forest.Core (>= 2.5.2444.37883) - restriction: || (&& (== net45) (>= netstandard2.0)) (&& (== net46) (>= netstandard2.0)) (&& (== net461) (>= netstandard2.0)) (&& (== netstandard1.6) (>= netstandard2.0)) (== netstandard2.0)
      Newtonsoft.Json (>= 12.0.2) - restriction: || (&& (== net45) (>= netstandard2.0)) (&& (== net46) (>= netstandard2.0)) (&& (== net461) (>= netstandard2.0)) (&& (== netstandard1.6) (>= netstandard2.0)) (== netstandard2.0)
  remote: https://api.nuget.org/v3/index.json
    FSharp.Core (4.6.2)
      System.Collections (>= 4.0.11) - restriction: || (&& (== net46) (< net45) (>= netstandard1.6)) (&& (== net461) (< net45) (>= netstandard1.6)) (== netstandard1.6)
      System.Console (>= 4.0) - restriction: || (&& (== net46) (< net45) (>= netstandard1.6)) (&& (== net461) (< net45) (>= netstandard1.6)) (== netstandard1.6)
      System.Diagnostics.Debug (>= 4.0.11) - restriction: || (&& (== net46) (< net45) (>= netstandard1.6)) (&& (== net461) (< net45) (>= netstandard1.6)) (== netstandard1.6)
      System.Diagnostics.Tools (>= 4.0.1) - restriction: || (&& (== net46) (< net45) (>= netstandard1.6)) (&& (== net461) (< net45) (>= netstandard1.6)) (== netstandard1.6)
      System.Globalization (>= 4.0.11) - restriction: || (&& (== net46) (< net45) (>= netstandard1.6)) (&& (== net461) (< net45) (>= netstandard1.6)) (== netstandard1.6)
      System.IO (>= 4.1) - restriction: || (&& (== net46) (< net45) (>= netstandard1.6)) (&& (== net461) (< net45) (>= netstandard1.6)) (== netstandard1.6)
      System.Linq (>= 4.1) - restriction: || (&& (== net46) (< net45) (>= netstandard1.6)) (&& (== net461) (< net45) (>= netstandard1.6)) (== netstandard1.6)
      System.Linq.Expressions (>= 4.1) - restriction: || (&& (== net46) (< net45) (>= netstandard1.6)) (&& (== net461) (< net45) (>= netstandard1.6)) (== netstandard1.6)
      System.Linq.Queryable (>= 4.0.1) - restriction: || (&& (== net46) (< net45) (>= netstandard1.6)) (&& (== net461) (< net45) (>= netstandard1.6)) (== netstandard1.6)
      System.Net.Requests (>= 4.0.11) - restriction: || (&& (== net46) (< net45) (>= netstandard1.6)) (&& (== net461) (< net45) (>= netstandard1.6)) (== netstandard1.6)
      System.Reflection (>= 4.1) - restriction: || (&& (== net46) (< net45) (>= netstandard1.6)) (&& (== net461) (< net45) (>= netstandard1.6)) (== netstandard1.6)
      System.Reflection.Extensions (>= 4.0.1) - restriction: || (&& (== net46) (< net45) (>= netstandard1.6)) (&& (== net461) (< net45) (>= netstandard1.6)) (== netstandard1.6)
      System.Resources.ResourceManager (>= 4.0.1) - restriction: || (&& (== net46) (< net45) (>= netstandard1.6)) (&& (== net461) (< net45) (>= netstandard1.6)) (== netstandard1.6)
      System.Runtime (>= 4.1) - restriction: || (&& (== net46) (< net45) (>= netstandard1.6)) (&& (== net461) (< net45) (>= netstandard1.6)) (== netstandard1.6)
      System.Runtime.Extensions (>= 4.1) - restriction: || (&& (== net46) (< net45) (>= netstandard1.6)) (&& (== net461) (< net45) (>= netstandard1.6)) (== netstandard1.6)
      System.Runtime.Numerics (>= 4.0.1) - restriction: || (&& (== net46) (< net45) (>= netstandard1.6)) (&& (== net461) (< net45) (>= netstandard1.6)) (== netstandard1.6)
      System.Text.RegularExpressions (>= 4.1) - restriction: || (&& (== net46) (< net45) (>= netstandard1.6)) (&& (== net461) (< net45) (>= netstandard1.6)) (== netstandard1.6)
      System.Threading (>= 4.0.11) - restriction: || (&& (== net46) (< net45) (>= netstandard1.6)) (&& (== net461) (< net45) (>= netstandard1.6)) (== netstandard1.6)
      System.Threading.Tasks (>= 4.0.11) - restriction: || (&& (== net46) (< net45) (>= netstandard1.6)) (&& (== net461) (< net45) (>= netstandard1.6)) (== netstandard1.6)
      System.Threading.Tasks.Parallel (>= 4.0.1) - restriction: || (&& (== net46) (< net45) (>= netstandard1.6)) (&& (== net461) (< net45) (>= netstandard1.6)) (== netstandard1.6)
      System.Threading.Thread (>= 4.0) - restriction: || (&& (== net46) (< net45) (>= netstandard1.6)) (&& (== net461) (< net45) (>= netstandard1.6)) (== netstandard1.6)
      System.Threading.ThreadPool (>= 4.0.10) - restriction: || (&& (== net46) (< net45) (>= netstandard1.6)) (&& (== net461) (< net45) (>= netstandard1.6)) (== netstandard1.6)
      System.Threading.Timer (>= 4.0.1) - restriction: || (&& (== net46) (< net45) (>= netstandard1.6)) (&& (== net461) (< net45) (>= netstandard1.6)) (== netstandard1.6)
    HtmlAgilityPack (1.11.12)
      NETStandard.Library (>= 1.6.1) - restriction: || (&& (== net45) (< net40) (>= netstandard1.6)) (&& (== net46) (< net40) (>= netstandard1.6)) (&& (== net461) (< net40) (>= netstandard1.6)) (== netstandard1.6)
      System.Net.Http (>= 4.3.1) - restriction: || (&& (== net45) (< net40) (>= netstandard1.3)) (&& (== net45) (< net40) (>= netstandard1.6)) (&& (== net46) (< net40)) (&& (== net461) (< net40)) (== netstandard1.6) (&& (== netstandard2.0) (< netstandard1.6))
      System.Net.Http (>= 4.3.2) - restriction: || (&& (== net45) (< net40) (>= netstandard2.0)) (&& (== net46) (< net40) (>= netstandard2.0)) (&& (== net461) (< net40) (>= netstandard2.0)) (&& (== netstandard1.6) (>= netstandard2.0)) (== netstandard2.0)
      System.Xml.XmlDocument (>= 4.3) - restriction: || (&& (== net45) (< net40) (>= netstandard1.3)) (&& (== net45) (< net40) (>= netstandard1.6)) (&& (== net45) (< net40) (>= netstandard2.0)) (&& (== net46) (< net40)) (&& (== net461) (< net40)) (== netstandard1.6) (== netstandard2.0)
      System.Xml.XPath (>= 4.3) - restriction: || (&& (== net45) (< net40) (>= netstandard1.3)) (&& (== net45) (< net40) (>= netstandard1.6)) (&& (== net45) (< net40) (>= netstandard2.0)) (&& (== net46) (< net40)) (&& (== net461) (< net40)) (== netstandard1.6) (== netstandard2.0)
      System.Xml.XPath.XmlDocument (>= 4.3) - restriction: || (&& (== net45) (< net40) (>= netstandard1.3)) (&& (== net45) (< net40) (>= netstandard1.6)) (&& (== net45) (< net40) (>= netstandard2.0)) (&& (== net46) (< net40)) (&& (== net461) (< net40)) (== netstandard1.6) (== netstandard2.0)
    Microsoft.AspNetCore (2.2) - restriction: || (&& (== net45) (>= netstandard2.0)) (&& (== net46) (>= netstandard2.0)) (&& (== net461) (>= netstandard2.0)) (&& (== netstandard1.6) (>= netstandard2.0)) (== netstandard2.0)
      Microsoft.AspNetCore.Diagnostics (>= 2.2) - restriction: || (&& (== net45) (>= netstandard2.0)) (&& (== net46) (>= netstandard2.0)) (&& (== net461) (>= netstandard2.0)) (&& (== netstandard1.6) (>= netstandard2.0)) (== netstandard2.0)
      Microsoft.AspNetCore.HostFiltering (>= 2.2) - restriction: || (&& (== net45) (>= netstandard2.0)) (&& (== net46) (>= netstandard2.0)) (&& (== net461) (>= netstandard2.0)) (&& (== netstandard1.6) (>= netstandard2.0)) (== netstandard2.0)
      Microsoft.AspNetCore.Hosting (>= 2.2) - restriction: || (&& (== net45) (>= netstandard2.0)) (&& (== net46) (>= netstandard2.0)) (&& (== net461) (>= netstandard2.0)) (&& (== netstandard1.6) (>= netstandard2.0)) (== netstandard2.0)
      Microsoft.AspNetCore.Routing (>= 2.2) - restriction: || (&& (== net45) (>= netstandard2.0)) (&& (== net46) (>= netstandard2.0)) (&& (== net461) (>= netstandard2.0)) (&& (== netstandard1.6) (>= netstandard2.0)) (== netstandard2.0)
      Microsoft.AspNetCore.Server.IIS (>= 2.2) - restriction: || (&& (== net45) (>= netstandard2.0)) (&& (== net46) (>= netstandard2.0)) (&& (== net461) (>= netstandard2.0)) (&& (== netstandard1.6) (>= netstandard2.0)) (== netstandard2.0)
      Microsoft.AspNetCore.Server.IISIntegration (>= 2.2) - restriction: || (&& (== net45) (>= netstandard2.0)) (&& (== net46) (>= netstandard2.0)) (&& (== net461) (>= netstandard2.0)) (&& (== netstandard1.6) (>= netstandard2.0)) (== netstandard2.0)
      Microsoft.AspNetCore.Server.Kestrel (>= 2.2) - restriction: || (&& (== net45) (>= netstandard2.0)) (&& (== net46) (>= netstandard2.0)) (&& (== net461) (>= netstandard2.0)) (&& (== netstandard1.6) (>= netstandard2.0)) (== netstandard2.0)
      Microsoft.AspNetCore.Server.Kestrel.Https (>= 2.2) - restriction: || (&& (== net45) (>= netstandard2.0)) (&& (== net46) (>= netstandard2.0)) (&& (== net461) (>= netstandard2.0)) (&& (== netstandard1.6) (>= netstandard2.0)) (== netstandard2.0)
      Microsoft.Extensions.Configuration.CommandLine (>= 2.2) - restriction: || (&& (== net45) (>= netstandard2.0)) (&& (== net46) (>= netstandard2.0)) (&& (== net461) (>= netstandard2.0)) (&& (== netstandard1.6) (>= netstandard2.0)) (== netstandard2.0)
      Microsoft.Extensions.Configuration.EnvironmentVariables (>= 2.2) - restriction: || (&& (== net45) (>= netstandard2.0)) (&& (== net46) (>= netstandard2.0)) (&& (== net461) (>= netstandard2.0)) (&& (== netstandard1.6) (>= netstandard2.0)) (== netstandard2.0)
      Microsoft.Extensions.Configuration.FileExtensions (>= 2.2) - restriction: || (&& (== net45) (>= netstandard2.0)) (&& (== net46) (>= netstandard2.0)) (&& (== net461) (>= netstandard2.0)) (&& (== netstandard1.6) (>= netstandard2.0)) (== netstandard2.0)
      Microsoft.Extensions.Configuration.Json (>= 2.2) - restriction: || (&& (== net45) (>= netstandard2.0)) (&& (== net46) (>= netstandard2.0)) (&& (== net461) (>= netstandard2.0)) (&& (== netstandard1.6) (>= netstandard2.0)) (== netstandard2.0)
      Microsoft.Extensions.Configuration.UserSecrets (>= 2.2) - restriction: || (&& (== net45) (>= netstandard2.0)) (&& (== net46) (>= netstandard2.0)) (&& (== net461) (>= netstandard2.0)) (&& (== netstandard1.6) (>= netstandard2.0)) (== netstandard2.0)
      Microsoft.Extensions.Logging (>= 2.2) - restriction: || (&& (== net45) (>= netstandard2.0)) (&& (== net46) (>= netstandard2.0)) (&& (== net461) (>= netstandard2.0)) (&& (== netstandard1.6) (>= netstandard2.0)) (== netstandard2.0)
      Microsoft.Extensions.Logging.Configuration (>= 2.2) - restriction: || (&& (== net45) (>= netstandard2.0)) (&& (== net46) (>= netstandard2.0)) (&& (== net461) (>= netstandard2.0)) (&& (== netstandard1.6) (>= netstandard2.0)) (== netstandard2.0)
      Microsoft.Extensions.Logging.Console (>= 2.2) - restriction: || (&& (== net45) (>= netstandard2.0)) (&& (== net46) (>= netstandard2.0)) (&& (== net461) (>= netstandard2.0)) (&& (== netstandard1.6) (>= netstandard2.0)) (== netstandard2.0)
      Microsoft.Extensions.Logging.Debug (>= 2.2) - restriction: || (&& (== net45) (>= netstandard2.0)) (&& (== net46) (>= netstandard2.0)) (&& (== net461) (>= netstandard2.0)) (&& (== netstandard1.6) (>= netstandard2.0)) (== netstandard2.0)
      Microsoft.Extensions.Logging.EventSource (>= 2.2) - restriction: || (&& (== net45) (>= netstandard2.0)) (&& (== net46) (>= netstandard2.0)) (&& (== net461) (>= netstandard2.0)) (&& (== netstandard1.6) (>= netstandard2.0)) (== netstandard2.0)
    Microsoft.AspNetCore.Authentication (2.2) - restriction: || (&& (== net45) (>= netstandard2.0)) (&& (== net46) (>= netstandard2.0)) (&& (== net461) (>= netstandard2.0)) (&& (== netstandard1.6) (>= netstandard2.0)) (== netstandard2.0)
      Microsoft.AspNetCore.Authentication.Core (>= 2.2) - restriction: || (&& (== net45) (>= netstandard2.0)) (&& (== net46) (>= netstandard2.0)) (&& (== net461) (>= netstandard2.0)) (&& (== netstandard1.6) (>= netstandard2.0)) (== netstandard2.0)
      Microsoft.AspNetCore.DataProtection (>= 2.2) - restriction: || (&& (== net45) (>= netstandard2.0)) (&& (== net46) (>= netstandard2.0)) (&& (== net461) (>= netstandard2.0)) (&& (== netstandard1.6) (>= netstandard2.0)) (== netstandard2.0)
      Microsoft.AspNetCore.Http (>= 2.2) - restriction: || (&& (== net45) (>= netstandard2.0)) (&& (== net46) (>= netstandard2.0)) (&& (== net461) (>= netstandard2.0)) (&& (== netstandard1.6) (>= netstandard2.0)) (== netstandard2.0)
      Microsoft.AspNetCore.Http.Extensions (>= 2.2) - restriction: || (&& (== net45) (>= netstandard2.0)) (&& (== net46) (>= netstandard2.0)) (&& (== net461) (>= netstandard2.0)) (&& (== netstandard1.6) (>= netstandard2.0)) (== netstandard2.0)
      Microsoft.Extensions.Logging.Abstractions (>= 2.2) - restriction: || (&& (== net45) (>= netstandard2.0)) (&& (== net46) (>= netstandard2.0)) (&& (== net461) (>= netstandard2.0)) (&& (== netstandard1.6) (>= netstandard2.0)) (== netstandard2.0)
      Microsoft.Extensions.Options (>= 2.2) - restriction: || (&& (== net45) (>= netstandard2.0)) (&& (== net46) (>= netstandard2.0)) (&& (== net461) (>= netstandard2.0)) (&& (== netstandard1.6) (>= netstandard2.0)) (== netstandard2.0)
      Microsoft.Extensions.WebEncoders (>= 2.2) - restriction: || (&& (== net45) (>= netstandard2.0)) (&& (== net46) (>= netstandard2.0)) (&& (== net461) (>= netstandard2.0)) (&& (== netstandard1.6) (>= netstandard2.0)) (== netstandard2.0)
    Microsoft.AspNetCore.Authentication.Abstractions (2.2) - restriction: || (&& (== net45) (>= netstandard2.0)) (&& (== net46) (>= netstandard2.0)) (&& (== net461) (>= netstandard2.0)) (&& (== netstandard1.6) (>= netstandard2.0)) (== netstandard2.0)
      Microsoft.AspNetCore.Http.Abstractions (>= 2.2) - restriction: || (&& (== net45) (>= netstandard2.0)) (&& (== net46) (>= netstandard2.0)) (&& (== net461) (>= netstandard2.0)) (&& (== netstandard1.6) (>= netstandard2.0)) (== netstandard2.0)
      Microsoft.Extensions.Logging.Abstractions (>= 2.2) - restriction: || (&& (== net45) (>= netstandard2.0)) (&& (== net46) (>= netstandard2.0)) (&& (== net461) (>= netstandard2.0)) (&& (== netstandard1.6) (>= netstandard2.0)) (== netstandard2.0)
      Microsoft.Extensions.Options (>= 2.2) - restriction: || (&& (== net45) (>= netstandard2.0)) (&& (== net46) (>= netstandard2.0)) (&& (== net461) (>= netstandard2.0)) (&& (== netstandard1.6) (>= netstandard2.0)) (== netstandard2.0)
    Microsoft.AspNetCore.Authentication.Cookies (2.2) - restriction: || (&& (== net45) (>= netstandard2.0)) (&& (== net46) (>= netstandard2.0)) (&& (== net461) (>= netstandard2.0)) (&& (== netstandard1.6) (>= netstandard2.0)) (== netstandard2.0)
      Microsoft.AspNetCore.Authentication (>= 2.2) - restriction: || (&& (== net45) (>= netstandard2.0)) (&& (== net46) (>= netstandard2.0)) (&& (== net461) (>= netstandard2.0)) (&& (== netstandard1.6) (>= netstandard2.0)) (== netstandard2.0)
    Microsoft.AspNetCore.Authentication.Core (2.2) - restriction: || (&& (== net45) (>= netstandard2.0)) (&& (== net46) (>= netstandard2.0)) (&& (== net461) (>= netstandard2.0)) (&& (== netstandard1.6) (>= netstandard2.0)) (== netstandard2.0)
      Microsoft.AspNetCore.Authentication.Abstractions (>= 2.2) - restriction: || (&& (== net45) (>= netstandard2.0)) (&& (== net46) (>= netstandard2.0)) (&& (== net461) (>= netstandard2.0)) (&& (== netstandard1.6) (>= netstandard2.0)) (== netstandard2.0)
      Microsoft.AspNetCore.Http (>= 2.2) - restriction: || (&& (== net45) (>= netstandard2.0)) (&& (== net46) (>= netstandard2.0)) (&& (== net461) (>= netstandard2.0)) (&& (== netstandard1.6) (>= netstandard2.0)) (== netstandard2.0)
      Microsoft.AspNetCore.Http.Extensions (>= 2.2) - restriction: || (&& (== net45) (>= netstandard2.0)) (&& (== net46) (>= netstandard2.0)) (&& (== net461) (>= netstandard2.0)) (&& (== netstandard1.6) (>= netstandard2.0)) (== netstandard2.0)
    Microsoft.AspNetCore.Connections.Abstractions (3.0) - restriction: || (&& (== net45) (>= netstandard2.0)) (&& (== net46) (>= netstandard2.0)) (&& (== net461) (>= netstandard2.0)) (&& (== netstandard1.6) (>= netstandard2.0)) (== netstandard2.0)
      Microsoft.AspNetCore.Http.Features (>= 3.0) - restriction: || (&& (== net45) (>= netstandard2.0)) (&& (== net46) (>= netstandard2.0)) (&& (== net461) (>= netstandard2.0)) (&& (== netstandard1.6) (>= netstandard2.0)) (== netstandard2.0)
      Microsoft.Bcl.AsyncInterfaces (>= 1.0) - restriction: || (&& (== net45) (>= netstandard2.0)) (&& (== net46) (>= netstandard2.0)) (&& (== net461) (>= netstandard2.0)) (&& (== netstandard1.6) (>= netstandard2.0)) (== netstandard2.0)
      System.IO.Pipelines (>= 4.6) - restriction: || (&& (== net45) (>= netstandard2.0)) (&& (== net46) (>= netstandard2.0)) (&& (== net461) (>= netstandard2.0)) (&& (== netstandard1.6) (>= netstandard2.0)) (== netstandard2.0)
    Microsoft.AspNetCore.Cryptography.Internal (3.0) - restriction: || (&& (== net45) (>= netstandard2.0)) (&& (== net46) (>= netstandard2.0)) (&& (== net461) (>= netstandard2.0)) (&& (== netstandard1.6) (>= netstandard2.0)) (== netstandard2.0)
    Microsoft.AspNetCore.DataProtection (3.0) - restriction: || (&& (== net45) (>= netstandard2.0)) (&& (== net46) (>= netstandard2.0)) (&& (== net461) (>= netstandard2.0)) (&& (== netstandard1.6) (>= netstandard2.0)) (== netstandard2.0)
      Microsoft.AspNetCore.Cryptography.Internal (>= 3.0) - restriction: || (&& (== net45) (>= netstandard2.0)) (&& (== net46) (>= netstandard2.0)) (&& (== net461) (>= netstandard2.0)) (&& (== netstandard1.6) (>= netstandard2.0)) (== netstandard2.0)
      Microsoft.AspNetCore.DataProtection.Abstractions (>= 3.0) - restriction: || (&& (== net45) (>= netstandard2.0)) (&& (== net46) (>= netstandard2.0)) (&& (== net461) (>= netstandard2.0)) (&& (== netstandard1.6) (>= netstandard2.0)) (== netstandard2.0)
      Microsoft.Extensions.DependencyInjection.Abstractions (>= 3.0) - restriction: || (&& (== net45) (>= netstandard2.0)) (&& (== net46) (>= netstandard2.0)) (&& (== net461) (>= netstandard2.0)) (&& (== netstandard1.6) (>= netstandard2.0)) (== netstandard2.0)
      Microsoft.Extensions.Hosting.Abstractions (>= 3.0) - restriction: || (&& (== net45) (>= netstandard2.0)) (&& (== net46) (>= netstandard2.0)) (&& (== net461) (>= netstandard2.0)) (&& (== netstandard1.6) (>= netstandard2.0)) (== netstandard2.0)
      Microsoft.Extensions.Logging.Abstractions (>= 3.0) - restriction: || (&& (== net45) (>= netstandard2.0)) (&& (== net46) (>= netstandard2.0)) (&& (== net461) (>= netstandard2.0)) (&& (== netstandard1.6) (>= netstandard2.0)) (== netstandard2.0)
      Microsoft.Extensions.Options (>= 3.0) - restriction: || (&& (== net45) (>= netstandard2.0)) (&& (== net46) (>= netstandard2.0)) (&& (== net461) (>= netstandard2.0)) (&& (== netstandard1.6) (>= netstandard2.0)) (== netstandard2.0)
      Microsoft.Win32.Registry (>= 4.6) - restriction: || (&& (== net45) (>= netstandard2.0)) (&& (== net46) (>= netstandard2.0)) (&& (== net461) (>= netstandard2.0)) (&& (== netstandard1.6) (>= netstandard2.0)) (== netstandard2.0)
      System.Security.Cryptography.Xml (>= 4.6) - restriction: || (&& (== net45) (>= netstandard2.0)) (&& (== net46) (>= netstandard2.0)) (&& (== net461) (>= netstandard2.0)) (&& (== netstandard1.6) (>= netstandard2.0)) (== netstandard2.0)
      System.Security.Principal.Windows (>= 4.6) - restriction: || (&& (== net45) (>= netstandard2.0)) (&& (== net46) (>= netstandard2.0)) (&& (== net461) (>= netstandard2.0)) (&& (== netstandard1.6) (>= netstandard2.0)) (== netstandard2.0)
    Microsoft.AspNetCore.DataProtection.Abstractions (3.0) - restriction: || (&& (== net45) (>= netstandard2.0)) (&& (== net46) (>= netstandard2.0)) (&& (== net461) (>= netstandard2.0)) (&& (== netstandard1.6) (>= netstandard2.0)) (== netstandard2.0)
    Microsoft.AspNetCore.Diagnostics (2.2) - restriction: || (&& (== net45) (>= netstandard2.0)) (&& (== net46) (>= netstandard2.0)) (&& (== net461) (>= netstandard2.0)) (&& (== netstandard1.6) (>= netstandard2.0)) (== netstandard2.0)
      Microsoft.AspNetCore.Diagnostics.Abstractions (>= 2.2) - restriction: || (&& (== net45) (>= netstandard2.0)) (&& (== net46) (>= netstandard2.0)) (&& (== net461) (>= netstandard2.0)) (&& (== netstandard1.6) (>= netstandard2.0)) (== netstandard2.0)
      Microsoft.AspNetCore.Hosting.Abstractions (>= 2.2) - restriction: || (&& (== net45) (>= netstandard2.0)) (&& (== net46) (>= netstandard2.0)) (&& (== net461) (>= netstandard2.0)) (&& (== netstandard1.6) (>= netstandard2.0)) (== netstandard2.0)
      Microsoft.AspNetCore.Http.Extensions (>= 2.2) - restriction: || (&& (== net45) (>= netstandard2.0)) (&& (== net46) (>= netstandard2.0)) (&& (== net461) (>= netstandard2.0)) (&& (== netstandard1.6) (>= netstandard2.0)) (== netstandard2.0)
      Microsoft.AspNetCore.WebUtilities (>= 2.2) - restriction: || (&& (== net45) (>= netstandard2.0)) (&& (== net46) (>= netstandard2.0)) (&& (== net461) (>= netstandard2.0)) (&& (== netstandard1.6) (>= netstandard2.0)) (== netstandard2.0)
      Microsoft.Extensions.FileProviders.Physical (>= 2.2) - restriction: || (&& (== net45) (>= netstandard2.0)) (&& (== net46) (>= netstandard2.0)) (&& (== net461) (>= netstandard2.0)) (&& (== netstandard1.6) (>= netstandard2.0)) (== netstandard2.0)
      Microsoft.Extensions.Logging.Abstractions (>= 2.2) - restriction: || (&& (== net45) (>= netstandard2.0)) (&& (== net46) (>= netstandard2.0)) (&& (== net461) (>= netstandard2.0)) (&& (== netstandard1.6) (>= netstandard2.0)) (== netstandard2.0)
      Microsoft.Extensions.Options (>= 2.2) - restriction: || (&& (== net45) (>= netstandard2.0)) (&& (== net46) (>= netstandard2.0)) (&& (== net461) (>= netstandard2.0)) (&& (== netstandard1.6) (>= netstandard2.0)) (== netstandard2.0)
      System.Diagnostics.DiagnosticSource (>= 4.5) - restriction: || (&& (== net45) (>= netstandard2.0)) (&& (== net46) (>= netstandard2.0)) (&& (== net461) (>= netstandard2.0)) (&& (== netstandard1.6) (>= netstandard2.0)) (== netstandard2.0)
      System.Reflection.Metadata (>= 1.6) - restriction: || (&& (== net45) (>= netstandard2.0)) (&& (== net46) (>= netstandard2.0)) (&& (== net461) (>= netstandard2.0)) (&& (== netstandard1.6) (>= netstandard2.0)) (== netstandard2.0)
    Microsoft.AspNetCore.Diagnostics.Abstractions (2.2) - restriction: || (&& (== net45) (>= netstandard2.0)) (&& (== net46) (>= netstandard2.0)) (&& (== net461) (>= netstandard2.0)) (&& (== netstandard1.6) (>= netstandard2.0)) (== netstandard2.0)
    Microsoft.AspNetCore.HostFiltering (2.2) - restriction: || (&& (== net45) (>= netstandard2.0)) (&& (== net46) (>= netstandard2.0)) (&& (== net461) (>= netstandard2.0)) (&& (== netstandard1.6) (>= netstandard2.0)) (== netstandard2.0)
      Microsoft.AspNetCore.Hosting.Abstractions (>= 2.2) - restriction: || (&& (== net45) (>= netstandard2.0)) (&& (== net46) (>= netstandard2.0)) (&& (== net461) (>= netstandard2.0)) (&& (== netstandard1.6) (>= netstandard2.0)) (== netstandard2.0)
      Microsoft.AspNetCore.Http (>= 2.2) - restriction: || (&& (== net45) (>= netstandard2.0)) (&& (== net46) (>= netstandard2.0)) (&& (== net461) (>= netstandard2.0)) (&& (== netstandard1.6) (>= netstandard2.0)) (== netstandard2.0)
      Microsoft.AspNetCore.Http.Extensions (>= 2.2) - restriction: || (&& (== net45) (>= netstandard2.0)) (&& (== net46) (>= netstandard2.0)) (&& (== net461) (>= netstandard2.0)) (&& (== netstandard1.6) (>= netstandard2.0)) (== netstandard2.0)
      Microsoft.Extensions.Options (>= 2.2) - restriction: || (&& (== net45) (>= netstandard2.0)) (&& (== net46) (>= netstandard2.0)) (&& (== net461) (>= netstandard2.0)) (&& (== netstandard1.6) (>= netstandard2.0)) (== netstandard2.0)
    Microsoft.AspNetCore.Hosting (2.2.7) - restriction: || (&& (== net45) (>= netstandard2.0)) (&& (== net46) (>= netstandard2.0)) (&& (== net461) (>= netstandard2.0)) (&& (== netstandard1.6) (>= netstandard2.0)) (== netstandard2.0)
      Microsoft.AspNetCore.Hosting.Abstractions (>= 2.2) - restriction: || (&& (== net45) (>= netstandard2.0)) (&& (== net46) (>= netstandard2.0)) (&& (== net461) (>= netstandard2.0)) (&& (== netstandard1.6) (>= netstandard2.0)) (== netstandard2.0)
      Microsoft.AspNetCore.Http (>= 2.2) - restriction: || (&& (== net45) (>= netstandard2.0)) (&& (== net46) (>= netstandard2.0)) (&& (== net461) (>= netstandard2.0)) (&& (== netstandard1.6) (>= netstandard2.0)) (== netstandard2.0)
      Microsoft.AspNetCore.Http.Extensions (>= 2.2) - restriction: || (&& (== net45) (>= netstandard2.0)) (&& (== net46) (>= netstandard2.0)) (&& (== net461) (>= netstandard2.0)) (&& (== netstandard1.6) (>= netstandard2.0)) (== netstandard2.0)
      Microsoft.Extensions.Configuration (>= 2.2) - restriction: || (&& (== net45) (>= netstandard2.0)) (&& (== net46) (>= netstandard2.0)) (&& (== net461) (>= netstandard2.0)) (&& (== netstandard1.6) (>= netstandard2.0)) (== netstandard2.0)
      Microsoft.Extensions.Configuration.EnvironmentVariables (>= 2.2.4) - restriction: || (&& (== net45) (>= netstandard2.0)) (&& (== net46) (>= netstandard2.0)) (&& (== net461) (>= netstandard2.0)) (&& (== netstandard1.6) (>= netstandard2.0)) (== netstandard2.0)
      Microsoft.Extensions.Configuration.FileExtensions (>= 2.2) - restriction: || (&& (== net45) (>= netstandard2.0)) (&& (== net46) (>= netstandard2.0)) (&& (== net461) (>= netstandard2.0)) (&& (== netstandard1.6) (>= netstandard2.0)) (== netstandard2.0)
      Microsoft.Extensions.DependencyInjection (>= 2.2) - restriction: || (&& (== net45) (>= netstandard2.0)) (&& (== net46) (>= netstandard2.0)) (&& (== net461) (>= netstandard2.0)) (&& (== netstandard1.6) (>= netstandard2.0)) (== netstandard2.0)
      Microsoft.Extensions.FileProviders.Physical (>= 2.2) - restriction: || (&& (== net45) (>= netstandard2.0)) (&& (== net46) (>= netstandard2.0)) (&& (== net461) (>= netstandard2.0)) (&& (== netstandard1.6) (>= netstandard2.0)) (== netstandard2.0)
      Microsoft.Extensions.Hosting.Abstractions (>= 2.2) - restriction: || (&& (== net45) (>= netstandard2.0)) (&& (== net46) (>= netstandard2.0)) (&& (== net461) (>= netstandard2.0)) (&& (== netstandard1.6) (>= netstandard2.0)) (== netstandard2.0)
      Microsoft.Extensions.Logging (>= 2.2) - restriction: || (&& (== net45) (>= netstandard2.0)) (&& (== net46) (>= netstandard2.0)) (&& (== net461) (>= netstandard2.0)) (&& (== netstandard1.6) (>= netstandard2.0)) (== netstandard2.0)
      Microsoft.Extensions.Options (>= 2.2) - restriction: || (&& (== net45) (>= netstandard2.0)) (&& (== net46) (>= netstandard2.0)) (&& (== net461) (>= netstandard2.0)) (&& (== netstandard1.6) (>= netstandard2.0)) (== netstandard2.0)
      System.Diagnostics.DiagnosticSource (>= 4.5.1) - restriction: || (&& (== net45) (>= netstandard2.0)) (&& (== net46) (>= netstandard2.0)) (&& (== net461) (>= netstandard2.0)) (&& (== netstandard1.6) (>= netstandard2.0)) (== netstandard2.0)
      System.Reflection.Metadata (>= 1.6) - restriction: || (&& (== net45) (>= netstandard2.0)) (&& (== net46) (>= netstandard2.0)) (&& (== net461) (>= netstandard2.0)) (&& (== netstandard1.6) (>= netstandard2.0)) (== netstandard2.0)
    Microsoft.AspNetCore.Hosting.Abstractions (2.2) - restriction: || (&& (== net45) (>= netstandard2.0)) (&& (== net46) (>= netstandard2.0)) (&& (== net461) (>= netstandard2.0)) (&& (== netstandard1.6) (>= netstandard2.0)) (== netstandard2.0)
      Microsoft.AspNetCore.Hosting.Server.Abstractions (>= 2.2) - restriction: || (&& (== net45) (>= netstandard2.0)) (&& (== net46) (>= netstandard2.0)) (&& (== net461) (>= netstandard2.0)) (&& (== netstandard1.6) (>= netstandard2.0)) (== netstandard2.0)
      Microsoft.AspNetCore.Http.Abstractions (>= 2.2) - restriction: || (&& (== net45) (>= netstandard2.0)) (&& (== net46) (>= netstandard2.0)) (&& (== net461) (>= netstandard2.0)) (&& (== netstandard1.6) (>= netstandard2.0)) (== netstandard2.0)
      Microsoft.Extensions.Hosting.Abstractions (>= 2.2) - restriction: || (&& (== net45) (>= netstandard2.0)) (&& (== net46) (>= netstandard2.0)) (&& (== net461) (>= netstandard2.0)) (&& (== netstandard1.6) (>= netstandard2.0)) (== netstandard2.0)
    Microsoft.AspNetCore.Hosting.Server.Abstractions (2.2) - restriction: || (&& (== net45) (>= netstandard2.0)) (&& (== net46) (>= netstandard2.0)) (&& (== net461) (>= netstandard2.0)) (&& (== netstandard1.6) (>= netstandard2.0)) (== netstandard2.0)
      Microsoft.AspNetCore.Http.Features (>= 2.2) - restriction: || (&& (== net45) (>= netstandard2.0)) (&& (== net46) (>= netstandard2.0)) (&& (== net461) (>= netstandard2.0)) (&& (== netstandard1.6) (>= netstandard2.0)) (== netstandard2.0)
      Microsoft.Extensions.Configuration.Abstractions (>= 2.2) - restriction: || (&& (== net45) (>= netstandard2.0)) (&& (== net46) (>= netstandard2.0)) (&& (== net461) (>= netstandard2.0)) (&& (== netstandard1.6) (>= netstandard2.0)) (== netstandard2.0)
    Microsoft.AspNetCore.Http (2.2.2) - restriction: || (&& (== net45) (>= netstandard2.0)) (&& (== net46) (>= netstandard2.0)) (&& (== net461) (>= netstandard2.0)) (&& (== netstandard1.6) (>= netstandard2.0)) (== netstandard2.0)
      Microsoft.AspNetCore.Http.Abstractions (>= 2.2) - restriction: || (&& (== net45) (>= netstandard2.0)) (&& (== net46) (>= netstandard2.0)) (&& (== net461) (>= netstandard2.0)) (&& (== netstandard1.6) (>= netstandard2.0)) (== netstandard2.0)
      Microsoft.AspNetCore.WebUtilities (>= 2.2) - restriction: || (&& (== net45) (>= netstandard2.0)) (&& (== net46) (>= netstandard2.0)) (&& (== net461) (>= netstandard2.0)) (&& (== netstandard1.6) (>= netstandard2.0)) (== netstandard2.0)
      Microsoft.Extensions.ObjectPool (>= 2.2) - restriction: || (&& (== net45) (>= netstandard2.0)) (&& (== net46) (>= netstandard2.0)) (&& (== net461) (>= netstandard2.0)) (&& (== netstandard1.6) (>= netstandard2.0)) (== netstandard2.0)
      Microsoft.Extensions.Options (>= 2.2) - restriction: || (&& (== net45) (>= netstandard2.0)) (&& (== net46) (>= netstandard2.0)) (&& (== net461) (>= netstandard2.0)) (&& (== netstandard1.6) (>= netstandard2.0)) (== netstandard2.0)
      Microsoft.Net.Http.Headers (>= 2.2) - restriction: || (&& (== net45) (>= netstandard2.0)) (&& (== net46) (>= netstandard2.0)) (&& (== net461) (>= netstandard2.0)) (&& (== netstandard1.6) (>= netstandard2.0)) (== netstandard2.0)
    Microsoft.AspNetCore.Http.Abstractions (2.2) - restriction: || (&& (== net45) (>= netstandard2.0)) (&& (== net46) (>= netstandard2.0)) (&& (== net461) (>= netstandard2.0)) (&& (== netstandard1.6) (>= netstandard2.0)) (== netstandard2.0)
      Microsoft.AspNetCore.Http.Features (>= 2.2) - restriction: || (&& (== net45) (>= netstandard2.0)) (&& (== net46) (>= netstandard2.0)) (&& (== net461) (>= netstandard2.0)) (&& (== netstandard1.6) (>= netstandard2.0)) (== netstandard2.0)
      System.Text.Encodings.Web (>= 4.5) - restriction: || (&& (== net45) (>= netstandard2.0)) (&& (== net46) (>= netstandard2.0)) (&& (== net461) (>= netstandard2.0)) (&& (== netstandard1.6) (>= netstandard2.0)) (== netstandard2.0)
    Microsoft.AspNetCore.Http.Extensions (2.2) - restriction: || (&& (== net45) (>= netstandard2.0)) (&& (== net46) (>= netstandard2.0)) (&& (== net461) (>= netstandard2.0)) (&& (== netstandard1.6) (>= netstandard2.0)) (== netstandard2.0)
      Microsoft.AspNetCore.Http.Abstractions (>= 2.2) - restriction: || (&& (== net45) (>= netstandard2.0)) (&& (== net46) (>= netstandard2.0)) (&& (== net461) (>= netstandard2.0)) (&& (== netstandard1.6) (>= netstandard2.0)) (== netstandard2.0)
      Microsoft.Extensions.FileProviders.Abstractions (>= 2.2) - restriction: || (&& (== net45) (>= netstandard2.0)) (&& (== net46) (>= netstandard2.0)) (&& (== net461) (>= netstandard2.0)) (&& (== netstandard1.6) (>= netstandard2.0)) (== netstandard2.0)
      Microsoft.Net.Http.Headers (>= 2.2) - restriction: || (&& (== net45) (>= netstandard2.0)) (&& (== net46) (>= netstandard2.0)) (&& (== net461) (>= netstandard2.0)) (&& (== netstandard1.6) (>= netstandard2.0)) (== netstandard2.0)
      System.Buffers (>= 4.5) - restriction: || (&& (== net45) (>= netstandard2.0)) (&& (== net46) (>= netstandard2.0)) (&& (== net461) (>= netstandard2.0)) (&& (== netstandard1.6) (>= netstandard2.0)) (== netstandard2.0)
    Microsoft.AspNetCore.Http.Features (3.0) - restriction: || (&& (== net45) (>= netstandard2.0)) (&& (== net46) (>= netstandard2.0)) (&& (== net461) (>= netstandard2.0)) (&& (== netstandard1.6) (>= netstandard2.0)) (== netstandard2.0)
      Microsoft.Extensions.Primitives (>= 3.0) - restriction: || (&& (== net45) (>= netstandard2.0)) (&& (== net46) (>= netstandard2.0)) (&& (== net461) (>= netstandard2.0)) (&& (== netstandard1.6) (>= netstandard2.0)) (== netstandard2.0)
      System.IO.Pipelines (>= 4.6) - restriction: || (&& (== net45) (>= netstandard2.0)) (&& (== net46) (>= netstandard2.0)) (&& (== net461) (>= netstandard2.0)) (&& (== netstandard1.6) (>= netstandard2.0)) (== netstandard2.0)
    Microsoft.AspNetCore.HttpOverrides (2.2) - restriction: || (&& (== net45) (>= netstandard2.0)) (&& (== net46) (>= netstandard2.0)) (&& (== net461) (>= netstandard2.0)) (&& (== netstandard1.6) (>= netstandard2.0)) (== netstandard2.0)
      Microsoft.AspNetCore.Http.Extensions (>= 2.2) - restriction: || (&& (== net45) (>= netstandard2.0)) (&& (== net46) (>= netstandard2.0)) (&& (== net461) (>= netstandard2.0)) (&& (== netstandard1.6) (>= netstandard2.0)) (== netstandard2.0)
      Microsoft.Extensions.Logging.Abstractions (>= 2.2) - restriction: || (&& (== net45) (>= netstandard2.0)) (&& (== net46) (>= netstandard2.0)) (&& (== net461) (>= netstandard2.0)) (&& (== netstandard1.6) (>= netstandard2.0)) (== netstandard2.0)
      Microsoft.Extensions.Options (>= 2.2) - restriction: || (&& (== net45) (>= netstandard2.0)) (&& (== net46) (>= netstandard2.0)) (&& (== net461) (>= netstandard2.0)) (&& (== netstandard1.6) (>= netstandard2.0)) (== netstandard2.0)
    Microsoft.AspNetCore.Routing (2.2.2) - restriction: || (&& (== net45) (>= netstandard2.0)) (&& (== net46) (>= netstandard2.0)) (&& (== net461) (>= netstandard2.0)) (&& (== netstandard1.6) (>= netstandard2.0)) (== netstandard2.0)
      Microsoft.AspNetCore.Http.Extensions (>= 2.2) - restriction: || (&& (== net45) (>= netstandard2.0)) (&& (== net46) (>= netstandard2.0)) (&& (== net461) (>= netstandard2.0)) (&& (== netstandard1.6) (>= netstandard2.0)) (== netstandard2.0)
      Microsoft.AspNetCore.Routing.Abstractions (>= 2.2) - restriction: || (&& (== net45) (>= netstandard2.0)) (&& (== net46) (>= netstandard2.0)) (&& (== net461) (>= netstandard2.0)) (&& (== netstandard1.6) (>= netstandard2.0)) (== netstandard2.0)
      Microsoft.Extensions.Logging.Abstractions (>= 2.2) - restriction: || (&& (== net45) (>= netstandard2.0)) (&& (== net46) (>= netstandard2.0)) (&& (== net461) (>= netstandard2.0)) (&& (== netstandard1.6) (>= netstandard2.0)) (== netstandard2.0)
      Microsoft.Extensions.ObjectPool (>= 2.2) - restriction: || (&& (== net45) (>= netstandard2.0)) (&& (== net46) (>= netstandard2.0)) (&& (== net461) (>= netstandard2.0)) (&& (== netstandard1.6) (>= netstandard2.0)) (== netstandard2.0)
      Microsoft.Extensions.Options (>= 2.2) - restriction: || (&& (== net45) (>= netstandard2.0)) (&& (== net46) (>= netstandard2.0)) (&& (== net461) (>= netstandard2.0)) (&& (== netstandard1.6) (>= netstandard2.0)) (== netstandard2.0)
    Microsoft.AspNetCore.Routing.Abstractions (2.2) - restriction: || (&& (== net45) (>= netstandard2.0)) (&& (== net46) (>= netstandard2.0)) (&& (== net461) (>= netstandard2.0)) (&& (== netstandard1.6) (>= netstandard2.0)) (== netstandard2.0)
      Microsoft.AspNetCore.Http.Abstractions (>= 2.2) - restriction: || (&& (== net45) (>= netstandard2.0)) (&& (== net46) (>= netstandard2.0)) (&& (== net461) (>= netstandard2.0)) (&& (== netstandard1.6) (>= netstandard2.0)) (== netstandard2.0)
    Microsoft.AspNetCore.Server.IIS (2.2.6) - restriction: || (&& (== net45) (>= netstandard2.0)) (&& (== net46) (>= netstandard2.0)) (&& (== net461) (>= netstandard2.0)) (&& (== netstandard1.6) (>= netstandard2.0)) (== netstandard2.0)
      Microsoft.AspNetCore.Authentication.Core (>= 2.2) - restriction: || (&& (== net45) (>= netstandard2.0)) (&& (== net46) (>= netstandard2.0)) (&& (== net461) (>= netstandard2.0)) (&& (== netstandard1.6) (>= netstandard2.0)) (== netstandard2.0)
      Microsoft.AspNetCore.Connections.Abstractions (>= 2.2) - restriction: || (&& (== net45) (>= netstandard2.0)) (&& (== net46) (>= netstandard2.0)) (&& (== net461) (>= netstandard2.0)) (&& (== netstandard1.6) (>= netstandard2.0)) (== netstandard2.0)
      Microsoft.AspNetCore.Hosting.Abstractions (>= 2.2) - restriction: || (&& (== net45) (>= netstandard2.0)) (&& (== net46) (>= netstandard2.0)) (&& (== net461) (>= netstandard2.0)) (&& (== netstandard1.6) (>= netstandard2.0)) (== netstandard2.0)
      System.IO.Pipelines (>= 4.5.3) - restriction: || (&& (== net45) (>= netstandard2.0)) (&& (== net46) (>= netstandard2.0)) (&& (== net461) (>= netstandard2.0)) (&& (== netstandard1.6) (>= netstandard2.0)) (== netstandard2.0)
      System.Security.Principal.Windows (>= 4.5) - restriction: || (&& (== net45) (>= netstandard2.0)) (&& (== net46) (>= netstandard2.0)) (&& (== net461) (>= netstandard2.0)) (&& (== netstandard1.6) (>= netstandard2.0)) (== netstandard2.0)
    Microsoft.AspNetCore.Server.IISIntegration (2.2.1) - restriction: || (&& (== net45) (>= netstandard2.0)) (&& (== net46) (>= netstandard2.0)) (&& (== net461) (>= netstandard2.0)) (&& (== netstandard1.6) (>= netstandard2.0)) (== netstandard2.0)
      Microsoft.AspNetCore.Authentication.Core (>= 2.2) - restriction: || (&& (== net45) (>= netstandard2.0)) (&& (== net46) (>= netstandard2.0)) (&& (== net461) (>= netstandard2.0)) (&& (== netstandard1.6) (>= netstandard2.0)) (== netstandard2.0)
      Microsoft.AspNetCore.Hosting.Abstractions (>= 2.2) - restriction: || (&& (== net45) (>= netstandard2.0)) (&& (== net46) (>= netstandard2.0)) (&& (== net461) (>= netstandard2.0)) (&& (== netstandard1.6) (>= netstandard2.0)) (== netstandard2.0)
      Microsoft.AspNetCore.Http (>= 2.2) - restriction: || (&& (== net45) (>= netstandard2.0)) (&& (== net46) (>= netstandard2.0)) (&& (== net461) (>= netstandard2.0)) (&& (== netstandard1.6) (>= netstandard2.0)) (== netstandard2.0)
      Microsoft.AspNetCore.Http.Extensions (>= 2.2) - restriction: || (&& (== net45) (>= netstandard2.0)) (&& (== net46) (>= netstandard2.0)) (&& (== net461) (>= netstandard2.0)) (&& (== netstandard1.6) (>= netstandard2.0)) (== netstandard2.0)
      Microsoft.AspNetCore.HttpOverrides (>= 2.2) - restriction: || (&& (== net45) (>= netstandard2.0)) (&& (== net46) (>= netstandard2.0)) (&& (== net461) (>= netstandard2.0)) (&& (== netstandard1.6) (>= netstandard2.0)) (== netstandard2.0)
      Microsoft.Extensions.Logging.Abstractions (>= 2.2) - restriction: || (&& (== net45) (>= netstandard2.0)) (&& (== net46) (>= netstandard2.0)) (&& (== net461) (>= netstandard2.0)) (&& (== netstandard1.6) (>= netstandard2.0)) (== netstandard2.0)
      Microsoft.Extensions.Options (>= 2.2) - restriction: || (&& (== net45) (>= netstandard2.0)) (&& (== net46) (>= netstandard2.0)) (&& (== net461) (>= netstandard2.0)) (&& (== netstandard1.6) (>= netstandard2.0)) (== netstandard2.0)
      System.Buffers (>= 4.5) - restriction: || (&& (== net45) (>= netstandard2.0)) (&& (== net46) (>= netstandard2.0)) (&& (== net461) (>= netstandard2.0)) (&& (== netstandard1.6) (>= netstandard2.0)) (== netstandard2.0)
      System.IO.Pipelines (>= 4.5.2) - restriction: || (&& (== net45) (>= netstandard2.0)) (&& (== net46) (>= netstandard2.0)) (&& (== net461) (>= netstandard2.0)) (&& (== netstandard1.6) (>= netstandard2.0)) (== netstandard2.0)
      System.Memory (>= 4.5.1) - restriction: || (&& (== net45) (>= netstandard2.0)) (&& (== net46) (>= netstandard2.0)) (&& (== net461) (>= netstandard2.0)) (&& (== netstandard1.6) (>= netstandard2.0)) (== netstandard2.0)
      System.Numerics.Vectors (>= 4.5) - restriction: || (&& (== net45) (>= netstandard2.0)) (&& (== net46) (>= netstandard2.0)) (&& (== net461) (>= netstandard2.0)) (&& (== netstandard1.6) (>= netstandard2.0)) (== netstandard2.0)
      System.Runtime.CompilerServices.Unsafe (>= 4.5.1) - restriction: || (&& (== net45) (>= netstandard2.0)) (&& (== net46) (>= netstandard2.0)) (&& (== net461) (>= netstandard2.0)) (&& (== netstandard1.6) (>= netstandard2.0)) (== netstandard2.0)
      System.Security.Principal.Windows (>= 4.5) - restriction: || (&& (== net45) (>= netstandard2.0)) (&& (== net46) (>= netstandard2.0)) (&& (== net461) (>= netstandard2.0)) (&& (== netstandard1.6) (>= netstandard2.0)) (== netstandard2.0)
    Microsoft.AspNetCore.Server.Kestrel (2.2) - restriction: || (&& (== net45) (>= netstandard2.0)) (&& (== net46) (>= netstandard2.0)) (&& (== net461) (>= netstandard2.0)) (&& (== netstandard1.6) (>= netstandard2.0)) (== netstandard2.0)
      Microsoft.AspNetCore.Hosting (>= 2.2) - restriction: || (&& (== net45) (>= netstandard2.0)) (&& (== net46) (>= netstandard2.0)) (&& (== net461) (>= netstandard2.0)) (&& (== netstandard1.6) (>= netstandard2.0)) (== netstandard2.0)
      Microsoft.AspNetCore.Server.Kestrel.Core (>= 2.2) - restriction: || (&& (== net45) (>= netstandard2.0)) (&& (== net46) (>= netstandard2.0)) (&& (== net461) (>= netstandard2.0)) (&& (== netstandard1.6) (>= netstandard2.0)) (== netstandard2.0)
      Microsoft.AspNetCore.Server.Kestrel.Https (>= 2.2) - restriction: || (&& (== net45) (>= netstandard2.0)) (&& (== net46) (>= netstandard2.0)) (&& (== net461) (>= netstandard2.0)) (&& (== netstandard1.6) (>= netstandard2.0)) (== netstandard2.0)
      Microsoft.AspNetCore.Server.Kestrel.Transport.Sockets (>= 2.2) - restriction: || (&& (== net45) (>= netstandard2.0)) (&& (== net46) (>= netstandard2.0)) (&& (== net461) (>= netstandard2.0)) (&& (== netstandard1.6) (>= netstandard2.0)) (== netstandard2.0)
    Microsoft.AspNetCore.Server.Kestrel.Core (2.2) - restriction: || (&& (== net45) (>= netstandard2.0)) (&& (== net46) (>= netstandard2.0)) (&& (== net461) (>= netstandard2.0)) (&& (== netstandard1.6) (>= netstandard2.0)) (== netstandard2.0)
      Microsoft.AspNetCore.Hosting.Abstractions (>= 2.2) - restriction: || (&& (== net45) (>= netstandard2.0)) (&& (== net46) (>= netstandard2.0)) (&& (== net461) (>= netstandard2.0)) (&& (== netstandard1.6) (>= netstandard2.0)) (== netstandard2.0)
      Microsoft.AspNetCore.Http (>= 2.2) - restriction: || (&& (== net45) (>= netstandard2.0)) (&& (== net46) (>= netstandard2.0)) (&& (== net461) (>= netstandard2.0)) (&& (== netstandard1.6) (>= netstandard2.0)) (== netstandard2.0)
      Microsoft.AspNetCore.Server.Kestrel.Transport.Abstractions (>= 2.2) - restriction: || (&& (== net45) (>= netstandard2.0)) (&& (== net46) (>= netstandard2.0)) (&& (== net461) (>= netstandard2.0)) (&& (== netstandard1.6) (>= netstandard2.0)) (== netstandard2.0)
      Microsoft.AspNetCore.WebUtilities (>= 2.2) - restriction: || (&& (== net45) (>= netstandard2.0)) (&& (== net46) (>= netstandard2.0)) (&& (== net461) (>= netstandard2.0)) (&& (== netstandard1.6) (>= netstandard2.0)) (== netstandard2.0)
      Microsoft.Extensions.Configuration.Binder (>= 2.2) - restriction: || (&& (== net45) (>= netstandard2.0)) (&& (== net46) (>= netstandard2.0)) (&& (== net461) (>= netstandard2.0)) (&& (== netstandard1.6) (>= netstandard2.0)) (== netstandard2.0)
      Microsoft.Extensions.Logging.Abstractions (>= 2.2) - restriction: || (&& (== net45) (>= netstandard2.0)) (&& (== net46) (>= netstandard2.0)) (&& (== net461) (>= netstandard2.0)) (&& (== netstandard1.6) (>= netstandard2.0)) (== netstandard2.0)
      Microsoft.Extensions.Options (>= 2.2) - restriction: || (&& (== net45) (>= netstandard2.0)) (&& (== net46) (>= netstandard2.0)) (&& (== net461) (>= netstandard2.0)) (&& (== netstandard1.6) (>= netstandard2.0)) (== netstandard2.0)
      Microsoft.Net.Http.Headers (>= 2.2) - restriction: || (&& (== net45) (>= netstandard2.0)) (&& (== net46) (>= netstandard2.0)) (&& (== net461) (>= netstandard2.0)) (&& (== netstandard1.6) (>= netstandard2.0)) (== netstandard2.0)
      System.Memory (>= 4.5.1) - restriction: || (&& (== net45) (>= netstandard2.0)) (&& (== net46) (>= netstandard2.0)) (&& (== net461) (>= netstandard2.0)) (&& (== netstandard1.6) (>= netstandard2.0)) (== netstandard2.0)
      System.Numerics.Vectors (>= 4.5) - restriction: || (&& (== net45) (>= netstandard2.0)) (&& (== net46) (>= netstandard2.0)) (&& (== net461) (>= netstandard2.0)) (&& (== netstandard1.6) (>= netstandard2.0)) (== netstandard2.0)
      System.Runtime.CompilerServices.Unsafe (>= 4.5.1) - restriction: || (&& (== net45) (>= netstandard2.0)) (&& (== net46) (>= netstandard2.0)) (&& (== net461) (>= netstandard2.0)) (&& (== netstandard1.6) (>= netstandard2.0)) (== netstandard2.0)
      System.Security.Cryptography.Cng (>= 4.5) - restriction: || (&& (== net45) (>= netstandard2.0)) (&& (== net46) (>= netstandard2.0)) (&& (== net461) (>= netstandard2.0)) (&& (== netstandard1.6) (>= netstandard2.0)) (== netstandard2.0)
      System.Threading.Tasks.Extensions (>= 4.5.1) - restriction: || (&& (== net45) (>= netstandard2.0)) (&& (== net46) (>= netstandard2.0)) (&& (== net461) (>= netstandard2.0)) (&& (== netstandard1.6) (>= netstandard2.0)) (== netstandard2.0)
    Microsoft.AspNetCore.Server.Kestrel.Https (2.2) - restriction: || (&& (== net45) (>= netstandard2.0)) (&& (== net46) (>= netstandard2.0)) (&& (== net461) (>= netstandard2.0)) (&& (== netstandard1.6) (>= netstandard2.0)) (== netstandard2.0)
      Microsoft.AspNetCore.Http.Abstractions (>= 2.2) - restriction: || (&& (== net45) (>= netstandard2.0)) (&& (== net46) (>= netstandard2.0)) (&& (== net461) (>= netstandard2.0)) (&& (== netstandard1.6) (>= netstandard2.0)) (== netstandard2.0)
      Microsoft.AspNetCore.Server.Kestrel.Core (>= 2.2) - restriction: || (&& (== net45) (>= netstandard2.0)) (&& (== net46) (>= netstandard2.0)) (&& (== net461) (>= netstandard2.0)) (&& (== netstandard1.6) (>= netstandard2.0)) (== netstandard2.0)
    Microsoft.AspNetCore.Server.Kestrel.Transport.Abstractions (2.2) - restriction: || (&& (== net45) (>= netstandard2.0)) (&& (== net46) (>= netstandard2.0)) (&& (== net461) (>= netstandard2.0)) (&& (== netstandard1.6) (>= netstandard2.0)) (== netstandard2.0)
      Microsoft.AspNetCore.Connections.Abstractions (>= 2.2) - restriction: || (&& (== net45) (>= netstandard2.0)) (&& (== net46) (>= netstandard2.0)) (&& (== net461) (>= netstandard2.0)) (&& (== netstandard1.6) (>= netstandard2.0)) (== netstandard2.0)
    Microsoft.AspNetCore.Server.Kestrel.Transport.Sockets (2.2.1) - restriction: || (&& (== net45) (>= netstandard2.0)) (&& (== net46) (>= netstandard2.0)) (&& (== net461) (>= netstandard2.0)) (&& (== netstandard1.6) (>= netstandard2.0)) (== netstandard2.0)
      Microsoft.AspNetCore.Hosting.Abstractions (>= 2.2) - restriction: || (&& (== net45) (>= netstandard2.0)) (&& (== net46) (>= netstandard2.0)) (&& (== net461) (>= netstandard2.0)) (&& (== netstandard1.6) (>= netstandard2.0)) (== netstandard2.0)
      Microsoft.AspNetCore.Server.Kestrel.Transport.Abstractions (>= 2.2) - restriction: || (&& (== net45) (>= netstandard2.0)) (&& (== net46) (>= netstandard2.0)) (&& (== net461) (>= netstandard2.0)) (&& (== netstandard1.6) (>= netstandard2.0)) (== netstandard2.0)
      Microsoft.Extensions.Options (>= 2.2) - restriction: || (&& (== net45) (>= netstandard2.0)) (&& (== net46) (>= netstandard2.0)) (&& (== net461) (>= netstandard2.0)) (&& (== netstandard1.6) (>= netstandard2.0)) (== netstandard2.0)
    Microsoft.AspNetCore.Session (2.2) - restriction: || (&& (== net45) (>= netstandard2.0)) (&& (== net46) (>= netstandard2.0)) (&& (== net461) (>= netstandard2.0)) (&& (== netstandard1.6) (>= netstandard2.0)) (== netstandard2.0)
      Microsoft.AspNetCore.DataProtection (>= 2.2) - restriction: || (&& (== net45) (>= netstandard2.0)) (&& (== net46) (>= netstandard2.0)) (&& (== net461) (>= netstandard2.0)) (&& (== netstandard1.6) (>= netstandard2.0)) (== netstandard2.0)
      Microsoft.AspNetCore.Http.Abstractions (>= 2.2) - restriction: || (&& (== net45) (>= netstandard2.0)) (&& (== net46) (>= netstandard2.0)) (&& (== net461) (>= netstandard2.0)) (&& (== netstandard1.6) (>= netstandard2.0)) (== netstandard2.0)
      Microsoft.Extensions.Caching.Abstractions (>= 2.2) - restriction: || (&& (== net45) (>= netstandard2.0)) (&& (== net46) (>= netstandard2.0)) (&& (== net461) (>= netstandard2.0)) (&& (== netstandard1.6) (>= netstandard2.0)) (== netstandard2.0)
      Microsoft.Extensions.Logging.Abstractions (>= 2.2) - restriction: || (&& (== net45) (>= netstandard2.0)) (&& (== net46) (>= netstandard2.0)) (&& (== net461) (>= netstandard2.0)) (&& (== netstandard1.6) (>= netstandard2.0)) (== netstandard2.0)
      Microsoft.Extensions.Options (>= 2.2) - restriction: || (&& (== net45) (>= netstandard2.0)) (&& (== net46) (>= netstandard2.0)) (&& (== net461) (>= netstandard2.0)) (&& (== netstandard1.6) (>= netstandard2.0)) (== netstandard2.0)
    Microsoft.AspNetCore.WebUtilities (2.2) - restriction: || (&& (== net45) (>= netstandard2.0)) (&& (== net46) (>= netstandard2.0)) (&& (== net461) (>= netstandard2.0)) (&& (== netstandard1.6) (>= netstandard2.0)) (== netstandard2.0)
      Microsoft.Net.Http.Headers (>= 2.2) - restriction: || (&& (== net45) (>= netstandard2.0)) (&& (== net46) (>= netstandard2.0)) (&& (== net461) (>= netstandard2.0)) (&& (== netstandard1.6) (>= netstandard2.0)) (== netstandard2.0)
      System.Text.Encodings.Web (>= 4.5) - restriction: || (&& (== net45) (>= netstandard2.0)) (&& (== net46) (>= netstandard2.0)) (&& (== net461) (>= netstandard2.0)) (&& (== netstandard1.6) (>= netstandard2.0)) (== netstandard2.0)
    Microsoft.Bcl.AsyncInterfaces (1.0) - restriction: || (&& (== net45) (>= netcoreapp2.0)) (&& (== net45) (>= netcoreapp2.1)) (&& (== net45) (>= netstandard2.0)) (&& (== net45) (>= xamarinios)) (&& (== net45) (>= xamarinmac)) (&& (== net46) (>= netcoreapp2.0)) (&& (== net46) (>= netcoreapp2.1)) (&& (== net46) (>= netstandard2.0)) (&& (== net46) (>= xamarinios)) (&& (== net46) (>= xamarinmac)) (&& (== net461) (>= netcoreapp2.0)) (&& (== net461) (>= netcoreapp2.1)) (&& (== net461) (>= netstandard2.0)) (&& (== net461) (>= xamarinios)) (&& (== net461) (>= xamarinmac)) (&& (== netstandard1.6) (>= netcoreapp2.0)) (&& (== netstandard1.6) (>= netcoreapp2.1)) (&& (== netstandard1.6) (>= netstandard2.0)) (&& (== netstandard1.6) (>= xamarinios)) (&& (== netstandard1.6) (>= xamarinmac)) (== netstandard2.0)
      System.Threading.Tasks.Extensions (>= 4.5.2) - restriction: || (&& (== net45) (>= net461)) (&& (== net45) (>= netstandard2.0)) (&& (== net45) (>= netstandard2.1)) (&& (== net46) (>= net461)) (&& (== net46) (>= netstandard2.0)) (&& (== net46) (>= netstandard2.1)) (== net461) (&& (== netstandard1.6) (>= net461)) (&& (== netstandard1.6) (>= netstandard2.0)) (&& (== netstandard1.6) (>= netstandard2.1)) (== netstandard2.0)
    Microsoft.Extensions.Caching.Abstractions (3.0) - restriction: || (&& (== net45) (>= netstandard2.0)) (&& (== net46) (>= netstandard2.0)) (&& (== net461) (>= netstandard2.0)) (&& (== netstandard1.6) (>= netstandard2.0)) (== netstandard2.0)
      Microsoft.Extensions.Primitives (>= 3.0) - restriction: || (&& (== net45) (>= netstandard2.0)) (&& (== net46) (>= netstandard2.0)) (&& (== net461) (>= netstandard2.0)) (&& (== netstandard1.6) (>= netstandard2.0)) (== netstandard2.0)
    Microsoft.Extensions.Caching.Memory (3.0) - restriction: || (&& (== net45) (>= netstandard2.0)) (&& (== net46) (>= netstandard2.0)) (&& (== net461) (>= netstandard2.0)) (&& (== netstandard1.6) (>= netstandard2.0)) (== netstandard2.0)
      Microsoft.Extensions.Caching.Abstractions (>= 3.0) - restriction: || (&& (== net45) (>= netstandard2.0)) (&& (== net46) (>= netstandard2.0)) (&& (== net461) (>= netstandard2.0)) (&& (== netstandard1.6) (>= netstandard2.0)) (== netstandard2.0)
      Microsoft.Extensions.DependencyInjection.Abstractions (>= 3.0) - restriction: || (&& (== net45) (>= netstandard2.0)) (&& (== net46) (>= netstandard2.0)) (&& (== net461) (>= netstandard2.0)) (&& (== netstandard1.6) (>= netstandard2.0)) (== netstandard2.0)
      Microsoft.Extensions.Logging.Abstractions (>= 3.0) - restriction: || (&& (== net45) (>= netstandard2.0)) (&& (== net46) (>= netstandard2.0)) (&& (== net461) (>= netstandard2.0)) (&& (== netstandard1.6) (>= netstandard2.0)) (== netstandard2.0)
      Microsoft.Extensions.Options (>= 3.0) - restriction: || (&& (== net45) (>= netstandard2.0)) (&& (== net46) (>= netstandard2.0)) (&& (== net461) (>= netstandard2.0)) (&& (== netstandard1.6) (>= netstandard2.0)) (== netstandard2.0)
    Microsoft.Extensions.Configuration (3.0) - restriction: || (&& (== net45) (< net35) (>= netstandard2.0)) (&& (== net45) (>= net461) (>= netstandard2.0)) (&& (== net46) (< net35) (>= netstandard2.0)) (&& (== net46) (>= net461) (>= netstandard2.0)) (&& (== net461) (>= netstandard2.0)) (&& (== netstandard1.6) (>= netstandard2.0)) (== netstandard2.0)
      Microsoft.Extensions.Configuration.Abstractions (>= 3.0) - restriction: || (&& (== net45) (>= netstandard2.0)) (&& (== net46) (>= netstandard2.0)) (&& (== net461) (>= netstandard2.0)) (&& (== netstandard1.6) (>= netstandard2.0)) (== netstandard2.0)
    Microsoft.Extensions.Configuration.Abstractions (3.0) - restriction: || (&& (== net45) (>= netstandard2.0)) (&& (== net46) (>= netstandard2.0)) (&& (== net461) (>= netstandard2.0)) (&& (== netstandard1.6) (>= netstandard2.0)) (== netstandard2.0)
      Microsoft.Extensions.Primitives (>= 3.0) - restriction: || (&& (== net45) (>= netstandard2.0)) (&& (== net46) (>= netstandard2.0)) (&& (== net461) (>= netstandard2.0)) (&& (== netstandard1.6) (>= netstandard2.0)) (== netstandard2.0)
    Microsoft.Extensions.Configuration.Binder (3.0) - restriction: || (&& (== net45) (>= net461)) (&& (== net45) (>= netstandard2.0)) (&& (== net46) (>= net461)) (&& (== net46) (>= netstandard2.0)) (== net461) (&& (== netstandard1.6) (>= net461)) (&& (== netstandard1.6) (>= netstandard2.0)) (== netstandard2.0)
      Microsoft.Extensions.Configuration (>= 3.0) - restriction: || (&& (== net45) (>= netstandard2.0)) (&& (== net46) (>= netstandard2.0)) (&& (== net461) (>= netstandard2.0)) (&& (== netstandard1.6) (>= netstandard2.0)) (== netstandard2.0)
    Microsoft.Extensions.Configuration.CommandLine (3.0) - restriction: || (&& (== net45) (>= netstandard2.0)) (&& (== net46) (>= netstandard2.0)) (&& (== net461) (>= netstandard2.0)) (&& (== netstandard1.6) (>= netstandard2.0)) (== netstandard2.0)
      Microsoft.Extensions.Configuration (>= 3.0) - restriction: || (&& (== net45) (>= netstandard2.0)) (&& (== net46) (>= netstandard2.0)) (&& (== net461) (>= netstandard2.0)) (&& (== netstandard1.6) (>= netstandard2.0)) (== netstandard2.0)
    Microsoft.Extensions.Configuration.EnvironmentVariables (3.0) - restriction: || (&& (== net45) (>= netstandard2.0)) (&& (== net46) (>= netstandard2.0)) (&& (== net461) (>= netstandard2.0)) (&& (== netstandard1.6) (>= netstandard2.0)) (== netstandard2.0)
      Microsoft.Extensions.Configuration (>= 3.0) - restriction: || (&& (== net45) (>= netstandard2.0)) (&& (== net46) (>= netstandard2.0)) (&& (== net461) (>= netstandard2.0)) (&& (== netstandard1.6) (>= netstandard2.0)) (== netstandard2.0)
    Microsoft.Extensions.Configuration.FileExtensions (3.0) - restriction: || (&& (== net45) (>= net461)) (&& (== net45) (>= netstandard2.0)) (&& (== net46) (>= net461)) (&& (== net46) (>= netstandard2.0)) (== net461) (&& (== netstandard1.6) (>= net461)) (&& (== netstandard1.6) (>= netstandard2.0)) (== netstandard2.0)
      Microsoft.Extensions.Configuration (>= 3.0) - restriction: || (&& (== net45) (>= netstandard2.0)) (&& (== net46) (>= netstandard2.0)) (&& (== net461) (>= netstandard2.0)) (&& (== netstandard1.6) (>= netstandard2.0)) (== netstandard2.0)
      Microsoft.Extensions.FileProviders.Physical (>= 3.0) - restriction: || (&& (== net45) (>= netstandard2.0)) (&& (== net46) (>= netstandard2.0)) (&& (== net461) (>= netstandard2.0)) (&& (== netstandard1.6) (>= netstandard2.0)) (== netstandard2.0)
    Microsoft.Extensions.Configuration.Json (3.0) - restriction: || (&& (== net45) (>= netstandard2.0)) (&& (== net46) (>= netstandard2.0)) (&& (== net461) (>= netstandard2.0)) (&& (== netstandard1.6) (>= netstandard2.0)) (== netstandard2.0)
      Microsoft.Extensions.Configuration (>= 3.0) - restriction: || (&& (== net45) (>= netstandard2.0)) (&& (== net46) (>= netstandard2.0)) (&& (== net461) (>= netstandard2.0)) (&& (== netstandard1.6) (>= netstandard2.0)) (== netstandard2.0)
      Microsoft.Extensions.Configuration.FileExtensions (>= 3.0) - restriction: || (&& (== net45) (>= netstandard2.0)) (&& (== net46) (>= netstandard2.0)) (&& (== net461) (>= netstandard2.0)) (&& (== netstandard1.6) (>= netstandard2.0)) (== netstandard2.0)
      System.Text.Json (>= 4.6) - restriction: || (&& (== net45) (>= netstandard2.0)) (&& (== net46) (>= netstandard2.0)) (&& (== net461) (>= netstandard2.0)) (&& (== netstandard1.6) (>= netstandard2.0)) (== netstandard2.0)
      System.Threading.Tasks.Extensions (>= 4.5.2) - restriction: || (&& (== net45) (>= netstandard2.0)) (&& (== net46) (>= netstandard2.0)) (&& (== net461) (>= netstandard2.0)) (&& (== netstandard1.6) (>= netstandard2.0)) (== netstandard2.0)
    Microsoft.Extensions.Configuration.UserSecrets (3.0) - restriction: || (&& (== net45) (>= netstandard2.0)) (&& (== net46) (>= netstandard2.0)) (&& (== net461) (>= netstandard2.0)) (&& (== netstandard1.6) (>= netstandard2.0)) (== netstandard2.0)
      Microsoft.Extensions.Configuration.Json (>= 3.0) - restriction: || (&& (== net45) (>= netstandard2.0)) (&& (== net46) (>= netstandard2.0)) (&& (== net461) (>= netstandard2.0)) (&& (== netstandard1.6) (>= netstandard2.0)) (== netstandard2.0)
    Microsoft.Extensions.DependencyInjection (3.0) - restriction: || (&& (== net45) (>= netstandard2.0)) (&& (== net46) (>= netstandard2.0)) (&& (== net461) (>= netstandard2.0)) (&& (== netstandard1.6) (>= netstandard2.0)) (== netstandard2.0)
      Microsoft.Extensions.DependencyInjection.Abstractions (>= 3.0) - restriction: || (&& (== net45) (>= net461)) (&& (== net45) (>= netstandard2.0)) (&& (== net46) (>= net461)) (&& (== net46) (>= netstandard2.0)) (== net461) (&& (== netstandard1.6) (>= net461)) (&& (== netstandard1.6) (>= netstandard2.0)) (== netstandard2.0)
    Microsoft.Extensions.DependencyInjection.Abstractions (3.0) - restriction: || (&& (== net45) (>= netstandard2.0)) (&& (== net46) (>= netstandard2.0)) (&& (== net461) (>= netstandard2.0)) (&& (== netstandard1.6) (>= netstandard2.0)) (== netstandard2.0)
    Microsoft.Extensions.FileProviders.Abstractions (3.0) - restriction: || (&& (== net45) (>= netstandard2.0)) (&& (== net46) (>= netstandard2.0)) (&& (== net461) (>= netstandard2.0)) (&& (== netstandard1.6) (>= netstandard2.0)) (== netstandard2.0)
      Microsoft.Extensions.Primitives (>= 3.0) - restriction: || (&& (== net45) (>= netstandard2.0)) (&& (== net46) (>= netstandard2.0)) (&& (== net461) (>= netstandard2.0)) (&& (== netstandard1.6) (>= netstandard2.0)) (== netstandard2.0)
    Microsoft.Extensions.FileProviders.Physical (3.0) - restriction: || (&& (== net45) (< net35) (>= netstandard2.0)) (&& (== net45) (>= net461) (>= netstandard2.0)) (&& (== net46) (< net35) (>= netstandard2.0)) (&& (== net46) (>= net461) (>= netstandard2.0)) (&& (== net461) (>= netstandard2.0)) (&& (== netstandard1.6) (>= netstandard2.0)) (== netstandard2.0)
      Microsoft.Extensions.FileProviders.Abstractions (>= 3.0) - restriction: || (&& (== net45) (>= netstandard2.0)) (&& (== net46) (>= netstandard2.0)) (&& (== net461) (>= netstandard2.0)) (&& (== netstandard1.6) (>= netstandard2.0)) (== netstandard2.0)
      Microsoft.Extensions.FileSystemGlobbing (>= 3.0) - restriction: || (&& (== net45) (>= netstandard2.0)) (&& (== net46) (>= netstandard2.0)) (&& (== net461) (>= netstandard2.0)) (&& (== netstandard1.6) (>= netstandard2.0)) (== netstandard2.0)
    Microsoft.Extensions.FileSystemGlobbing (3.0) - restriction: || (&& (== net45) (< net35) (>= netstandard2.0)) (&& (== net45) (>= net461) (>= netstandard2.0)) (&& (== net46) (< net35) (>= netstandard2.0)) (&& (== net46) (>= net461) (>= netstandard2.0)) (&& (== net461) (>= netstandard2.0)) (&& (== netstandard1.6) (>= netstandard2.0)) (== netstandard2.0)
    Microsoft.Extensions.Hosting.Abstractions (3.0) - restriction: || (&& (== net45) (>= netstandard2.0)) (&& (== net46) (>= netstandard2.0)) (&& (== net461) (>= netstandard2.0)) (&& (== netstandard1.6) (>= netstandard2.0)) (== netstandard2.0)
      Microsoft.Extensions.Configuration.Abstractions (>= 3.0) - restriction: || (&& (== net45) (>= netstandard2.0)) (&& (== net46) (>= netstandard2.0)) (&& (== net461) (>= netstandard2.0)) (&& (== netstandard1.6) (>= netstandard2.0)) (== netstandard2.0)
      Microsoft.Extensions.DependencyInjection.Abstractions (>= 3.0) - restriction: || (&& (== net45) (>= netstandard2.0)) (&& (== net46) (>= netstandard2.0)) (&& (== net461) (>= netstandard2.0)) (&& (== netstandard1.6) (>= netstandard2.0)) (== netstandard2.0)
      Microsoft.Extensions.FileProviders.Abstractions (>= 3.0) - restriction: || (&& (== net45) (>= netstandard2.0)) (&& (== net46) (>= netstandard2.0)) (&& (== net461) (>= netstandard2.0)) (&& (== netstandard1.6) (>= netstandard2.0)) (== netstandard2.0)
      Microsoft.Extensions.Logging.Abstractions (>= 3.0) - restriction: || (&& (== net45) (>= netstandard2.0)) (&& (== net46) (>= netstandard2.0)) (&& (== net461) (>= netstandard2.0)) (&& (== netstandard1.6) (>= netstandard2.0)) (== netstandard2.0)
    Microsoft.Extensions.Logging (3.0) - restriction: || (&& (== net45) (>= netstandard2.0)) (&& (== net46) (>= netstandard2.0)) (&& (== net461) (>= netstandard2.0)) (&& (== netstandard1.6) (>= netstandard2.0)) (== netstandard2.0)
      Microsoft.Extensions.Configuration.Binder (>= 3.0) - restriction: || (&& (== net45) (>= netstandard2.0)) (&& (== net46) (>= netstandard2.0)) (&& (== net461) (>= netstandard2.0)) (&& (== netstandard1.6) (>= netstandard2.0)) (== netstandard2.0)
      Microsoft.Extensions.DependencyInjection (>= 3.0) - restriction: || (&& (== net45) (>= netstandard2.0)) (&& (== net46) (>= netstandard2.0)) (&& (== net461) (>= netstandard2.0)) (&& (== netstandard1.6) (>= netstandard2.0)) (== netstandard2.0)
      Microsoft.Extensions.Logging.Abstractions (>= 3.0) - restriction: || (&& (== net45) (>= netstandard2.0)) (&& (== net46) (>= netstandard2.0)) (&& (== net461) (>= netstandard2.0)) (&& (== netstandard1.6) (>= netstandard2.0)) (== netstandard2.0)
      Microsoft.Extensions.Options (>= 3.0) - restriction: || (&& (== net45) (>= netstandard2.0)) (&& (== net46) (>= netstandard2.0)) (&& (== net461) (>= netstandard2.0)) (&& (== netstandard1.6) (>= netstandard2.0)) (== netstandard2.0)
    Microsoft.Extensions.Logging.Abstractions (3.0) - restriction: || (&& (== net45) (>= netstandard2.0)) (&& (== net46) (>= netstandard2.0)) (&& (== net461) (>= netstandard2.0)) (&& (== netstandard1.6) (>= netstandard2.0)) (== netstandard2.0)
    Microsoft.Extensions.Logging.Configuration (3.0) - restriction: || (&& (== net45) (>= netstandard2.0)) (&& (== net46) (>= netstandard2.0)) (&& (== net461) (>= netstandard2.0)) (&& (== netstandard1.6) (>= netstandard2.0)) (== netstandard2.0)
      Microsoft.Extensions.Logging (>= 3.0) - restriction: || (&& (== net45) (>= netstandard2.0)) (&& (== net46) (>= netstandard2.0)) (&& (== net461) (>= netstandard2.0)) (&& (== netstandard1.6) (>= netstandard2.0)) (== netstandard2.0)
      Microsoft.Extensions.Options.ConfigurationExtensions (>= 3.0) - restriction: || (&& (== net45) (>= netstandard2.0)) (&& (== net46) (>= netstandard2.0)) (&& (== net461) (>= netstandard2.0)) (&& (== netstandard1.6) (>= netstandard2.0)) (== netstandard2.0)
    Microsoft.Extensions.Logging.Console (3.0) - restriction: || (&& (== net45) (>= netstandard2.0)) (&& (== net46) (>= netstandard2.0)) (&& (== net461) (>= netstandard2.0)) (&& (== netstandard1.6) (>= netstandard2.0)) (== netstandard2.0)
      Microsoft.Extensions.Configuration.Abstractions (>= 3.0) - restriction: || (&& (== net45) (>= netstandard2.0)) (&& (== net46) (>= netstandard2.0)) (&& (== net461) (>= netstandard2.0)) (&& (== netstandard1.6) (>= netstandard2.0)) (== netstandard2.0)
      Microsoft.Extensions.Logging (>= 3.0) - restriction: || (&& (== net45) (>= netstandard2.0)) (&& (== net46) (>= netstandard2.0)) (&& (== net461) (>= netstandard2.0)) (&& (== netstandard1.6) (>= netstandard2.0)) (== netstandard2.0)
      Microsoft.Extensions.Logging.Configuration (>= 3.0) - restriction: || (&& (== net45) (>= netstandard2.0)) (&& (== net46) (>= netstandard2.0)) (&& (== net461) (>= netstandard2.0)) (&& (== netstandard1.6) (>= netstandard2.0)) (== netstandard2.0)
    Microsoft.Extensions.Logging.Debug (3.0) - restriction: || (&& (== net45) (>= netstandard2.0)) (&& (== net46) (>= netstandard2.0)) (&& (== net461) (>= netstandard2.0)) (&& (== netstandard1.6) (>= netstandard2.0)) (== netstandard2.0)
      Microsoft.Extensions.Logging (>= 3.0) - restriction: || (&& (== net45) (>= netstandard2.0)) (&& (== net46) (>= netstandard2.0)) (&& (== net461) (>= netstandard2.0)) (&& (== netstandard1.6) (>= netstandard2.0)) (== netstandard2.0)
    Microsoft.Extensions.Logging.EventSource (3.0) - restriction: || (&& (== net45) (>= netstandard2.0)) (&& (== net46) (>= netstandard2.0)) (&& (== net461) (>= netstandard2.0)) (&& (== netstandard1.6) (>= netstandard2.0)) (== netstandard2.0)
      Microsoft.Extensions.Logging (>= 3.0) - restriction: || (&& (== net45) (>= netstandard2.0)) (&& (== net46) (>= netstandard2.0)) (&& (== net461) (>= netstandard2.0)) (&& (== netstandard1.6) (>= netstandard2.0)) (== netstandard2.0)
      System.Text.Json (>= 4.6) - restriction: || (&& (== net45) (>= netstandard2.0)) (&& (== net46) (>= netstandard2.0)) (&& (== net461) (>= netstandard2.0)) (&& (== netstandard1.6) (>= netstandard2.0)) (== netstandard2.0)
      System.Threading.Tasks.Extensions (>= 4.5.2) - restriction: || (&& (== net45) (>= netstandard2.0)) (&& (== net46) (>= netstandard2.0)) (&& (== net461) (>= netstandard2.0)) (&& (== netstandard1.6) (>= netstandard2.0)) (== netstandard2.0)
    Microsoft.Extensions.ObjectPool (3.0) - restriction: || (&& (== net45) (>= netstandard2.0)) (&& (== net46) (>= netstandard2.0)) (&& (== net461) (>= netstandard2.0)) (&& (== netstandard1.6) (>= netstandard2.0)) (== netstandard2.0)
    Microsoft.Extensions.Options (3.0) - restriction: || (&& (== net45) (>= netstandard2.0)) (&& (== net46) (>= netstandard2.0)) (&& (== net461) (>= netstandard2.0)) (&& (== netstandard1.6) (>= netstandard2.0)) (== netstandard2.0)
      Microsoft.Extensions.DependencyInjection.Abstractions (>= 3.0) - restriction: || (&& (== net45) (>= netstandard2.0)) (&& (== net46) (>= netstandard2.0)) (&& (== net461) (>= netstandard2.0)) (&& (== netstandard1.6) (>= netstandard2.0)) (== netstandard2.0)
      Microsoft.Extensions.Primitives (>= 3.0) - restriction: || (&& (== net45) (>= netstandard2.0)) (&& (== net46) (>= netstandard2.0)) (&& (== net461) (>= netstandard2.0)) (&& (== netstandard1.6) (>= netstandard2.0)) (== netstandard2.0)
      System.ComponentModel.Annotations (>= 4.6) - restriction: || (&& (== net45) (>= netstandard2.0)) (&& (== net46) (>= netstandard2.0)) (&& (== net461) (>= netstandard2.0)) (&& (== netstandard1.6) (>= netstandard2.0)) (== netstandard2.0)
    Microsoft.Extensions.Options.ConfigurationExtensions (3.0) - restriction: || (&& (== net45) (>= netstandard2.0)) (&& (== net46) (>= netstandard2.0)) (&& (== net461) (>= netstandard2.0)) (&& (== netstandard1.6) (>= netstandard2.0)) (== netstandard2.0)
      Microsoft.Extensions.Configuration.Abstractions (>= 3.0) - restriction: || (&& (== net45) (>= netstandard2.0)) (&& (== net46) (>= netstandard2.0)) (&& (== net461) (>= netstandard2.0)) (&& (== netstandard1.6) (>= netstandard2.0)) (== netstandard2.0)
      Microsoft.Extensions.Configuration.Binder (>= 3.0) - restriction: || (&& (== net45) (>= netstandard2.0)) (&& (== net46) (>= netstandard2.0)) (&& (== net461) (>= netstandard2.0)) (&& (== netstandard1.6) (>= netstandard2.0)) (== netstandard2.0)
      Microsoft.Extensions.DependencyInjection.Abstractions (>= 3.0) - restriction: || (&& (== net45) (>= netstandard2.0)) (&& (== net46) (>= netstandard2.0)) (&& (== net461) (>= netstandard2.0)) (&& (== netstandard1.6) (>= netstandard2.0)) (== netstandard2.0)
      Microsoft.Extensions.Options (>= 3.0) - restriction: || (&& (== net45) (>= netstandard2.0)) (&& (== net46) (>= netstandard2.0)) (&& (== net461) (>= netstandard2.0)) (&& (== netstandard1.6) (>= netstandard2.0)) (== netstandard2.0)
    Microsoft.Extensions.Primitives (3.0) - restriction: || (&& (== net45) (>= netstandard2.0)) (&& (== net46) (>= netstandard2.0)) (&& (== net461) (>= netstandard2.0)) (&& (== netstandard1.6) (>= netstandard2.0)) (== netstandard2.0)
      System.Memory (>= 4.5.2) - restriction: || (&& (== net45) (>= netstandard2.0)) (&& (== net46) (>= netstandard2.0)) (&& (== net461) (>= netstandard2.0)) (&& (== netstandard1.6) (>= netstandard2.0)) (== netstandard2.0)
      System.Runtime.CompilerServices.Unsafe (>= 4.6) - restriction: || (&& (== net45) (>= netstandard2.0)) (&& (== net46) (>= netstandard2.0)) (&& (== net461) (>= netstandard2.0)) (&& (== netstandard1.6) (>= netstandard2.0)) (== netstandard2.0)
    Microsoft.Extensions.WebEncoders (3.0) - restriction: || (&& (== net45) (>= netstandard2.0)) (&& (== net46) (>= netstandard2.0)) (&& (== net461) (>= netstandard2.0)) (&& (== netstandard1.6) (>= netstandard2.0)) (== netstandard2.0)
      Microsoft.Extensions.DependencyInjection.Abstractions (>= 3.0) - restriction: || (&& (== net45) (>= netstandard2.0)) (&& (== net46) (>= netstandard2.0)) (&& (== net461) (>= netstandard2.0)) (&& (== netstandard1.6) (>= netstandard2.0)) (== netstandard2.0)
      Microsoft.Extensions.Options (>= 3.0) - restriction: || (&& (== net45) (>= netstandard2.0)) (&& (== net46) (>= netstandard2.0)) (&& (== net461) (>= netstandard2.0)) (&& (== netstandard1.6) (>= netstandard2.0)) (== netstandard2.0)
      System.Text.Encodings.Web (>= 4.6) - restriction: || (&& (== net45) (>= netstandard2.0)) (&& (== net46) (>= netstandard2.0)) (&& (== net461) (>= netstandard2.0)) (&& (== netstandard1.6) (>= netstandard2.0)) (== netstandard2.0)
    Microsoft.Net.Http.Headers (2.2) - restriction: || (&& (== net45) (>= netstandard2.0)) (&& (== net46) (>= netstandard2.0)) (&& (== net461) (>= netstandard2.0)) (&& (== netstandard1.6) (>= netstandard2.0)) (== netstandard2.0)
      Microsoft.Extensions.Primitives (>= 2.2) - restriction: || (&& (== net45) (>= netstandard2.0)) (&& (== net46) (>= netstandard2.0)) (&& (== net461) (>= netstandard2.0)) (&& (== netstandard1.6) (>= netstandard2.0)) (== netstandard2.0)
      System.Buffers (>= 4.5) - restriction: || (&& (== net45) (>= netstandard2.0)) (&& (== net46) (>= netstandard2.0)) (&& (== net461) (>= netstandard2.0)) (&& (== netstandard1.6) (>= netstandard2.0)) (== netstandard2.0)
    Microsoft.NETCore.Platforms (3.0) - restriction: || (&& (== net45) (< net40) (>= netstandard1.3)) (&& (== net45) (< net40) (>= netstandard1.6)) (&& (== net45) (< net40) (>= netstandard2.0)) (&& (== net46) (< net40)) (&& (== net46) (< net45) (>= netstandard1.6)) (&& (== net46) (>= netcoreapp1.1)) (&& (== net461) (< net40)) (&& (== net461) (< net45) (>= netstandard1.6)) (&& (== net461) (>= netcoreapp1.1)) (== netstandard1.6) (== netstandard2.0)
    Microsoft.NETCore.Targets (3.0) - restriction: || (&& (== net45) (< net40) (>= netstandard1.6)) (&& (== net45) (< net40) (>= netstandard2.0)) (&& (== net46) (< net40) (>= netstandard1.6)) (&& (== net46) (< net45) (>= netstandard1.6)) (&& (== net46) (>= netcoreapp1.1)) (&& (== net461) (< net40) (>= netstandard1.6)) (&& (== net461) (< net45) (>= netstandard1.6)) (&& (== net461) (>= netcoreapp1.1)) (== netstandard1.6) (== netstandard2.0)
    Microsoft.Win32.Primitives (4.3) - restriction: || (&& (== net45) (== netstandard2.0)) (&& (== net46) (== netstandard2.0)) (&& (== net46) (< net45)) (&& (== net46) (>= uap10.0)) (&& (== net461) (== netstandard2.0)) (&& (== net461) (< net45)) (&& (== net461) (>= uap10.0)) (== netstandard1.6) (&& (== netstandard2.0) (< netstandard1.3))
      Microsoft.NETCore.Platforms (>= 1.1) - restriction: || (&& (== net45) (>= netstandard1.3)) (&& (== net461) (< net46)) (== netstandard1.6) (== netstandard2.0)
      Microsoft.NETCore.Targets (>= 1.1) - restriction: || (&& (== net45) (>= netstandard1.3)) (&& (== net461) (< net46)) (== netstandard1.6) (== netstandard2.0)
      System.Runtime (>= 4.3) - restriction: || (&& (== net45) (>= netstandard1.3)) (&& (== net461) (< net46)) (== netstandard1.6) (== netstandard2.0)
    Microsoft.Win32.Registry (4.6) - restriction: || (&& (== net45) (>= netstandard2.0)) (&& (== net46) (>= netstandard2.0)) (&& (== net461) (>= netstandard2.0)) (&& (== netstandard1.6) (>= netstandard2.0)) (== netstandard2.0)
      System.Buffers (>= 4.5) - restriction: || (&& (== net45) (>= monoandroid)) (&& (== net45) (>= monotouch)) (&& (== net45) (>= netstandard2.0)) (&& (== net45) (>= xamarinios)) (&& (== net45) (>= xamarinmac)) (&& (== net45) (>= xamarintvos)) (&& (== net45) (>= xamarinwatchos)) (&& (== net46) (>= monoandroid)) (&& (== net46) (>= monotouch)) (&& (== net46) (>= xamarinios)) (&& (== net46) (>= xamarinmac)) (&& (== net46) (>= xamarintvos)) (&& (== net46) (>= xamarinwatchos)) (&& (== net461) (>= monoandroid)) (&& (== net461) (>= monotouch)) (&& (== net461) (< net46) (>= netstandard2.0)) (&& (== net461) (>= xamarinios)) (&& (== net461) (>= xamarinmac)) (&& (== net461) (>= xamarintvos)) (&& (== net461) (>= xamarinwatchos)) (&& (== netstandard1.6) (>= monoandroid)) (&& (== netstandard1.6) (>= monotouch)) (&& (== netstandard1.6) (>= netstandard2.0)) (&& (== netstandard1.6) (>= xamarinios)) (&& (== netstandard1.6) (>= xamarinmac)) (&& (== netstandard1.6) (>= xamarintvos)) (&& (== netstandard1.6) (>= xamarinwatchos)) (== netstandard2.0)
      System.Memory (>= 4.5.3) - restriction: || (&& (== net45) (>= netcoreapp2.0)) (&& (== net45) (>= netstandard2.0)) (&& (== net45) (>= uap10.1)) (&& (== net46) (>= netcoreapp2.0)) (&& (== net46) (>= uap10.1)) (&& (== net461) (< net46) (>= netstandard2.0)) (&& (== net461) (>= netcoreapp2.0)) (&& (== net461) (>= uap10.1)) (&& (== netstandard1.6) (>= netcoreapp2.0)) (&& (== netstandard1.6) (>= netstandard2.0)) (&& (== netstandard1.6) (>= uap10.1)) (== netstandard2.0)
      System.Security.AccessControl (>= 4.6) - restriction: || (&& (== net45) (>= monoandroid)) (&& (== net45) (>= monotouch)) (&& (== net45) (>= net461)) (&& (== net45) (>= netcoreapp2.0)) (&& (== net45) (>= netstandard2.0)) (&& (== net45) (>= xamarinios)) (&& (== net45) (>= xamarinmac)) (&& (== net45) (>= xamarintvos)) (&& (== net45) (>= xamarinwatchos)) (&& (== net46) (>= monoandroid)) (&& (== net46) (>= monotouch)) (&& (== net46) (>= net461)) (&& (== net46) (>= netcoreapp2.0)) (&& (== net46) (>= xamarinios)) (&& (== net46) (>= xamarinmac)) (&& (== net46) (>= xamarintvos)) (&& (== net46) (>= xamarinwatchos)) (== net461) (&& (== netstandard1.6) (>= monoandroid)) (&& (== netstandard1.6) (>= monotouch)) (&& (== netstandard1.6) (>= net461)) (&& (== netstandard1.6) (>= netcoreapp2.0)) (&& (== netstandard1.6) (>= netstandard2.0)) (&& (== netstandard1.6) (>= xamarinios)) (&& (== netstandard1.6) (>= xamarinmac)) (&& (== netstandard1.6) (>= xamarintvos)) (&& (== netstandard1.6) (>= xamarinwatchos)) (== netstandard2.0)
      System.Security.Principal.Windows (>= 4.6) - restriction: || (&& (== net45) (>= monoandroid)) (&& (== net45) (>= monotouch)) (&& (== net45) (>= net461)) (&& (== net45) (>= netcoreapp2.0)) (&& (== net45) (>= netstandard2.0)) (&& (== net45) (>= xamarinios)) (&& (== net45) (>= xamarinmac)) (&& (== net45) (>= xamarintvos)) (&& (== net45) (>= xamarinwatchos)) (&& (== net46) (>= monoandroid)) (&& (== net46) (>= monotouch)) (&& (== net46) (>= net461)) (&& (== net46) (>= netcoreapp2.0)) (&& (== net46) (>= xamarinios)) (&& (== net46) (>= xamarinmac)) (&& (== net46) (>= xamarintvos)) (&& (== net46) (>= xamarinwatchos)) (== net461) (&& (== netstandard1.6) (>= monoandroid)) (&& (== netstandard1.6) (>= monotouch)) (&& (== netstandard1.6) (>= net461)) (&& (== netstandard1.6) (>= netcoreapp2.0)) (&& (== netstandard1.6) (>= netstandard2.0)) (&& (== netstandard1.6) (>= xamarinios)) (&& (== netstandard1.6) (>= xamarinmac)) (&& (== netstandard1.6) (>= xamarintvos)) (&& (== netstandard1.6) (>= xamarinwatchos)) (== netstandard2.0)
    NETStandard.Library (2.0.3) - restriction: || (&& (== net45) (== netstandard2.0)) (&& (== net46) (== netstandard2.0)) (&& (== net46) (< net45)) (&& (== net461) (== netstandard2.0)) (&& (== net461) (< net45)) (== netstandard1.6) (&& (== netstandard2.0) (< netstandard1.3))
      Microsoft.NETCore.Platforms (>= 1.1)
      Microsoft.Win32.Primitives (>= 4.3) - restriction: || (&& (== net45) (>= net46)) (&& (== net45) (>= uap10.0)) (== net46) (&& (== net461) (< net45)) (&& (== net461) (< netstandard1.4)) (&& (== net461) (>= uap10.0)) (== netstandard1.6) (&& (== netstandard2.0) (< netstandard1.4)) (&& (== netstandard2.0) (< netstandard1.5)) (&& (== netstandard2.0) (< netstandard1.6)) (&& (== netstandard2.0) (>= uap10.0))
      System.AppContext (>= 4.3) - restriction: || (&& (== net45) (>= net46)) (&& (== net45) (>= uap10.0)) (== net46) (&& (== net461) (< net45)) (&& (== net461) (< netstandard1.4)) (&& (== net461) (>= uap10.0)) (== netstandard1.6) (&& (== netstandard2.0) (< netstandard1.4)) (&& (== netstandard2.0) (< netstandard1.5)) (&& (== netstandard2.0) (< netstandard1.6)) (&& (== netstandard2.0) (>= uap10.0))
      System.Collections (>= 4.3) - restriction: || (&& (== net45) (< portable-net45+win8+wpa81)) (&& (== net45) (>= uap10.0)) (&& (== net46) (< net45)) (&& (== net46) (< portable-net45+win8+wpa81)) (&& (== net46) (>= uap10.0)) (&& (== net461) (< net45)) (&& (== net461) (< portable-net45+win8+wpa81)) (&& (== net461) (>= uap10.0)) (== netstandard1.6) (&& (== netstandard2.0) (< netstandard1.2)) (&& (== netstandard2.0) (< netstandard1.3)) (&& (== netstandard2.0) (< netstandard1.4)) (&& (== netstandard2.0) (< netstandard1.5)) (&& (== netstandard2.0) (< netstandard1.6)) (&& (== netstandard2.0) (< portable-net45+win8+wpa81)) (&& (== netstandard2.0) (>= uap10.0))
      System.Collections.Concurrent (>= 4.3) - restriction: || (&& (== net45) (>= uap10.0)) (&& (== net46) (< net45)) (&& (== net46) (>= uap10.0)) (&& (== net461) (< net45)) (&& (== net461) (>= uap10.0)) (== netstandard1.6) (&& (== netstandard2.0) (< netstandard1.2)) (&& (== netstandard2.0) (< netstandard1.3)) (&& (== netstandard2.0) (< netstandard1.4)) (&& (== netstandard2.0) (< netstandard1.5)) (&& (== netstandard2.0) (< netstandard1.6)) (&& (== netstandard2.0) (>= uap10.0))
      System.Console (>= 4.3) - restriction: || (&& (== net45) (>= net46)) (&& (== net45) (>= uap10.0)) (== net46) (&& (== net461) (< net45)) (&& (== net461) (< netstandard1.4)) (&& (== net461) (>= uap10.0)) (== netstandard1.6) (&& (== netstandard2.0) (< netstandard1.4)) (&& (== netstandard2.0) (< netstandard1.5)) (&& (== netstandard2.0) (< netstandard1.6)) (&& (== netstandard2.0) (>= uap10.0))
      System.Diagnostics.Debug (>= 4.3) - restriction: || (&& (== net45) (< portable-net45+win8+wpa81)) (&& (== net45) (>= uap10.0)) (&& (== net46) (< net45)) (&& (== net46) (< portable-net45+win8+wpa81)) (&& (== net46) (>= uap10.0)) (&& (== net461) (< net45)) (&& (== net461) (< portable-net45+win8+wpa81)) (&& (== net461) (>= uap10.0)) (== netstandard1.6) (&& (== netstandard2.0) (< netstandard1.2)) (&& (== netstandard2.0) (< netstandard1.3)) (&& (== netstandard2.0) (< netstandard1.4)) (&& (== netstandard2.0) (< netstandard1.5)) (&& (== netstandard2.0) (< netstandard1.6)) (&& (== netstandard2.0) (< portable-net45+win8+wpa81)) (&& (== netstandard2.0) (>= uap10.0))
      System.Diagnostics.Tools (>= 4.3) - restriction: || (&& (== net45) (< portable-net45+win8+wpa81)) (&& (== net45) (>= uap10.0)) (&& (== net46) (< net45)) (&& (== net46) (< portable-net45+win8+wpa81)) (&& (== net46) (>= uap10.0)) (&& (== net461) (< net45)) (&& (== net461) (< portable-net45+win8+wpa81)) (&& (== net461) (>= uap10.0)) (== netstandard1.6) (&& (== netstandard2.0) (< netstandard1.2)) (&& (== netstandard2.0) (< netstandard1.3)) (&& (== netstandard2.0) (< netstandard1.4)) (&& (== netstandard2.0) (< netstandard1.5)) (&& (== netstandard2.0) (< netstandard1.6)) (&& (== netstandard2.0) (< portable-net45+win8+wpa81)) (&& (== netstandard2.0) (>= uap10.0))
      System.Diagnostics.Tracing (>= 4.3) - restriction: || (&& (== net45) (>= uap10.0)) (&& (== net46) (< net45)) (&& (== net46) (>= uap10.0)) (&& (== net461) (< net45)) (&& (== net461) (>= uap10.0)) (== netstandard1.6) (&& (== netstandard2.0) (< netstandard1.2)) (&& (== netstandard2.0) (< netstandard1.3)) (&& (== netstandard2.0) (< netstandard1.4)) (&& (== netstandard2.0) (< netstandard1.5)) (&& (== netstandard2.0) (< netstandard1.6)) (&& (== netstandard2.0) (>= uap10.0))
      System.Globalization (>= 4.3) - restriction: || (&& (== net45) (< portable-net45+win8+wpa81)) (&& (== net45) (>= uap10.0)) (&& (== net46) (< net45)) (&& (== net46) (< portable-net45+win8+wpa81)) (&& (== net46) (>= uap10.0)) (&& (== net461) (< net45)) (&& (== net461) (< portable-net45+win8+wpa81)) (&& (== net461) (>= uap10.0)) (== netstandard1.6) (&& (== netstandard2.0) (< netstandard1.2)) (&& (== netstandard2.0) (< netstandard1.3)) (&& (== netstandard2.0) (< netstandard1.4)) (&& (== netstandard2.0) (< netstandard1.5)) (&& (== netstandard2.0) (< netstandard1.6)) (&& (== netstandard2.0) (< portable-net45+win8+wpa81)) (&& (== netstandard2.0) (>= uap10.0))
      System.Globalization.Calendars (>= 4.3) - restriction: || (&& (== net45) (>= net46)) (&& (== net45) (>= uap10.0)) (== net46) (&& (== net461) (< net45)) (&& (== net461) (< netstandard1.4)) (&& (== net461) (>= uap10.0)) (== netstandard1.6) (&& (== netstandard2.0) (< netstandard1.4)) (&& (== netstandard2.0) (< netstandard1.5)) (&& (== netstandard2.0) (< netstandard1.6)) (&& (== netstandard2.0) (>= uap10.0))
      System.IO (>= 4.3) - restriction: || (&& (== net45) (< portable-net45+win8+wpa81)) (&& (== net45) (>= uap10.0)) (&& (== net46) (< net45)) (&& (== net46) (< portable-net45+win8+wpa81)) (&& (== net46) (>= uap10.0)) (&& (== net461) (< net45)) (&& (== net461) (< portable-net45+win8+wpa81)) (&& (== net461) (>= uap10.0)) (== netstandard1.6) (&& (== netstandard2.0) (< netstandard1.2)) (&& (== netstandard2.0) (< netstandard1.3)) (&& (== netstandard2.0) (< netstandard1.4)) (&& (== netstandard2.0) (< netstandard1.5)) (&& (== netstandard2.0) (< netstandard1.6)) (&& (== netstandard2.0) (< portable-net45+win8+wpa81)) (&& (== netstandard2.0) (>= uap10.0))
      System.IO.Compression (>= 4.3) - restriction: || (&& (== net45) (>= net46)) (&& (== net45) (>= uap10.0)) (== net46) (&& (== net461) (< net45)) (&& (== net461) (< netstandard1.4)) (&& (== net461) (>= uap10.0)) (== netstandard1.6) (&& (== netstandard2.0) (< netstandard1.2)) (&& (== netstandard2.0) (< netstandard1.3)) (&& (== netstandard2.0) (< netstandard1.4)) (&& (== netstandard2.0) (< netstandard1.5)) (&& (== netstandard2.0) (< netstandard1.6)) (&& (== netstandard2.0) (>= uap10.0))
      System.IO.Compression.ZipFile (>= 4.3) - restriction: || (&& (== net45) (>= net46)) (&& (== net45) (>= uap10.0)) (== net46) (&& (== net461) (< net45)) (&& (== net461) (< netstandard1.4)) (&& (== net461) (>= uap10.0)) (== netstandard1.6) (&& (== netstandard2.0) (< netstandard1.4)) (&& (== netstandard2.0) (< netstandard1.5)) (&& (== netstandard2.0) (< netstandard1.6)) (&& (== netstandard2.0) (>= uap10.0))
      System.IO.FileSystem (>= 4.3) - restriction: || (&& (== net45) (>= net46)) (&& (== net45) (>= uap10.0)) (== net46) (&& (== net461) (< net45)) (&& (== net461) (< netstandard1.4)) (&& (== net461) (>= uap10.0)) (== netstandard1.6) (&& (== netstandard2.0) (< netstandard1.4)) (&& (== netstandard2.0) (< netstandard1.5)) (&& (== netstandard2.0) (< netstandard1.6)) (&& (== netstandard2.0) (>= uap10.0))
      System.IO.FileSystem.Primitives (>= 4.3) - restriction: || (&& (== net45) (>= net46)) (&& (== net45) (>= uap10.0)) (== net46) (&& (== net461) (< net45)) (&& (== net461) (< netstandard1.4)) (&& (== net461) (>= uap10.0)) (== netstandard1.6) (&& (== netstandard2.0) (< netstandard1.4)) (&& (== netstandard2.0) (< netstandard1.5)) (&& (== netstandard2.0) (< netstandard1.6)) (&& (== netstandard2.0) (>= uap10.0))
      System.Linq (>= 4.3) - restriction: || (&& (== net45) (< portable-net45+win8+wpa81)) (&& (== net45) (>= uap10.0)) (&& (== net46) (< net45)) (&& (== net46) (< portable-net45+win8+wpa81)) (&& (== net46) (>= uap10.0)) (&& (== net461) (< net45)) (&& (== net461) (< portable-net45+win8+wpa81)) (&& (== net461) (>= uap10.0)) (== netstandard1.6) (&& (== netstandard2.0) (< netstandard1.2)) (&& (== netstandard2.0) (< netstandard1.3)) (&& (== netstandard2.0) (< netstandard1.4)) (&& (== netstandard2.0) (< netstandard1.5)) (&& (== netstandard2.0) (< netstandard1.6)) (&& (== netstandard2.0) (< portable-net45+win8+wpa81)) (&& (== netstandard2.0) (>= uap10.0))
      System.Linq.Expressions (>= 4.3) - restriction: || (&& (== net45) (< portable-net45+win8+wpa81)) (&& (== net45) (>= uap10.0)) (&& (== net46) (< net45)) (&& (== net46) (< portable-net45+win8+wpa81)) (&& (== net46) (>= uap10.0)) (&& (== net461) (< net45)) (&& (== net461) (< portable-net45+win8+wpa81)) (&& (== net461) (>= uap10.0)) (== netstandard1.6) (&& (== netstandard2.0) (< netstandard1.2)) (&& (== netstandard2.0) (< netstandard1.3)) (&& (== netstandard2.0) (< netstandard1.4)) (&& (== netstandard2.0) (< netstandard1.5)) (&& (== netstandard2.0) (< netstandard1.6)) (&& (== netstandard2.0) (< portable-net45+win8+wpa81)) (&& (== netstandard2.0) (>= uap10.0))
      System.Net.Http (>= 4.3.2) - restriction: || (&& (== net45) (>= net46)) (&& (== net45) (>= uap10.0)) (== net46) (&& (== net461) (< net45)) (&& (== net461) (< netstandard1.4)) (&& (== net461) (>= uap10.0)) (== netstandard1.6) (&& (== netstandard2.0) (< netstandard1.2)) (&& (== netstandard2.0) (< netstandard1.3)) (&& (== netstandard2.0) (< netstandard1.4)) (&& (== netstandard2.0) (< netstandard1.5)) (&& (== netstandard2.0) (< netstandard1.6)) (&& (== netstandard2.0) (>= uap10.0))
      System.Net.Primitives (>= 4.3) - restriction: || (&& (== net45) (< portable-net45+win8+wpa81)) (&& (== net45) (>= uap10.0)) (&& (== net46) (< net45)) (&& (== net46) (< portable-net45+win8+wpa81)) (&& (== net46) (>= uap10.0)) (&& (== net461) (< net45)) (&& (== net461) (< portable-net45+win8+wpa81)) (&& (== net461) (>= uap10.0)) (== netstandard1.6) (&& (== netstandard2.0) (< netstandard1.2)) (&& (== netstandard2.0) (< netstandard1.3)) (&& (== netstandard2.0) (< netstandard1.4)) (&& (== netstandard2.0) (< netstandard1.5)) (&& (== netstandard2.0) (< netstandard1.6)) (&& (== netstandard2.0) (< portable-net45+win8+wpa81)) (&& (== netstandard2.0) (>= uap10.0))
      System.Net.Sockets (>= 4.3) - restriction: || (&& (== net45) (>= net46)) (&& (== net45) (>= uap10.0)) (== net46) (&& (== net461) (< net45)) (&& (== net461) (< netstandard1.4)) (&& (== net461) (>= uap10.0)) (== netstandard1.6) (&& (== netstandard2.0) (< netstandard1.4)) (&& (== netstandard2.0) (< netstandard1.5)) (&& (== netstandard2.0) (< netstandard1.6)) (&& (== netstandard2.0) (>= uap10.0))
      System.ObjectModel (>= 4.3) - restriction: || (&& (== net45) (< portable-net45+win8+wpa81)) (&& (== net45) (>= uap10.0)) (&& (== net46) (< net45)) (&& (== net46) (< portable-net45+win8+wpa81)) (&& (== net46) (>= uap10.0)) (&& (== net461) (< net45)) (&& (== net461) (< portable-net45+win8+wpa81)) (&& (== net461) (>= uap10.0)) (== netstandard1.6) (&& (== netstandard2.0) (< netstandard1.2)) (&& (== netstandard2.0) (< netstandard1.3)) (&& (== netstandard2.0) (< netstandard1.4)) (&& (== netstandard2.0) (< netstandard1.5)) (&& (== netstandard2.0) (< netstandard1.6)) (&& (== netstandard2.0) (< portable-net45+win8+wpa81)) (&& (== netstandard2.0) (>= uap10.0))
      System.Reflection (>= 4.3) - restriction: || (&& (== net45) (< portable-net45+win8+wpa81)) (&& (== net45) (>= uap10.0)) (&& (== net46) (< net45)) (&& (== net46) (< portable-net45+win8+wpa81)) (&& (== net46) (>= uap10.0)) (&& (== net461) (< net45)) (&& (== net461) (< portable-net45+win8+wpa81)) (&& (== net461) (>= uap10.0)) (== netstandard1.6) (&& (== netstandard2.0) (< netstandard1.2)) (&& (== netstandard2.0) (< netstandard1.3)) (&& (== netstandard2.0) (< netstandard1.4)) (&& (== netstandard2.0) (< netstandard1.5)) (&& (== netstandard2.0) (< netstandard1.6)) (&& (== netstandard2.0) (< portable-net45+win8+wpa81)) (&& (== netstandard2.0) (>= uap10.0))
      System.Reflection.Extensions (>= 4.3) - restriction: || (&& (== net45) (< portable-net45+win8+wpa81)) (&& (== net45) (>= uap10.0)) (&& (== net46) (< net45)) (&& (== net46) (< portable-net45+win8+wpa81)) (&& (== net46) (>= uap10.0)) (&& (== net461) (< net45)) (&& (== net461) (< portable-net45+win8+wpa81)) (&& (== net461) (>= uap10.0)) (== netstandard1.6) (&& (== netstandard2.0) (< netstandard1.2)) (&& (== netstandard2.0) (< netstandard1.3)) (&& (== netstandard2.0) (< netstandard1.4)) (&& (== netstandard2.0) (< netstandard1.5)) (&& (== netstandard2.0) (< netstandard1.6)) (&& (== netstandard2.0) (< portable-net45+win8+wpa81)) (&& (== netstandard2.0) (>= uap10.0))
      System.Reflection.Primitives (>= 4.3) - restriction: || (&& (== net45) (< portable-net45+win8+wpa81)) (&& (== net45) (>= uap10.0)) (&& (== net46) (< net45)) (&& (== net46) (< portable-net45+win8+wpa81)) (&& (== net46) (>= uap10.0)) (&& (== net461) (< net45)) (&& (== net461) (< portable-net45+win8+wpa81)) (&& (== net461) (>= uap10.0)) (== netstandard1.6) (&& (== netstandard2.0) (< netstandard1.2)) (&& (== netstandard2.0) (< netstandard1.3)) (&& (== netstandard2.0) (< netstandard1.4)) (&& (== netstandard2.0) (< netstandard1.5)) (&& (== netstandard2.0) (< netstandard1.6)) (&& (== netstandard2.0) (< portable-net45+win8+wpa81)) (&& (== netstandard2.0) (>= uap10.0))
      System.Resources.ResourceManager (>= 4.3) - restriction: || (&& (== net45) (< portable-net45+win8+wpa81)) (&& (== net45) (>= uap10.0)) (&& (== net46) (< net45)) (&& (== net46) (< portable-net45+win8+wpa81)) (&& (== net46) (>= uap10.0)) (&& (== net461) (< net45)) (&& (== net461) (< portable-net45+win8+wpa81)) (&& (== net461) (>= uap10.0)) (== netstandard1.6) (&& (== netstandard2.0) (< netstandard1.2)) (&& (== netstandard2.0) (< netstandard1.3)) (&& (== netstandard2.0) (< netstandard1.4)) (&& (== netstandard2.0) (< netstandard1.5)) (&& (== netstandard2.0) (< netstandard1.6)) (&& (== netstandard2.0) (< portable-net45+win8+wpa81)) (&& (== netstandard2.0) (>= uap10.0))
      System.Runtime (>= 4.3) - restriction: || (&& (== net45) (< portable-net45+win8+wpa81)) (&& (== net45) (>= uap10.0)) (&& (== net46) (< net45)) (&& (== net46) (< portable-net45+win8+wpa81)) (&& (== net46) (>= uap10.0)) (&& (== net461) (< net45)) (&& (== net461) (< portable-net45+win8+wpa81)) (&& (== net461) (>= uap10.0)) (== netstandard1.6) (&& (== netstandard2.0) (< netstandard1.2)) (&& (== netstandard2.0) (< netstandard1.3)) (&& (== netstandard2.0) (< netstandard1.4)) (&& (== netstandard2.0) (< netstandard1.5)) (&& (== netstandard2.0) (< netstandard1.6)) (&& (== netstandard2.0) (< portable-net45+win8+wpa81)) (&& (== netstandard2.0) (>= uap10.0))
      System.Runtime.Extensions (>= 4.3) - restriction: || (&& (== net45) (< portable-net45+win8+wpa81)) (&& (== net45) (>= uap10.0)) (&& (== net46) (< net45)) (&& (== net46) (< portable-net45+win8+wpa81)) (&& (== net46) (>= uap10.0)) (&& (== net461) (< net45)) (&& (== net461) (< portable-net45+win8+wpa81)) (&& (== net461) (>= uap10.0)) (== netstandard1.6) (&& (== netstandard2.0) (< netstandard1.2)) (&& (== netstandard2.0) (< netstandard1.3)) (&& (== netstandard2.0) (< netstandard1.4)) (&& (== netstandard2.0) (< netstandard1.5)) (&& (== netstandard2.0) (< netstandard1.6)) (&& (== netstandard2.0) (< portable-net45+win8+wpa81)) (&& (== netstandard2.0) (>= uap10.0))
      System.Runtime.Handles (>= 4.3) - restriction: || (&& (== net45) (>= uap10.0)) (&& (== net46) (< net45)) (&& (== net46) (>= uap10.0)) (&& (== net461) (< net45)) (&& (== net461) (>= uap10.0)) (== netstandard1.6) (&& (== netstandard2.0) (< netstandard1.4)) (&& (== netstandard2.0) (< netstandard1.5)) (&& (== netstandard2.0) (< netstandard1.6)) (&& (== netstandard2.0) (>= uap10.0))
      System.Runtime.InteropServices (>= 4.3) - restriction: || (&& (== net45) (>= uap10.0)) (&& (== net46) (< net45)) (&& (== net46) (>= uap10.0)) (&& (== net461) (< net45)) (&& (== net461) (>= uap10.0)) (== netstandard1.6) (&& (== netstandard2.0) (< netstandard1.2)) (&& (== netstandard2.0) (< netstandard1.3)) (&& (== netstandard2.0) (< netstandard1.4)) (&& (== netstandard2.0) (< netstandard1.5)) (&& (== netstandard2.0) (< netstandard1.6)) (&& (== netstandard2.0) (>= uap10.0))
      System.Runtime.InteropServices.RuntimeInformation (>= 4.3) - restriction: || (== net45) (== net46) (&& (== net461) (< net45)) (&& (== net461) (< netstandard1.0)) (&& (== net461) (< netstandard1.3)) (&& (== net461) (< netstandard1.4)) (&& (== net461) (>= uap10.0)) (== netstandard1.6) (&& (== netstandard2.0) (< netstandard1.0)) (&& (== netstandard2.0) (< netstandard1.2)) (&& (== netstandard2.0) (< netstandard1.3)) (&& (== netstandard2.0) (< netstandard1.4)) (&& (== netstandard2.0) (< netstandard1.5)) (&& (== netstandard2.0) (< netstandard1.6)) (&& (== netstandard2.0) (>= uap10.0))
      System.Runtime.Numerics (>= 4.3) - restriction: || (&& (== net45) (>= uap10.0)) (&& (== net46) (< net45)) (&& (== net46) (>= uap10.0)) (&& (== net461) (< net45)) (&& (== net461) (>= uap10.0)) (== netstandard1.6) (&& (== netstandard2.0) (< netstandard1.2)) (&& (== netstandard2.0) (< netstandard1.3)) (&& (== netstandard2.0) (< netstandard1.4)) (&& (== netstandard2.0) (< netstandard1.5)) (&& (== netstandard2.0) (< netstandard1.6)) (&& (== netstandard2.0) (>= uap10.0))
      System.Security.Cryptography.Algorithms (>= 4.3) - restriction: || (&& (== net45) (>= net46)) (&& (== net45) (>= uap10.0)) (== net46) (&& (== net461) (< net45)) (&& (== net461) (< netstandard1.4)) (&& (== net461) (>= uap10.0)) (== netstandard1.6) (&& (== netstandard2.0) (< netstandard1.4)) (&& (== netstandard2.0) (< netstandard1.5)) (&& (== netstandard2.0) (< netstandard1.6)) (&& (== netstandard2.0) (>= uap10.0))
      System.Security.Cryptography.Encoding (>= 4.3) - restriction: || (&& (== net45) (>= net46)) (&& (== net45) (>= uap10.0)) (== net46) (&& (== net461) (< net45)) (&& (== net461) (< netstandard1.4)) (&& (== net461) (>= uap10.0)) (== netstandard1.6) (&& (== netstandard2.0) (< netstandard1.4)) (&& (== netstandard2.0) (< netstandard1.5)) (&& (== netstandard2.0) (< netstandard1.6)) (&& (== netstandard2.0) (>= uap10.0))
      System.Security.Cryptography.Primitives (>= 4.3) - restriction: || (&& (== net45) (>= net46)) (&& (== net45) (>= uap10.0)) (== net46) (&& (== net461) (< net45)) (&& (== net461) (< netstandard1.4)) (&& (== net461) (>= uap10.0)) (== netstandard1.6) (&& (== netstandard2.0) (< netstandard1.4)) (&& (== netstandard2.0) (< netstandard1.5)) (&& (== netstandard2.0) (< netstandard1.6)) (&& (== netstandard2.0) (>= uap10.0))
      System.Security.Cryptography.X509Certificates (>= 4.3) - restriction: || (&& (== net45) (>= net46)) (&& (== net45) (>= uap10.0)) (== net46) (&& (== net461) (< net45)) (&& (== net461) (< netstandard1.4)) (&& (== net461) (>= uap10.0)) (== netstandard1.6) (&& (== netstandard2.0) (< netstandard1.4)) (&& (== netstandard2.0) (< netstandard1.5)) (&& (== netstandard2.0) (< netstandard1.6)) (&& (== netstandard2.0) (>= uap10.0))
      System.Text.Encoding (>= 4.3) - restriction: || (&& (== net45) (< portable-net45+win8+wpa81)) (&& (== net45) (>= uap10.0)) (&& (== net46) (< net45)) (&& (== net46) (< portable-net45+win8+wpa81)) (&& (== net46) (>= uap10.0)) (&& (== net461) (< net45)) (&& (== net461) (< portable-net45+win8+wpa81)) (&& (== net461) (>= uap10.0)) (== netstandard1.6) (&& (== netstandard2.0) (< netstandard1.2)) (&& (== netstandard2.0) (< netstandard1.3)) (&& (== netstandard2.0) (< netstandard1.4)) (&& (== netstandard2.0) (< netstandard1.5)) (&& (== netstandard2.0) (< netstandard1.6)) (&& (== netstandard2.0) (< portable-net45+win8+wpa81)) (&& (== netstandard2.0) (>= uap10.0))
      System.Text.Encoding.Extensions (>= 4.3) - restriction: || (&& (== net45) (< portable-net45+win8+wpa81)) (&& (== net45) (>= uap10.0)) (&& (== net46) (< net45)) (&& (== net46) (< portable-net45+win8+wpa81)) (&& (== net46) (>= uap10.0)) (&& (== net461) (< net45)) (&& (== net461) (< portable-net45+win8+wpa81)) (&& (== net461) (>= uap10.0)) (== netstandard1.6) (&& (== netstandard2.0) (< netstandard1.2)) (&& (== netstandard2.0) (< netstandard1.3)) (&& (== netstandard2.0) (< netstandard1.4)) (&& (== netstandard2.0) (< netstandard1.5)) (&& (== netstandard2.0) (< netstandard1.6)) (&& (== netstandard2.0) (< portable-net45+win8+wpa81)) (&& (== netstandard2.0) (>= uap10.0))
      System.Text.RegularExpressions (>= 4.3) - restriction: || (&& (== net45) (< portable-net45+win8+wpa81)) (&& (== net45) (>= uap10.0)) (&& (== net46) (< net45)) (&& (== net46) (< portable-net45+win8+wpa81)) (&& (== net46) (>= uap10.0)) (&& (== net461) (< net45)) (&& (== net461) (< portable-net45+win8+wpa81)) (&& (== net461) (>= uap10.0)) (== netstandard1.6) (&& (== netstandard2.0) (< netstandard1.2)) (&& (== netstandard2.0) (< netstandard1.3)) (&& (== netstandard2.0) (< netstandard1.4)) (&& (== netstandard2.0) (< netstandard1.5)) (&& (== netstandard2.0) (< netstandard1.6)) (&& (== netstandard2.0) (< portable-net45+win8+wpa81)) (&& (== netstandard2.0) (>= uap10.0))
      System.Threading (>= 4.3) - restriction: || (&& (== net45) (< portable-net45+win8+wpa81)) (&& (== net45) (>= uap10.0)) (&& (== net46) (< net45)) (&& (== net46) (< portable-net45+win8+wpa81)) (&& (== net46) (>= uap10.0)) (&& (== net461) (< net45)) (&& (== net461) (< portable-net45+win8+wpa81)) (&& (== net461) (>= uap10.0)) (== netstandard1.6) (&& (== netstandard2.0) (< netstandard1.2)) (&& (== netstandard2.0) (< netstandard1.3)) (&& (== netstandard2.0) (< netstandard1.4)) (&& (== netstandard2.0) (< netstandard1.5)) (&& (== netstandard2.0) (< netstandard1.6)) (&& (== netstandard2.0) (< portable-net45+win8+wpa81)) (&& (== netstandard2.0) (>= uap10.0))
      System.Threading.Tasks (>= 4.3) - restriction: || (&& (== net45) (< portable-net45+win8+wpa81)) (&& (== net45) (>= uap10.0)) (&& (== net46) (< net45)) (&& (== net46) (< portable-net45+win8+wpa81)) (&& (== net46) (>= uap10.0)) (&& (== net461) (< net45)) (&& (== net461) (< portable-net45+win8+wpa81)) (&& (== net461) (>= uap10.0)) (== netstandard1.6) (&& (== netstandard2.0) (< netstandard1.2)) (&& (== netstandard2.0) (< netstandard1.3)) (&& (== netstandard2.0) (< netstandard1.4)) (&& (== netstandard2.0) (< netstandard1.5)) (&& (== netstandard2.0) (< netstandard1.6)) (&& (== netstandard2.0) (< portable-net45+win8+wpa81)) (&& (== netstandard2.0) (>= uap10.0))
      System.Threading.Timer (>= 4.3) - restriction: || (&& (== net45) (>= uap10.0)) (&& (== net46) (< net45)) (&& (== net46) (>= uap10.0)) (&& (== net461) (< net45)) (&& (== net461) (>= uap10.0)) (== netstandard1.6) (&& (== netstandard2.0) (< netstandard1.3)) (&& (== netstandard2.0) (< netstandard1.4)) (&& (== netstandard2.0) (< netstandard1.5)) (&& (== netstandard2.0) (< netstandard1.6)) (&& (== netstandard2.0) (>= uap10.0))
      System.Xml.ReaderWriter (>= 4.3) - restriction: || (&& (== net45) (>= net46)) (&& (== net45) (< portable-net45+win8+wpa81)) (&& (== net45) (>= uap10.0)) (== net46) (&& (== net461) (< net45)) (&& (== net461) (< netstandard1.4)) (&& (== net461) (< portable-net45+win8+wpa81)) (&& (== net461) (>= uap10.0)) (== netstandard1.6) (&& (== netstandard2.0) (< netstandard1.2)) (&& (== netstandard2.0) (< netstandard1.3)) (&& (== netstandard2.0) (< netstandard1.4)) (&& (== netstandard2.0) (< netstandard1.5)) (&& (== netstandard2.0) (< netstandard1.6)) (&& (== netstandard2.0) (< portable-net45+win8+wpa81)) (&& (== netstandard2.0) (>= uap10.0))
      System.Xml.XDocument (>= 4.3) - restriction: || (&& (== net45) (< portable-net45+win8+wpa81)) (&& (== net45) (>= uap10.0)) (&& (== net46) (< net45)) (&& (== net46) (< portable-net45+win8+wpa81)) (&& (== net46) (>= uap10.0)) (&& (== net461) (< net45)) (&& (== net461) (< portable-net45+win8+wpa81)) (&& (== net461) (>= uap10.0)) (== netstandard1.6) (&& (== netstandard2.0) (< netstandard1.2)) (&& (== netstandard2.0) (< netstandard1.3)) (&& (== netstandard2.0) (< netstandard1.4)) (&& (== netstandard2.0) (< netstandard1.5)) (&& (== netstandard2.0) (< netstandard1.6)) (&& (== netstandard2.0) (< portable-net45+win8+wpa81)) (&& (== netstandard2.0) (>= uap10.0))
    Newtonsoft.Json (12.0.2) - restriction: || (&& (== net45) (>= netstandard2.0)) (&& (== net46) (>= netstandard2.0)) (&& (== net461) (>= netstandard2.0)) (&& (== netstandard1.6) (>= netstandard2.0)) (== netstandard2.0)
    runtime.debian.8-x64.runtime.native.System.Security.Cryptography.OpenSsl (4.3.3) - restriction: || (&& (== net45) (< net40) (>= netstandard1.6)) (&& (== net45) (< net40) (>= netstandard2.0)) (&& (== net46) (< net40) (>= netstandard1.6)) (&& (== net461) (< net40) (>= netstandard1.6)) (== netstandard1.6) (== netstandard2.0)
    runtime.debian.9-x64.runtime.native.System.Security.Cryptography.OpenSsl (4.3.3) - restriction: || (&& (== net45) (< net40) (>= netstandard1.6)) (&& (== net45) (< net40) (>= netstandard2.0)) (&& (== net46) (< net40) (>= netstandard1.6)) (&& (== net461) (< net40) (>= netstandard1.6)) (== netstandard1.6) (== netstandard2.0)
    runtime.fedora.23-x64.runtime.native.System.Security.Cryptography.OpenSsl (4.3.3) - restriction: || (&& (== net45) (< net40) (>= netstandard1.6)) (&& (== net45) (< net40) (>= netstandard2.0)) (&& (== net46) (< net40) (>= netstandard1.6)) (&& (== net461) (< net40) (>= netstandard1.6)) (== netstandard1.6) (== netstandard2.0)
    runtime.fedora.24-x64.runtime.native.System.Security.Cryptography.OpenSsl (4.3.3) - restriction: || (&& (== net45) (< net40) (>= netstandard1.6)) (&& (== net45) (< net40) (>= netstandard2.0)) (&& (== net46) (< net40) (>= netstandard1.6)) (&& (== net461) (< net40) (>= netstandard1.6)) (== netstandard1.6) (== netstandard2.0)
    runtime.fedora.27-x64.runtime.native.System.Security.Cryptography.OpenSsl (4.3.3) - restriction: || (&& (== net45) (< net40) (>= netstandard1.6)) (&& (== net45) (< net40) (>= netstandard2.0)) (&& (== net46) (< net40) (>= netstandard1.6)) (&& (== net461) (< net40) (>= netstandard1.6)) (== netstandard1.6) (== netstandard2.0)
    runtime.fedora.28-x64.runtime.native.System.Security.Cryptography.OpenSsl (4.3.3) - restriction: || (&& (== net45) (< net40) (>= netstandard1.6)) (&& (== net45) (< net40) (>= netstandard2.0)) (&& (== net46) (< net40) (>= netstandard1.6)) (&& (== net461) (< net40) (>= netstandard1.6)) (== netstandard1.6) (== netstandard2.0)
    runtime.native.System (4.3.1) - restriction: || (&& (== net45) (< net40) (>= netstandard1.6)) (&& (== net45) (< net40) (>= netstandard2.0)) (&& (== net46) (< net40) (>= netstandard1.6)) (&& (== net46) (< net45)) (&& (== net46) (>= uap10.0)) (&& (== net461) (< net40) (>= netstandard1.6)) (&& (== net461) (< net45)) (&& (== net461) (>= uap10.0)) (== netstandard1.6) (== netstandard2.0)
      Microsoft.NETCore.Platforms (>= 1.1.1)
      Microsoft.NETCore.Targets (>= 1.1.3)
    runtime.native.System.IO.Compression (4.3.2) - restriction: || (&& (== net45) (== netstandard2.0)) (&& (== net46) (== netstandard2.0)) (&& (== net46) (< net45)) (&& (== net46) (>= uap10.0)) (&& (== net461) (== netstandard2.0)) (&& (== net461) (< net45)) (&& (== net461) (>= uap10.0)) (== netstandard1.6) (&& (== netstandard2.0) (< netstandard1.2)) (&& (== netstandard2.0) (< netstandard1.3))
      Microsoft.NETCore.Platforms (>= 1.1.1)
      Microsoft.NETCore.Targets (>= 1.1.3)
    runtime.native.System.Net.Http (4.3.1) - restriction: || (&& (== net45) (< net40) (>= netstandard1.6)) (&& (== net45) (< net40) (>= netstandard2.0)) (&& (== net46) (< net40) (>= netstandard1.6)) (&& (== net46) (< net45) (>= netstandard1.6)) (&& (== net46) (>= netstandard1.6) (>= uap10.0)) (&& (== net461) (< net40) (>= netstandard1.6)) (&& (== net461) (< net45) (>= netstandard1.6)) (&& (== net461) (>= netstandard1.6) (>= uap10.0)) (== netstandard1.6) (== netstandard2.0)
      Microsoft.NETCore.Platforms (>= 1.1.1)
      Microsoft.NETCore.Targets (>= 1.1.3)
    runtime.native.System.Security.Cryptography.Apple (4.3.1) - restriction: || (&& (== net45) (== netstandard2.0)) (&& (== net46) (== netstandard2.0)) (&& (== net46) (< net45) (>= netstandard1.6)) (&& (== net46) (>= netstandard1.6) (>= uap10.0)) (&& (== net461) (== netstandard2.0)) (&& (== net461) (< net45) (>= netstandard1.6)) (&& (== net461) (>= netstandard1.6) (>= uap10.0)) (== netstandard1.6) (&& (== netstandard2.0) (< netstandard1.3))
      runtime.osx.10.10-x64.runtime.native.System.Security.Cryptography.Apple (>= 4.3.1)
    runtime.native.System.Security.Cryptography.OpenSsl (4.3.3) - restriction: || (&& (== net45) (< net40) (>= netstandard1.6)) (&& (== net45) (< net40) (>= netstandard2.0)) (&& (== net46) (< net40) (>= netstandard1.6)) (&& (== net46) (< net45) (>= netstandard1.6)) (&& (== net46) (>= netstandard1.6) (>= uap10.0)) (&& (== net461) (< net40) (>= netstandard1.6)) (&& (== net461) (< net45) (>= netstandard1.6)) (&& (== net461) (>= netstandard1.6) (>= uap10.0)) (== netstandard1.6) (== netstandard2.0)
      runtime.debian.8-x64.runtime.native.System.Security.Cryptography.OpenSsl (>= 4.3.3)
      runtime.debian.9-x64.runtime.native.System.Security.Cryptography.OpenSsl (>= 4.3.3)
      runtime.fedora.23-x64.runtime.native.System.Security.Cryptography.OpenSsl (>= 4.3.3)
      runtime.fedora.24-x64.runtime.native.System.Security.Cryptography.OpenSsl (>= 4.3.3)
      runtime.fedora.27-x64.runtime.native.System.Security.Cryptography.OpenSsl (>= 4.3.3)
      runtime.fedora.28-x64.runtime.native.System.Security.Cryptography.OpenSsl (>= 4.3.3)
      runtime.opensuse.13.2-x64.runtime.native.System.Security.Cryptography.OpenSsl (>= 4.3.3)
      runtime.opensuse.42.1-x64.runtime.native.System.Security.Cryptography.OpenSsl (>= 4.3.3)
      runtime.opensuse.42.3-x64.runtime.native.System.Security.Cryptography.OpenSsl (>= 4.3.3)
      runtime.osx.10.10-x64.runtime.native.System.Security.Cryptography.OpenSsl (>= 4.3.3)
      runtime.rhel.7-x64.runtime.native.System.Security.Cryptography.OpenSsl (>= 4.3.3)
      runtime.ubuntu.14.04-x64.runtime.native.System.Security.Cryptography.OpenSsl (>= 4.3.3)
      runtime.ubuntu.16.04-x64.runtime.native.System.Security.Cryptography.OpenSsl (>= 4.3.3)
      runtime.ubuntu.16.10-x64.runtime.native.System.Security.Cryptography.OpenSsl (>= 4.3.3)
      runtime.ubuntu.18.04-x64.runtime.native.System.Security.Cryptography.OpenSsl (>= 4.3.3)
    runtime.opensuse.13.2-x64.runtime.native.System.Security.Cryptography.OpenSsl (4.3.3) - restriction: || (&& (== net45) (< net40) (>= netstandard1.6)) (&& (== net45) (< net40) (>= netstandard2.0)) (&& (== net46) (< net40) (>= netstandard1.6)) (&& (== net461) (< net40) (>= netstandard1.6)) (== netstandard1.6) (== netstandard2.0)
    runtime.opensuse.42.1-x64.runtime.native.System.Security.Cryptography.OpenSsl (4.3.3) - restriction: || (&& (== net45) (< net40) (>= netstandard1.6)) (&& (== net45) (< net40) (>= netstandard2.0)) (&& (== net46) (< net40) (>= netstandard1.6)) (&& (== net461) (< net40) (>= netstandard1.6)) (== netstandard1.6) (== netstandard2.0)
    runtime.opensuse.42.3-x64.runtime.native.System.Security.Cryptography.OpenSsl (4.3.3) - restriction: || (&& (== net45) (< net40) (>= netstandard1.6)) (&& (== net45) (< net40) (>= netstandard2.0)) (&& (== net46) (< net40) (>= netstandard1.6)) (&& (== net461) (< net40) (>= netstandard1.6)) (== netstandard1.6) (== netstandard2.0)
    runtime.osx.10.10-x64.runtime.native.System.Security.Cryptography.Apple (4.3.1) - restriction: || (&& (== net45) (== netstandard2.0)) (&& (== net46) (== netstandard2.0)) (&& (== net46) (< net45) (>= netstandard1.6)) (&& (== net46) (>= netstandard1.6) (>= uap10.0)) (&& (== net461) (== netstandard2.0)) (&& (== net461) (< net45) (>= netstandard1.6)) (&& (== net461) (>= netstandard1.6) (>= uap10.0)) (== netstandard1.6) (&& (== netstandard2.0) (< netstandard1.3))
    runtime.osx.10.10-x64.runtime.native.System.Security.Cryptography.OpenSsl (4.3.3) - restriction: || (&& (== net45) (< net40) (>= netstandard1.6)) (&& (== net45) (< net40) (>= netstandard2.0)) (&& (== net46) (< net40) (>= netstandard1.6)) (&& (== net461) (< net40) (>= netstandard1.6)) (== netstandard1.6) (== netstandard2.0)
    runtime.rhel.7-x64.runtime.native.System.Security.Cryptography.OpenSsl (4.3.3) - restriction: || (&& (== net45) (< net40) (>= netstandard1.6)) (&& (== net45) (< net40) (>= netstandard2.0)) (&& (== net46) (< net40) (>= netstandard1.6)) (&& (== net461) (< net40) (>= netstandard1.6)) (== netstandard1.6) (== netstandard2.0)
    runtime.ubuntu.14.04-x64.runtime.native.System.Security.Cryptography.OpenSsl (4.3.3) - restriction: || (&& (== net45) (< net40) (>= netstandard1.6)) (&& (== net45) (< net40) (>= netstandard2.0)) (&& (== net46) (< net40) (>= netstandard1.6)) (&& (== net461) (< net40) (>= netstandard1.6)) (== netstandard1.6) (== netstandard2.0)
    runtime.ubuntu.16.04-x64.runtime.native.System.Security.Cryptography.OpenSsl (4.3.3) - restriction: || (&& (== net45) (< net40) (>= netstandard1.6)) (&& (== net45) (< net40) (>= netstandard2.0)) (&& (== net46) (< net40) (>= netstandard1.6)) (&& (== net461) (< net40) (>= netstandard1.6)) (== netstandard1.6) (== netstandard2.0)
    runtime.ubuntu.16.10-x64.runtime.native.System.Security.Cryptography.OpenSsl (4.3.3) - restriction: || (&& (== net45) (< net40) (>= netstandard1.6)) (&& (== net45) (< net40) (>= netstandard2.0)) (&& (== net46) (< net40) (>= netstandard1.6)) (&& (== net461) (< net40) (>= netstandard1.6)) (== netstandard1.6) (== netstandard2.0)
    runtime.ubuntu.18.04-x64.runtime.native.System.Security.Cryptography.OpenSsl (4.3.3) - restriction: || (&& (== net45) (< net40) (>= netstandard1.6)) (&& (== net45) (< net40) (>= netstandard2.0)) (&& (== net46) (< net40) (>= netstandard1.6)) (&& (== net461) (< net40) (>= netstandard1.6)) (== netstandard1.6) (== netstandard2.0)
    System.AppContext (4.3) - restriction: || (&& (== net45) (== netstandard2.0)) (&& (== net46) (== netstandard2.0)) (&& (== net46) (< net45)) (&& (== net46) (>= uap10.0)) (&& (== net461) (== netstandard2.0)) (&& (== net461) (< net45)) (&& (== net461) (>= uap10.0)) (== netstandard1.6) (&& (== netstandard2.0) (< netstandard1.3))
      System.Runtime (>= 4.3) - restriction: || (&& (== net45) (>= netstandard1.3)) (&& (== net45) (>= netstandard1.6)) (&& (== net461) (< net46)) (== netstandard1.6) (== netstandard2.0)
    System.Buffers (4.5) - restriction: || (&& (== net45) (>= net46)) (&& (== net45) (>= net461)) (&& (== net45) (>= netstandard2.0)) (&& (== net45) (>= uap10.1)) (== net46) (== net461) (== netstandard1.6) (== netstandard2.0)
      System.Diagnostics.Debug (>= 4.3) - restriction: || (&& (== net46) (< net45)) (&& (== net461) (< net45)) (== netstandard1.6)
      System.Diagnostics.Tracing (>= 4.3) - restriction: || (&& (== net46) (< net45)) (&& (== net461) (< net45)) (== netstandard1.6)
      System.Resources.ResourceManager (>= 4.3) - restriction: || (&& (== net46) (< net45)) (&& (== net461) (< net45)) (== netstandard1.6)
      System.Runtime (>= 4.3) - restriction: || (&& (== net46) (< net45)) (&& (== net461) (< net45)) (== netstandard1.6)
      System.Threading (>= 4.3) - restriction: || (&& (== net46) (< net45)) (&& (== net461) (< net45)) (== netstandard1.6)
    System.Collections (4.3) - restriction: || (&& (== net46) (< net45)) (&& (== net461) (< net45)) (== netstandard1.6) (== netstandard2.0)
      Microsoft.NETCore.Platforms (>= 1.1) - restriction: || (&& (== net46) (< net45)) (&& (== net461) (< net45)) (== netstandard1.6) (== netstandard2.0)
      Microsoft.NETCore.Targets (>= 1.1) - restriction: || (&& (== net46) (< net45)) (&& (== net461) (< net45)) (== netstandard1.6) (== netstandard2.0)
      System.Runtime (>= 4.3) - restriction: || (&& (== net46) (< net45)) (&& (== net461) (< net45)) (== netstandard1.6) (== netstandard2.0)
    System.Collections.Concurrent (4.3) - restriction: || (&& (== net46) (== netstandard2.0)) (&& (== net46) (< net45) (>= netstandard1.6)) (&& (== net461) (== netstandard2.0)) (&& (== net461) (< net45) (>= netstandard1.6)) (== netstandard1.6)
      System.Collections (>= 4.3) - restriction: || (&& (== net46) (< net45)) (&& (== net461) (< net45)) (== netstandard1.6) (== netstandard2.0)
      System.Diagnostics.Debug (>= 4.3) - restriction: || (&& (== net46) (< net45)) (&& (== net461) (< net45)) (== netstandard1.6) (== netstandard2.0)
      System.Diagnostics.Tracing (>= 4.3) - restriction: || (&& (== net46) (< net45)) (&& (== net461) (< net45)) (== netstandard1.6) (== netstandard2.0)
      System.Globalization (>= 4.3) - restriction: || (&& (== net46) (< net45)) (&& (== net461) (< net45)) (== netstandard1.6) (== netstandard2.0)
      System.Reflection (>= 4.3) - restriction: || (&& (== net46) (< net45)) (&& (== net461) (< net45)) (== netstandard1.6) (== netstandard2.0)
      System.Resources.ResourceManager (>= 4.3) - restriction: || (&& (== net46) (< net45)) (&& (== net461) (< net45)) (== netstandard1.6) (== netstandard2.0)
      System.Runtime (>= 4.3) - restriction: || (&& (== net46) (< net45)) (&& (== net461) (< net45)) (== netstandard1.6) (== netstandard2.0)
      System.Runtime.Extensions (>= 4.3) - restriction: || (&& (== net46) (< net45)) (&& (== net461) (< net45)) (== netstandard1.6) (== netstandard2.0)
      System.Threading (>= 4.3) - restriction: || (&& (== net46) (< net45)) (&& (== net461) (< net45)) (== netstandard1.6) (== netstandard2.0)
      System.Threading.Tasks (>= 4.3) - restriction: || (&& (== net46) (< net45)) (&& (== net461) (< net45)) (== netstandard1.6) (== netstandard2.0)
    System.Collections.Immutable (1.6)
      NETStandard.Library (>= 1.6.1) - restriction: || (&& (== net46) (< net45)) (&& (== net461) (< net45)) (== netstandard1.6) (&& (== netstandard2.0) (< netstandard1.3))
      System.Memory (>= 4.5.3) - restriction: || (&& (== net45) (>= net46)) (&& (== net45) (>= uap10.1)) (== net46) (== net461) (== netstandard1.6) (== netstandard2.0)
    System.ComponentModel.Annotations (4.6) - restriction: || (&& (== net45) (>= netstandard2.0)) (&& (== net46) (>= netstandard2.0)) (&& (== net461) (>= netstandard2.0)) (&& (== netstandard1.6) (>= netstandard2.0)) (== netstandard2.0)
    System.Configuration.ConfigurationManager (4.6) - restriction: || (&& (== net45) (< net35) (>= netstandard2.0)) (&& (== net46) (< net35) (>= netstandard2.0)) (&& (== net461) (< net35) (>= netstandard2.0)) (&& (== netstandard1.6) (>= netstandard2.0)) (== netstandard2.0)
      System.Security.Cryptography.ProtectedData (>= 4.6) - restriction: || (&& (== net45) (>= netstandard2.0)) (&& (== net46) (>= netstandard2.0)) (&& (== netstandard1.6) (>= netstandard2.0)) (== netstandard2.0)
      System.Security.Permissions (>= 4.6) - restriction: || (&& (== net45) (>= monoandroid)) (&& (== net45) (>= monotouch)) (&& (== net45) (>= net461)) (&& (== net45) (>= netstandard2.0)) (&& (== net45) (>= xamarintvos)) (&& (== net45) (>= xamarinwatchos)) (&& (== net46) (>= monoandroid)) (&& (== net46) (>= monotouch)) (&& (== net46) (>= net461)) (&& (== net46) (>= netstandard2.0)) (&& (== net46) (>= xamarintvos)) (&& (== net46) (>= xamarinwatchos)) (== net461) (&& (== netstandard1.6) (>= monoandroid)) (&& (== netstandard1.6) (>= monotouch)) (&& (== netstandard1.6) (>= net461)) (&& (== netstandard1.6) (>= netstandard2.0)) (&& (== netstandard1.6) (>= xamarintvos)) (&& (== netstandard1.6) (>= xamarinwatchos)) (== netstandard2.0)
    System.Console (4.3.1) - restriction: || (&& (== net45) (== netstandard2.0)) (&& (== net46) (== netstandard2.0)) (&& (== net46) (< net45)) (&& (== net46) (>= uap10.0)) (&& (== net461) (== netstandard2.0)) (&& (== net461) (< net45)) (&& (== net461) (>= uap10.0)) (== netstandard1.6) (&& (== netstandard2.0) (< netstandard1.3))
      Microsoft.NETCore.Platforms (>= 1.1) - restriction: || (&& (== net45) (>= netstandard1.3)) (&& (== net461) (< net46)) (== netstandard1.6) (== netstandard2.0)
      Microsoft.NETCore.Targets (>= 1.1.2) - restriction: || (&& (== net45) (>= netstandard1.3)) (&& (== net461) (< net46)) (== netstandard1.6) (== netstandard2.0)
      System.IO (>= 4.3) - restriction: || (&& (== net45) (>= netstandard1.3)) (&& (== net461) (< net46)) (== netstandard1.6) (== netstandard2.0)
      System.Runtime (>= 4.3) - restriction: || (&& (== net45) (>= netstandard1.3)) (&& (== net461) (< net46)) (== netstandard1.6) (== netstandard2.0)
      System.Text.Encoding (>= 4.3) - restriction: || (&& (== net45) (>= netstandard1.3)) (&& (== net461) (< net46)) (== netstandard1.6) (== netstandard2.0)
    System.Diagnostics.Debug (4.3) - restriction: || (&& (== net45) (>= uap10.1)) (&& (== net46) (< net45)) (&& (== net461) (< net45)) (== netstandard1.6) (== netstandard2.0)
      Microsoft.NETCore.Platforms (>= 1.1) - restriction: || (&& (== net46) (< net45)) (&& (== net461) (< net45)) (== netstandard1.6) (== netstandard2.0)
      Microsoft.NETCore.Targets (>= 1.1) - restriction: || (&& (== net46) (< net45)) (&& (== net461) (< net45)) (== netstandard1.6) (== netstandard2.0)
      System.Runtime (>= 4.3) - restriction: || (&& (== net46) (< net45)) (&& (== net461) (< net45)) (== netstandard1.6) (== netstandard2.0)
    System.Diagnostics.DiagnosticSource (4.6) - restriction: || (&& (== net45) (< net40) (>= netstandard1.3)) (&& (== net45) (< net40) (>= netstandard1.6)) (&& (== net45) (>= netstandard2.0)) (&& (== net46) (< net40)) (&& (== net46) (>= netstandard2.0)) (&& (== net461) (< net40)) (&& (== net461) (>= netstandard2.0)) (== netstandard1.6) (== netstandard2.0)
      System.Memory (>= 4.5.3)
    System.Diagnostics.Tools (4.3) - restriction: || (&& (== net46) (< net45)) (&& (== net46) (< portable-net45+win8+wpa81)) (&& (== net46) (>= uap10.0)) (&& (== net461) (< net45)) (&& (== net461) (< portable-net45+win8+wpa81)) (&& (== net461) (>= uap10.0)) (== netstandard1.6) (== netstandard2.0)
      Microsoft.NETCore.Platforms (>= 1.1) - restriction: || (&& (== net46) (< net45)) (&& (== net461) (< net45)) (== netstandard1.6) (== netstandard2.0)
      Microsoft.NETCore.Targets (>= 1.1) - restriction: || (&& (== net46) (< net45)) (&& (== net461) (< net45)) (== netstandard1.6) (== netstandard2.0)
      System.Runtime (>= 4.3) - restriction: || (&& (== net46) (< net45)) (&& (== net461) (< net45)) (== netstandard1.6) (== netstandard2.0)
    System.Diagnostics.TraceSource (4.3) - restriction: || (&& (== net45) (== netstandard2.0)) (&& (== net45) (< net20) (>= netstandard1.6)) (&& (== net46) (== netstandard2.0)) (&& (== net46) (< net20) (>= netstandard1.6)) (&& (== net461) (== netstandard2.0)) (&& (== net461) (< net20) (>= netstandard1.6)) (== netstandard1.6)
      Microsoft.NETCore.Platforms (>= 1.1) - restriction: || (&& (== net45) (>= netstandard1.3)) (&& (== net461) (< net46)) (== netstandard1.6) (== netstandard2.0)
      runtime.native.System (>= 4.3) - restriction: || (&& (== net45) (>= netstandard1.3)) (&& (== net461) (< net46)) (== netstandard1.6) (== netstandard2.0)
      System.Collections (>= 4.3) - restriction: || (&& (== net45) (>= netstandard1.3)) (&& (== net461) (< net46)) (== netstandard1.6) (== netstandard2.0)
      System.Diagnostics.Debug (>= 4.3) - restriction: || (&& (== net45) (>= netstandard1.3)) (&& (== net461) (< net46)) (== netstandard1.6) (== netstandard2.0)
      System.Globalization (>= 4.3) - restriction: || (&& (== net45) (>= netstandard1.3)) (&& (== net461) (< net46)) (== netstandard1.6) (== netstandard2.0)
      System.Resources.ResourceManager (>= 4.3) - restriction: || (&& (== net45) (>= netstandard1.3)) (&& (== net461) (< net46)) (== netstandard1.6) (== netstandard2.0)
      System.Runtime (>= 4.3) - restriction: || (&& (== net45) (>= netstandard1.3)) (&& (== net461) (< net46)) (== netstandard1.6) (== netstandard2.0)
      System.Runtime.Extensions (>= 4.3) - restriction: || (&& (== net45) (>= netstandard1.3)) (&& (== net461) (< net46)) (== netstandard1.6) (== netstandard2.0)
      System.Threading (>= 4.3) - restriction: || (&& (== net45) (>= netstandard1.3)) (&& (== net461) (< net46)) (== netstandard1.6) (== netstandard2.0)
    System.Diagnostics.Tracing (4.3) - restriction: || (&& (== net45) (< net40) (>= netstandard1.3)) (&& (== net45) (< net40) (>= netstandard1.6)) (&& (== net45) (< net40) (>= netstandard2.0)) (&& (== net46) (< net40)) (&& (== net46) (< net45) (>= netstandard1.6)) (&& (== net461) (< net40)) (&& (== net461) (< net45) (>= netstandard1.6)) (== netstandard1.6) (== netstandard2.0)
      Microsoft.NETCore.Platforms (>= 1.1) - restriction: || (&& (== net46) (< net45)) (&& (== net461) (< net45)) (== netstandard1.6) (== netstandard2.0)
      Microsoft.NETCore.Targets (>= 1.1) - restriction: || (&& (== net46) (< net45)) (&& (== net461) (< net45)) (== netstandard1.6) (== netstandard2.0)
      System.Runtime (>= 4.3) - restriction: || (&& (== net46) (< net45)) (&& (== net461) (< net45)) (== netstandard1.6) (== netstandard2.0)
    System.Globalization (4.3) - restriction: || (&& (== net45) (>= uap10.1)) (&& (== net46) (< net45)) (&& (== net461) (< net45)) (== netstandard1.6) (== netstandard2.0)
      Microsoft.NETCore.Platforms (>= 1.1) - restriction: || (&& (== net46) (< net45)) (&& (== net461) (< net45)) (== netstandard1.6) (== netstandard2.0)
      Microsoft.NETCore.Targets (>= 1.1) - restriction: || (&& (== net46) (< net45)) (&& (== net461) (< net45)) (== netstandard1.6) (== netstandard2.0)
      System.Runtime (>= 4.3) - restriction: || (&& (== net46) (< net45)) (&& (== net461) (< net45)) (== netstandard1.6) (== netstandard2.0)
    System.Globalization.Calendars (4.3) - restriction: || (&& (== net45) (== netstandard2.0)) (&& (== net46) (== netstandard2.0)) (&& (== net46) (< net45)) (&& (== net46) (>= uap10.0)) (&& (== net461) (== netstandard2.0)) (&& (== net461) (< net45)) (&& (== net461) (>= uap10.0)) (== netstandard1.6) (&& (== netstandard2.0) (< netstandard1.3))
      Microsoft.NETCore.Platforms (>= 1.1) - restriction: || (&& (== net45) (>= netstandard1.3)) (&& (== net461) (< net46)) (== netstandard1.6) (== netstandard2.0)
      Microsoft.NETCore.Targets (>= 1.1) - restriction: || (&& (== net45) (>= netstandard1.3)) (&& (== net461) (< net46)) (== netstandard1.6) (== netstandard2.0)
      System.Globalization (>= 4.3) - restriction: || (&& (== net45) (>= netstandard1.3)) (&& (== net461) (< net46)) (== netstandard1.6) (== netstandard2.0)
      System.Runtime (>= 4.3) - restriction: || (&& (== net45) (>= netstandard1.3)) (&& (== net461) (< net46)) (== netstandard1.6) (== netstandard2.0)
    System.Globalization.Extensions (4.3) - restriction: || (&& (== net45) (< net40) (>= netstandard1.6)) (&& (== net45) (< net40) (>= netstandard2.0)) (&& (== net46) (< net40) (>= netstandard1.6)) (&& (== net461) (< net40) (>= netstandard1.6)) (== netstandard1.6) (== netstandard2.0)
      Microsoft.NETCore.Platforms (>= 1.1) - restriction: || (&& (== net45) (>= netstandard1.3)) (&& (== net461) (< net46)) (== netstandard1.6) (== netstandard2.0)
      System.Globalization (>= 4.3) - restriction: || (&& (== net45) (>= netstandard1.3)) (&& (== net461) (< net46)) (== netstandard1.6) (== netstandard2.0)
      System.Resources.ResourceManager (>= 4.3) - restriction: || (&& (== net45) (>= netstandard1.3)) (&& (== net461) (< net46)) (== netstandard1.6) (== netstandard2.0)
      System.Runtime (>= 4.3) - restriction: || (&& (== net45) (>= netstandard1.3)) (&& (== net461) (< net46)) (== netstandard1.6) (== netstandard2.0)
      System.Runtime.Extensions (>= 4.3) - restriction: || (&& (== net45) (>= netstandard1.3)) (&& (== net461) (< net46)) (== netstandard1.6) (== netstandard2.0)
      System.Runtime.InteropServices (>= 4.3) - restriction: || (&& (== net45) (>= netstandard1.3)) (&& (== net461) (< net46)) (== netstandard1.6) (== netstandard2.0)
    System.IO (4.3) - restriction: || (&& (== net46) (< net45)) (&& (== net461) (< net45)) (== netstandard1.6) (== netstandard2.0)
      Microsoft.NETCore.Platforms (>= 1.1) - restriction: || (&& (== net46) (< net45)) (&& (== net461) (< net45)) (== netstandard1.6) (== netstandard2.0)
      Microsoft.NETCore.Targets (>= 1.1) - restriction: || (&& (== net46) (< net45)) (&& (== net461) (< net45)) (== netstandard1.6) (== netstandard2.0)
      System.Runtime (>= 4.3) - restriction: || (&& (== net46) (< net45)) (&& (== net461) (< net45)) (== netstandard1.6) (== netstandard2.0)
      System.Text.Encoding (>= 4.3) - restriction: || (&& (== net46) (< net45)) (&& (== net461) (< net45)) (== netstandard1.6) (== netstandard2.0)
      System.Threading.Tasks (>= 4.3) - restriction: || (&& (== net46) (< net45)) (&& (== net461) (< net45)) (== netstandard1.6) (== netstandard2.0)
    System.IO.Compression (4.3) - restriction: || (&& (== net45) (== netstandard2.0)) (&& (== net46) (== netstandard2.0)) (&& (== net46) (< net45)) (&& (== net46) (>= uap10.0)) (&& (== net461) (== netstandard2.0)) (&& (== net461) (< net45)) (&& (== net461) (>= uap10.0)) (== netstandard1.6) (&& (== netstandard2.0) (< netstandard1.2)) (&& (== netstandard2.0) (< netstandard1.3))
      Microsoft.NETCore.Platforms (>= 1.1) - restriction: || (&& (== net46) (< net45)) (&& (== net461) (< net45)) (== netstandard1.6) (== netstandard2.0)
      runtime.native.System (>= 4.3) - restriction: || (&& (== net46) (< net45)) (&& (== net461) (< net45)) (== netstandard1.6) (== netstandard2.0)
      runtime.native.System.IO.Compression (>= 4.3) - restriction: || (&& (== net46) (< net45)) (&& (== net461) (< net45)) (== netstandard1.6) (== netstandard2.0)
      System.Buffers (>= 4.3) - restriction: || (&& (== net46) (< net45)) (&& (== net461) (< net45)) (== netstandard1.6) (== netstandard2.0)
      System.Collections (>= 4.3) - restriction: || (&& (== net46) (< net45)) (&& (== net461) (< net45)) (== netstandard1.6) (== netstandard2.0)
      System.Diagnostics.Debug (>= 4.3) - restriction: || (&& (== net46) (< net45)) (&& (== net461) (< net45)) (== netstandard1.6) (== netstandard2.0)
      System.IO (>= 4.3) - restriction: || (&& (== net46) (< net45)) (&& (== net461) (< net45)) (== netstandard1.6) (== netstandard2.0)
      System.Resources.ResourceManager (>= 4.3) - restriction: || (&& (== net46) (< net45)) (&& (== net461) (< net45)) (== netstandard1.6) (== netstandard2.0)
      System.Runtime (>= 4.3) - restriction: || (&& (== net46) (< net45)) (&& (== net461) (< net45)) (== netstandard1.6) (== netstandard2.0)
      System.Runtime.Extensions (>= 4.3) - restriction: || (&& (== net46) (< net45)) (&& (== net461) (< net45)) (== netstandard1.6) (== netstandard2.0)
      System.Runtime.Handles (>= 4.3) - restriction: || (&& (== net46) (< net45)) (&& (== net461) (< net45)) (== netstandard1.6) (== netstandard2.0)
      System.Runtime.InteropServices (>= 4.3) - restriction: || (&& (== net46) (< net45)) (&& (== net461) (< net45)) (== netstandard1.6) (== netstandard2.0)
      System.Text.Encoding (>= 4.3) - restriction: || (&& (== net46) (< net45)) (&& (== net461) (< net45)) (== netstandard1.6) (== netstandard2.0)
      System.Threading (>= 4.3) - restriction: || (&& (== net46) (< net45)) (&& (== net461) (< net45)) (== netstandard1.6) (== netstandard2.0)
      System.Threading.Tasks (>= 4.3) - restriction: || (&& (== net46) (< net45)) (&& (== net461) (< net45)) (== netstandard1.6) (== netstandard2.0)
    System.IO.Compression.ZipFile (4.3) - restriction: || (&& (== net45) (== netstandard2.0)) (&& (== net46) (== netstandard2.0)) (&& (== net46) (< net45)) (&& (== net46) (>= uap10.0)) (&& (== net461) (== netstandard2.0)) (&& (== net461) (< net45)) (&& (== net461) (>= uap10.0)) (== netstandard1.6) (&& (== netstandard2.0) (< netstandard1.3))
      System.Buffers (>= 4.3) - restriction: || (&& (== net45) (>= netstandard1.3)) (&& (== net461) (< net46)) (== netstandard1.6) (== netstandard2.0)
      System.IO (>= 4.3) - restriction: || (&& (== net45) (>= netstandard1.3)) (&& (== net461) (< net46)) (== netstandard1.6) (== netstandard2.0)
      System.IO.Compression (>= 4.3) - restriction: || (&& (== net45) (>= netstandard1.3)) (&& (== net461) (< net46)) (== netstandard1.6) (== netstandard2.0)
      System.IO.FileSystem (>= 4.3) - restriction: || (&& (== net45) (>= netstandard1.3)) (&& (== net461) (< net46)) (== netstandard1.6) (== netstandard2.0)
      System.IO.FileSystem.Primitives (>= 4.3) - restriction: || (&& (== net45) (>= netstandard1.3)) (&& (== net461) (< net46)) (== netstandard1.6) (== netstandard2.0)
      System.Resources.ResourceManager (>= 4.3) - restriction: || (&& (== net45) (>= netstandard1.3)) (&& (== net461) (< net46)) (== netstandard1.6) (== netstandard2.0)
      System.Runtime (>= 4.3) - restriction: || (&& (== net45) (>= netstandard1.3)) (&& (== net461) (< net46)) (== netstandard1.6) (== netstandard2.0)
      System.Runtime.Extensions (>= 4.3) - restriction: || (&& (== net45) (>= netstandard1.3)) (&& (== net461) (< net46)) (== netstandard1.6) (== netstandard2.0)
      System.Text.Encoding (>= 4.3) - restriction: || (&& (== net45) (>= netstandard1.3)) (&& (== net461) (< net46)) (== netstandard1.6) (== netstandard2.0)
    System.IO.FileSystem (4.3) - restriction: || (&& (== net45) (< net40) (>= netstandard1.6)) (&& (== net45) (< net40) (>= netstandard2.0)) (&& (== net46) (< net40) (>= netstandard1.6)) (&& (== net46) (< net45)) (&& (== net46) (>= uap10.0)) (&& (== net461) (< net40) (>= netstandard1.6)) (&& (== net461) (< net45)) (&& (== net461) (>= uap10.0)) (== netstandard1.6) (== netstandard2.0)
      Microsoft.NETCore.Platforms (>= 1.1) - restriction: || (&& (== net45) (>= netstandard1.3)) (&& (== net461) (< net46)) (== netstandard1.6) (== netstandard2.0)
      Microsoft.NETCore.Targets (>= 1.1) - restriction: || (&& (== net45) (>= netstandard1.3)) (&& (== net461) (< net46)) (== netstandard1.6) (== netstandard2.0)
      System.IO (>= 4.3) - restriction: || (&& (== net45) (>= netstandard1.3)) (&& (== net461) (< net46)) (== netstandard1.6) (== netstandard2.0)
      System.IO.FileSystem.Primitives (>= 4.3) - restriction: || (&& (== net45) (>= net46)) (&& (== net45) (>= netstandard1.3)) (== net46) (== net461) (== netstandard1.6) (== netstandard2.0)
      System.Runtime (>= 4.3) - restriction: || (&& (== net45) (>= netstandard1.3)) (&& (== net461) (< net46)) (== netstandard1.6) (== netstandard2.0)
      System.Runtime.Handles (>= 4.3) - restriction: || (&& (== net45) (>= netstandard1.3)) (&& (== net461) (< net46)) (== netstandard1.6) (== netstandard2.0)
      System.Text.Encoding (>= 4.3) - restriction: || (&& (== net45) (>= netstandard1.3)) (&& (== net461) (< net46)) (== netstandard1.6) (== netstandard2.0)
      System.Threading.Tasks (>= 4.3) - restriction: || (&& (== net45) (>= netstandard1.3)) (&& (== net461) (< net46)) (== netstandard1.6) (== netstandard2.0)
    System.IO.FileSystem.Primitives (4.3) - restriction: || (&& (== net45) (== netstandard2.0)) (&& (== net46) (== netstandard2.0)) (&& (== net46) (< net45)) (&& (== net46) (>= uap10.0)) (&& (== net461) (== netstandard2.0)) (&& (== net461) (< net45)) (&& (== net461) (>= uap10.0)) (== netstandard1.6) (&& (== netstandard2.0) (< netstandard1.3))
      System.Runtime (>= 4.3) - restriction: || (&& (== net45) (>= netstandard1.3)) (&& (== net461) (< net46)) (== netstandard1.6) (== netstandard2.0)
    System.IO.Pipelines (4.6) - restriction: || (&& (== net45) (>= netstandard2.0)) (&& (== net46) (>= netstandard2.0)) (&& (== net461) (>= netstandard2.0)) (&& (== netstandard1.6) (>= netstandard2.0)) (== netstandard2.0)
      System.Buffers (>= 4.5) - restriction: || (&& (== net45) (>= monoandroid)) (&& (== net45) (>= monotouch)) (&& (== net45) (>= net46)) (&& (== net45) (>= net461)) (&& (== net45) (>= netstandard1.3)) (&& (== net45) (>= netstandard2.0)) (&& (== net45) (>= xamarinios)) (&& (== net45) (>= xamarinmac)) (&& (== net45) (>= xamarintvos)) (&& (== net45) (>= xamarinwatchos)) (== net46) (== net461) (== netstandard1.6) (== netstandard2.0)
      System.Memory (>= 4.5.3) - restriction: || (&& (== net45) (>= net46)) (&& (== net45) (>= net461)) (&& (== net45) (>= netcoreapp2.0)) (&& (== net45) (>= netstandard1.3)) (&& (== net45) (>= netstandard2.0)) (&& (== net45) (>= uap10.1)) (== net46) (== net461) (== netstandard1.6) (== netstandard2.0)
      System.Threading.Tasks.Extensions (>= 4.5.2) - restriction: || (&& (== net45) (>= net46)) (&& (== net45) (>= net461)) (&& (== net45) (>= netcoreapp2.0)) (&& (== net45) (>= netstandard1.3)) (&& (== net45) (>= netstandard2.0)) (&& (== net45) (>= uap10.1)) (== net46) (== net461) (== netstandard1.6) (== netstandard2.0)
    System.Linq (4.3) - restriction: || (&& (== net46) (== netstandard2.0)) (&& (== net46) (< net45) (>= netstandard1.6)) (&& (== net461) (== netstandard2.0)) (&& (== net461) (< net45) (>= netstandard1.6)) (== netstandard1.6)
      System.Collections (>= 4.3) - restriction: || (&& (== net46) (< net45)) (&& (== net461) (< net45)) (== netstandard1.6) (== netstandard2.0)
      System.Diagnostics.Debug (>= 4.3) - restriction: || (&& (== net46) (< net45) (>= netstandard1.6)) (&& (== net461) (< net45) (>= netstandard1.6)) (== netstandard1.6) (== netstandard2.0)
      System.Resources.ResourceManager (>= 4.3) - restriction: || (&& (== net46) (< net45) (>= netstandard1.6)) (&& (== net461) (< net45) (>= netstandard1.6)) (== netstandard1.6) (== netstandard2.0)
      System.Runtime (>= 4.3) - restriction: || (&& (== net46) (< net45)) (&& (== net461) (< net45)) (== netstandard1.6) (== netstandard2.0)
      System.Runtime.Extensions (>= 4.3) - restriction: || (&& (== net46) (< net45) (>= netstandard1.6)) (&& (== net461) (< net45) (>= netstandard1.6)) (== netstandard1.6) (== netstandard2.0)
    System.Linq.Expressions (4.3) - restriction: || (&& (== net46) (== netstandard2.0)) (&& (== net46) (< net45) (>= netstandard1.6)) (&& (== net461) (== netstandard2.0)) (&& (== net461) (< net45) (>= netstandard1.6)) (== netstandard1.6)
      System.Collections (>= 4.3) - restriction: || (&& (== net46) (< net45) (>= netstandard1.6)) (&& (== net461) (< net45) (>= netstandard1.6)) (== netstandard1.6) (== netstandard2.0)
      System.Diagnostics.Debug (>= 4.3) - restriction: || (&& (== net46) (< net45) (>= netstandard1.6)) (&& (== net461) (< net45) (>= netstandard1.6)) (== netstandard1.6) (== netstandard2.0)
      System.Globalization (>= 4.3) - restriction: || (&& (== net46) (< net45) (>= netstandard1.6)) (&& (== net461) (< net45) (>= netstandard1.6)) (== netstandard1.6) (== netstandard2.0)
      System.IO (>= 4.3) - restriction: || (&& (== net46) (< net45) (>= netstandard1.6)) (&& (== net461) (< net45) (>= netstandard1.6)) (== netstandard1.6) (== netstandard2.0)
      System.Linq (>= 4.3) - restriction: || (&& (== net46) (< net45) (>= netstandard1.6)) (&& (== net461) (< net45) (>= netstandard1.6)) (== netstandard1.6) (== netstandard2.0)
      System.ObjectModel (>= 4.3) - restriction: || (&& (== net46) (< net45) (>= netstandard1.6)) (&& (== net461) (< net45) (>= netstandard1.6)) (== netstandard1.6) (== netstandard2.0)
      System.Reflection (>= 4.3) - restriction: || (&& (== net46) (< net45)) (&& (== net461) (< net45)) (== netstandard1.6) (== netstandard2.0)
      System.Reflection.Emit (>= 4.3) - restriction: || (&& (== net46) (< net45) (>= netstandard1.6)) (&& (== net461) (< net45) (>= netstandard1.6)) (== netstandard1.6) (== netstandard2.0)
      System.Reflection.Emit.ILGeneration (>= 4.3) - restriction: || (&& (== net46) (< net45) (>= netstandard1.6)) (&& (== net461) (< net45) (>= netstandard1.6)) (== netstandard1.6) (== netstandard2.0)
      System.Reflection.Emit.Lightweight (>= 4.3) - restriction: || (&& (== net46) (< net45) (>= netstandard1.6)) (&& (== net461) (< net45) (>= netstandard1.6)) (== netstandard1.6) (== netstandard2.0)
      System.Reflection.Extensions (>= 4.3) - restriction: || (&& (== net46) (< net45) (>= netstandard1.6)) (&& (== net461) (< net45) (>= netstandard1.6)) (== netstandard1.6) (== netstandard2.0)
      System.Reflection.Primitives (>= 4.3) - restriction: || (&& (== net46) (< net45) (>= netstandard1.6)) (&& (== net461) (< net45) (>= netstandard1.6)) (== netstandard1.6) (== netstandard2.0)
      System.Reflection.TypeExtensions (>= 4.3) - restriction: || (&& (== net46) (< net45) (>= netstandard1.6)) (&& (== net461) (< net45) (>= netstandard1.6)) (== netstandard1.6) (== netstandard2.0)
      System.Resources.ResourceManager (>= 4.3) - restriction: || (&& (== net46) (< net45) (>= netstandard1.6)) (&& (== net461) (< net45) (>= netstandard1.6)) (== netstandard1.6) (== netstandard2.0)
      System.Runtime (>= 4.3) - restriction: || (&& (== net46) (< net45)) (&& (== net461) (< net45)) (== netstandard1.6) (== netstandard2.0)
      System.Runtime.Extensions (>= 4.3) - restriction: || (&& (== net46) (< net45) (>= netstandard1.6)) (&& (== net461) (< net45) (>= netstandard1.6)) (== netstandard1.6) (== netstandard2.0)
      System.Threading (>= 4.3) - restriction: || (&& (== net46) (< net45) (>= netstandard1.6)) (&& (== net461) (< net45) (>= netstandard1.6)) (== netstandard1.6) (== netstandard2.0)
    System.Linq.Queryable (4.3) - restriction: || (&& (== net46) (== netstandard2.0)) (&& (== net46) (< net45) (>= netstandard1.6)) (&& (== net461) (== netstandard2.0)) (&& (== net461) (< net45) (>= netstandard1.6)) (== netstandard1.6)
      System.Collections (>= 4.3) - restriction: || (&& (== net46) (< net45)) (&& (== net461) (< net45)) (== netstandard1.6) (== netstandard2.0)
      System.Diagnostics.Debug (>= 4.3) - restriction: || (&& (== net46) (< net45)) (&& (== net461) (< net45)) (== netstandard1.6) (== netstandard2.0)
      System.Linq (>= 4.3) - restriction: || (&& (== net46) (< net45)) (&& (== net461) (< net45)) (== netstandard1.6) (== netstandard2.0)
      System.Linq.Expressions (>= 4.3) - restriction: || (&& (== net46) (< net45)) (&& (== net461) (< net45)) (== netstandard1.6) (== netstandard2.0)
      System.Reflection (>= 4.3) - restriction: || (&& (== net46) (< net45)) (&& (== net461) (< net45)) (== netstandard1.6) (== netstandard2.0)
      System.Reflection.Extensions (>= 4.3) - restriction: || (&& (== net46) (< net45)) (&& (== net461) (< net45)) (== netstandard1.6) (== netstandard2.0)
      System.Resources.ResourceManager (>= 4.3) - restriction: || (&& (== net46) (< net45)) (&& (== net461) (< net45)) (== netstandard1.6) (== netstandard2.0)
      System.Runtime (>= 4.3) - restriction: || (&& (== net46) (< net45)) (&& (== net461) (< net45)) (== netstandard1.6) (== netstandard2.0)
    System.Memory (4.5.3) - restriction: || (&& (== net45) (>= net46)) (&& (== net45) (>= netcoreapp2.0)) (&& (== net45) (>= netstandard2.0)) (&& (== net45) (>= uap10.1)) (== net46) (== net461) (== netstandard1.6) (== netstandard2.0)
      System.Buffers (>= 4.4)
      System.Diagnostics.Debug (>= 4.3) - restriction: || (&& (== net46) (< net45)) (&& (== net461) (< net45)) (== netstandard1.6)
      System.Globalization (>= 4.3) - restriction: || (&& (== net46) (< net45)) (&& (== net461) (< net45)) (== netstandard1.6)
      System.Numerics.Vectors (>= 4.4) - restriction: || (&& (== net45) (>= net461)) (&& (== net46) (< net45) (>= netstandard2.0)) (&& (== net46) (>= net461)) (== net461) (&& (== netstandard1.6) (>= net461)) (&& (== netstandard1.6) (>= netstandard2.0)) (== netstandard2.0)
      System.Reflection (>= 4.3) - restriction: || (&& (== net46) (< net45)) (&& (== net461) (< net45)) (== netstandard1.6)
      System.Resources.ResourceManager (>= 4.3) - restriction: || (&& (== net46) (< net45)) (&& (== net461) (< net45)) (== netstandard1.6)
      System.Runtime (>= 4.3) - restriction: || (&& (== net46) (< net45)) (&& (== net461) (< net45)) (== netstandard1.6)
      System.Runtime.CompilerServices.Unsafe (>= 4.5.2)
      System.Runtime.Extensions (>= 4.3) - restriction: || (&& (== net46) (< net45)) (&& (== net461) (< net45)) (== netstandard1.6)
      System.Runtime.InteropServices (>= 4.3) - restriction: || (&& (== net46) (< net45)) (&& (== net461) (< net45)) (== netstandard1.6)
    System.Net.Http (4.3.4) - restriction: || (&& (== net45) (< net40) (>= netstandard1.3)) (&& (== net45) (< net40) (>= netstandard1.6)) (&& (== net45) (< net40) (>= netstandard2.0)) (&& (== net46) (< net40)) (&& (== net46) (< net45)) (&& (== net46) (>= uap10.0)) (&& (== net461) (< net40)) (&& (== net461) (< net45)) (&& (== net461) (>= uap10.0)) (== netstandard1.6) (== netstandard2.0)
      Microsoft.NETCore.Platforms (>= 1.1.1) - restriction: || (&& (== net46) (< net45)) (&& (== net461) (< net45)) (== netstandard1.6) (== netstandard2.0)
      runtime.native.System (>= 4.3) - restriction: || (&& (== net46) (< net45) (>= netstandard1.6)) (&& (== net461) (< net45) (>= netstandard1.6)) (== netstandard1.6) (== netstandard2.0)
      runtime.native.System.Net.Http (>= 4.3) - restriction: || (&& (== net46) (< net45) (>= netstandard1.6)) (&& (== net461) (< net45) (>= netstandard1.6)) (== netstandard1.6) (== netstandard2.0)
      runtime.native.System.Security.Cryptography.OpenSsl (>= 4.3.2) - restriction: || (&& (== net46) (< net45) (>= netstandard1.6)) (&& (== net461) (< net45) (>= netstandard1.6)) (== netstandard1.6) (== netstandard2.0)
      System.Collections (>= 4.3) - restriction: || (&& (== net46) (< net45)) (&& (== net461) (< net45)) (== netstandard1.6) (== netstandard2.0)
      System.Diagnostics.Debug (>= 4.3) - restriction: || (&& (== net46) (< net45)) (&& (== net461) (< net45)) (== netstandard1.6) (== netstandard2.0)
      System.Diagnostics.DiagnosticSource (>= 4.3) - restriction: || (&& (== net46) (< net45)) (&& (== net461) (< net45)) (== netstandard1.6) (== netstandard2.0)
      System.Diagnostics.Tracing (>= 4.3) - restriction: || (&& (== net46) (< net45)) (&& (== net461) (< net45)) (== netstandard1.6) (== netstandard2.0)
      System.Globalization (>= 4.3) - restriction: || (&& (== net46) (< net45)) (&& (== net461) (< net45)) (== netstandard1.6) (== netstandard2.0)
      System.Globalization.Extensions (>= 4.3) - restriction: || (&& (== net46) (< net45) (>= netstandard1.6)) (&& (== net461) (< net45) (>= netstandard1.6)) (== netstandard1.6) (== netstandard2.0)
      System.IO (>= 4.3) - restriction: || (&& (== net46) (< net45)) (&& (== net461) (< net45)) (== netstandard1.6) (== netstandard2.0)
      System.IO.FileSystem (>= 4.3) - restriction: || (&& (== net46) (< net45) (>= netstandard1.6)) (&& (== net461) (< net45) (>= netstandard1.6)) (== netstandard1.6) (== netstandard2.0)
      System.Net.Primitives (>= 4.3) - restriction: || (&& (== net46) (< net45)) (&& (== net461) (< net45)) (== netstandard1.6) (== netstandard2.0)
      System.Resources.ResourceManager (>= 4.3) - restriction: || (&& (== net46) (< net45)) (&& (== net461) (< net45)) (== netstandard1.6) (== netstandard2.0)
      System.Runtime (>= 4.3) - restriction: || (&& (== net46) (< net45)) (&& (== net461) (< net45)) (== netstandard1.6) (== netstandard2.0)
      System.Runtime.Extensions (>= 4.3) - restriction: || (&& (== net46) (< net45)) (&& (== net461) (< net45)) (== netstandard1.6) (== netstandard2.0)
      System.Runtime.Handles (>= 4.3) - restriction: || (&& (== net46) (< net45)) (&& (== net461) (< net45)) (== netstandard1.6) (== netstandard2.0)
      System.Runtime.InteropServices (>= 4.3) - restriction: || (&& (== net46) (< net45)) (&& (== net461) (< net45)) (== netstandard1.6) (== netstandard2.0)
      System.Security.Cryptography.Algorithms (>= 4.3) - restriction: || (&& (== net46) (< net45) (>= netstandard1.6)) (&& (== net461) (< net45) (>= netstandard1.6)) (== netstandard1.6) (== netstandard2.0)
      System.Security.Cryptography.Encoding (>= 4.3) - restriction: || (&& (== net46) (< net45)) (&& (== net461) (< net45)) (== netstandard1.6) (== netstandard2.0)
      System.Security.Cryptography.OpenSsl (>= 4.3) - restriction: || (&& (== net46) (< net45) (>= netstandard1.6)) (&& (== net461) (< net45) (>= netstandard1.6)) (== netstandard1.6) (== netstandard2.0)
      System.Security.Cryptography.Primitives (>= 4.3) - restriction: || (&& (== net46) (< net45) (>= netstandard1.6)) (&& (== net461) (< net45) (>= netstandard1.6)) (== netstandard1.6) (== netstandard2.0)
      System.Security.Cryptography.X509Certificates (>= 4.3) - restriction: || (&& (== net45) (>= net46)) (== net46) (== net461) (== netstandard1.6) (== netstandard2.0)
      System.Text.Encoding (>= 4.3) - restriction: || (&& (== net46) (< net45)) (&& (== net461) (< net45)) (== netstandard1.6) (== netstandard2.0)
      System.Threading (>= 4.3) - restriction: || (&& (== net46) (< net45)) (&& (== net461) (< net45)) (== netstandard1.6) (== netstandard2.0)
      System.Threading.Tasks (>= 4.3) - restriction: || (&& (== net46) (< net45)) (&& (== net461) (< net45)) (== netstandard1.6) (== netstandard2.0)
    System.Net.Primitives (4.3.1) - restriction: || (&& (== net45) (< net40) (>= netstandard1.3)) (&& (== net45) (< net40) (>= netstandard1.6)) (&& (== net45) (< net40) (>= netstandard2.0)) (&& (== net46) (< net40)) (&& (== net46) (< net45) (>= netstandard1.6)) (&& (== net46) (< netstandard1.1) (>= netstandard1.6)) (&& (== net461) (< net40)) (&& (== net461) (< net45) (>= netstandard1.6)) (&& (== net461) (< netstandard1.1) (>= netstandard1.6)) (== netstandard1.6) (== netstandard2.0)
      Microsoft.NETCore.Platforms (>= 1.1.1) - restriction: || (&& (== net45) (< netstandard1.1)) (&& (== net46) (< net45)) (&& (== net46) (< netstandard1.1)) (&& (== net461) (< net45)) (&& (== net461) (< netstandard1.1)) (== netstandard1.6) (== netstandard2.0)
      Microsoft.NETCore.Targets (>= 1.1.3) - restriction: || (&& (== net45) (< netstandard1.1)) (&& (== net46) (< net45)) (&& (== net46) (< netstandard1.1)) (&& (== net461) (< net45)) (&& (== net461) (< netstandard1.1)) (== netstandard1.6) (== netstandard2.0)
      System.Runtime (>= 4.3.1) - restriction: || (&& (== net45) (< netstandard1.1)) (&& (== net46) (< net45)) (&& (== net46) (< netstandard1.1)) (&& (== net461) (< net45)) (&& (== net461) (< netstandard1.1)) (== netstandard1.6) (== netstandard2.0)
      System.Runtime.Handles (>= 4.3) - restriction: || (&& (== net46) (< net45)) (&& (== net461) (< net45)) (== netstandard1.6) (== netstandard2.0)
    System.Net.Requests (4.3) - restriction: || (&& (== net46) (== netstandard2.0)) (&& (== net46) (< net45) (>= netstandard1.6)) (&& (== net461) (== netstandard2.0)) (&& (== net461) (< net45) (>= netstandard1.6)) (== netstandard1.6)
      Microsoft.NETCore.Platforms (>= 1.1) - restriction: || (&& (== net46) (< net45)) (&& (== net461) (< net45)) (== netstandard1.6) (== netstandard2.0)
      System.Collections (>= 4.3) - restriction: || (&& (== net46) (< net45)) (&& (== net461) (< net45)) (== netstandard1.6) (== netstandard2.0)
      System.Diagnostics.Debug (>= 4.3) - restriction: || (&& (== net46) (< net45)) (&& (== net461) (< net45)) (== netstandard1.6) (== netstandard2.0)
      System.Diagnostics.Tracing (>= 4.3) - restriction: || (&& (== net46) (< net45)) (&& (== net461) (< net45)) (== netstandard1.6) (== netstandard2.0)
      System.Globalization (>= 4.3) - restriction: || (&& (== net46) (< net45)) (&& (== net461) (< net45)) (== netstandard1.6) (== netstandard2.0)
      System.IO (>= 4.3) - restriction: || (&& (== net45) (< netstandard1.1)) (&& (== net46) (< net45)) (&& (== net46) (< netstandard1.1)) (&& (== net461) (< net45)) (&& (== net461) (< netstandard1.1)) (== netstandard1.6) (== netstandard2.0)
      System.Net.Http (>= 4.3) - restriction: || (&& (== net46) (< net45)) (&& (== net461) (< net45)) (== netstandard1.6) (== netstandard2.0)
      System.Net.Primitives (>= 4.3) - restriction: || (&& (== net45) (< netstandard1.1)) (&& (== net46) (< net45)) (&& (== net46) (< netstandard1.1)) (&& (== net461) (< net45)) (&& (== net461) (< netstandard1.1)) (== netstandard1.6) (== netstandard2.0)
      System.Net.WebHeaderCollection (>= 4.3) - restriction: || (&& (== net46) (< net45)) (&& (== net461) (< net45)) (== netstandard1.6) (== netstandard2.0)
      System.Resources.ResourceManager (>= 4.3) - restriction: || (&& (== net46) (< net45)) (&& (== net461) (< net45)) (== netstandard1.6) (== netstandard2.0)
      System.Runtime (>= 4.3) - restriction: || (&& (== net45) (< netstandard1.1)) (&& (== net46) (< net45)) (&& (== net46) (< netstandard1.1)) (&& (== net461) (< net45)) (&& (== net461) (< netstandard1.1)) (== netstandard1.6) (== netstandard2.0)
      System.Threading (>= 4.3) - restriction: || (&& (== net46) (< net45)) (&& (== net461) (< net45)) (== netstandard1.6) (== netstandard2.0)
      System.Threading.Tasks (>= 4.3) - restriction: || (&& (== net46) (< net45)) (&& (== net461) (< net45)) (== netstandard1.6) (== netstandard2.0)
    System.Net.Sockets (4.3) - restriction: || (&& (== net45) (== netstandard2.0)) (&& (== net46) (== netstandard2.0)) (&& (== net46) (< net45)) (&& (== net46) (>= uap10.0)) (&& (== net461) (== netstandard2.0)) (&& (== net461) (< net45)) (&& (== net461) (>= uap10.0)) (== netstandard1.6) (&& (== netstandard2.0) (< netstandard1.3))
      Microsoft.NETCore.Platforms (>= 1.1) - restriction: || (&& (== net45) (>= netstandard1.3)) (&& (== net461) (< net46)) (== netstandard1.6) (== netstandard2.0)
      Microsoft.NETCore.Targets (>= 1.1) - restriction: || (&& (== net45) (>= netstandard1.3)) (&& (== net461) (< net46)) (== netstandard1.6) (== netstandard2.0)
      System.IO (>= 4.3) - restriction: || (&& (== net45) (>= netstandard1.3)) (&& (== net461) (< net46)) (== netstandard1.6) (== netstandard2.0)
      System.Net.Primitives (>= 4.3) - restriction: || (&& (== net45) (>= netstandard1.3)) (&& (== net461) (< net46)) (== netstandard1.6) (== netstandard2.0)
      System.Runtime (>= 4.3) - restriction: || (&& (== net45) (>= netstandard1.3)) (&& (== net461) (< net46)) (== netstandard1.6) (== netstandard2.0)
      System.Threading.Tasks (>= 4.3) - restriction: || (&& (== net45) (>= netstandard1.3)) (&& (== net461) (< net46)) (== netstandard1.6) (== netstandard2.0)
    System.Net.WebHeaderCollection (4.3) - restriction: || (&& (== net46) (== netstandard2.0)) (&& (== net46) (< net45) (>= netstandard1.6)) (&& (== net461) (== netstandard2.0)) (&& (== net461) (< net45) (>= netstandard1.6)) (== netstandard1.6)
      System.Collections (>= 4.3) - restriction: || (&& (== net45) (>= netstandard1.3)) (&& (== net461) (< net46)) (== netstandard1.6) (== netstandard2.0)
      System.Resources.ResourceManager (>= 4.3) - restriction: || (&& (== net45) (>= netstandard1.3)) (&& (== net461) (< net46)) (== netstandard1.6) (== netstandard2.0)
      System.Runtime (>= 4.3) - restriction: || (&& (== net45) (>= netstandard1.3)) (&& (== net461) (< net46)) (== netstandard1.6) (== netstandard2.0)
      System.Runtime.Extensions (>= 4.3) - restriction: || (&& (== net45) (>= netstandard1.3)) (&& (== net461) (< net46)) (== netstandard1.6) (== netstandard2.0)
    System.Numerics.Vectors (4.5) - restriction: || (&& (== net45) (>= net461)) (&& (== net45) (>= netstandard2.0)) (&& (== net46) (>= net461)) (&& (== net46) (>= netstandard2.0)) (== net461) (&& (== netstandard1.6) (>= net461)) (&& (== netstandard1.6) (>= netstandard2.0)) (== netstandard2.0)
    System.ObjectModel (4.3) - restriction: || (&& (== net46) (== netstandard2.0)) (&& (== net46) (< net45) (>= netstandard1.6)) (&& (== net461) (== netstandard2.0)) (&& (== net461) (< net45) (>= netstandard1.6)) (== netstandard1.6)
      System.Collections (>= 4.3) - restriction: || (&& (== net46) (< net45)) (&& (== net461) (< net45)) (== netstandard1.6) (== netstandard2.0)
      System.Diagnostics.Debug (>= 4.3) - restriction: || (&& (== net46) (< net45)) (&& (== net461) (< net45)) (== netstandard1.6) (== netstandard2.0)
      System.Resources.ResourceManager (>= 4.3) - restriction: || (&& (== net46) (< net45)) (&& (== net461) (< net45)) (== netstandard1.6) (== netstandard2.0)
      System.Runtime (>= 4.3) - restriction: || (&& (== net46) (< net45)) (&& (== net461) (< net45)) (== netstandard1.6) (== netstandard2.0)
      System.Threading (>= 4.3) - restriction: || (&& (== net46) (< net45)) (&& (== net461) (< net45)) (== netstandard1.6) (== netstandard2.0)
    System.Reflection (4.3) - restriction: || (&& (== net45) (>= uap10.1)) (&& (== net46) (< net45)) (&& (== net461) (< net45)) (== netstandard1.6) (== netstandard2.0)
      Microsoft.NETCore.Platforms (>= 1.1) - restriction: || (&& (== net46) (< net45)) (&& (== net461) (< net45)) (== netstandard1.6) (== netstandard2.0)
      Microsoft.NETCore.Targets (>= 1.1) - restriction: || (&& (== net46) (< net45)) (&& (== net461) (< net45)) (== netstandard1.6) (== netstandard2.0)
      System.IO (>= 4.3) - restriction: || (&& (== net46) (< net45)) (&& (== net461) (< net45)) (== netstandard1.6) (== netstandard2.0)
      System.Reflection.Primitives (>= 4.3) - restriction: || (&& (== net46) (< net45)) (&& (== net461) (< net45)) (== netstandard1.6) (== netstandard2.0)
      System.Runtime (>= 4.3) - restriction: || (&& (== net46) (< net45)) (&& (== net461) (< net45)) (== netstandard1.6) (== netstandard2.0)
    System.Reflection.Emit (4.6) - restriction: || (&& (== net46) (== netstandard2.0)) (&& (== net46) (< net45) (>= netstandard1.6)) (&& (== net461) (== netstandard2.0)) (&& (== net461) (< net45) (>= netstandard1.6)) (== netstandard1.6)
      System.IO (>= 4.3) - restriction: || (&& (== net46) (< net45)) (&& (== net461) (< net45)) (== netstandard1.6)
      System.Reflection (>= 4.3) - restriction: || (&& (== net46) (< net45)) (&& (== net461) (< net45)) (== netstandard1.6)
      System.Reflection.Emit.ILGeneration (>= 4.6) - restriction: || (&& (== net45) (< netstandard1.1)) (&& (== net45) (>= uap10.1)) (&& (== net45) (>= wpa81)) (&& (== net46) (< net45)) (&& (== net46) (< netstandard1.1)) (&& (== net46) (>= uap10.1)) (&& (== net46) (>= wpa81)) (&& (== net461) (< net45)) (&& (== net461) (< netstandard1.1)) (&& (== net461) (>= uap10.1)) (&& (== net461) (>= wpa81)) (== netstandard1.6) (== netstandard2.0)
      System.Reflection.Primitives (>= 4.3) - restriction: || (&& (== net46) (< net45)) (&& (== net461) (< net45)) (== netstandard1.6)
      System.Resources.ResourceManager (>= 4.3) - restriction: || (&& (== net46) (< net45)) (&& (== net461) (< net45)) (== netstandard1.6)
      System.Runtime (>= 4.3) - restriction: || (&& (== net46) (< net45)) (&& (== net461) (< net45)) (== netstandard1.6)
      System.Runtime.InteropServices (>= 4.3) - restriction: || (&& (== net46) (< net45)) (&& (== net461) (< net45)) (== netstandard1.6)
    System.Reflection.Emit.ILGeneration (4.6) - restriction: || (&& (== net46) (== netstandard2.0)) (&& (== net46) (< net45) (>= netstandard1.6)) (&& (== net46) (< net45) (>= netstandard2.0)) (&& (== net46) (< netstandard1.1) (>= netstandard1.6)) (&& (== net46) (>= netstandard1.6) (>= uap10.1)) (&& (== net46) (>= netstandard1.6) (>= wpa81)) (&& (== net461) (== netstandard2.0)) (&& (== net461) (< net45) (>= netstandard1.6)) (&& (== net461) (< net45) (>= netstandard2.0)) (&& (== net461) (< netstandard1.1) (>= netstandard1.6)) (&& (== net461) (>= netstandard1.6) (>= uap10.1)) (&& (== net461) (>= netstandard1.6) (>= wpa81)) (== netstandard1.6)
      System.Reflection (>= 4.3) - restriction: || (&& (== net46) (< net45)) (&& (== net461) (< net45)) (== netstandard1.6)
      System.Reflection.Primitives (>= 4.3) - restriction: || (&& (== net46) (< net45)) (&& (== net461) (< net45)) (== netstandard1.6)
      System.Resources.ResourceManager (>= 4.3) - restriction: || (&& (== net46) (< net45)) (&& (== net461) (< net45)) (== netstandard1.6)
      System.Runtime (>= 4.3) - restriction: || (&& (== net46) (< net45)) (&& (== net461) (< net45)) (== netstandard1.6)
    System.Reflection.Emit.Lightweight (4.6) - restriction: || (&& (== net46) (== netstandard2.0)) (&& (== net46) (< net45) (>= netstandard1.6)) (&& (== net461) (== netstandard2.0)) (&& (== net461) (< net45) (>= netstandard1.6)) (== netstandard1.6)
      System.Reflection (>= 4.3) - restriction: || (&& (== net46) (< net45)) (&& (== net461) (< net45)) (== netstandard1.6)
      System.Reflection.Emit.ILGeneration (>= 4.6) - restriction: || (&& (== net45) (< portable-net45+wp8)) (&& (== net45) (>= uap10.1)) (&& (== net45) (>= wpa81)) (&& (== net46) (< net45)) (&& (== net46) (< portable-net45+wp8)) (&& (== net46) (>= uap10.1)) (&& (== net46) (>= wpa81)) (&& (== net461) (< net45)) (&& (== net461) (< portable-net45+wp8)) (&& (== net461) (>= uap10.1)) (&& (== net461) (>= wpa81)) (== netstandard1.6) (== netstandard2.0)
      System.Reflection.Primitives (>= 4.3) - restriction: || (&& (== net46) (< net45)) (&& (== net461) (< net45)) (== netstandard1.6)
      System.Resources.ResourceManager (>= 4.3) - restriction: || (&& (== net46) (< net45)) (&& (== net461) (< net45)) (== netstandard1.6)
      System.Runtime (>= 4.3) - restriction: || (&& (== net46) (< net45)) (&& (== net461) (< net45)) (== netstandard1.6)
    System.Reflection.Extensions (4.3) - restriction: || (&& (== net46) (== netstandard2.0)) (&& (== net46) (< net45) (>= netstandard1.6)) (&& (== net461) (== netstandard2.0)) (&& (== net461) (< net45) (>= netstandard1.6)) (== netstandard1.6)
      Microsoft.NETCore.Platforms (>= 1.1) - restriction: || (&& (== net46) (< net45)) (&& (== net461) (< net45)) (== netstandard1.6) (== netstandard2.0)
      Microsoft.NETCore.Targets (>= 1.1) - restriction: || (&& (== net46) (< net45)) (&& (== net461) (< net45)) (== netstandard1.6) (== netstandard2.0)
      System.Reflection (>= 4.3) - restriction: || (&& (== net46) (< net45)) (&& (== net461) (< net45)) (== netstandard1.6) (== netstandard2.0)
      System.Runtime (>= 4.3) - restriction: || (&& (== net46) (< net45)) (&& (== net461) (< net45)) (== netstandard1.6) (== netstandard2.0)
    System.Reflection.Metadata (1.7) - restriction: || (&& (== net45) (>= netstandard2.0)) (&& (== net46) (>= netstandard2.0)) (&& (== net461) (>= netstandard2.0)) (&& (== netstandard1.6) (>= netstandard2.0)) (== netstandard2.0)
      System.Collections.Immutable (>= 1.6)
    System.Reflection.Primitives (4.3) - restriction: || (&& (== net46) (== netstandard2.0)) (&& (== net46) (< net45) (>= netstandard1.6)) (&& (== net461) (== netstandard2.0)) (&& (== net461) (< net45) (>= netstandard1.6)) (== netstandard1.6)
      Microsoft.NETCore.Platforms (>= 1.1) - restriction: || (&& (== net46) (< net45)) (&& (== net461) (< net45)) (== netstandard1.6) (== netstandard2.0)
      Microsoft.NETCore.Targets (>= 1.1) - restriction: || (&& (== net46) (< net45)) (&& (== net461) (< net45)) (== netstandard1.6) (== netstandard2.0)
      System.Runtime (>= 4.3) - restriction: || (&& (== net46) (< net45)) (&& (== net461) (< net45)) (== netstandard1.6) (== netstandard2.0)
    System.Reflection.TypeExtensions (4.6) - restriction: || (&& (== net46) (== netstandard2.0)) (&& (== net46) (< net45) (>= netstandard1.6)) (&& (== net461) (== netstandard2.0)) (&& (== net461) (< net45) (>= netstandard1.6)) (== netstandard1.6)
      System.Reflection (>= 4.3) - restriction: || (&& (== net45) (>= netstandard1.3)) (&& (== net45) (>= netstandard1.5)) (&& (== net461) (< net46)) (== netstandard1.6) (&& (== netstandard2.0) (< netstandard1.5))
      System.Resources.ResourceManager (>= 4.3) - restriction: || (&& (== net45) (>= netstandard1.3)) (&& (== net45) (>= netstandard1.5)) (&& (== net461) (< net46)) (== netstandard1.6) (&& (== netstandard2.0) (< netstandard1.5))
      System.Runtime (>= 4.3) - restriction: || (&& (== net45) (>= netstandard1.3)) (&& (== net45) (>= netstandard1.5)) (&& (== net461) (< net46)) (== netstandard1.6) (&& (== netstandard2.0) (< netstandard1.5))
    System.Resources.ResourceManager (4.3) - restriction: || (&& (== net45) (>= uap10.1)) (&& (== net46) (< net45)) (&& (== net461) (< net45)) (== netstandard1.6) (== netstandard2.0)
      Microsoft.NETCore.Platforms (>= 1.1) - restriction: || (&& (== net46) (< net45)) (&& (== net461) (< net45)) (== netstandard1.6) (== netstandard2.0)
      Microsoft.NETCore.Targets (>= 1.1) - restriction: || (&& (== net46) (< net45)) (&& (== net461) (< net45)) (== netstandard1.6) (== netstandard2.0)
      System.Globalization (>= 4.3) - restriction: || (&& (== net46) (< net45)) (&& (== net461) (< net45)) (== netstandard1.6) (== netstandard2.0)
      System.Reflection (>= 4.3) - restriction: || (&& (== net46) (< net45)) (&& (== net461) (< net45)) (== netstandard1.6) (== netstandard2.0)
      System.Runtime (>= 4.3) - restriction: || (&& (== net46) (< net45)) (&& (== net461) (< net45)) (== netstandard1.6) (== netstandard2.0)
    System.Runtime (4.3.1) - restriction: || (&& (== net46) (< net45)) (&& (== net46) (>= netcoreapp1.1)) (&& (== net461) (< net45)) (&& (== net461) (>= netcoreapp1.1)) (== netstandard1.6) (== netstandard2.0)
      Microsoft.NETCore.Platforms (>= 1.1.1) - restriction: || (&& (== net46) (< net45)) (&& (== net461) (< net45)) (== netstandard1.6) (== netstandard2.0)
      Microsoft.NETCore.Targets (>= 1.1.3) - restriction: || (&& (== net46) (< net45)) (&& (== net461) (< net45)) (== netstandard1.6) (== netstandard2.0)
    System.Runtime.CompilerServices.Unsafe (4.6) - restriction: || (&& (== net45) (>= net46)) (&& (== net45) (>= net461)) (&& (== net45) (>= netcoreapp2.0)) (&& (== net45) (>= netcoreapp2.1)) (&& (== net45) (>= netstandard2.0)) (&& (== net45) (>= uap10.1)) (&& (== net45) (>= xamarinios)) (&& (== net45) (>= xamarinmac)) (== net46) (== net461) (== netstandard1.6) (== netstandard2.0)
      System.Runtime (>= 4.3) - restriction: || (&& (== net46) (< net45)) (&& (== net461) (< net45)) (== netstandard1.6)
    System.Runtime.Extensions (4.3.1) - restriction: || (&& (== net46) (< net45)) (&& (== net461) (< net45)) (== netstandard1.6) (== netstandard2.0)
      Microsoft.NETCore.Platforms (>= 1.1.1) - restriction: || (&& (== net46) (< net45)) (&& (== net461) (< net45)) (== netstandard1.6) (== netstandard2.0)
      Microsoft.NETCore.Targets (>= 1.1.3) - restriction: || (&& (== net46) (< net45)) (&& (== net461) (< net45)) (== netstandard1.6) (== netstandard2.0)
      System.Runtime (>= 4.3.1) - restriction: || (&& (== net46) (< net45)) (&& (== net461) (< net45)) (== netstandard1.6) (== netstandard2.0)
    System.Runtime.Handles (4.3) - restriction: || (&& (== net45) (< net40) (>= netstandard1.3)) (&& (== net45) (< net40) (>= netstandard1.6)) (&& (== net45) (< net40) (>= netstandard2.0)) (&& (== net46) (< net40)) (&& (== net46) (< net45) (>= netstandard1.6)) (&& (== net461) (< net40)) (&& (== net461) (< net45) (>= netstandard1.6)) (== netstandard1.6) (== netstandard2.0)
      Microsoft.NETCore.Platforms (>= 1.1) - restriction: || (&& (== net45) (>= netstandard1.3)) (&& (== net461) (< net46)) (== netstandard1.6) (== netstandard2.0)
      Microsoft.NETCore.Targets (>= 1.1) - restriction: || (&& (== net45) (>= netstandard1.3)) (&& (== net461) (< net46)) (== netstandard1.6) (== netstandard2.0)
      System.Runtime (>= 4.3) - restriction: || (&& (== net45) (>= netstandard1.3)) (&& (== net461) (< net46)) (== netstandard1.6) (== netstandard2.0)
    System.Runtime.InteropServices (4.3) - restriction: || (&& (== net45) (< net40) (>= netstandard1.3)) (&& (== net45) (< net40) (>= netstandard1.6)) (&& (== net45) (< net40) (>= netstandard2.0)) (&& (== net45) (>= uap10.1)) (&& (== net46) (< net40)) (&& (== net46) (< net45)) (&& (== net461) (< net40)) (&& (== net461) (< net45)) (== netstandard1.6) (== netstandard2.0)
      Microsoft.NETCore.Platforms (>= 1.1) - restriction: || (&& (== net45) (>= netcoreapp1.1)) (&& (== net46) (< net45)) (&& (== net46) (>= netcoreapp1.1)) (&& (== net461) (< net45)) (&& (== net461) (>= netcoreapp1.1)) (== netstandard1.6) (== netstandard2.0)
      Microsoft.NETCore.Targets (>= 1.1) - restriction: || (&& (== net45) (>= netcoreapp1.1)) (&& (== net46) (< net45)) (&& (== net46) (>= netcoreapp1.1)) (&& (== net461) (< net45)) (&& (== net461) (>= netcoreapp1.1)) (== netstandard1.6) (== netstandard2.0)
      System.Reflection (>= 4.3) - restriction: || (&& (== net45) (>= netcoreapp1.1)) (&& (== net46) (< net45)) (&& (== net46) (>= netcoreapp1.1)) (&& (== net461) (< net45)) (&& (== net461) (>= netcoreapp1.1)) (== netstandard1.6) (== netstandard2.0)
      System.Reflection.Primitives (>= 4.3) - restriction: || (&& (== net45) (>= netcoreapp1.1)) (&& (== net46) (< net45)) (&& (== net46) (>= netcoreapp1.1)) (&& (== net461) (< net45)) (&& (== net461) (>= netcoreapp1.1)) (== netstandard1.6) (== netstandard2.0)
      System.Runtime (>= 4.3) - restriction: || (&& (== net45) (>= net462)) (&& (== net45) (>= netcoreapp1.1)) (&& (== net46) (< net45)) (&& (== net46) (>= net462)) (&& (== net46) (>= netcoreapp1.1)) (&& (== net461) (< net45)) (&& (== net461) (>= net462)) (&& (== net461) (>= netcoreapp1.1)) (== netstandard1.6) (== netstandard2.0)
      System.Runtime.Handles (>= 4.3) - restriction: || (&& (== net45) (>= netcoreapp1.1)) (&& (== net46) (< net45)) (&& (== net46) (>= netcoreapp1.1)) (&& (== net461) (< net45)) (&& (== net461) (>= netcoreapp1.1)) (== netstandard1.6) (== netstandard2.0)
    System.Runtime.InteropServices.RuntimeInformation (4.3) - restriction: || (&& (== net45) (== net46) (>= wpa81)) (&& (== net45) (== net461) (>= wpa81)) (&& (== net45) (== netstandard2.0)) (&& (== net46) (== netstandard2.0)) (&& (== net46) (< net45)) (&& (== net46) (< netstandard1.0)) (&& (== net46) (< netstandard1.3) (>= wpa81)) (&& (== net46) (>= uap10.0)) (&& (== net461) (== netstandard2.0)) (&& (== net461) (< net45)) (&& (== net461) (< netstandard1.0)) (&& (== net461) (< netstandard1.3) (>= wpa81)) (&& (== net461) (>= uap10.0)) (== netstandard1.6) (&& (== netstandard2.0) (< netstandard1.0)) (&& (== netstandard2.0) (< netstandard1.2)) (&& (== netstandard2.0) (< netstandard1.3))
      runtime.native.System (>= 4.3) - restriction: || (&& (== net46) (< net45)) (&& (== net461) (< net45)) (== netstandard1.6) (== netstandard2.0)
      System.Reflection (>= 4.3) - restriction: || (&& (== net46) (< net45)) (&& (== net461) (< net45)) (== netstandard1.6) (== netstandard2.0)
      System.Reflection.Extensions (>= 4.3) - restriction: || (&& (== net46) (< net45)) (&& (== net461) (< net45)) (== netstandard1.6) (== netstandard2.0)
      System.Resources.ResourceManager (>= 4.3) - restriction: || (&& (== net46) (< net45)) (&& (== net461) (< net45)) (== netstandard1.6) (== netstandard2.0)
      System.Runtime (>= 4.3) - restriction: || (&& (== net46) (< net45)) (&& (== net461) (< net45)) (== netstandard1.6) (== netstandard2.0)
      System.Runtime.InteropServices (>= 4.3) - restriction: || (&& (== net46) (< net45)) (&& (== net461) (< net45)) (== netstandard1.6) (== netstandard2.0)
      System.Threading (>= 4.3) - restriction: || (&& (== net46) (< net45)) (&& (== net461) (< net45)) (== netstandard1.6) (== netstandard2.0)
    System.Runtime.Numerics (4.3) - restriction: || (&& (== net45) (== netstandard2.0)) (&& (== net46) (== netstandard2.0)) (&& (== net46) (< net45)) (&& (== net46) (>= uap10.0)) (&& (== net461) (== netstandard2.0)) (&& (== net461) (< net45)) (&& (== net461) (>= uap10.0)) (== netstandard1.6) (&& (== netstandard2.0) (< netstandard1.2)) (&& (== netstandard2.0) (< netstandard1.3))
      System.Globalization (>= 4.3) - restriction: || (&& (== net46) (< net45)) (&& (== net461) (< net45)) (== netstandard1.6) (== netstandard2.0)
      System.Resources.ResourceManager (>= 4.3) - restriction: || (&& (== net46) (< net45)) (&& (== net461) (< net45)) (== netstandard1.6) (== netstandard2.0)
      System.Runtime (>= 4.3) - restriction: || (&& (== net46) (< net45)) (&& (== net461) (< net45)) (== netstandard1.6) (== netstandard2.0)
      System.Runtime.Extensions (>= 4.3) - restriction: || (&& (== net46) (< net45)) (&& (== net461) (< net45)) (== netstandard1.6) (== netstandard2.0)
    System.Security.AccessControl (4.6) - restriction: || (&& (== net45) (>= netcoreapp2.0)) (&& (== net45) (>= netstandard2.0)) (&& (== net45) (>= xamarinios)) (&& (== net45) (>= xamarinmac)) (&& (== net46) (>= monoandroid) (>= netstandard2.0)) (&& (== net46) (>= monotouch) (>= netstandard2.0)) (&& (== net46) (>= net461) (>= netstandard2.0)) (&& (== net46) (>= netcoreapp2.0)) (&& (== net46) (>= netstandard2.0) (>= xamarintvos)) (&& (== net46) (>= netstandard2.0) (>= xamarinwatchos)) (&& (== net46) (>= xamarinios)) (&& (== net46) (>= xamarinmac)) (&& (== net461) (>= netcoreapp2.0)) (&& (== net461) (>= netstandard2.0)) (&& (== net461) (>= xamarinios)) (&& (== net461) (>= xamarinmac)) (&& (== netstandard1.6) (>= netcoreapp2.0)) (&& (== netstandard1.6) (>= netstandard2.0)) (&& (== netstandard1.6) (>= xamarinios)) (&& (== netstandard1.6) (>= xamarinmac)) (== netstandard2.0)
      System.Security.Principal.Windows (>= 4.6) - restriction: || (&& (== net45) (>= net46)) (&& (== net45) (>= net461)) (&& (== net45) (>= netcoreapp2.0)) (&& (== net45) (>= netstandard1.3)) (&& (== net45) (>= netstandard2.0)) (== net46) (== net461) (== netstandard1.6) (== netstandard2.0)
    System.Security.Cryptography.Algorithms (4.3.1) - restriction: || (&& (== net45) (< net40) (>= netstandard1.6)) (&& (== net45) (< net40) (>= netstandard2.0)) (&& (== net46) (< net40) (>= netstandard1.6)) (&& (== net46) (< net45)) (&& (== net46) (>= uap10.0)) (&& (== net461) (< net40) (>= netstandard1.6)) (&& (== net461) (< net45)) (&& (== net461) (>= uap10.0)) (== netstandard1.6) (== netstandard2.0)
      Microsoft.NETCore.Platforms (>= 1.1) - restriction: || (&& (== net45) (>= netstandard1.6)) (&& (== net461) (< net46) (>= netstandard1.6)) (== netstandard1.6) (== netstandard2.0)
      runtime.native.System.Security.Cryptography.Apple (>= 4.3.1) - restriction: || (&& (== net45) (>= netstandard1.6)) (&& (== net461) (< net46) (>= netstandard1.6)) (== netstandard1.6) (== netstandard2.0)
      runtime.native.System.Security.Cryptography.OpenSsl (>= 4.3.2) - restriction: || (&& (== net45) (>= netstandard1.6)) (&& (== net461) (< net46) (>= netstandard1.6)) (== netstandard1.6) (== netstandard2.0)
      System.Collections (>= 4.3) - restriction: || (&& (== net45) (>= netstandard1.6)) (&& (== net461) (< net46) (>= netstandard1.6)) (== netstandard1.6) (== netstandard2.0)
      System.IO (>= 4.3) - restriction: || (&& (== net45) (>= net463)) (&& (== net45) (>= netstandard1.3)) (&& (== net45) (>= netstandard1.4)) (&& (== net45) (>= netstandard1.6)) (&& (== net46) (>= net463)) (&& (== net461) (< net46)) (&& (== net461) (>= net463)) (== netstandard1.6) (== netstandard2.0)
      System.Resources.ResourceManager (>= 4.3) - restriction: || (&& (== net45) (>= netstandard1.6)) (&& (== net461) (< net46) (>= netstandard1.6)) (== netstandard1.6) (== netstandard2.0)
      System.Runtime (>= 4.3) - restriction: || (&& (== net45) (>= net463)) (&& (== net45) (>= netstandard1.3)) (&& (== net45) (>= netstandard1.4)) (&& (== net45) (>= netstandard1.6)) (&& (== net46) (>= net463)) (&& (== net461) (< net46)) (&& (== net461) (>= net463)) (== netstandard1.6) (== netstandard2.0)
      System.Runtime.Extensions (>= 4.3) - restriction: || (&& (== net45) (>= netstandard1.6)) (&& (== net461) (< net46) (>= netstandard1.6)) (== netstandard1.6) (== netstandard2.0)
      System.Runtime.Handles (>= 4.3) - restriction: || (&& (== net45) (>= netstandard1.6)) (&& (== net461) (< net46) (>= netstandard1.6)) (== netstandard1.6) (== netstandard2.0)
      System.Runtime.InteropServices (>= 4.3) - restriction: || (&& (== net45) (>= netstandard1.6)) (&& (== net461) (< net46) (>= netstandard1.6)) (== netstandard1.6) (== netstandard2.0)
      System.Runtime.Numerics (>= 4.3) - restriction: || (&& (== net45) (>= netstandard1.6)) (&& (== net461) (< net46) (>= netstandard1.6)) (== netstandard1.6) (== netstandard2.0)
      System.Security.Cryptography.Encoding (>= 4.3) - restriction: || (&& (== net45) (>= net463)) (&& (== net45) (>= netstandard1.6)) (&& (== net46) (>= net463)) (&& (== net461) (< net46) (>= netstandard1.6)) (&& (== net461) (>= net463)) (== netstandard1.6) (== netstandard2.0)
      System.Security.Cryptography.Primitives (>= 4.3) - restriction: || (&& (== net45) (>= net46)) (&& (== net45) (>= net461)) (&& (== net45) (>= net463)) (&& (== net45) (>= netstandard1.3)) (&& (== net45) (>= netstandard1.4)) (&& (== net45) (>= netstandard1.6)) (== net46) (== net461) (== netstandard1.6) (== netstandard2.0)
      System.Text.Encoding (>= 4.3) - restriction: || (&& (== net45) (>= netstandard1.6)) (&& (== net461) (< net46) (>= netstandard1.6)) (== netstandard1.6) (== netstandard2.0)
    System.Security.Cryptography.Cng (4.6) - restriction: || (&& (== net45) (>= netcoreapp2.0)) (&& (== net45) (>= netcoreapp2.1)) (&& (== net45) (>= netcoreapp3.0)) (&& (== net45) (>= netstandard2.0)) (&& (== net45) (>= netstandard2.1)) (&& (== net46) (< net45) (>= netstandard1.6)) (&& (== net46) (>= netcoreapp2.0)) (&& (== net46) (>= netcoreapp2.1)) (&& (== net46) (>= netcoreapp3.0)) (&& (== net46) (>= netstandard1.6) (>= uap10.0)) (&& (== net46) (>= netstandard2.1)) (&& (== net461) (< net45) (>= netstandard1.6)) (&& (== net461) (>= netstandard1.6) (>= uap10.0)) (== netstandard1.6) (== netstandard2.0)
      System.IO (>= 4.3) - restriction: || (&& (== net45) (>= netstandard1.3)) (&& (== net45) (>= netstandard1.4)) (&& (== net45) (>= netstandard1.6)) (&& (== net461) (< net46)) (== netstandard1.6) (&& (== netstandard2.0) (< netstandard1.4)) (&& (== netstandard2.0) (< netstandard1.6))
      System.Resources.ResourceManager (>= 4.3) - restriction: || (&& (== net45) (>= netstandard1.3)) (&& (== net45) (>= netstandard1.4)) (&& (== net45) (>= netstandard1.6)) (&& (== net461) (< net46)) (== netstandard1.6) (&& (== netstandard2.0) (< netstandard1.4)) (&& (== netstandard2.0) (< netstandard1.6))
      System.Runtime (>= 4.3) - restriction: || (&& (== net45) (>= netstandard1.3)) (&& (== net45) (>= netstandard1.4)) (&& (== net45) (>= netstandard1.6)) (&& (== net461) (< net46)) (== netstandard1.6) (&& (== netstandard2.0) (< netstandard1.4)) (&& (== netstandard2.0) (< netstandard1.6))
      System.Runtime.Extensions (>= 4.3) - restriction: || (&& (== net45) (>= netstandard1.4)) (&& (== net45) (>= netstandard1.6)) (&& (== net461) (< net46)) (== netstandard1.6) (&& (== netstandard2.0) (< netstandard1.6))
      System.Runtime.Handles (>= 4.3) - restriction: || (&& (== net45) (>= netstandard1.3)) (&& (== net45) (>= netstandard1.4)) (&& (== net45) (>= netstandard1.6)) (&& (== net461) (< net46)) (== netstandard1.6) (&& (== netstandard2.0) (< netstandard1.4)) (&& (== netstandard2.0) (< netstandard1.6))
      System.Runtime.InteropServices (>= 4.3) - restriction: || (&& (== net45) (>= netstandard1.3)) (&& (== net45) (>= netstandard1.4)) (&& (== net45) (>= netstandard1.6)) (&& (== net461) (< net46)) (== netstandard1.6) (&& (== netstandard2.0) (< netstandard1.4)) (&& (== netstandard2.0) (< netstandard1.6))
      System.Security.Cryptography.Algorithms (>= 4.3) - restriction: || (&& (== net45) (>= net46)) (&& (== net45) (>= netstandard1.3)) (&& (== net45) (>= netstandard1.4)) (&& (== net45) (>= netstandard1.6)) (== net46) (&& (== net461) (< net46)) (&& (== net461) (< netstandard1.4)) (== netstandard1.6) (&& (== netstandard2.0) (< netstandard1.4)) (&& (== netstandard2.0) (< netstandard1.6))
      System.Security.Cryptography.Encoding (>= 4.3) - restriction: || (&& (== net45) (>= netstandard1.4)) (&& (== net45) (>= netstandard1.6)) (&& (== net461) (< net46)) (== netstandard1.6) (&& (== netstandard2.0) (< netstandard1.6))
      System.Security.Cryptography.Primitives (>= 4.3) - restriction: || (&& (== net45) (>= net46)) (&& (== net45) (>= netstandard1.3)) (&& (== net45) (>= netstandard1.4)) (&& (== net45) (>= netstandard1.6)) (== net46) (&& (== net461) (< net46)) (&& (== net461) (< netstandard1.4)) (== netstandard1.6) (&& (== netstandard2.0) (< netstandard1.4)) (&& (== netstandard2.0) (< netstandard1.6))
      System.Text.Encoding (>= 4.3) - restriction: || (&& (== net45) (>= netstandard1.4)) (&& (== net45) (>= netstandard1.6)) (&& (== net461) (< net46)) (== netstandard1.6) (&& (== netstandard2.0) (< netstandard1.6))
    System.Security.Cryptography.Csp (4.3) - restriction: || (&& (== net45) (== netstandard2.0)) (&& (== net46) (== netstandard2.0)) (&& (== net46) (< net45) (>= netstandard1.6)) (&& (== net46) (>= netstandard1.6) (>= uap10.0)) (&& (== net461) (== netstandard2.0)) (&& (== net461) (< net45) (>= netstandard1.6)) (&& (== net461) (>= netstandard1.6) (>= uap10.0)) (== netstandard1.6) (&& (== netstandard2.0) (< netstandard1.3))
      Microsoft.NETCore.Platforms (>= 1.1) - restriction: || (&& (== net45) (>= netstandard1.3)) (&& (== net461) (< net46)) (== netstandard1.6) (== netstandard2.0)
      System.IO (>= 4.3) - restriction: || (&& (== net45) (>= netstandard1.3)) (&& (== net461) (< net46)) (== netstandard1.6) (== netstandard2.0)
      System.Reflection (>= 4.3) - restriction: || (&& (== net45) (>= netstandard1.3)) (&& (== net461) (< net46)) (== netstandard1.6) (== netstandard2.0)
      System.Resources.ResourceManager (>= 4.3) - restriction: || (&& (== net45) (>= netstandard1.3)) (&& (== net461) (< net46)) (== netstandard1.6) (== netstandard2.0)
      System.Runtime (>= 4.3) - restriction: || (&& (== net45) (>= netstandard1.3)) (&& (== net461) (< net46)) (== netstandard1.6) (== netstandard2.0)
      System.Runtime.Extensions (>= 4.3) - restriction: || (&& (== net45) (>= netstandard1.3)) (&& (== net461) (< net46)) (== netstandard1.6) (== netstandard2.0)
      System.Runtime.Handles (>= 4.3) - restriction: || (&& (== net45) (>= netstandard1.3)) (&& (== net461) (< net46)) (== netstandard1.6) (== netstandard2.0)
      System.Runtime.InteropServices (>= 4.3) - restriction: || (&& (== net45) (>= netstandard1.3)) (&& (== net461) (< net46)) (== netstandard1.6) (== netstandard2.0)
      System.Security.Cryptography.Algorithms (>= 4.3) - restriction: || (&& (== net45) (>= net46)) (&& (== net45) (>= netstandard1.3)) (== net46) (== net461) (== netstandard1.6) (== netstandard2.0)
      System.Security.Cryptography.Encoding (>= 4.3) - restriction: || (&& (== net45) (>= netstandard1.3)) (&& (== net461) (< net46)) (== netstandard1.6) (== netstandard2.0)
      System.Security.Cryptography.Primitives (>= 4.3) - restriction: || (&& (== net45) (>= net46)) (&& (== net45) (>= netstandard1.3)) (== net46) (== net461) (== netstandard1.6) (== netstandard2.0)
      System.Text.Encoding (>= 4.3) - restriction: || (&& (== net45) (>= netstandard1.3)) (&& (== net461) (< net46)) (== netstandard1.6) (== netstandard2.0)
      System.Threading (>= 4.3) - restriction: || (&& (== net45) (>= netstandard1.3)) (&& (== net461) (< net46)) (== netstandard1.6) (== netstandard2.0)
    System.Security.Cryptography.Encoding (4.3) - restriction: || (&& (== net45) (< net40) (>= netstandard1.3)) (&& (== net45) (< net40) (>= netstandard1.6)) (&& (== net45) (< net40) (>= netstandard2.0)) (&& (== net46) (< net40)) (&& (== net46) (< net45)) (&& (== net46) (>= uap10.0)) (&& (== net461) (< net40)) (&& (== net461) (< net45)) (&& (== net461) (>= uap10.0)) (== netstandard1.6) (== netstandard2.0)
      Microsoft.NETCore.Platforms (>= 1.1) - restriction: || (&& (== net45) (>= netstandard1.3)) (&& (== net461) (< net46)) (== netstandard1.6) (== netstandard2.0)
      runtime.native.System.Security.Cryptography.OpenSsl (>= 4.3) - restriction: || (&& (== net45) (>= netstandard1.3)) (&& (== net461) (< net46)) (== netstandard1.6) (== netstandard2.0)
      System.Collections (>= 4.3) - restriction: || (&& (== net45) (>= netstandard1.3)) (&& (== net461) (< net46)) (== netstandard1.6) (== netstandard2.0)
      System.Collections.Concurrent (>= 4.3) - restriction: || (&& (== net45) (>= netstandard1.3)) (&& (== net461) (< net46)) (== netstandard1.6) (== netstandard2.0)
      System.Linq (>= 4.3) - restriction: || (&& (== net45) (>= netstandard1.3)) (&& (== net461) (< net46)) (== netstandard1.6) (== netstandard2.0)
      System.Resources.ResourceManager (>= 4.3) - restriction: || (&& (== net45) (>= netstandard1.3)) (&& (== net461) (< net46)) (== netstandard1.6) (== netstandard2.0)
      System.Runtime (>= 4.3) - restriction: || (&& (== net45) (>= netstandard1.3)) (&& (== net461) (< net46)) (== netstandard1.6) (== netstandard2.0)
      System.Runtime.Extensions (>= 4.3) - restriction: || (&& (== net45) (>= netstandard1.3)) (&& (== net461) (< net46)) (== netstandard1.6) (== netstandard2.0)
      System.Runtime.Handles (>= 4.3) - restriction: || (&& (== net45) (>= netstandard1.3)) (&& (== net461) (< net46)) (== netstandard1.6) (== netstandard2.0)
      System.Runtime.InteropServices (>= 4.3) - restriction: || (&& (== net45) (>= netstandard1.3)) (&& (== net461) (< net46)) (== netstandard1.6) (== netstandard2.0)
      System.Security.Cryptography.Primitives (>= 4.3) - restriction: || (&& (== net45) (>= netstandard1.3)) (&& (== net461) (< net46)) (== netstandard1.6) (== netstandard2.0)
      System.Text.Encoding (>= 4.3) - restriction: || (&& (== net45) (>= netstandard1.3)) (&& (== net461) (< net46)) (== netstandard1.6) (== netstandard2.0)
    System.Security.Cryptography.OpenSsl (4.6) - restriction: || (&& (== net45) (< net40) (>= netstandard1.6)) (&& (== net45) (< net40) (>= netstandard2.0)) (&& (== net46) (< net40) (>= netstandard1.6)) (&& (== net46) (< net45) (>= netstandard1.6)) (&& (== net46) (>= netstandard1.6) (>= uap10.0)) (&& (== net461) (< net40) (>= netstandard1.6)) (&& (== net461) (< net45) (>= netstandard1.6)) (&& (== net461) (>= netstandard1.6) (>= uap10.0)) (== netstandard1.6) (== netstandard2.0)
      System.Collections (>= 4.3) - restriction: || (&& (== net45) (>= netstandard1.6)) (&& (== net46) (>= netstandard1.6)) (&& (== net461) (>= netstandard1.6)) (== netstandard1.6)
      System.IO (>= 4.3) - restriction: || (&& (== net45) (>= netstandard1.6)) (&& (== net46) (>= netstandard1.6)) (&& (== net461) (>= netstandard1.6)) (== netstandard1.6)
      System.Resources.ResourceManager (>= 4.3) - restriction: || (&& (== net45) (>= netstandard1.6)) (&& (== net46) (>= netstandard1.6)) (&& (== net461) (>= netstandard1.6)) (== netstandard1.6)
      System.Runtime (>= 4.3) - restriction: || (&& (== net45) (>= netstandard1.6)) (&& (== net46) (>= netstandard1.6)) (&& (== net461) (>= netstandard1.6)) (== netstandard1.6)
      System.Runtime.Extensions (>= 4.3) - restriction: || (&& (== net45) (>= netstandard1.6)) (&& (== net46) (>= netstandard1.6)) (&& (== net461) (>= netstandard1.6)) (== netstandard1.6)
      System.Runtime.Handles (>= 4.3) - restriction: || (&& (== net45) (>= netstandard1.6)) (&& (== net46) (>= netstandard1.6)) (&& (== net461) (>= netstandard1.6)) (== netstandard1.6)
      System.Runtime.InteropServices (>= 4.3) - restriction: || (&& (== net45) (>= netstandard1.6)) (&& (== net46) (>= netstandard1.6)) (&& (== net461) (>= netstandard1.6)) (== netstandard1.6)
      System.Runtime.Numerics (>= 4.3) - restriction: || (&& (== net45) (>= netstandard1.6)) (&& (== net46) (>= netstandard1.6)) (&& (== net461) (>= netstandard1.6)) (== netstandard1.6)
      System.Security.Cryptography.Algorithms (>= 4.3) - restriction: || (&& (== net45) (>= netstandard1.6)) (&& (== net46) (>= netstandard1.6)) (&& (== net461) (>= netstandard1.6)) (== netstandard1.6)
      System.Security.Cryptography.Encoding (>= 4.3) - restriction: || (&& (== net45) (>= netstandard1.6)) (&& (== net46) (>= netstandard1.6)) (&& (== net461) (>= netstandard1.6)) (== netstandard1.6)
      System.Security.Cryptography.Primitives (>= 4.3) - restriction: || (&& (== net45) (>= netstandard1.6)) (&& (== net46) (>= netstandard1.6)) (&& (== net461) (>= netstandard1.6)) (== netstandard1.6)
      System.Text.Encoding (>= 4.3) - restriction: || (&& (== net45) (>= netstandard1.6)) (&& (== net46) (>= netstandard1.6)) (&& (== net461) (>= netstandard1.6)) (== netstandard1.6)
    System.Security.Cryptography.Pkcs (4.6) - restriction: || (&& (== net45) (>= netstandard2.0)) (&& (== net46) (>= netstandard2.0)) (&& (== netstandard1.6) (>= netstandard2.0)) (== netstandard2.0)
      System.Buffers (>= 4.5) - restriction: || (&& (== net45) (>= monoandroid)) (&& (== net45) (>= monotouch)) (&& (== net45) (>= netstandard2.0)) (&& (== net45) (>= xamarinios)) (&& (== net45) (>= xamarinmac)) (&& (== net45) (>= xamarintvos)) (&& (== net45) (>= xamarinwatchos)) (&& (== net46) (>= monoandroid)) (&& (== net46) (>= monotouch)) (&& (== net46) (>= xamarinios)) (&& (== net46) (>= xamarinmac)) (&& (== net46) (>= xamarintvos)) (&& (== net46) (>= xamarinwatchos)) (&& (== net461) (>= monoandroid)) (&& (== net461) (>= monotouch)) (&& (== net461) (< net46) (>= netstandard2.0)) (&& (== net461) (>= xamarinios)) (&& (== net461) (>= xamarinmac)) (&& (== net461) (>= xamarintvos)) (&& (== net461) (>= xamarinwatchos)) (&& (== netstandard1.6) (>= monoandroid)) (&& (== netstandard1.6) (>= monotouch)) (&& (== netstandard1.6) (>= netstandard2.0)) (&& (== netstandard1.6) (>= xamarinios)) (&& (== netstandard1.6) (>= xamarinmac)) (&& (== netstandard1.6) (>= xamarintvos)) (&& (== netstandard1.6) (>= xamarinwatchos)) (== netstandard2.0)
      System.Memory (>= 4.5.3) - restriction: || (&& (== net45) (>= netcoreapp2.0)) (&& (== net45) (>= netstandard2.0)) (&& (== net45) (>= uap10.1)) (&& (== net46) (>= netcoreapp2.0)) (&& (== net46) (>= uap10.1)) (&& (== net461) (< net46) (>= netstandard2.0)) (&& (== net461) (>= netcoreapp2.0)) (&& (== net461) (>= uap10.1)) (&& (== netstandard1.6) (>= netcoreapp2.0)) (&& (== netstandard1.6) (>= netstandard2.0)) (&& (== netstandard1.6) (>= uap10.1)) (== netstandard2.0)
      System.Security.Cryptography.Cng (>= 4.6) - restriction: || (&& (== net45) (>= netcoreapp2.0)) (&& (== net45) (>= netcoreapp2.1)) (&& (== net45) (>= netcoreapp3.0)) (&& (== net45) (>= netstandard2.0)) (&& (== net45) (>= netstandard2.1)) (&& (== net46) (>= netcoreapp2.0)) (&& (== net46) (>= netcoreapp2.1)) (&& (== net46) (>= netcoreapp3.0)) (&& (== net46) (>= netstandard2.1)) (&& (== net461) (< net46) (>= netstandard2.0)) (&& (== net461) (>= netcoreapp2.0)) (&& (== net461) (>= netcoreapp2.1)) (&& (== net461) (>= netcoreapp3.0)) (&& (== net461) (>= netstandard2.1)) (&& (== netstandard1.6) (>= netcoreapp2.0)) (&& (== netstandard1.6) (>= netcoreapp2.1)) (&& (== netstandard1.6) (>= netcoreapp3.0)) (&& (== netstandard1.6) (>= netstandard2.0)) (&& (== netstandard1.6) (>= netstandard2.1)) (== netstandard2.0)
    System.Security.Cryptography.Primitives (4.3) - restriction: || (&& (== net45) (< net40) (>= netstandard1.6)) (&& (== net45) (< net40) (>= netstandard2.0)) (&& (== net46) (< net40) (>= netstandard1.6)) (&& (== net46) (< net45)) (&& (== net46) (>= uap10.0)) (&& (== net461) (< net40) (>= netstandard1.6)) (&& (== net461) (< net45)) (&& (== net461) (>= uap10.0)) (== netstandard1.6) (== netstandard2.0)
      System.Diagnostics.Debug (>= 4.3) - restriction: || (&& (== net45) (>= netstandard1.3)) (&& (== net461) (< net46)) (== netstandard1.6) (== netstandard2.0)
      System.Globalization (>= 4.3) - restriction: || (&& (== net45) (>= netstandard1.3)) (&& (== net461) (< net46)) (== netstandard1.6) (== netstandard2.0)
      System.IO (>= 4.3) - restriction: || (&& (== net45) (>= netstandard1.3)) (&& (== net461) (< net46)) (== netstandard1.6) (== netstandard2.0)
      System.Resources.ResourceManager (>= 4.3) - restriction: || (&& (== net45) (>= netstandard1.3)) (&& (== net461) (< net46)) (== netstandard1.6) (== netstandard2.0)
      System.Runtime (>= 4.3) - restriction: || (&& (== net45) (>= netstandard1.3)) (&& (== net461) (< net46)) (== netstandard1.6) (== netstandard2.0)
      System.Threading (>= 4.3) - restriction: || (&& (== net45) (>= netstandard1.3)) (&& (== net461) (< net46)) (== netstandard1.6) (== netstandard2.0)
      System.Threading.Tasks (>= 4.3) - restriction: || (&& (== net45) (>= netstandard1.3)) (&& (== net461) (< net46)) (== netstandard1.6) (== netstandard2.0)
    System.Security.Cryptography.ProtectedData (4.6) - restriction: || (&& (== net45) (< net35) (>= netstandard2.0)) (&& (== net46) (< net35) (>= netstandard2.0)) (&& (== net461) (< net35) (>= netstandard2.0)) (&& (== netstandard1.6) (>= netstandard2.0)) (== netstandard2.0)
      System.Memory (>= 4.5.3) - restriction: || (&& (== net45) (>= netstandard2.0)) (&& (== net461) (< net46) (>= netstandard2.0)) (&& (== netstandard1.6) (>= netstandard2.0)) (== netstandard2.0)
    System.Security.Cryptography.X509Certificates (4.3.2) - restriction: || (&& (== net45) (< net40) (>= net46)) (&& (== net45) (< net40) (>= netstandard1.3)) (&& (== net45) (< net40) (>= netstandard1.6)) (&& (== net45) (< net40) (>= netstandard2.0)) (&& (== net46) (< net40)) (&& (== net46) (< net45)) (&& (== net46) (>= uap10.0)) (&& (== net461) (< net40)) (&& (== net461) (< net45)) (&& (== net461) (>= uap10.0)) (== netstandard1.6) (== netstandard2.0)
      Microsoft.NETCore.Platforms (>= 1.1) - restriction: || (&& (== net45) (>= netstandard1.6)) (&& (== net461) (< net46) (>= netstandard1.6)) (== netstandard1.6) (== netstandard2.0)
      runtime.native.System (>= 4.3) - restriction: || (&& (== net45) (>= netstandard1.6)) (&& (== net461) (< net46) (>= netstandard1.6)) (== netstandard1.6) (== netstandard2.0)
      runtime.native.System.Net.Http (>= 4.3) - restriction: || (&& (== net45) (>= netstandard1.6)) (&& (== net461) (< net46) (>= netstandard1.6)) (== netstandard1.6) (== netstandard2.0)
      runtime.native.System.Security.Cryptography.OpenSsl (>= 4.3.2) - restriction: || (&& (== net45) (>= netstandard1.6)) (&& (== net461) (< net46) (>= netstandard1.6)) (== netstandard1.6) (== netstandard2.0)
      System.Collections (>= 4.3) - restriction: || (&& (== net45) (>= netstandard1.6)) (&& (== net461) (< net46) (>= netstandard1.6)) (== netstandard1.6) (== netstandard2.0)
      System.Diagnostics.Debug (>= 4.3) - restriction: || (&& (== net45) (>= netstandard1.6)) (&& (== net461) (< net46) (>= netstandard1.6)) (== netstandard1.6) (== netstandard2.0)
      System.Globalization (>= 4.3) - restriction: || (&& (== net45) (>= netstandard1.6)) (&& (== net461) (< net46) (>= netstandard1.6)) (== netstandard1.6) (== netstandard2.0)
      System.Globalization.Calendars (>= 4.3) - restriction: || (&& (== net45) (>= netstandard1.6)) (&& (== net461) (< net46) (>= netstandard1.6)) (== netstandard1.6) (== netstandard2.0)
      System.IO (>= 4.3) - restriction: || (&& (== net45) (>= netstandard1.6)) (&& (== net461) (< net46) (>= netstandard1.6)) (== netstandard1.6) (== netstandard2.0)
      System.IO.FileSystem (>= 4.3) - restriction: || (&& (== net45) (>= netstandard1.6)) (&& (== net461) (< net46) (>= netstandard1.6)) (== netstandard1.6) (== netstandard2.0)
      System.IO.FileSystem.Primitives (>= 4.3) - restriction: || (&& (== net45) (>= netstandard1.6)) (&& (== net461) (< net46) (>= netstandard1.6)) (== netstandard1.6) (== netstandard2.0)
      System.Resources.ResourceManager (>= 4.3) - restriction: || (&& (== net45) (>= netstandard1.6)) (&& (== net461) (< net46) (>= netstandard1.6)) (== netstandard1.6) (== netstandard2.0)
      System.Runtime (>= 4.3) - restriction: || (&& (== net45) (>= netstandard1.3)) (&& (== net45) (>= netstandard1.4)) (&& (== net45) (>= netstandard1.6)) (&& (== net461) (< net46)) (== netstandard1.6) (== netstandard2.0)
      System.Runtime.Extensions (>= 4.3) - restriction: || (&& (== net45) (>= netstandard1.6)) (&& (== net461) (< net46) (>= netstandard1.6)) (== netstandard1.6) (== netstandard2.0)
      System.Runtime.Handles (>= 4.3) - restriction: || (&& (== net45) (>= netstandard1.3)) (&& (== net45) (>= netstandard1.4)) (&& (== net45) (>= netstandard1.6)) (&& (== net461) (< net46)) (== netstandard1.6) (== netstandard2.0)
      System.Runtime.InteropServices (>= 4.3) - restriction: || (&& (== net45) (>= netstandard1.6)) (&& (== net461) (< net46) (>= netstandard1.6)) (== netstandard1.6) (== netstandard2.0)
      System.Runtime.Numerics (>= 4.3) - restriction: || (&& (== net45) (>= netstandard1.6)) (&& (== net461) (< net46) (>= netstandard1.6)) (== netstandard1.6) (== netstandard2.0)
      System.Security.Cryptography.Algorithms (>= 4.3) - restriction: || (&& (== net45) (>= net46)) (&& (== net45) (>= net461)) (&& (== net45) (>= netstandard1.3)) (&& (== net45) (>= netstandard1.4)) (&& (== net45) (>= netstandard1.6)) (== net46) (== net461) (== netstandard1.6) (== netstandard2.0)
      System.Security.Cryptography.Cng (>= 4.3) - restriction: || (&& (== net45) (>= netstandard1.6)) (&& (== net461) (< net46) (>= netstandard1.6)) (== netstandard1.6) (== netstandard2.0)
      System.Security.Cryptography.Csp (>= 4.3) - restriction: || (&& (== net45) (>= netstandard1.6)) (&& (== net461) (< net46) (>= netstandard1.6)) (== netstandard1.6) (== netstandard2.0)
      System.Security.Cryptography.Encoding (>= 4.3) - restriction: || (&& (== net45) (>= net46)) (&& (== net45) (>= net461)) (&& (== net45) (>= netstandard1.3)) (&& (== net45) (>= netstandard1.4)) (&& (== net45) (>= netstandard1.6)) (== net46) (== net461) (== netstandard1.6) (== netstandard2.0)
      System.Security.Cryptography.OpenSsl (>= 4.3) - restriction: || (&& (== net45) (>= netstandard1.6)) (&& (== net461) (< net46) (>= netstandard1.6)) (== netstandard1.6) (== netstandard2.0)
      System.Security.Cryptography.Primitives (>= 4.3) - restriction: || (&& (== net45) (>= netstandard1.6)) (&& (== net461) (< net46) (>= netstandard1.6)) (== netstandard1.6) (== netstandard2.0)
      System.Text.Encoding (>= 4.3) - restriction: || (&& (== net45) (>= netstandard1.6)) (&& (== net461) (< net46) (>= netstandard1.6)) (== netstandard1.6) (== netstandard2.0)
      System.Threading (>= 4.3) - restriction: || (&& (== net45) (>= netstandard1.6)) (&& (== net461) (< net46) (>= netstandard1.6)) (== netstandard1.6) (== netstandard2.0)
    System.Security.Cryptography.Xml (4.6) - restriction: || (&& (== net45) (>= netstandard2.0)) (&& (== net46) (>= netstandard2.0)) (&& (== net461) (>= netstandard2.0)) (&& (== netstandard1.6) (>= netstandard2.0)) (== netstandard2.0)
      System.Security.Cryptography.Pkcs (>= 4.6) - restriction: || (&& (== net45) (>= netstandard2.0)) (&& (== net46) (>= netstandard2.0)) (&& (== netstandard1.6) (>= netstandard2.0)) (== netstandard2.0)
      System.Security.Permissions (>= 4.6) - restriction: || (&& (== net45) (>= net461)) (&& (== net45) (>= netstandard2.0)) (&& (== net46) (>= net461)) (&& (== net46) (>= netstandard2.0)) (== net461) (&& (== netstandard1.6) (>= net461)) (&& (== netstandard1.6) (>= netstandard2.0)) (== netstandard2.0)
    System.Security.Permissions (4.6) - restriction: || (&& (== net45) (>= monoandroid) (>= netstandard2.0)) (&& (== net45) (>= monotouch) (>= netstandard2.0)) (&& (== net45) (< net35) (>= netstandard2.0)) (&& (== net45) (>= netstandard2.0) (>= xamarintvos)) (&& (== net45) (>= netstandard2.0) (>= xamarinwatchos)) (&& (== net46) (>= monoandroid) (>= netstandard2.0)) (&& (== net46) (>= monotouch) (>= netstandard2.0)) (&& (== net46) (< net35) (>= netstandard2.0)) (&& (== net46) (>= netstandard2.0) (>= xamarintvos)) (&& (== net46) (>= netstandard2.0) (>= xamarinwatchos)) (&& (== net461) (>= monoandroid) (>= netstandard2.0)) (&& (== net461) (>= monotouch) (>= netstandard2.0)) (&& (== net461) (< net35) (>= netstandard2.0)) (&& (== net461) (>= netstandard2.0) (>= xamarintvos)) (&& (== net461) (>= netstandard2.0) (>= xamarinwatchos)) (&& (== netstandard1.6) (>= netstandard2.0)) (== netstandard2.0)
      System.Security.AccessControl (>= 4.6) - restriction: || (&& (== net45) (>= net461)) (&& (== net45) (>= netstandard2.0)) (&& (== net46) (>= net461)) (&& (== net46) (>= netstandard2.0)) (== net461) (&& (== netstandard1.6) (>= net461)) (&& (== netstandard1.6) (>= netstandard2.0)) (== netstandard2.0)
    System.Security.Principal.Windows (4.6) - restriction: || (&& (== net45) (>= netstandard2.0)) (&& (== net46) (>= netstandard2.0)) (&& (== net461) (>= netstandard2.0)) (&& (== netstandard1.6) (>= netstandard2.0)) (== netstandard2.0)
    System.Text.Encoding (4.3) - restriction: || (&& (== net46) (< net45)) (&& (== net461) (< net45)) (== netstandard1.6) (== netstandard2.0)
      Microsoft.NETCore.Platforms (>= 1.1) - restriction: || (&& (== net46) (< net45)) (&& (== net461) (< net45)) (== netstandard1.6) (== netstandard2.0)
      Microsoft.NETCore.Targets (>= 1.1) - restriction: || (&& (== net46) (< net45)) (&& (== net461) (< net45)) (== netstandard1.6) (== netstandard2.0)
      System.Runtime (>= 4.3) - restriction: || (&& (== net46) (< net45)) (&& (== net461) (< net45)) (== netstandard1.6) (== netstandard2.0)
    System.Text.Encoding.Extensions (4.3) - restriction: || (&& (== net45) (== netstandard2.0)) (&& (== net46) (== netstandard2.0)) (&& (== net46) (< net45)) (&& (== net46) (< portable-net45+win8+wpa81)) (&& (== net46) (>= uap10.0)) (&& (== net461) (== netstandard2.0)) (&& (== net461) (< net45)) (&& (== net461) (< portable-net45+win8+wpa81)) (&& (== net461) (>= uap10.0)) (== netstandard1.6) (&& (== netstandard2.0) (< netstandard1.2)) (&& (== netstandard2.0) (< netstandard1.3)) (&& (== netstandard2.0) (< portable-net45+win8+wpa81))
      Microsoft.NETCore.Platforms (>= 1.1) - restriction: || (&& (== net46) (< net45)) (&& (== net461) (< net45)) (== netstandard1.6) (== netstandard2.0)
      Microsoft.NETCore.Targets (>= 1.1) - restriction: || (&& (== net46) (< net45)) (&& (== net461) (< net45)) (== netstandard1.6) (== netstandard2.0)
      System.Runtime (>= 4.3) - restriction: || (&& (== net46) (< net45)) (&& (== net461) (< net45)) (== netstandard1.6) (== netstandard2.0)
      System.Text.Encoding (>= 4.3) - restriction: || (&& (== net46) (< net45)) (&& (== net461) (< net45)) (== netstandard1.6) (== netstandard2.0)
    System.Text.Encodings.Web (4.6) - restriction: || (&& (== net45) (>= netcoreapp2.0)) (&& (== net45) (>= netcoreapp2.1)) (&& (== net45) (>= netstandard2.0)) (&& (== net45) (>= xamarinios)) (&& (== net45) (>= xamarinmac)) (&& (== net46) (>= netcoreapp2.0)) (&& (== net46) (>= netcoreapp2.1)) (&& (== net46) (>= netstandard2.0)) (&& (== net46) (>= xamarinios)) (&& (== net46) (>= xamarinmac)) (&& (== net461) (>= netcoreapp2.0)) (&& (== net461) (>= netcoreapp2.1)) (&& (== net461) (>= netstandard2.0)) (&& (== net461) (>= xamarinios)) (&& (== net461) (>= xamarinmac)) (&& (== netstandard1.6) (>= netcoreapp2.0)) (&& (== netstandard1.6) (>= netcoreapp2.1)) (&& (== netstandard1.6) (>= netstandard2.0)) (&& (== netstandard1.6) (>= xamarinios)) (&& (== netstandard1.6) (>= xamarinmac)) (== netstandard2.0)
      System.Memory (>= 4.5.3) - restriction: || (&& (== net45) (>= net461)) (&& (== net45) (>= uap10.1)) (&& (== net46) (< net45) (>= netstandard2.0)) (&& (== net46) (>= net461)) (&& (== net46) (>= uap10.1)) (== net461) (&& (== netstandard1.6) (>= net461)) (&& (== netstandard1.6) (>= netstandard2.0)) (&& (== netstandard1.6) (>= uap10.1)) (== netstandard2.0)
    System.Text.Json (4.6) - restriction: || (&& (== net45) (>= netstandard2.0)) (&& (== net46) (>= netstandard2.0)) (&& (== net461) (>= netstandard2.0)) (&& (== netstandard1.6) (>= netstandard2.0)) (== netstandard2.0)
      Microsoft.Bcl.AsyncInterfaces (>= 1.0) - restriction: || (&& (== net45) (>= monoandroid)) (&& (== net45) (>= monotouch)) (&& (== net45) (>= net461)) (&& (== net45) (>= netcoreapp2.0)) (&& (== net45) (>= netcoreapp2.1)) (&& (== net45) (>= netstandard2.0)) (&& (== net45) (>= uap10.1)) (&& (== net45) (>= xamarinios)) (&& (== net45) (>= xamarinmac)) (&& (== net45) (>= xamarintvos)) (&& (== net45) (>= xamarinwatchos)) (&& (== net46) (>= monoandroid)) (&& (== net46) (>= monotouch)) (&& (== net46) (>= net461)) (&& (== net46) (>= netcoreapp2.0)) (&& (== net46) (>= netcoreapp2.1)) (&& (== net46) (>= netstandard2.0)) (&& (== net46) (>= uap10.1)) (&& (== net46) (>= xamarinios)) (&& (== net46) (>= xamarinmac)) (&& (== net46) (>= xamarintvos)) (&& (== net46) (>= xamarinwatchos)) (== net461) (&& (== netstandard1.6) (>= monoandroid)) (&& (== netstandard1.6) (>= monotouch)) (&& (== netstandard1.6) (>= net461)) (&& (== netstandard1.6) (>= netcoreapp2.0)) (&& (== netstandard1.6) (>= netcoreapp2.1)) (&& (== netstandard1.6) (>= netstandard2.0)) (&& (== netstandard1.6) (>= uap10.1)) (&& (== netstandard1.6) (>= xamarinios)) (&& (== netstandard1.6) (>= xamarinmac)) (&& (== netstandard1.6) (>= xamarintvos)) (&& (== netstandard1.6) (>= xamarinwatchos)) (== netstandard2.0)
      System.Buffers (>= 4.5) - restriction: || (&& (== net45) (>= monoandroid)) (&& (== net45) (>= monotouch)) (&& (== net45) (>= net461)) (&& (== net45) (>= netstandard2.0)) (&& (== net45) (>= xamarinios)) (&& (== net45) (>= xamarinmac)) (&& (== net45) (>= xamarintvos)) (&& (== net45) (>= xamarinwatchos)) (&& (== net46) (>= monoandroid)) (&& (== net46) (>= monotouch)) (&& (== net46) (>= net461)) (&& (== net46) (>= netstandard2.0)) (&& (== net46) (>= xamarinios)) (&& (== net46) (>= xamarinmac)) (&& (== net46) (>= xamarintvos)) (&& (== net46) (>= xamarinwatchos)) (== net461) (&& (== netstandard1.6) (>= monoandroid)) (&& (== netstandard1.6) (>= monotouch)) (&& (== netstandard1.6) (>= net461)) (&& (== netstandard1.6) (>= netstandard2.0)) (&& (== netstandard1.6) (>= xamarinios)) (&& (== netstandard1.6) (>= xamarinmac)) (&& (== netstandard1.6) (>= xamarintvos)) (&& (== netstandard1.6) (>= xamarinwatchos)) (== netstandard2.0)
      System.Memory (>= 4.5.3) - restriction: || (&& (== net45) (>= net461)) (&& (== net45) (>= netcoreapp2.0)) (&& (== net45) (>= netstandard2.0)) (&& (== net45) (>= uap10.1)) (&& (== net46) (>= net461)) (&& (== net46) (>= netcoreapp2.0)) (&& (== net46) (>= netstandard2.0)) (&& (== net46) (>= uap10.1)) (== net461) (&& (== netstandard1.6) (>= net461)) (&& (== netstandard1.6) (>= netcoreapp2.0)) (&& (== netstandard1.6) (>= netstandard2.0)) (&& (== netstandard1.6) (>= uap10.1)) (== netstandard2.0)
      System.Numerics.Vectors (>= 4.5) - restriction: || (&& (== net45) (>= net461)) (&& (== net45) (>= netstandard2.0)) (&& (== net46) (>= net461)) (&& (== net46) (>= netstandard2.0)) (== net461) (&& (== netstandard1.6) (>= net461)) (&& (== netstandard1.6) (>= netstandard2.0)) (== netstandard2.0)
      System.Runtime.CompilerServices.Unsafe (>= 4.6) - restriction: || (&& (== net45) (>= monoandroid)) (&& (== net45) (>= monotouch)) (&& (== net45) (>= net461)) (&& (== net45) (>= netcoreapp2.0)) (&& (== net45) (>= netcoreapp2.1)) (&& (== net45) (>= netstandard2.0)) (&& (== net45) (>= uap10.1)) (&& (== net45) (>= xamarinios)) (&& (== net45) (>= xamarinmac)) (&& (== net45) (>= xamarintvos)) (&& (== net45) (>= xamarinwatchos)) (&& (== net46) (>= monoandroid)) (&& (== net46) (>= monotouch)) (&& (== net46) (>= net461)) (&& (== net46) (>= netcoreapp2.0)) (&& (== net46) (>= netcoreapp2.1)) (&& (== net46) (>= netstandard2.0)) (&& (== net46) (>= uap10.1)) (&& (== net46) (>= xamarinios)) (&& (== net46) (>= xamarinmac)) (&& (== net46) (>= xamarintvos)) (&& (== net46) (>= xamarinwatchos)) (== net461) (&& (== netstandard1.6) (>= monoandroid)) (&& (== netstandard1.6) (>= monotouch)) (&& (== netstandard1.6) (>= net461)) (&& (== netstandard1.6) (>= netcoreapp2.0)) (&& (== netstandard1.6) (>= netcoreapp2.1)) (&& (== netstandard1.6) (>= netstandard2.0)) (&& (== netstandard1.6) (>= uap10.1)) (&& (== netstandard1.6) (>= xamarinios)) (&& (== netstandard1.6) (>= xamarinmac)) (&& (== netstandard1.6) (>= xamarintvos)) (&& (== netstandard1.6) (>= xamarinwatchos)) (== netstandard2.0)
      System.Text.Encodings.Web (>= 4.6) - restriction: || (&& (== net45) (>= monoandroid)) (&& (== net45) (>= monotouch)) (&& (== net45) (>= net461)) (&& (== net45) (>= netcoreapp2.0)) (&& (== net45) (>= netcoreapp2.1)) (&& (== net45) (>= netstandard2.0)) (&& (== net45) (>= uap10.1)) (&& (== net45) (>= xamarinios)) (&& (== net45) (>= xamarinmac)) (&& (== net45) (>= xamarintvos)) (&& (== net45) (>= xamarinwatchos)) (&& (== net46) (>= monoandroid)) (&& (== net46) (>= monotouch)) (&& (== net46) (>= net461)) (&& (== net46) (>= netcoreapp2.0)) (&& (== net46) (>= netcoreapp2.1)) (&& (== net46) (>= netstandard2.0)) (&& (== net46) (>= uap10.1)) (&& (== net46) (>= xamarinios)) (&& (== net46) (>= xamarinmac)) (&& (== net46) (>= xamarintvos)) (&& (== net46) (>= xamarinwatchos)) (== net461) (&& (== netstandard1.6) (>= monoandroid)) (&& (== netstandard1.6) (>= monotouch)) (&& (== netstandard1.6) (>= net461)) (&& (== netstandard1.6) (>= netcoreapp2.0)) (&& (== netstandard1.6) (>= netcoreapp2.1)) (&& (== netstandard1.6) (>= netstandard2.0)) (&& (== netstandard1.6) (>= uap10.1)) (&& (== netstandard1.6) (>= xamarinios)) (&& (== netstandard1.6) (>= xamarinmac)) (&& (== netstandard1.6) (>= xamarintvos)) (&& (== netstandard1.6) (>= xamarinwatchos)) (== netstandard2.0)
      System.Threading.Tasks.Extensions (>= 4.5.2) - restriction: || (&& (== net45) (>= net461)) (&& (== net45) (>= netcoreapp2.0)) (&& (== net45) (>= netstandard2.0)) (&& (== net45) (>= uap10.1)) (&& (== net46) (>= net461)) (&& (== net46) (>= netcoreapp2.0)) (&& (== net46) (>= netstandard2.0)) (&& (== net46) (>= uap10.1)) (== net461) (&& (== netstandard1.6) (>= net461)) (&& (== netstandard1.6) (>= netcoreapp2.0)) (&& (== netstandard1.6) (>= netstandard2.0)) (&& (== netstandard1.6) (>= uap10.1)) (== netstandard2.0)
    System.Text.RegularExpressions (4.3.1) - restriction: || (&& (== net45) (== netstandard2.0)) (&& (== net46) (== netstandard2.0)) (&& (== net46) (< net45)) (&& (== net46) (< portable-net45+win8+wpa81)) (&& (== net46) (>= uap10.0)) (&& (== net461) (== netstandard2.0)) (&& (== net461) (< net45)) (&& (== net461) (< portable-net45+win8+wpa81)) (&& (== net461) (>= uap10.0)) (== netstandard1.6) (&& (== netstandard2.0) (< netstandard1.2)) (&& (== netstandard2.0) (< netstandard1.3)) (&& (== netstandard2.0) (< portable-net45+win8+wpa81))
      System.Collections (>= 4.3) - restriction: || (&& (== net46) (< net45) (>= netstandard1.6)) (&& (== net461) (< net45) (>= netstandard1.6)) (== netstandard1.6) (== netstandard2.0)
      System.Globalization (>= 4.3) - restriction: || (&& (== net46) (< net45) (>= netstandard1.6)) (&& (== net461) (< net45) (>= netstandard1.6)) (== netstandard1.6) (== netstandard2.0)
      System.Resources.ResourceManager (>= 4.3) - restriction: || (&& (== net46) (< net45) (>= netstandard1.6)) (&& (== net461) (< net45) (>= netstandard1.6)) (== netstandard1.6) (== netstandard2.0)
      System.Runtime (>= 4.3.1) - restriction: || (&& (== net45) (>= netcoreapp1.1)) (&& (== net46) (< net45)) (&& (== net46) (>= netcoreapp1.1)) (&& (== net461) (< net45)) (&& (== net461) (>= netcoreapp1.1)) (== netstandard1.6) (== netstandard2.0)
      System.Runtime.Extensions (>= 4.3.1) - restriction: || (&& (== net46) (< net45) (>= netstandard1.6)) (&& (== net461) (< net45) (>= netstandard1.6)) (== netstandard1.6) (== netstandard2.0)
      System.Threading (>= 4.3) - restriction: || (&& (== net46) (< net45) (>= netstandard1.6)) (&& (== net461) (< net45) (>= netstandard1.6)) (== netstandard1.6) (== netstandard2.0)
    System.Threading (4.3) - restriction: || (&& (== net46) (< net45)) (&& (== net461) (< net45)) (== netstandard1.6) (== netstandard2.0)
      System.Runtime (>= 4.3) - restriction: || (&& (== net46) (< net45)) (&& (== net461) (< net45)) (== netstandard1.6) (== netstandard2.0)
      System.Threading.Tasks (>= 4.3) - restriction: || (&& (== net46) (< net45)) (&& (== net461) (< net45)) (== netstandard1.6) (== netstandard2.0)
    System.Threading.Tasks (4.3) - restriction: || (&& (== net45) (< net40) (>= netstandard1.3)) (&& (== net45) (< net40) (>= netstandard1.6)) (&& (== net45) (< net40) (>= netstandard2.0)) (&& (== net46) (< net40)) (&& (== net46) (< net45) (>= netstandard1.6)) (&& (== net461) (< net40)) (&& (== net461) (< net45) (>= netstandard1.6)) (== netstandard1.6) (== netstandard2.0)
      Microsoft.NETCore.Platforms (>= 1.1) - restriction: || (&& (== net46) (< net45)) (&& (== net461) (< net45)) (== netstandard1.6) (== netstandard2.0)
      Microsoft.NETCore.Targets (>= 1.1) - restriction: || (&& (== net46) (< net45)) (&& (== net461) (< net45)) (== netstandard1.6) (== netstandard2.0)
      System.Runtime (>= 4.3) - restriction: || (&& (== net46) (< net45)) (&& (== net461) (< net45)) (== netstandard1.6) (== netstandard2.0)
    System.Threading.Tasks.Extensions (4.5.3) - restriction: || (&& (== net45) (>= netstandard2.0)) (&& (== net46) (< net45)) (&& (== net46) (>= netstandard2.0)) (&& (== net46) (< portable-net45+win8+wpa81)) (&& (== net46) (>= uap10.0)) (&& (== net461) (< net45)) (&& (== net461) (>= netstandard2.0)) (&& (== net461) (< portable-net45+win8+wpa81)) (&& (== net461) (>= uap10.0)) (== netstandard1.6) (== netstandard2.0)
      System.Runtime.CompilerServices.Unsafe (>= 4.5.2)
    System.Threading.Tasks.Parallel (4.3) - restriction: || (&& (== net46) (== netstandard2.0)) (&& (== net46) (< net45) (>= netstandard1.6)) (&& (== net461) (== netstandard2.0)) (&& (== net461) (< net45) (>= netstandard1.6)) (== netstandard1.6)
      System.Collections.Concurrent (>= 4.3) - restriction: || (&& (== net46) (< net45)) (&& (== net461) (< net45)) (== netstandard1.6) (== netstandard2.0)
      System.Diagnostics.Debug (>= 4.3) - restriction: || (&& (== net46) (< net45)) (&& (== net461) (< net45)) (== netstandard1.6) (== netstandard2.0)
      System.Diagnostics.Tracing (>= 4.3) - restriction: || (&& (== net46) (< net45)) (&& (== net461) (< net45)) (== netstandard1.6) (== netstandard2.0)
      System.Resources.ResourceManager (>= 4.3) - restriction: || (&& (== net46) (< net45)) (&& (== net461) (< net45)) (== netstandard1.6) (== netstandard2.0)
      System.Runtime (>= 4.3) - restriction: || (&& (== net46) (< net45)) (&& (== net461) (< net45)) (== netstandard1.6) (== netstandard2.0)
      System.Runtime.Extensions (>= 4.3) - restriction: || (&& (== net46) (< net45)) (&& (== net461) (< net45)) (== netstandard1.6) (== netstandard2.0)
      System.Threading (>= 4.3) - restriction: || (&& (== net46) (< net45)) (&& (== net461) (< net45)) (== netstandard1.6) (== netstandard2.0)
      System.Threading.Tasks (>= 4.3) - restriction: || (&& (== net46) (< net45)) (&& (== net461) (< net45)) (== netstandard1.6) (== netstandard2.0)
    System.Threading.Thread (4.3) - restriction: || (&& (== net45) (== netstandard2.0)) (&& (== net45) (< net20) (>= netstandard1.6)) (&& (== net46) (== netstandard2.0)) (&& (== net46) (< net20) (>= netstandard1.6)) (&& (== net46) (< net45) (>= netstandard1.6)) (&& (== net461) (== netstandard2.0)) (&& (== net461) (< net20) (>= netstandard1.6)) (&& (== net461) (< net45) (>= netstandard1.6)) (== netstandard1.6)
      System.Runtime (>= 4.3) - restriction: || (&& (== net45) (>= netstandard1.3)) (&& (== net461) (< net46)) (== netstandard1.6) (== netstandard2.0)
    System.Threading.ThreadPool (4.3) - restriction: || (&& (== net46) (== netstandard2.0)) (&& (== net46) (< net45) (>= netstandard1.6)) (&& (== net461) (== netstandard2.0)) (&& (== net461) (< net45) (>= netstandard1.6)) (== netstandard1.6)
      System.Runtime (>= 4.3) - restriction: || (&& (== net45) (>= netstandard1.3)) (&& (== net461) (< net46)) (== netstandard1.6) (== netstandard2.0)
      System.Runtime.Handles (>= 4.3) - restriction: || (&& (== net45) (>= netstandard1.3)) (&& (== net461) (< net46)) (== netstandard1.6) (== netstandard2.0)
    System.Threading.Timer (4.3) - restriction: || (&& (== net45) (== netstandard2.0)) (&& (== net46) (== netstandard2.0)) (&& (== net46) (< net45)) (&& (== net46) (>= uap10.0)) (&& (== net461) (== netstandard2.0)) (&& (== net461) (< net45)) (&& (== net461) (>= uap10.0)) (== netstandard1.6) (&& (== netstandard2.0) (< netstandard1.3))
      Microsoft.NETCore.Platforms (>= 1.1) - restriction: || (&& (== net45) (>= netstandard1.2)) (&& (== net46) (< net451)) (&& (== net461) (< net451)) (== netstandard1.6) (== netstandard2.0)
      Microsoft.NETCore.Targets (>= 1.1) - restriction: || (&& (== net45) (>= netstandard1.2)) (&& (== net46) (< net451)) (&& (== net461) (< net451)) (== netstandard1.6) (== netstandard2.0)
      System.Runtime (>= 4.3) - restriction: || (&& (== net45) (>= netstandard1.2)) (&& (== net46) (< net451)) (&& (== net461) (< net451)) (== netstandard1.6) (== netstandard2.0)
    System.Xml.ReaderWriter (4.3.1) - restriction: || (&& (== net46) (< net45)) (&& (== net46) (< portable-net45+win8+wpa81)) (&& (== net46) (>= uap10.0)) (&& (== net461) (< net45)) (&& (== net461) (< portable-net45+win8+wpa81)) (&& (== net461) (>= uap10.0)) (== netstandard1.6) (== netstandard2.0)
      System.Collections (>= 4.3) - restriction: || (&& (== net46) (< net45)) (&& (== net461) (< net45)) (== netstandard1.6) (== netstandard2.0)
      System.Diagnostics.Debug (>= 4.3) - restriction: || (&& (== net46) (< net45)) (&& (== net461) (< net45)) (== netstandard1.6) (== netstandard2.0)
      System.Globalization (>= 4.3) - restriction: || (&& (== net46) (< net45)) (&& (== net461) (< net45)) (== netstandard1.6) (== netstandard2.0)
      System.IO (>= 4.3) - restriction: || (&& (== net46) (< net45)) (&& (== net461) (< net45)) (== netstandard1.6) (== netstandard2.0)
      System.IO.FileSystem (>= 4.3) - restriction: || (&& (== net46) (< net45)) (&& (== net461) (< net45)) (== netstandard1.6) (== netstandard2.0)
      System.IO.FileSystem.Primitives (>= 4.3) - restriction: || (&& (== net46) (< net45)) (&& (== net461) (< net45)) (== netstandard1.6) (== netstandard2.0)
      System.Resources.ResourceManager (>= 4.3) - restriction: || (&& (== net46) (< net45)) (&& (== net461) (< net45)) (== netstandard1.6) (== netstandard2.0)
      System.Runtime (>= 4.3) - restriction: || (&& (== net46) (< net45)) (&& (== net461) (< net45)) (== netstandard1.6) (== netstandard2.0)
      System.Runtime.Extensions (>= 4.3) - restriction: || (&& (== net46) (< net45)) (&& (== net461) (< net45)) (== netstandard1.6) (== netstandard2.0)
      System.Runtime.InteropServices (>= 4.3) - restriction: || (&& (== net46) (< net45)) (&& (== net461) (< net45)) (== netstandard1.6) (== netstandard2.0)
      System.Text.Encoding (>= 4.3) - restriction: || (&& (== net46) (< net45)) (&& (== net461) (< net45)) (== netstandard1.6) (== netstandard2.0)
      System.Text.Encoding.Extensions (>= 4.3) - restriction: || (&& (== net46) (< net45)) (&& (== net461) (< net45)) (== netstandard1.6) (== netstandard2.0)
      System.Text.RegularExpressions (>= 4.3) - restriction: || (&& (== net46) (< net45)) (&& (== net461) (< net45)) (== netstandard1.6) (== netstandard2.0)
      System.Threading.Tasks (>= 4.3) - restriction: || (&& (== net46) (< net45)) (&& (== net461) (< net45)) (== netstandard1.6) (== netstandard2.0)
      System.Threading.Tasks.Extensions (>= 4.3) - restriction: || (&& (== net46) (< net45)) (&& (== net461) (< net45)) (== netstandard1.6) (== netstandard2.0)
    System.Xml.XDocument (4.3)
      System.Collections (>= 4.3) - restriction: || (&& (== net46) (< net45)) (&& (== net461) (< net45)) (== netstandard1.6) (== netstandard2.0)
      System.Diagnostics.Debug (>= 4.3) - restriction: || (&& (== net46) (< net45)) (&& (== net461) (< net45)) (== netstandard1.6) (== netstandard2.0)
      System.Diagnostics.Tools (>= 4.3) - restriction: || (&& (== net46) (< net45)) (&& (== net461) (< net45)) (== netstandard1.6) (== netstandard2.0)
      System.Globalization (>= 4.3) - restriction: || (&& (== net46) (< net45)) (&& (== net461) (< net45)) (== netstandard1.6) (== netstandard2.0)
      System.IO (>= 4.3) - restriction: || (&& (== net46) (< net45)) (&& (== net461) (< net45)) (== netstandard1.6) (== netstandard2.0)
      System.Reflection (>= 4.3) - restriction: || (&& (== net46) (< net45)) (&& (== net461) (< net45)) (== netstandard1.6) (== netstandard2.0)
      System.Resources.ResourceManager (>= 4.3) - restriction: || (&& (== net46) (< net45)) (&& (== net461) (< net45)) (== netstandard1.6) (== netstandard2.0)
      System.Runtime (>= 4.3) - restriction: || (&& (== net46) (< net45)) (&& (== net461) (< net45)) (== netstandard1.6) (== netstandard2.0)
      System.Runtime.Extensions (>= 4.3) - restriction: || (&& (== net46) (< net45)) (&& (== net461) (< net45)) (== netstandard1.6) (== netstandard2.0)
      System.Text.Encoding (>= 4.3) - restriction: || (&& (== net46) (< net45)) (&& (== net461) (< net45)) (== netstandard1.6) (== netstandard2.0)
      System.Threading (>= 4.3) - restriction: || (&& (== net46) (< net45)) (&& (== net461) (< net45)) (== netstandard1.6) (== netstandard2.0)
      System.Xml.ReaderWriter (>= 4.3) - restriction: || (&& (== net46) (< net45)) (&& (== net461) (< net45)) (== netstandard1.6) (== netstandard2.0)
    System.Xml.XmlDocument (4.3) - restriction: || (&& (== net45) (< net20) (>= netstandard1.6)) (&& (== net45) (< net40) (>= netstandard1.3)) (&& (== net45) (< net40) (>= netstandard1.6)) (&& (== net45) (< net40) (>= netstandard2.0)) (&& (== net46) (< net20) (>= netstandard1.6)) (&& (== net46) (< net40)) (&& (== net461) (< net20) (>= netstandard1.6)) (&& (== net461) (< net40)) (== netstandard1.6) (== netstandard2.0)
      System.Collections (>= 4.3) - restriction: || (&& (== net45) (>= netstandard1.3)) (&& (== net461) (< net46)) (== netstandard1.6) (== netstandard2.0)
      System.Diagnostics.Debug (>= 4.3) - restriction: || (&& (== net45) (>= netstandard1.3)) (&& (== net461) (< net46)) (== netstandard1.6) (== netstandard2.0)
      System.Globalization (>= 4.3) - restriction: || (&& (== net45) (>= netstandard1.3)) (&& (== net461) (< net46)) (== netstandard1.6) (== netstandard2.0)
      System.IO (>= 4.3) - restriction: || (&& (== net45) (>= netstandard1.3)) (&& (== net461) (< net46)) (== netstandard1.6) (== netstandard2.0)
      System.Resources.ResourceManager (>= 4.3) - restriction: || (&& (== net45) (>= netstandard1.3)) (&& (== net461) (< net46)) (== netstandard1.6) (== netstandard2.0)
      System.Runtime (>= 4.3) - restriction: || (&& (== net45) (>= netstandard1.3)) (&& (== net461) (< net46)) (== netstandard1.6) (== netstandard2.0)
      System.Runtime.Extensions (>= 4.3) - restriction: || (&& (== net45) (>= netstandard1.3)) (&& (== net461) (< net46)) (== netstandard1.6) (== netstandard2.0)
      System.Text.Encoding (>= 4.3) - restriction: || (&& (== net45) (>= netstandard1.3)) (&& (== net461) (< net46)) (== netstandard1.6) (== netstandard2.0)
      System.Threading (>= 4.3) - restriction: || (&& (== net45) (>= netstandard1.3)) (&& (== net461) (< net46)) (== netstandard1.6) (== netstandard2.0)
      System.Xml.ReaderWriter (>= 4.3) - restriction: || (&& (== net45) (>= netstandard1.3)) (&& (== net461) (< net46)) (== netstandard1.6) (== netstandard2.0)
    System.Xml.XmlSerializer (4.3) - restriction: || (&& (== net45) (== netstandard2.0)) (&& (== net45) (< net20) (>= netstandard1.6)) (&& (== net46) (== netstandard2.0)) (&& (== net46) (< net20) (>= netstandard1.6)) (&& (== net461) (== netstandard2.0)) (&& (== net461) (< net20) (>= netstandard1.6)) (== netstandard1.6)
      System.Collections (>= 4.3) - restriction: || (&& (== net46) (< net45)) (&& (== net461) (< net45)) (== netstandard1.6) (== netstandard2.0)
      System.Globalization (>= 4.3) - restriction: || (&& (== net46) (< net45)) (&& (== net461) (< net45)) (== netstandard1.6) (== netstandard2.0)
      System.IO (>= 4.3) - restriction: || (&& (== net46) (< net45)) (&& (== net461) (< net45)) (== netstandard1.6) (== netstandard2.0)
      System.Linq (>= 4.3) - restriction: || (&& (== net46) (< net45)) (&& (== net461) (< net45)) (== netstandard1.6) (== netstandard2.0)
      System.Reflection (>= 4.3) - restriction: || (&& (== net46) (< net45)) (&& (== net461) (< net45)) (== netstandard1.6) (== netstandard2.0)
      System.Reflection.Emit (>= 4.3) - restriction: || (&& (== net46) (< net45)) (&& (== net461) (< net45)) (== netstandard1.6) (== netstandard2.0)
      System.Reflection.Emit.ILGeneration (>= 4.3) - restriction: || (&& (== net46) (< net45)) (&& (== net461) (< net45)) (== netstandard1.6) (== netstandard2.0)
      System.Reflection.Extensions (>= 4.3) - restriction: || (&& (== net46) (< net45)) (&& (== net461) (< net45)) (== netstandard1.6) (== netstandard2.0)
      System.Reflection.Primitives (>= 4.3) - restriction: || (&& (== net46) (< net45)) (&& (== net461) (< net45)) (== netstandard1.6) (== netstandard2.0)
      System.Reflection.TypeExtensions (>= 4.3) - restriction: || (&& (== net46) (< net45)) (&& (== net461) (< net45)) (== netstandard1.6) (== netstandard2.0)
      System.Resources.ResourceManager (>= 4.3) - restriction: || (&& (== net46) (< net45)) (&& (== net461) (< net45)) (== netstandard1.6) (== netstandard2.0)
      System.Runtime (>= 4.3) - restriction: || (&& (== net46) (< net45)) (&& (== net461) (< net45)) (== netstandard1.6) (== netstandard2.0)
      System.Runtime.Extensions (>= 4.3) - restriction: || (&& (== net46) (< net45)) (&& (== net461) (< net45)) (== netstandard1.6) (== netstandard2.0)
      System.Text.RegularExpressions (>= 4.3) - restriction: || (&& (== net46) (< net45)) (&& (== net461) (< net45)) (== netstandard1.6) (== netstandard2.0)
      System.Threading (>= 4.3) - restriction: || (&& (== net46) (< net45)) (&& (== net461) (< net45)) (== netstandard1.6) (== netstandard2.0)
      System.Xml.ReaderWriter (>= 4.3) - restriction: || (&& (== net46) (< net45)) (&& (== net461) (< net45)) (== netstandard1.6) (== netstandard2.0)
      System.Xml.XmlDocument (>= 4.3) - restriction: || (&& (== net46) (< net45)) (&& (== net461) (< net45)) (== netstandard1.6) (== netstandard2.0)
    System.Xml.XPath (4.3) - restriction: || (&& (== net45) (< net40) (>= netstandard1.3)) (&& (== net45) (< net40) (>= netstandard1.6)) (&& (== net45) (< net40) (>= netstandard2.0)) (&& (== net46) (< net40)) (&& (== net461) (< net40)) (== netstandard1.6) (== netstandard2.0)
      System.Collections (>= 4.3) - restriction: || (&& (== net45) (>= netstandard1.3)) (&& (== net461) (< net46)) (== netstandard1.6) (== netstandard2.0)
      System.Diagnostics.Debug (>= 4.3) - restriction: || (&& (== net45) (>= netstandard1.3)) (&& (== net461) (< net46)) (== netstandard1.6) (== netstandard2.0)
      System.Globalization (>= 4.3) - restriction: || (&& (== net45) (>= netstandard1.3)) (&& (== net461) (< net46)) (== netstandard1.6) (== netstandard2.0)
      System.IO (>= 4.3) - restriction: || (&& (== net45) (>= netstandard1.3)) (&& (== net461) (< net46)) (== netstandard1.6) (== netstandard2.0)
      System.Resources.ResourceManager (>= 4.3) - restriction: || (&& (== net45) (>= netstandard1.3)) (&& (== net461) (< net46)) (== netstandard1.6) (== netstandard2.0)
      System.Runtime (>= 4.3) - restriction: || (&& (== net45) (>= netstandard1.3)) (&& (== net461) (< net46)) (== netstandard1.6) (== netstandard2.0)
      System.Runtime.Extensions (>= 4.3) - restriction: || (&& (== net45) (>= netstandard1.3)) (&& (== net461) (< net46)) (== netstandard1.6) (== netstandard2.0)
      System.Threading (>= 4.3) - restriction: || (&& (== net45) (>= netstandard1.3)) (&& (== net461) (< net46)) (== netstandard1.6) (== netstandard2.0)
      System.Xml.ReaderWriter (>= 4.3) - restriction: || (&& (== net45) (>= netstandard1.3)) (&& (== net461) (< net46)) (== netstandard1.6) (== netstandard2.0)
    System.Xml.XPath.XmlDocument (4.3) - restriction: || (&& (== net45) (< net40) (>= netstandard1.3)) (&& (== net45) (< net40) (>= netstandard1.6)) (&& (== net45) (< net40) (>= netstandard2.0)) (&& (== net46) (< net40)) (&& (== net461) (< net40)) (== netstandard1.6) (== netstandard2.0)
      System.Collections (>= 4.3) - restriction: || (&& (== net45) (>= netstandard1.3)) (&& (== net461) (< net46)) (== netstandard1.6) (== netstandard2.0)
      System.Globalization (>= 4.3) - restriction: || (&& (== net45) (>= netstandard1.3)) (&& (== net461) (< net46)) (== netstandard1.6) (== netstandard2.0)
      System.IO (>= 4.3) - restriction: || (&& (== net45) (>= netstandard1.3)) (&& (== net461) (< net46)) (== netstandard1.6) (== netstandard2.0)
      System.Resources.ResourceManager (>= 4.3) - restriction: || (&& (== net45) (>= netstandard1.3)) (&& (== net461) (< net46)) (== netstandard1.6) (== netstandard2.0)
      System.Runtime (>= 4.3) - restriction: || (&& (== net45) (>= netstandard1.3)) (&& (== net461) (< net46)) (== netstandard1.6) (== netstandard2.0)
      System.Runtime.Extensions (>= 4.3) - restriction: || (&& (== net45) (>= netstandard1.3)) (&& (== net461) (< net46)) (== netstandard1.6) (== netstandard2.0)
      System.Threading (>= 4.3) - restriction: || (&& (== net45) (>= netstandard1.3)) (&& (== net461) (< net46)) (== netstandard1.6) (== netstandard2.0)
      System.Xml.ReaderWriter (>= 4.3) - restriction: || (&& (== net45) (>= netstandard1.3)) (&& (== net461) (< net46)) (== netstandard1.6) (== netstandard2.0)
      System.Xml.XmlDocument (>= 4.3) - restriction: || (&& (== net45) (>= net46)) (&& (== net45) (>= netstandard1.3)) (== net46) (== net461) (== netstandard1.6) (== netstandard2.0)
      System.Xml.XPath (>= 4.3) - restriction: || (&& (== net45) (>= net46)) (&& (== net45) (>= netstandard1.3)) (== net46) (== net461) (== netstandard1.6) (== netstandard2.0)
    WebSharper (4.5.18.348)
      FSharp.Core (>= 4.2.3)
    WebSharper.AspNetCore (4.5.4.109) - restriction: || (&& (== net45) (>= netstandard2.0)) (&& (== net46) (>= netstandard2.0)) (&& (== net461) (>= netstandard2.0)) (&& (== netstandard1.6) (>= netstandard2.0)) (== netstandard2.0)
      Microsoft.AspNetCore.Authentication.Abstractions (>= 2.0.3)
      Microsoft.AspNetCore.Hosting.Abstractions (>= 2.0.3)
      Microsoft.AspNetCore.Http.Abstractions (>= 2.0.3)
      Microsoft.Extensions.Configuration.Abstractions (>= 2.0.2)
      WebSharper (>= 4.5.16 < 4.6)
    WebSharper.FSharp (4.5.18.348)
      WebSharper (4.5.18.348)
    WebSharper.UI (4.5.8.161)
      HtmlAgilityPack (>= 1.7.1)
      System.Xml.XDocument (>= 4.3)
      WebSharper (>= 4.5.9 < 4.6)
