RESTRICTION: || (== net40) (== net45)
NUGET
  remote: https://www.nuget.org/api/v2
    FSharp.Core (4.5.2)
    NUnit (3.10.1)
