RESTRICTION: == net45
NUGET
  remote: https://api.nuget.org/v3/index.json
    Axle.Application (1.5.2344.25595)
      Axle.Resources (>= 1.5.2344.25595)
    Axle.Core (1.5.2344.25595)
    Axle.FSharp (1.5.2344.25595)
      Axle.Core (>= 1.5.2344.25595)
      FSharp.Core (>= 4.6.2)
    Axle.Resources (1.5.2344.25595)
      Axle.Core (>= 1.5.2344.25595)
    FSharp.Core (4.6.2)
    NUnit (3.12)
    NUnit3TestAdapter (3.13)
  remote: ../../../../dist
    Forest.Core (2.1.2341.37710)
      Axle.Application (>= 1.5.2340.19478)
      Axle.FSharp (>= 1.5.2340.19478)
