NUGET
  remote: ../../dist
    Forest (0.0.1.11)
  remote: ../../submodules/mason/dist
    Mason.Targets.Packager (0.1.1.15)
    Mason.Targets.Preprocessor (0.1.1.12)
    Mason.Targets.Verman (0.1.1.12)
