NUGET
  remote: ../../submodules/mason/dist
    Mason.Targets.Packager (0.1.1.6)
    Mason.Targets.Preprocessor (0.1.1.5)
    Mason.Targets.Verman (0.1.1.6)
